{
  "aor": 0.0014311627906976744,
  "aqi": 0.005205489102990032,
  "bids_meta": {
    "AcquisitionNumber": 5,
    "BIDSVersion": "1.1.0",
    "BidsifyVersion": "0.3.1",
    "ConversionSoftware": "dcm2niix",
    "ConversionSoftwareVersion": "v1.0.20181125  GCC5.4.0",
    "EchoTime": 0.02763,
    "FlipAngle": 76.1,
    "ImageComments": "HWW",
    "ImageOrientationPatientDICOM": [
      0.999883,
      0.0108052,
      0.0108317,
      -0.00540994,
      0.911932,
      -0.410306
    ],
    "InstitutionName": "Spinoza Centre for Neuroimaging, location REC",
    "MagneticFieldStrength": 3,
    "Manufacturer": "Philips",
    "ParallelAcquisitionTechnique": "SENSE",
    "ParallelReductionFactorInPlane": 2,
    "PatientPosition": "HFS",
    "PhaseEncodingDirection": "j",
    "PhilipsRescaleIntercept": 0,
    "PhilipsRescaleSlope": 1.98388,
    "PhilipsScaleSlope": 0.00109339,
    "ProtocolName": "WIPZinnen1SENSE",
    "ReconMatrixPE": 80,
    "RepetitionTime": 2,
    "SeriesDescription": "ImageMRSERIES",
    "SeriesNumber": 5,
    "SliceEncodingDirection": "k",
    "SliceTiming": [
      0.0,
      0.05405405405405406,
      0.10810810810810811,
      0.16216216216216217,
      0.21621621621621623,
      0.2702702702702703,
      0.32432432432432434,
      0.3783783783783784,
      0.43243243243243246,
      0.4864864864864865,
      0.5405405405405406,
      0.5945945945945946,
      0.6486486486486487,
      0.7027027027027027,
      0.7567567567567568,
      0.8108108108108109,
      0.8648648648648649,
      0.918918918918919,
      0.972972972972973,
      1.0270270270270272,
      1.0810810810810811,
      1.135135135135135,
      1.1891891891891893,
      1.2432432432432434,
      1.2972972972972974,
      1.3513513513513513,
      1.4054054054054055,
      1.4594594594594597,
      1.5135135135135136,
      1.5675675675675675,
      1.6216216216216217,
      1.6756756756756759,
      1.7297297297297298,
      1.7837837837837838,
      1.837837837837838,
      1.891891891891892,
      1.945945945945946
    ],
    "TaskName": "self",
    "UsePhilipsFloatNotDisplayScaling": 1,
    "WaterFatShift": 12,
    "dataset": "ds002547",
    "modality": "bold",
    "run_id": 1,
    "session_id": "2",
    "subject_id": "21",
    "task_id": "self"
  },
  "dummy_trs": 0,
  "dvars_nstd": 18.17007993093333,
  "dvars_std": 1.2645590921999998,
  "dvars_vstd": 0.9751757587333333,
  "efc": 0.41612739186717446,
  "fber": 9712035.0,
  "fd_mean": 0.1526129627655431,
  "fd_num": 77,
  "fd_perc": 25.58139534883721,
  "fwhm_avg": 1.974473140464741,
  "fwhm_x": 1.9488666666666665,
  "fwhm_y": 2.0745133333333334,
  "fwhm_z": 1.9000394213942242,
  "gcor": 0.0261006,
  "gsr_x": -0.023862330242991447,
  "gsr_y": 0.010381799191236496,
  "provenance": {
    "md5sum": "a948817b07f8ef378fc8711990bc1740",
    "settings": {
      "fd_thres": 0.2,
      "testing": false
    },
    "software": "mriqc",
    "version": "22.0.6",
    "webapi_port": null,
    "webapi_url": "https://mriqc.nimh.nih.gov/api/v1"
  },
  "size_t": 301,
  "size_x": 80,
  "size_y": 80,
  "size_z": 37,
  "snr": 5.6461083999962804,
  "spacing_tr": 2.0,
  "spacing_x": 3.0,
  "spacing_y": 3.0,
  "spacing_z": 3.299999952316284,
  "summary_bg_k": 75.9334711470514,
  "summary_bg_mad": 215.89713527474984,
  "summary_bg_mean": 8190.5830078125,
  "summary_bg_median": 146.9383544921875,
  "summary_bg_n": 160063.0,
  "summary_bg_p05": 1.0557863950729374,
  "summary_bg_p95": 47854.30429687499,
  "summary_bg_stdv": 26586.548828125,
  "summary_fg_k": 1.472970321970383,
  "summary_fg_mad": 77732.20884343778,
  "summary_fg_mean": 489632.21875,
  "summary_fg_median": 480788.0625,
  "summary_fg_n": 35804.0,
  "summary_fg_p05": 367129.6859375,
  "summary_fg_p95": 635111.6468749999,
  "summary_fg_stdv": 85152.6953125,
  "tsnr": 85.61627197265625
}