{
  "aor": 0.0015199003322259135,
  "aqi": 0.004669784418604651,
  "bids_meta": {
    "AcquisitionNumber": 6,
    "BIDSVersion": "1.1.0",
    "BidsifyVersion": "0.3.1",
    "ConversionSoftware": "dcm2niix",
    "ConversionSoftwareVersion": "v1.0.20181125  GCC5.4.0",
    "EchoTime": 0.02763,
    "FlipAngle": 76.1,
    "ImageComments": "HWW",
    "ImageOrientationPatientDICOM": [
      0.999883,
      0.0108052,
      0.0108317,
      -0.00540994,
      0.911932,
      -0.410306
    ],
    "InstitutionName": "Spinoza Centre for Neuroimaging, location REC",
    "MagneticFieldStrength": 3,
    "Manufacturer": "Philips",
    "ParallelAcquisitionTechnique": "SENSE",
    "ParallelReductionFactorInPlane": 2,
    "PatientPosition": "HFS",
    "PhaseEncodingDirection": "j",
    "PhilipsRescaleIntercept": 0,
    "PhilipsRescaleSlope": 2.29573,
    "PhilipsScaleSlope": 0.00109526,
    "ProtocolName": "WIPZinnen2SENSE",
    "ReconMatrixPE": 80,
    "RepetitionTime": 2,
    "SeriesDescription": "ImageMRSERIES",
    "SeriesNumber": 6,
    "SliceEncodingDirection": "k",
    "SliceTiming": [
      0.0,
      0.05405405405405406,
      0.10810810810810811,
      0.16216216216216217,
      0.21621621621621623,
      0.2702702702702703,
      0.32432432432432434,
      0.3783783783783784,
      0.43243243243243246,
      0.4864864864864865,
      0.5405405405405406,
      0.5945945945945946,
      0.6486486486486487,
      0.7027027027027027,
      0.7567567567567568,
      0.8108108108108109,
      0.8648648648648649,
      0.918918918918919,
      0.972972972972973,
      1.0270270270270272,
      1.0810810810810811,
      1.135135135135135,
      1.1891891891891893,
      1.2432432432432434,
      1.2972972972972974,
      1.3513513513513513,
      1.4054054054054055,
      1.4594594594594597,
      1.5135135135135136,
      1.5675675675675675,
      1.6216216216216217,
      1.6756756756756759,
      1.7297297297297298,
      1.7837837837837838,
      1.837837837837838,
      1.891891891891892,
      1.945945945945946
    ],
    "TaskName": "self",
    "UsePhilipsFloatNotDisplayScaling": 1,
    "WaterFatShift": 12,
    "dataset": "ds002547",
    "modality": "bold",
    "run_id": 2,
    "session_id": "2",
    "subject_id": "21",
    "task_id": "self"
  },
  "dummy_trs": 0,
  "dvars_nstd": 18.343611141600014,
  "dvars_std": 1.2951658810333333,
  "dvars_vstd": 0.9946200414666657,
  "efc": 0.41673381887619415,
  "fber": 9773635.0,
  "fd_mean": 0.14130772389521207,
  "fd_num": 67,
  "fd_perc": 22.259136212624586,
  "fwhm_avg": 1.9850415242765471,
  "fwhm_x": 1.9644000000000001,
  "fwhm_y": 2.0962033333333334,
  "fwhm_z": 1.894521239496307,
  "gcor": 0.0295328,
  "gsr_x": -0.024291420355439186,
  "gsr_y": 0.009788256138563156,
  "provenance": {
    "md5sum": "be866c68d443379fbf88f8fe8cb14307",
    "settings": {
      "fd_thres": 0.2,
      "testing": false
    },
    "software": "mriqc",
    "version": "22.0.6",
    "webapi_port": null,
    "webapi_url": "https://mriqc.nimh.nih.gov/api/v1"
  },
  "size_t": 301,
  "size_x": 80,
  "size_y": 80,
  "size_z": 37,
  "snr": 5.660120690141802,
  "spacing_tr": 2.0,
  "spacing_x": 3.0,
  "spacing_y": 3.0,
  "spacing_z": 3.299999952316284,
  "summary_bg_k": 82.65663827040632,
  "summary_bg_mad": 216.34807331297287,
  "summary_bg_mean": 8314.3466796875,
  "summary_bg_median": 147.33016967773438,
  "summary_bg_n": 160096.0,
  "summary_bg_p05": 0.808922603726387,
  "summary_bg_p95": 48724.4921875,
  "summary_bg_stdv": 27171.49609375,
  "summary_fg_k": 1.3610785716189309,
  "summary_fg_mad": 77743.74534195053,
  "summary_fg_mean": 485561.8125,
  "summary_fg_median": 477256.625,
  "summary_fg_n": 35846.0,
  "summary_fg_p05": 363016.3671875,
  "summary_fg_p95": 628664.75,
  "summary_fg_stdv": 84317.984375,
  "tsnr": 87.64378356933594
}