{
  "bids_meta": {
    "AcquisitionNumber": 5,
    "BIDSVersion": "1.1.0",
    "BidsifyVersion": "0.3.1",
    "ConversionSoftware": "dcm2niix",
    "ConversionSoftwareVersion": "v1.0.20181125  GCC5.4.0",
    "EchoTime": 0.00378,
    "ImageComments": "PredictingMentalizing",
    "ImageOrientationPatientDICOM": [
      0.997111,
      0.0751265,
      -0.0111687,
      -0.0742732,
      0.995218,
      0.0634471
    ],
    "InstitutionName": "Spinoza Centre for Neuroimaging, location REC",
    "MagneticFieldStrength": 3,
    "Manufacturer": "Philips",
    "ParallelAcquisitionTechnique": "SENSE",
    "PatientPosition": "HFS",
    "PhilipsRescaleIntercept": 0,
    "PhilipsRescaleSlope": 13.6469,
    "PhilipsScaleSlope": 0.0056162,
    "ProtocolName": "WIPsT13DTFE_P25_S2_3mSENSE",
    "ReconMatrixPE": 240,
    "RepetitionTime": 0.008207,
    "SeriesDescription": "ImageMRSERIES",
    "SeriesNumber": 5,
    "UsePhilipsFloatNotDisplayScaling": 1,
    "dataset": "ds002547",
    "modality": "T1w",
    "session_id": "1",
    "subject_id": "04"
  },
  "cjv": 0.24425786274669664,
  "cnr": 5.41010732766475,
  "efc": 0.7448783504278104,
  "fber": -1.0,
  "fwhm_avg": 4.906346868339392,
  "fwhm_x": 4.56852,
  "fwhm_y": 4.949180294994133,
  "fwhm_z": 5.201340310024041,
  "icvs_csf": 0.26054467757010596,
  "icvs_gm": 0.4314547481607111,
  "icvs_wm": 0.3080005742691829,
  "inu_med": 0.6464064121246338,
  "inu_range": 0.18812763690948486,
  "provenance": {
    "md5sum": "a658a16f34cb6b01e423e9dc5391839b",
    "settings": {
      "testing": false
    },
    "software": "mriqc",
    "version": "22.0.6",
    "warnings": {
      "large_rot_frame": true,
      "small_air_mask": true
    },
    "webapi_port": null,
    "webapi_url": "https://mriqc.nimh.nih.gov/api/v1"
  },
  "qi_1": 0.0,
  "qi_2": 0.00012859369539152017,
  "rpve_csf": 23.91981621179403,
  "rpve_gm": 14.486046692165175,
  "rpve_wm": 23.87603022368406,
  "size_x": 240,
  "size_y": 240,
  "size_z": 220,
  "snr_csf": 1.5242630849344596,
  "snr_gm": 8.861299177332494,
  "snr_total": 11.583442343871374,
  "snr_wm": 24.36476476934717,
  "snrd_csf": 12.792118104230957,
  "snrd_gm": 61.46749402767778,
  "snrd_total": 60.05133226430046,
  "snrd_wm": 105.89438466099264,
  "spacing_x": 1.0,
  "spacing_y": 0.9999999403953552,
  "spacing_z": 0.9999999403953552,
  "summary_bg_k": 58.640350920428205,
  "summary_bg_mad": 0.0,
  "summary_bg_mean": 1.2518508690919914,
  "summary_bg_median": 0.0,
  "summary_bg_n": 71306.0,
  "summary_bg_p05": 0.0,
  "summary_bg_p95": 9.316770114004612,
  "summary_bg_stdv": 6.186826092882011,
  "summary_csf_k": 1.061163307958319,
  "summary_csf_mad": 70.37196139465382,
  "summary_csf_mean": 135.559486995617,
  "summary_csf_median": 120.8032557349652,
  "summary_csf_n": 33925.0,
  "summary_csf_p05": 32.314923368394375,
  "summary_csf_p95": 290.1544379018247,
  "summary_csf_stdv": 79.25237871985719,
  "summary_gm_k": 0.15603902774068068,
  "summary_gm_mad": 65.58094368697182,
  "summary_gm_mean": 581.0108595317141,
  "summary_gm_median": 580.4725487921387,
  "summary_gm_n": 40449.0,
  "summary_gm_p05": 475.96105052679775,
  "summary_gm_p95": 687.8252422679216,
  "summary_gm_stdv": 65.50567380336673,
  "summary_wm_k": 0.8765443546884679,
  "summary_wm_mad": 36.89705845007048,
  "summary_wm_mean": 997.8205949397798,
  "summary_wm_median": 1000.020975952968,
  "summary_wm_n": 159072.0,
  "summary_wm_p05": 924.9947468896396,
  "summary_wm_p95": 1060.8947374410927,
  "summary_wm_stdv": 41.0436071153644,
  "tpm_overlap_csf": 0.15777373390795488,
  "tpm_overlap_gm": 0.49749212025091455,
  "tpm_overlap_wm": 0.5292445410197594,
  "wm2max": 0.7917891973616441
}