{
  "bids_meta": {
    "AcquisitionNumber": 4,
    "BIDSVersion": "1.1.0",
    "BidsifyVersion": "0.3.1",
    "ConversionSoftware": "dcm2niix",
    "ConversionSoftwareVersion": "v1.0.20181125  GCC5.4.0",
    "EchoTime": 0.00372,
    "ImageComments": "PredictingMentalizing",
    "ImageOrientationPatientDICOM": [
      0.998896,
      -0.045751,
      0.0106419,
      0.045709,
      0.998946,
      0.00415599
    ],
    "InstitutionName": "Spinoza Centre for Neuroimaging, location REC",
    "MagneticFieldStrength": 3,
    "Manufacturer": "Philips",
    "ParallelAcquisitionTechnique": "SENSE",
    "PatientPosition": "HFS",
    "PhilipsRescaleIntercept": 0,
    "PhilipsRescaleSlope": 12.4891,
    "PhilipsScaleSlope": 0.00562633,
    "ProtocolName": "WIPsT13DTFE_P25_S2_3mSENSE",
    "ReconMatrixPE": 240,
    "RepetitionTime": 0.008107,
    "SeriesDescription": "ImageMRSERIES",
    "SeriesNumber": 4,
    "UsePhilipsFloatNotDisplayScaling": 1,
    "dataset": "ds002547",
    "modality": "T1w",
    "session_id": "1",
    "subject_id": "24"
  },
  "cjv": 0.22829898469701299,
  "cnr": 5.7171799639487055,
  "efc": 0.7450003104224369,
  "fber": -1.0,
  "fwhm_avg": 4.95969,
  "fwhm_x": 4.6654,
  "fwhm_y": 4.8855,
  "fwhm_z": 5.32817,
  "icvs_csf": 0.2522913492182961,
  "icvs_gm": 0.435730313341034,
  "icvs_wm": 0.3119783374406699,
  "inu_med": 0.6345527768135071,
  "inu_range": 0.19778336286544795,
  "provenance": {
    "md5sum": "1d7c70ef89ff0cda58ebec8eb2e8f83d",
    "settings": {
      "testing": false
    },
    "software": "mriqc",
    "version": "22.0.6",
    "warnings": {
      "large_rot_frame": true,
      "small_air_mask": true
    },
    "webapi_port": null,
    "webapi_url": "https://mriqc.nimh.nih.gov/api/v1"
  },
  "qi_1": 0.0,
  "qi_2": 0.0001609813332769587,
  "rpve_csf": 26.552088522624608,
  "rpve_gm": 15.611386021255836,
  "rpve_wm": 25.742125984251967,
  "size_x": 240,
  "size_y": 240,
  "size_z": 220,
  "snr_csf": 1.5370616523574208,
  "snr_gm": 8.992519337192874,
  "snr_total": 11.740622828627352,
  "snr_wm": 24.692287496331762,
  "snrd_csf": 24.409552646737833,
  "snrd_gm": 103.14827645795407,
  "snrd_total": 102.8767546145121,
  "snrd_wm": 181.07243473884438,
  "spacing_x": 1.0,
  "spacing_y": 1.0,
  "spacing_z": 1.0,
  "summary_bg_k": 199.3532127324748,
  "summary_bg_mad": 0.0,
  "summary_bg_mean": 0.562756030570237,
  "summary_bg_median": 0.0,
  "summary_bg_n": 52042.0,
  "summary_bg_p05": 0.0,
  "summary_bg_p95": 0.0,
  "summary_bg_stdv": 3.6180118448457566,
  "summary_csf_k": 0.3505607851513677,
  "summary_csf_mad": 89.13954014052435,
  "summary_csf_mean": 149.2661281389068,
  "summary_csf_median": 134.80253975093365,
  "summary_csf_n": 30931.0,
  "summary_csf_p05": 33.673600897192955,
  "summary_csf_p95": 314.0598557665944,
  "summary_csf_stdv": 87.70003496075908,
  "summary_gm_k": 0.23659759709437012,
  "summary_gm_mad": 63.295486416329155,
  "summary_gm_mean": 571.1548898196991,
  "summary_gm_median": 569.6396750360727,
  "summary_gm_n": 40593.0,
  "summary_gm_p05": 470.6345304071903,
  "summary_gm_p95": 675.1675929665565,
  "summary_gm_stdv": 63.34516915189714,
  "summary_wm_k": 1.329911869930572,
  "summary_wm_mad": 34.95039523495379,
  "summary_wm_mean": 997.7189573855841,
  "summary_wm_median": 999.9783459752798,
  "summary_wm_n": 149436.0,
  "summary_wm_p05": 927.3540994673967,
  "summary_wm_p95": 1059.885779812932,
  "summary_wm_stdv": 40.49746303483302,
  "tpm_overlap_csf": 0.1609104780859883,
  "tpm_overlap_gm": 0.5165646314942542,
  "tpm_overlap_wm": 0.5503464496625327,
  "wm2max": 0.768669370926985
}