{
  "bids_meta": {
    "AcquisitionNumber": 3,
    "BIDSVersion": "1.1.0",
    "BidsifyVersion": "0.3.1",
    "ConversionSoftware": "dcm2niix",
    "ConversionSoftwareVersion": "v1.0.20181125  GCC5.4.0",
    "EchoTime": 0.00373,
    "ImageComments": "HWW",
    "ImageOrientationPatientDICOM": [
      0.999823,
      -0.00871244,
      -0.0166709,
      0.00855081,
      0.999916,
      -0.00974209
    ],
    "InstitutionName": "Spinoza Centre for Neuroimaging, location REC",
    "MagneticFieldStrength": 3,
    "Manufacturer": "Philips",
    "ParallelAcquisitionTechnique": "SENSE",
    "PatientPosition": "HFS",
    "PhilipsRescaleIntercept": 0,
    "PhilipsRescaleSlope": 14.725,
    "PhilipsScaleSlope": 0.000277571,
    "ProtocolName": "WIPsT13DTFE_P25_S2_3mSENSE",
    "ReconMatrixPE": 240,
    "RepetitionTime": 0.00818,
    "SeriesDescription": "ImageMRSERIES",
    "SeriesNumber": 3,
    "UsePhilipsFloatNotDisplayScaling": 1,
    "dataset": "ds002547",
    "modality": "T1w",
    "session_id": "1",
    "subject_id": "20"
  },
  "cjv": 0.2970084858139602,
  "cnr": 4.476271413900919,
  "efc": 0.7464835656288095,
  "fber": -1.0,
  "fwhm_avg": 4.291613499266912,
  "fwhm_x": 4.243430252928153,
  "fwhm_y": 4.52313,
  "fwhm_z": 4.108280244872584,
  "icvs_csf": 0.2112226296420628,
  "icvs_gm": 0.4396381959087346,
  "icvs_wm": 0.3491391744492026,
  "inu_med": 0.6213642358779907,
  "inu_range": 0.22411003708839405,
  "provenance": {
    "md5sum": "55fcd458eac226671276654e50e4df04",
    "settings": {
      "testing": false
    },
    "software": "mriqc",
    "version": "22.0.6",
    "warnings": {
      "large_rot_frame": true,
      "small_air_mask": true
    },
    "webapi_port": null,
    "webapi_url": "https://mriqc.nimh.nih.gov/api/v1"
  },
  "qi_1": 0.0,
  "qi_2": 1.3649162098507896e-05,
  "rpve_csf": 22.820921666857462,
  "rpve_gm": 11.96107337907185,
  "rpve_wm": 18.047503163772333,
  "size_x": 240,
  "size_y": 240,
  "size_z": 220,
  "snr_csf": 1.4137206157921627,
  "snr_gm": 7.381701093428583,
  "snr_total": 10.092539048577404,
  "snr_wm": 21.482195436511468,
  "snrd_csf": 21.8364313343839,
  "snrd_gm": 82.15417919175397,
  "snrd_total": 81.31496983441885,
  "snrd_wm": 139.95429897711867,
  "spacing_x": 0.9999999403953552,
  "spacing_y": 1.0,
  "spacing_z": 0.9999999403953552,
  "summary_bg_k": 179.42331698703896,
  "summary_bg_mad": 0.0,
  "summary_bg_mean": 1.2240513908493158,
  "summary_bg_median": 0.0,
  "summary_bg_n": 146099.0,
  "summary_bg_p05": 0.0,
  "summary_bg_p95": 11.04583403095603,
  "summary_bg_stdv": 4.681073737422489,
  "summary_csf_k": 1.642450495140178,
  "summary_csf_mad": 106.46575349661445,
  "summary_csf_mean": 176.21670868511833,
  "summary_csf_median": 156.02544025704265,
  "summary_csf_n": 17489.0,
  "summary_csf_p05": 33.525927025824785,
  "summary_csf_p95": 374.8203496798873,
  "summary_csf_stdv": 110.36196103872943,
  "summary_gm_k": 0.008638681505860557,
  "summary_gm_mad": 79.39940913236359,
  "summary_gm_mean": 588.6826107618398,
  "summary_gm_median": 587.0071799308062,
  "summary_gm_n": 40007.0,
  "summary_gm_p05": 460.429204903543,
  "summary_gm_p95": 722.1474970739334,
  "summary_gm_stdv": 79.52094458303539,
  "summary_wm_k": 0.714837795533501,
  "summary_wm_mad": 43.26296000775205,
  "summary_wm_mean": 998.0179087764636,
  "summary_wm_median": 999.9999898970127,
  "summary_wm_n": 231485.0,
  "summary_wm_p05": 918.6977961175144,
  "summary_wm_p95": 1070.7661573700607,
  "summary_wm_stdv": 46.550075986550326,
  "tpm_overlap_csf": 0.16025125192871165,
  "tpm_overlap_gm": 0.4830998115795428,
  "tpm_overlap_wm": 0.532387989875604,
  "wm2max": 0.778559000731831
}