{
  "aor": 0.0021117782026768644,
  "aqi": 0.00895207154875717,
  "bids_meta": {
    "AcquisitionNumber": 2,
    "BIDSVersion": "1.1.0",
    "BidsifyVersion": "0.3.1",
    "ConversionSoftware": "dcm2niix",
    "ConversionSoftwareVersion": "v1.0.20181125  GCC5.4.0",
    "EchoTime": 0.02762,
    "FlipAngle": 76.1,
    "ImageComments": "PredictingMentalizing",
    "ImageOrientationPatientDICOM": [
      0.997925,
      0.0466003,
      -0.0444274,
      -0.0622596,
      0.874259,
      -0.48145
    ],
    "InstitutionName": "Spinoza Centre for Neuroimaging, location REC",
    "MagneticFieldStrength": 3,
    "Manufacturer": "Philips",
    "ParallelAcquisitionTechnique": "SENSE",
    "ParallelReductionFactorInPlane": 2,
    "PatientPosition": "HFS",
    "PhaseEncodingDirection": "j",
    "PhilipsRescaleIntercept": 0,
    "PhilipsRescaleSlope": 0.75995,
    "PhilipsScaleSlope": 0.0646245,
    "ProtocolName": "WIPPM_HWWSENSE",
    "ReconMatrixPE": 80,
    "RepetitionTime": 2,
    "SeriesDescription": "ImageMRSERIES",
    "SeriesNumber": 2,
    "SliceEncodingDirection": "k",
    "SliceTiming": [
      0.0,
      0.05405405405405406,
      0.10810810810810811,
      0.16216216216216217,
      0.21621621621621623,
      0.2702702702702703,
      0.32432432432432434,
      0.3783783783783784,
      0.43243243243243246,
      0.4864864864864865,
      0.5405405405405406,
      0.5945945945945946,
      0.6486486486486487,
      0.7027027027027027,
      0.7567567567567568,
      0.8108108108108109,
      0.8648648648648649,
      0.918918918918919,
      0.972972972972973,
      1.0270270270270272,
      1.0810810810810811,
      1.135135135135135,
      1.1891891891891893,
      1.2432432432432434,
      1.2972972972972974,
      1.3513513513513513,
      1.4054054054054055,
      1.4594594594594597,
      1.5135135135135136,
      1.5675675675675675,
      1.6216216216216217,
      1.6756756756756759,
      1.7297297297297298,
      1.7837837837837838,
      1.837837837837838,
      1.891891891891892,
      1.945945945945946
    ],
    "TaskName": "other",
    "UsePhilipsFloatNotDisplayScaling": 1,
    "WaterFatShift": 12,
    "dataset": "ds002547",
    "modality": "bold",
    "session_id": "1",
    "subject_id": "09",
    "task_id": "other"
  },
  "dummy_trs": 0,
  "dvars_nstd": 18.64126387940613,
  "dvars_std": 1.1752335602490427,
  "dvars_vstd": 0.9736398274712644,
  "efc": 0.3812016881995584,
  "fber": 236829.34375,
  "fd_mean": 0.18864130960317396,
  "fd_num": 132,
  "fd_perc": 25.239005736137667,
  "fwhm_avg": 1.8579675843397105,
  "fwhm_x": 1.8495566666666667,
  "fwhm_y": 1.94254,
  "fwhm_z": 1.781806086352465,
  "gcor": 0.0346723,
  "gsr_x": -0.018560826778411865,
  "gsr_y": 0.0075331637635827065,
  "provenance": {
    "md5sum": "1bd371cf8512595c69a9fdd100ee8ff5",
    "settings": {
      "fd_thres": 0.2,
      "testing": false
    },
    "software": "mriqc",
    "version": "22.0.6",
    "webapi_port": null,
    "webapi_url": "https://mriqc.nimh.nih.gov/api/v1"
  },
  "size_t": 523,
  "size_x": 80,
  "size_y": 80,
  "size_z": 37,
  "snr": 7.262831292209081,
  "spacing_tr": 2.0,
  "spacing_x": 3.0,
  "spacing_y": 3.0,
  "spacing_z": 3.299999952316284,
  "summary_bg_k": 55.15037972728218,
  "summary_bg_mad": 48.1834664162601,
  "summary_bg_mean": 447.6444396972656,
  "summary_bg_median": 49.41968536376953,
  "summary_bg_n": 169513.0,
  "summary_bg_p05": 6.026902675628662,
  "summary_bg_p95": 2385.6154785156236,
  "summary_bg_stdv": 1334.94580078125,
  "summary_fg_k": 1.800263213206815,
  "summary_fg_mad": 3229.9676570202328,
  "summary_fg_mean": 24795.447265625,
  "summary_fg_median": 24564.11328125,
  "summary_fg_n": 28063.0,
  "summary_fg_p05": 19909.49453125,
  "summary_fg_p95": 30385.494726562498,
  "summary_fg_stdv": 3382.107421875,
  "tsnr": 70.14867401123047
}