{
  "aor": 0.003903222591362126,
  "aqi": 0.005727266212624584,
  "bids_meta": {
    "AcquisitionNumber": 4,
    "BIDSVersion": "1.1.0",
    "BidsifyVersion": "0.3.1",
    "ConversionSoftware": "dcm2niix",
    "ConversionSoftwareVersion": "v1.0.20181125  GCC5.4.0",
    "EchoTime": 0.02762,
    "FlipAngle": 76.1,
    "ImageComments": "PredictingMentalizing",
    "ImageOrientationPatientDICOM": [
      0.997925,
      0.0466003,
      -0.0444274,
      -0.0622596,
      0.874259,
      -0.48145
    ],
    "InstitutionName": "Spinoza Centre for Neuroimaging, location REC",
    "MagneticFieldStrength": 3,
    "Manufacturer": "Philips",
    "ParallelAcquisitionTechnique": "SENSE",
    "ParallelReductionFactorInPlane": 2,
    "PatientPosition": "HFS",
    "PhaseEncodingDirection": "j",
    "PhilipsRescaleIntercept": 0,
    "PhilipsRescaleSlope": 0.82247,
    "PhilipsScaleSlope": 0.0624107,
    "ProtocolName": "WIPPM_Zinnen1SENSE",
    "ReconMatrixPE": 80,
    "RepetitionTime": 2,
    "SeriesDescription": "ImageMRSERIES",
    "SeriesNumber": 4,
    "SliceEncodingDirection": "k",
    "SliceTiming": [
      0.0,
      0.05405405405405406,
      0.10810810810810811,
      0.16216216216216217,
      0.21621621621621623,
      0.2702702702702703,
      0.32432432432432434,
      0.3783783783783784,
      0.43243243243243246,
      0.4864864864864865,
      0.5405405405405406,
      0.5945945945945946,
      0.6486486486486487,
      0.7027027027027027,
      0.7567567567567568,
      0.8108108108108109,
      0.8648648648648649,
      0.918918918918919,
      0.972972972972973,
      1.0270270270270272,
      1.0810810810810811,
      1.135135135135135,
      1.1891891891891893,
      1.2432432432432434,
      1.2972972972972974,
      1.3513513513513513,
      1.4054054054054055,
      1.4594594594594597,
      1.5135135135135136,
      1.5675675675675675,
      1.6216216216216217,
      1.6756756756756759,
      1.7297297297297298,
      1.7837837837837838,
      1.837837837837838,
      1.891891891891892,
      1.945945945945946
    ],
    "TaskName": "self",
    "UsePhilipsFloatNotDisplayScaling": 1,
    "WaterFatShift": 12,
    "dataset": "ds002547",
    "modality": "bold",
    "run_id": 1,
    "session_id": "1",
    "subject_id": "09",
    "task_id": "self"
  },
  "dummy_trs": 0,
  "dvars_nstd": 18.214100154366665,
  "dvars_std": 1.2368721589666665,
  "dvars_vstd": 1.0211329277,
  "efc": 0.3825759398591881,
  "fber": 243588.359375,
  "fd_mean": 0.16932360356848516,
  "fd_num": 65,
  "fd_perc": 21.59468438538206,
  "fwhm_avg": 1.8539347560667636,
  "fwhm_x": 1.8423233333333335,
  "fwhm_y": 1.9356233333333333,
  "fwhm_z": 1.7838576015336238,
  "gcor": 0.0684483,
  "gsr_x": -0.01930202730000019,
  "gsr_y": 0.006873833015561104,
  "provenance": {
    "md5sum": "09bf3a66848e33d6aad9478eb01e9f36",
    "settings": {
      "fd_thres": 0.2,
      "testing": false
    },
    "software": "mriqc",
    "version": "22.0.6",
    "webapi_port": null,
    "webapi_url": "https://mriqc.nimh.nih.gov/api/v1"
  },
  "size_t": 301,
  "size_x": 80,
  "size_y": 80,
  "size_z": 37,
  "snr": 7.220527767192047,
  "spacing_tr": 2.0,
  "spacing_x": 3.0,
  "spacing_y": 3.0,
  "spacing_z": 3.299999952316284,
  "summary_bg_k": 54.88249765641184,
  "summary_bg_mad": 44.69137330249795,
  "summary_bg_mean": 458.82373046875,
  "summary_bg_median": 47.867095947265625,
  "summary_bg_n": 169455.0,
  "summary_bg_p05": 6.407578039169311,
  "summary_bg_p95": 2440.4223144531243,
  "summary_bg_stdv": 1374.8251953125,
  "summary_fg_k": 1.945176695527599,
  "summary_fg_mad": 3188.108757860842,
  "summary_fg_mean": 24468.708984375,
  "summary_fg_median": 24250.146484375,
  "summary_fg_n": 28160.0,
  "summary_fg_p05": 19666.43349609375,
  "summary_fg_p95": 29982.157324218748,
  "summary_fg_stdv": 3358.44091796875,
  "tsnr": 84.3013916015625
}