{
  "aor": 0.003149700996677741,
  "aqi": 0.005908044717607974,
  "bids_meta": {
    "AcquisitionNumber": 5,
    "BIDSVersion": "1.1.0",
    "BidsifyVersion": "0.3.1",
    "ConversionSoftware": "dcm2niix",
    "ConversionSoftwareVersion": "v1.0.20181125  GCC5.4.0",
    "EchoTime": 0.02762,
    "FlipAngle": 76.1,
    "ImageComments": "PredictingMentalizing",
    "ImageOrientationPatientDICOM": [
      0.997925,
      0.0466003,
      -0.0444274,
      -0.0622596,
      0.874259,
      -0.48145
    ],
    "InstitutionName": "Spinoza Centre for Neuroimaging, location REC",
    "MagneticFieldStrength": 3,
    "Manufacturer": "Philips",
    "ParallelAcquisitionTechnique": "SENSE",
    "ParallelReductionFactorInPlane": 2,
    "PatientPosition": "HFS",
    "PhaseEncodingDirection": "j",
    "PhilipsRescaleIntercept": 0,
    "PhilipsRescaleSlope": 0.81001,
    "PhilipsScaleSlope": 0.0630651,
    "ProtocolName": "WIPPM_Zinnen2SENSE",
    "ReconMatrixPE": 80,
    "RepetitionTime": 2,
    "SeriesDescription": "ImageMRSERIES",
    "SeriesNumber": 5,
    "SliceEncodingDirection": "k",
    "SliceTiming": [
      0.0,
      0.05405405405405406,
      0.10810810810810811,
      0.16216216216216217,
      0.21621621621621623,
      0.2702702702702703,
      0.32432432432432434,
      0.3783783783783784,
      0.43243243243243246,
      0.4864864864864865,
      0.5405405405405406,
      0.5945945945945946,
      0.6486486486486487,
      0.7027027027027027,
      0.7567567567567568,
      0.8108108108108109,
      0.8648648648648649,
      0.918918918918919,
      0.972972972972973,
      1.0270270270270272,
      1.0810810810810811,
      1.135135135135135,
      1.1891891891891893,
      1.2432432432432434,
      1.2972972972972974,
      1.3513513513513513,
      1.4054054054054055,
      1.4594594594594597,
      1.5135135135135136,
      1.5675675675675675,
      1.6216216216216217,
      1.6756756756756759,
      1.7297297297297298,
      1.7837837837837838,
      1.837837837837838,
      1.891891891891892,
      1.945945945945946
    ],
    "TaskName": "self",
    "UsePhilipsFloatNotDisplayScaling": 1,
    "WaterFatShift": 12,
    "dataset": "ds002547",
    "modality": "bold",
    "run_id": 2,
    "session_id": "1",
    "subject_id": "09",
    "task_id": "self"
  },
  "dummy_trs": 0,
  "dvars_nstd": 16.709809456066658,
  "dvars_std": 1.1794515424666667,
  "dvars_vstd": 1.0121632259333326,
  "efc": 0.3826378069280318,
  "fber": 244692.171875,
  "fd_mean": 0.17153845361950193,
  "fd_num": 63,
  "fd_perc": 20.930232558139537,
  "fwhm_avg": 1.8403736448965695,
  "fwhm_x": 1.8321933333333333,
  "fwhm_y": 1.9173366666666667,
  "fwhm_z": 1.7715909346897087,
  "gcor": 0.0412251,
  "gsr_x": -0.01915467344224453,
  "gsr_y": 0.007025191094726324,
  "provenance": {
    "md5sum": "1df19a050f3fe3a7eaf3652518886d44",
    "settings": {
      "fd_thres": 0.2,
      "testing": false
    },
    "software": "mriqc",
    "version": "22.0.6",
    "webapi_port": null,
    "webapi_url": "https://mriqc.nimh.nih.gov/api/v1"
  },
  "size_t": 301,
  "size_x": 80,
  "size_y": 80,
  "size_z": 37,
  "snr": 7.2888971737200885,
  "spacing_tr": 2.0,
  "spacing_x": 3.0,
  "spacing_y": 3.0,
  "spacing_z": 3.299999952316284,
  "summary_bg_k": 53.94093258709386,
  "summary_bg_mad": 44.589319409477994,
  "summary_bg_mean": 459.2594299316406,
  "summary_bg_median": 47.673240661621094,
  "summary_bg_n": 169475.0,
  "summary_bg_p05": 6.3309883117675785,
  "summary_bg_p95": 2438.0901367187466,
  "summary_bg_stdv": 1371.550048828125,
  "summary_fg_k": 1.8900127233179784,
  "summary_fg_mad": 3169.8701444365115,
  "summary_fg_mean": 24483.333984375,
  "summary_fg_median": 24253.513671875,
  "summary_fg_n": 28149.0,
  "summary_fg_p05": 19725.683984375,
  "summary_fg_p95": 29953.378515624998,
  "summary_fg_stdv": 3327.40087890625,
  "tsnr": 85.28873443603516
}