{
  "aor": 0.00033845124282982794,
  "aqi": 0.002963807170172084,
  "bids_meta": {
    "AcquisitionNumber": 5,
    "BIDSVersion": "1.1.0",
    "BidsifyVersion": "0.3.1",
    "ConversionSoftware": "dcm2niix",
    "ConversionSoftwareVersion": "v1.0.20181125  GCC5.4.0",
    "EchoTime": 0.02763,
    "FlipAngle": 76.1,
    "ImageComments": "HWW",
    "ImageOrientationPatientDICOM": [
      0.998185,
      0.0322529,
      0.0508529,
      -0.013067,
      0.940362,
      -0.339925
    ],
    "InstitutionName": "Spinoza Centre for Neuroimaging, location REC",
    "MagneticFieldStrength": 3,
    "Manufacturer": "Philips",
    "ParallelAcquisitionTechnique": "SENSE",
    "ParallelReductionFactorInPlane": 2,
    "PatientPosition": "HFS",
    "PhaseEncodingDirection": "j",
    "PhilipsRescaleIntercept": 0,
    "PhilipsRescaleSlope": 2.64908,
    "PhilipsScaleSlope": 0.00110462,
    "ProtocolName": "WIPHWWSENSE",
    "ReconMatrixPE": 80,
    "RepetitionTime": 2,
    "SeriesDescription": "ImageMRSERIES",
    "SeriesNumber": 5,
    "SliceEncodingDirection": "k",
    "SliceTiming": [
      0.0,
      0.05405405405405406,
      0.10810810810810811,
      0.16216216216216217,
      0.21621621621621623,
      0.2702702702702703,
      0.32432432432432434,
      0.3783783783783784,
      0.43243243243243246,
      0.4864864864864865,
      0.5405405405405406,
      0.5945945945945946,
      0.6486486486486487,
      0.7027027027027027,
      0.7567567567567568,
      0.8108108108108109,
      0.8648648648648649,
      0.918918918918919,
      0.972972972972973,
      1.0270270270270272,
      1.0810810810810811,
      1.135135135135135,
      1.1891891891891893,
      1.2432432432432434,
      1.2972972972972974,
      1.3513513513513513,
      1.4054054054054055,
      1.4594594594594597,
      1.5135135135135136,
      1.5675675675675675,
      1.6216216216216217,
      1.6756756756756759,
      1.7297297297297298,
      1.7837837837837838,
      1.837837837837838,
      1.891891891891892,
      1.945945945945946
    ],
    "TaskName": "other",
    "UsePhilipsFloatNotDisplayScaling": 1,
    "WaterFatShift": 12,
    "dataset": "ds002547",
    "modality": "bold",
    "session_id": "1",
    "subject_id": "21",
    "task_id": "other"
  },
  "dummy_trs": 0,
  "dvars_nstd": 20.25447552045976,
  "dvars_std": 1.36518345478927,
  "dvars_vstd": 0.9890828005172417,
  "efc": 0.4149145783911199,
  "fber": 16859416.0,
  "fd_mean": 0.13666826505250396,
  "fd_num": 99,
  "fd_perc": 18.92925430210325,
  "fwhm_avg": 2.0306201102474017,
  "fwhm_x": 1.9929933333333334,
  "fwhm_y": 2.181036666666667,
  "fwhm_z": 1.9178303307422049,
  "gcor": 0.0443349,
  "gsr_x": -0.025095561519265175,
  "gsr_y": 0.008472827263176441,
  "provenance": {
    "md5sum": "cd4c7be39ff5569ab02a03dd268ceb00",
    "settings": {
      "fd_thres": 0.2,
      "testing": false
    },
    "software": "mriqc",
    "version": "22.0.6",
    "webapi_port": null,
    "webapi_url": "https://mriqc.nimh.nih.gov/api/v1"
  },
  "size_t": 523,
  "size_x": 80,
  "size_y": 80,
  "size_z": 37,
  "snr": 5.377846928984718,
  "spacing_tr": 2.0,
  "spacing_x": 3.0,
  "spacing_y": 3.0,
  "spacing_z": 3.299999952316284,
  "summary_bg_k": 89.4736815368904,
  "summary_bg_mad": 137.38702508313997,
  "summary_bg_mean": 7123.34326171875,
  "summary_bg_median": 93.17555236816406,
  "summary_bg_n": 160430.0,
  "summary_bg_p05": 0.32375521957874304,
  "summary_bg_p95": 37211.99140624996,
  "summary_bg_stdv": 24995.87109375,
  "summary_fg_k": 1.58233086933447,
  "summary_fg_mad": 70726.10256291056,
  "summary_fg_mean": 418289.96875,
  "summary_fg_median": 410918.125,
  "summary_fg_n": 35484.0,
  "summary_fg_p05": 309868.6375,
  "summary_fg_p95": 547817.0187499999,
  "summary_fg_stdv": 76408.3359375,
  "tsnr": 98.05029296875
}