{
  "aor": 0.0026418272425249166,
  "aqi": 0.013856828803986709,
  "bids_meta": {
    "AcquisitionNumber": 7,
    "BIDSVersion": "1.1.0",
    "BidsifyVersion": "0.3.1",
    "ConversionSoftware": "dcm2niix",
    "ConversionSoftwareVersion": "v1.0.20181125  GCC5.4.0",
    "EchoTime": 0.02763,
    "FlipAngle": 76.1,
    "ImageComments": "HWW",
    "ImageOrientationPatientDICOM": [
      0.992547,
      0.0511408,
      -0.110609,
      -0.0919011,
      0.910206,
      -0.403832
    ],
    "InstitutionName": "Spinoza Centre for Neuroimaging, location REC",
    "MagneticFieldStrength": 3,
    "Manufacturer": "Philips",
    "ParallelAcquisitionTechnique": "SENSE",
    "ParallelReductionFactorInPlane": 2,
    "PatientPosition": "HFS",
    "PhaseEncodingDirection": "j",
    "PhilipsRescaleIntercept": 0,
    "PhilipsRescaleSlope": 1.86545,
    "PhilipsScaleSlope": 0.00115368,
    "ProtocolName": "WIPZinnen2SENSE",
    "ReconMatrixPE": 80,
    "RepetitionTime": 2,
    "SeriesDescription": "ImageMRSERIES",
    "SeriesNumber": 7,
    "SliceEncodingDirection": "k",
    "SliceTiming": [
      0.0,
      0.05405405405405406,
      0.10810810810810811,
      0.16216216216216217,
      0.21621621621621623,
      0.2702702702702703,
      0.32432432432432434,
      0.3783783783783784,
      0.43243243243243246,
      0.4864864864864865,
      0.5405405405405406,
      0.5945945945945946,
      0.6486486486486487,
      0.7027027027027027,
      0.7567567567567568,
      0.8108108108108109,
      0.8648648648648649,
      0.918918918918919,
      0.972972972972973,
      1.0270270270270272,
      1.0810810810810811,
      1.135135135135135,
      1.1891891891891893,
      1.2432432432432434,
      1.2972972972972974,
      1.3513513513513513,
      1.4054054054054055,
      1.4594594594594597,
      1.5135135135135136,
      1.5675675675675675,
      1.6216216216216217,
      1.6756756756756759,
      1.7297297297297298,
      1.7837837837837838,
      1.837837837837838,
      1.891891891891892,
      1.945945945945946
    ],
    "TaskName": "self",
    "UsePhilipsFloatNotDisplayScaling": 1,
    "WaterFatShift": 12,
    "dataset": "ds002547",
    "modality": "bold",
    "run_id": 2,
    "session_id": "1",
    "subject_id": "26",
    "task_id": "self"
  },
  "dummy_trs": 0,
  "dvars_nstd": 21.915515950333333,
  "dvars_std": 1.1970122944666668,
  "dvars_vstd": 0.9917297191333332,
  "efc": 0.41612005376792105,
  "fber": 1398408.0,
  "fd_mean": 0.22550805598104348,
  "fd_num": 163,
  "fd_perc": 54.15282392026578,
  "fwhm_avg": 1.8228951596273821,
  "fwhm_x": 1.8244133333333332,
  "fwhm_y": 1.9600266666666668,
  "fwhm_z": 1.6842454788821464,
  "gcor": 0.0132936,
  "gsr_x": -0.014462792314589024,
  "gsr_y": 0.0076813483610749245,
  "provenance": {
    "md5sum": "d0e27617361dafcb84f329da9b791e2e",
    "settings": {
      "fd_thres": 0.2,
      "testing": false
    },
    "software": "mriqc",
    "version": "22.0.6",
    "webapi_port": null,
    "webapi_url": "https://mriqc.nimh.nih.gov/api/v1"
  },
  "size_t": 301,
  "size_x": 80,
  "size_y": 80,
  "size_z": 37,
  "snr": 6.126937433696714,
  "spacing_tr": 2.0,
  "spacing_x": 3.0,
  "spacing_y": 3.0,
  "spacing_z": 3.299999952316284,
  "summary_bg_k": 96.9797007582584,
  "summary_bg_mad": 491.2394490301206,
  "summary_bg_mean": 7852.03125,
  "summary_bg_median": 336.9072265625,
  "summary_bg_n": 160642.0,
  "summary_bg_p05": 2.892363107204438,
  "summary_bg_p95": 37862.69804687496,
  "summary_bg_stdv": 25412.88671875,
  "summary_fg_k": 2.045560909247735,
  "summary_fg_mad": 63540.67091092316,
  "summary_fg_mean": 417084.875,
  "summary_fg_median": 411589.875,
  "summary_fg_n": 34254.0,
  "summary_fg_p05": 320083.015625,
  "summary_fg_p95": 527080.16875,
  "summary_fg_stdv": 67176.1171875,
  "tsnr": 52.03112030029297
}