{
  "aor": 0.0037856214149139577,
  "aqi": 0.011331508164435945,
  "bids_meta": {
    "AcquisitionNumber": 4,
    "BIDSVersion": "1.1.0",
    "BidsifyVersion": "0.3.1",
    "ConversionSoftware": "dcm2niix",
    "ConversionSoftwareVersion": "v1.0.20181125  GCC5.4.0",
    "EchoTime": 0.02763,
    "FlipAngle": 76.1,
    "ImageComments": "HWW",
    "ImageOrientationPatientDICOM": [
      0.992547,
      0.0511408,
      -0.110609,
      -0.0919011,
      0.910206,
      -0.403832
    ],
    "InstitutionName": "Spinoza Centre for Neuroimaging, location REC",
    "MagneticFieldStrength": 3,
    "Manufacturer": "Philips",
    "ParallelAcquisitionTechnique": "SENSE",
    "ParallelReductionFactorInPlane": 2,
    "PatientPosition": "HFS",
    "PhaseEncodingDirection": "j",
    "PhilipsRescaleIntercept": 0,
    "PhilipsRescaleSlope": 2.09573,
    "PhilipsScaleSlope": 0.00116056,
    "ProtocolName": "WIPHWWSENSE",
    "ReconMatrixPE": 80,
    "RepetitionTime": 2,
    "SeriesDescription": "ImageMRSERIES",
    "SeriesNumber": 4,
    "SliceEncodingDirection": "k",
    "SliceTiming": [
      0.0,
      0.05405405405405406,
      0.10810810810810811,
      0.16216216216216217,
      0.21621621621621623,
      0.2702702702702703,
      0.32432432432432434,
      0.3783783783783784,
      0.43243243243243246,
      0.4864864864864865,
      0.5405405405405406,
      0.5945945945945946,
      0.6486486486486487,
      0.7027027027027027,
      0.7567567567567568,
      0.8108108108108109,
      0.8648648648648649,
      0.918918918918919,
      0.972972972972973,
      1.0270270270270272,
      1.0810810810810811,
      1.135135135135135,
      1.1891891891891893,
      1.2432432432432434,
      1.2972972972972974,
      1.3513513513513513,
      1.4054054054054055,
      1.4594594594594597,
      1.5135135135135136,
      1.5675675675675675,
      1.6216216216216217,
      1.6756756756756759,
      1.7297297297297298,
      1.7837837837837838,
      1.837837837837838,
      1.891891891891892,
      1.945945945945946
    ],
    "TaskName": "other",
    "UsePhilipsFloatNotDisplayScaling": 1,
    "WaterFatShift": 12,
    "dataset": "ds002547",
    "modality": "bold",
    "session_id": "1",
    "subject_id": "26",
    "task_id": "other"
  },
  "dummy_trs": 0,
  "dvars_nstd": 21.057453210478943,
  "dvars_std": 1.177814124521074,
  "dvars_vstd": 0.9668349601915714,
  "efc": 0.4167390893342215,
  "fber": 1538934.5,
  "fd_mean": 0.19782854688547816,
  "fd_num": 217,
  "fd_perc": 41.491395793499045,
  "fwhm_avg": 1.8279505132037055,
  "fwhm_x": 1.81839,
  "fwhm_y": 1.97271,
  "fwhm_z": 1.6927515396111161,
  "gcor": 0.0111034,
  "gsr_x": -0.01421966403722763,
  "gsr_y": 0.00860813818871975,
  "provenance": {
    "md5sum": "2cf279bf1ee0a5101bfdf0e9cf34a693",
    "settings": {
      "fd_thres": 0.2,
      "testing": false
    },
    "software": "mriqc",
    "version": "22.0.6",
    "webapi_port": null,
    "webapi_url": "https://mriqc.nimh.nih.gov/api/v1"
  },
  "size_t": 523,
  "size_x": 80,
  "size_y": 80,
  "size_z": 37,
  "snr": 6.2066664016998825,
  "spacing_tr": 2.0,
  "spacing_x": 3.0,
  "spacing_y": 3.0,
  "spacing_z": 3.299999952316284,
  "summary_bg_k": 114.79428908599662,
  "summary_bg_mad": 472.9126828406196,
  "summary_bg_mean": 7535.42529296875,
  "summary_bg_median": 320.7420654296875,
  "summary_bg_n": 160267.0,
  "summary_bg_p05": 0.5823763608932495,
  "summary_bg_p95": 35851.718749999985,
  "summary_bg_stdv": 25134.41015625,
  "summary_fg_k": 1.7565437968672049,
  "summary_fg_mad": 62308.39681074837,
  "summary_fg_mean": 410102.8125,
  "summary_fg_median": 405008.15625,
  "summary_fg_n": 34541.0,
  "summary_fg_p05": 315553.65625,
  "summary_fg_p95": 516578.0,
  "summary_fg_stdv": 65252.7890625,
  "tsnr": 56.162628173828125
}