{
  "aor": 0.016874219269102993,
  "aqi": 0.015351909933554815,
  "bids_meta": {
    "AcquisitionNumber": 5,
    "BIDSVersion": "1.1.0",
    "BidsifyVersion": "0.3.1",
    "ConversionSoftware": "dcm2niix",
    "ConversionSoftwareVersion": "v1.0.20181125  GCC5.4.0",
    "EchoTime": 0.02763,
    "FlipAngle": 76.1,
    "ImageComments": "HWW",
    "ImageOrientationPatientDICOM": [
      0.992547,
      0.0511408,
      -0.110609,
      -0.0919011,
      0.910206,
      -0.403832
    ],
    "InstitutionName": "Spinoza Centre for Neuroimaging, location REC",
    "MagneticFieldStrength": 3,
    "Manufacturer": "Philips",
    "ParallelAcquisitionTechnique": "SENSE",
    "ParallelReductionFactorInPlane": 2,
    "PatientPosition": "HFS",
    "PhaseEncodingDirection": "j",
    "PhilipsRescaleIntercept": 0,
    "PhilipsRescaleSlope": 2.07741,
    "PhilipsScaleSlope": 0.00115326,
    "ProtocolName": "WIPZinnen1SENSE",
    "ReconMatrixPE": 80,
    "RepetitionTime": 2,
    "SeriesDescription": "ImageMRSERIES",
    "SeriesNumber": 5,
    "SliceEncodingDirection": "k",
    "SliceTiming": [
      0.0,
      0.05405405405405406,
      0.10810810810810811,
      0.16216216216216217,
      0.21621621621621623,
      0.2702702702702703,
      0.32432432432432434,
      0.3783783783783784,
      0.43243243243243246,
      0.4864864864864865,
      0.5405405405405406,
      0.5945945945945946,
      0.6486486486486487,
      0.7027027027027027,
      0.7567567567567568,
      0.8108108108108109,
      0.8648648648648649,
      0.918918918918919,
      0.972972972972973,
      1.0270270270270272,
      1.0810810810810811,
      1.135135135135135,
      1.1891891891891893,
      1.2432432432432434,
      1.2972972972972974,
      1.3513513513513513,
      1.4054054054054055,
      1.4594594594594597,
      1.5135135135135136,
      1.5675675675675675,
      1.6216216216216217,
      1.6756756756756759,
      1.7297297297297298,
      1.7837837837837838,
      1.837837837837838,
      1.891891891891892,
      1.945945945945946
    ],
    "TaskName": "self",
    "UsePhilipsFloatNotDisplayScaling": 1,
    "WaterFatShift": 12,
    "dataset": "ds002547",
    "modality": "bold",
    "run_id": 1,
    "session_id": "1",
    "subject_id": "26",
    "task_id": "self"
  },
  "dummy_trs": 0,
  "dvars_nstd": 25.81085805599999,
  "dvars_std": 1.184755573000001,
  "dvars_vstd": 1.0513162957666673,
  "efc": 0.4165206491199817,
  "fber": 1930522.25,
  "fd_mean": 0.3336944966084271,
  "fd_num": 177,
  "fd_perc": 58.80398671096346,
  "fwhm_avg": 1.8232425334038282,
  "fwhm_x": 1.81666,
  "fwhm_y": 1.96071,
  "fwhm_z": 1.6923576002114846,
  "gcor": 0.0163963,
  "gsr_x": -0.014312433078885078,
  "gsr_y": 0.008259895257651806,
  "provenance": {
    "md5sum": "ba23af64cd6e11c22c5ecfaf4fe6c46a",
    "settings": {
      "fd_thres": 0.2,
      "testing": false
    },
    "software": "mriqc",
    "version": "22.0.6",
    "webapi_port": null,
    "webapi_url": "https://mriqc.nimh.nih.gov/api/v1"
  },
  "size_t": 301,
  "size_x": 80,
  "size_y": 80,
  "size_z": 37,
  "snr": 6.28844185632308,
  "spacing_tr": 2.0,
  "spacing_x": 3.0,
  "spacing_y": 3.0,
  "spacing_z": 3.299999952316284,
  "summary_bg_k": 112.32813870918056,
  "summary_bg_mad": 417.0592160669112,
  "summary_bg_mean": 7629.05517578125,
  "summary_bg_median": 285.8225402832031,
  "summary_bg_n": 160457.0,
  "summary_bg_p05": 3.4594297409057617,
  "summary_bg_p95": 36194.31484374994,
  "summary_bg_stdv": 25284.3359375,
  "summary_fg_k": 1.697390425280921,
  "summary_fg_mad": 61237.77268371001,
  "summary_fg_mean": 408640.875,
  "summary_fg_median": 403936.4375,
  "summary_fg_n": 34425.0,
  "summary_fg_p05": 315257.0875,
  "summary_fg_p95": 513918.30624999997,
  "summary_fg_stdv": 64233.80859375,
  "tsnr": 45.0760498046875
}