{
  "aor": 0.00047365200764818354,
  "aqi": 0.007714112447418738,
  "bids_meta": {
    "AcquisitionNumber": 4,
    "BIDSVersion": "1.1.0",
    "BidsifyVersion": "0.3.1",
    "ConversionSoftware": "dcm2niix",
    "ConversionSoftwareVersion": "v1.0.20181125  GCC5.4.0",
    "EchoTime": 0.02763,
    "FlipAngle": 76.1,
    "ImageComments": "HWW",
    "ImageOrientationPatientDICOM": [
      0.999386,
      0.00953112,
      0.0337035,
      0.00296525,
      0.935785,
      -0.35256
    ],
    "InstitutionName": "Spinoza Centre for Neuroimaging, location REC",
    "MagneticFieldStrength": 3,
    "Manufacturer": "Philips",
    "ParallelAcquisitionTechnique": "SENSE",
    "ParallelReductionFactorInPlane": 2,
    "PatientPosition": "HFS",
    "PhaseEncodingDirection": "j",
    "PhilipsRescaleIntercept": 0,
    "PhilipsRescaleSlope": 2.69182,
    "PhilipsScaleSlope": 0.00120788,
    "ProtocolName": "WIPPM_HWWSENSE",
    "ReconMatrixPE": 80,
    "RepetitionTime": 2,
    "SeriesDescription": "ImageMRSERIES",
    "SeriesNumber": 4,
    "SliceEncodingDirection": "k",
    "SliceTiming": [
      0.0,
      0.05405405405405406,
      0.10810810810810811,
      0.16216216216216217,
      0.21621621621621623,
      0.2702702702702703,
      0.32432432432432434,
      0.3783783783783784,
      0.43243243243243246,
      0.4864864864864865,
      0.5405405405405406,
      0.5945945945945946,
      0.6486486486486487,
      0.7027027027027027,
      0.7567567567567568,
      0.8108108108108109,
      0.8648648648648649,
      0.918918918918919,
      0.972972972972973,
      1.0270270270270272,
      1.0810810810810811,
      1.135135135135135,
      1.1891891891891893,
      1.2432432432432434,
      1.2972972972972974,
      1.3513513513513513,
      1.4054054054054055,
      1.4594594594594597,
      1.5135135135135136,
      1.5675675675675675,
      1.6216216216216217,
      1.6756756756756759,
      1.7297297297297298,
      1.7837837837837838,
      1.837837837837838,
      1.891891891891892,
      1.945945945945946
    ],
    "TaskName": "other",
    "UsePhilipsFloatNotDisplayScaling": 1,
    "WaterFatShift": 12,
    "dataset": "ds002547",
    "modality": "bold",
    "session_id": "1",
    "subject_id": "13",
    "task_id": "other"
  },
  "dummy_trs": 0,
  "dvars_nstd": 21.910903850191552,
  "dvars_std": 1.213846668888889,
  "dvars_vstd": 0.955016811628352,
  "efc": 0.4389277581711977,
  "fber": 2430784.5,
  "fd_mean": 0.18252467943379497,
  "fd_num": 196,
  "fd_perc": 37.476099426386234,
  "fwhm_avg": 1.8650920286189479,
  "fwhm_x": 1.83227,
  "fwhm_y": 2.0155,
  "fwhm_z": 1.7475060858568436,
  "gcor": 0.0193713,
  "gsr_x": -0.0191931314766407,
  "gsr_y": 0.012680001556873322,
  "provenance": {
    "md5sum": "6d82306c88f0008edb9d7e19b4d8fcc0",
    "settings": {
      "fd_thres": 0.2,
      "testing": false
    },
    "software": "mriqc",
    "version": "22.0.6",
    "webapi_port": null,
    "webapi_url": "https://mriqc.nimh.nih.gov/api/v1"
  },
  "size_t": 523,
  "size_x": 80,
  "size_y": 80,
  "size_z": 37,
  "snr": 5.849132006002092,
  "spacing_tr": 2.0,
  "spacing_x": 3.0,
  "spacing_y": 3.0,
  "spacing_z": 3.299999952316284,
  "summary_bg_k": 62.524360531587874,
  "summary_bg_mad": 314.0804951661894,
  "summary_bg_mean": 7407.1630859375,
  "summary_bg_median": 215.050048828125,
  "summary_bg_n": 155590.0,
  "summary_bg_p05": 2.017042946815491,
  "summary_bg_p95": 40732.417968749956,
  "summary_bg_stdv": 23540.529296875,
  "summary_fg_k": 1.5133879469014069,
  "summary_fg_mad": 58146.61655510482,
  "summary_fg_mean": 362991.5,
  "summary_fg_median": 357402.3125,
  "summary_fg_n": 38810.0,
  "summary_fg_p05": 274074.09375,
  "summary_fg_p95": 464502.44999999995,
  "summary_fg_stdv": 61102.69140625,
  "tsnr": 67.43182373046875
}