{
  "bids_meta": {
    "AcquisitionNumber": 3,
    "BIDSVersion": "1.1.0",
    "BidsifyVersion": "0.3.1",
    "ConversionSoftware": "dcm2niix",
    "ConversionSoftwareVersion": "v1.0.20181125  GCC5.4.0",
    "EchoTime": 0.00376,
    "ImageComments": "HWW",
    "ImageOrientationPatientDICOM": [
      0.999192,
      -0.0360176,
      -0.0178298,
      0.034718,
      0.997047,
      -0.0685016
    ],
    "InstitutionName": "Spinoza Centre for Neuroimaging, location REC",
    "MagneticFieldStrength": 3,
    "Manufacturer": "Philips",
    "ParallelAcquisitionTechnique": "SENSE",
    "PatientPosition": "HFS",
    "PhilipsRescaleIntercept": 0,
    "PhilipsRescaleSlope": 15.0435,
    "PhilipsScaleSlope": 0.000290166,
    "ProtocolName": "WIPsT13DTFE_P25_S2_3mSENSE",
    "ReconMatrixPE": 240,
    "RepetitionTime": 0.008188,
    "SeriesDescription": "ImageMRSERIES",
    "SeriesNumber": 3,
    "UsePhilipsFloatNotDisplayScaling": 1,
    "dataset": "ds002547",
    "modality": "T1w",
    "session_id": "2",
    "subject_id": "17"
  },
  "cjv": 0.29539329566641614,
  "cnr": 4.528769858084425,
  "efc": 0.7310534169563863,
  "fber": -1.0,
  "fwhm_avg": 4.196363333333333,
  "fwhm_x": 4.1614,
  "fwhm_y": 4.35804,
  "fwhm_z": 4.06965,
  "icvs_csf": 0.21258783875089873,
  "icvs_gm": 0.4407662790060091,
  "icvs_wm": 0.3466458822430922,
  "inu_med": 0.6260282397270203,
  "inu_range": 0.21149854362010956,
  "provenance": {
    "md5sum": "6eb4405a8de7cbffa7646b89f4ac7c66",
    "settings": {
      "testing": false
    },
    "software": "mriqc",
    "version": "22.0.6",
    "warnings": {
      "large_rot_frame": true,
      "small_air_mask": true
    },
    "webapi_port": null,
    "webapi_url": "https://mriqc.nimh.nih.gov/api/v1"
  },
  "qi_1": 0.0,
  "qi_2": 9.009351634098862e-06,
  "rpve_csf": 25.99604225998322,
  "rpve_gm": 13.339272818428618,
  "rpve_wm": 19.944508385009094,
  "size_x": 240,
  "size_y": 240,
  "size_z": 220,
  "snr_csf": 1.4017889683584692,
  "snr_gm": 7.454388928776348,
  "snr_total": 9.570953405185053,
  "snr_wm": 19.85668231842034,
  "snrd_csf": 15.282201338452301,
  "snrd_gm": 62.32192179565464,
  "snrd_total": 61.711452066150734,
  "snrd_wm": 107.53023306434525,
  "spacing_x": 1.0,
  "spacing_y": 1.0,
  "spacing_z": 1.0,
  "summary_bg_k": 246.5594582396972,
  "summary_bg_mad": 0.0,
  "summary_bg_mean": 1.3538742660273364,
  "summary_bg_median": 0.0,
  "summary_bg_n": 207253.0,
  "summary_bg_p05": 0.0,
  "summary_bg_p95": 10.707762768492103,
  "summary_bg_stdv": 6.0927178498288095,
  "summary_csf_k": 0.509164933742547,
  "summary_csf_mad": 94.16893729038433,
  "summary_csf_mean": 166.44000252742543,
  "summary_csf_median": 142.12329047732055,
  "summary_csf_n": 24553.0,
  "summary_csf_p05": 33.23287736847997,
  "summary_csf_p95": 356.63014402762053,
  "summary_csf_stdv": 101.38501546342968,
  "summary_gm_k": 0.021803483207410324,
  "summary_gm_mad": 77.34580219573263,
  "summary_gm_mean": 581.0528810680803,
  "summary_gm_median": 579.5890525393188,
  "summary_gm_n": 37869.0,
  "summary_gm_p05": 454.45662997737526,
  "summary_gm_p95": 710.8812925744802,
  "summary_gm_stdv": 77.75035693382105,
  "summary_wm_k": 0.6590917992144067,
  "summary_wm_mad": 46.84752308047876,
  "summary_wm_mean": 998.821451937209,
  "summary_wm_median": 1000.0228507947177,
  "summary_wm_n": 198468.0,
  "summary_wm_p05": 914.3835796974599,
  "summary_wm_p95": 1079.4520761072636,
  "summary_wm_stdv": 50.36190413886369,
  "tpm_overlap_csf": 0.14264108936632006,
  "tpm_overlap_gm": 0.47440945603722134,
  "tpm_overlap_wm": 0.5017292450136641,
  "wm2max": 0.7895059391841959
}