{
  "aor": 0.0019163122923588037,
  "aqi": 0.007751614750830565,
  "bids_meta": {
    "AcquisitionNumber": 4,
    "BIDSVersion": "1.1.0",
    "BidsifyVersion": "0.3.1",
    "ConversionSoftware": "dcm2niix",
    "ConversionSoftwareVersion": "v1.0.20181125  GCC5.4.0",
    "EchoTime": 0.02763,
    "FlipAngle": 76.1,
    "ImageComments": "HWW",
    "ImageOrientationPatientDICOM": [
      0.999692,
      -0.0224427,
      -0.010618,
      0.0167516,
      0.92536,
      -0.378718
    ],
    "InstitutionName": "Spinoza Centre for Neuroimaging, location REC",
    "MagneticFieldStrength": 3,
    "Manufacturer": "Philips",
    "ParallelAcquisitionTechnique": "SENSE",
    "ParallelReductionFactorInPlane": 2,
    "PatientPosition": "HFS",
    "PhaseEncodingDirection": "j",
    "PhilipsRescaleIntercept": 0,
    "PhilipsRescaleSlope": 2.09377,
    "PhilipsScaleSlope": 0.00115405,
    "ProtocolName": "WIPPM_Zinnen1SENSE",
    "ReconMatrixPE": 80,
    "RepetitionTime": 2,
    "SeriesDescription": "ImageMRSERIES",
    "SeriesNumber": 4,
    "SliceEncodingDirection": "k",
    "SliceTiming": [
      0.0,
      0.05405405405405406,
      0.10810810810810811,
      0.16216216216216217,
      0.21621621621621623,
      0.2702702702702703,
      0.32432432432432434,
      0.3783783783783784,
      0.43243243243243246,
      0.4864864864864865,
      0.5405405405405406,
      0.5945945945945946,
      0.6486486486486487,
      0.7027027027027027,
      0.7567567567567568,
      0.8108108108108109,
      0.8648648648648649,
      0.918918918918919,
      0.972972972972973,
      1.0270270270270272,
      1.0810810810810811,
      1.135135135135135,
      1.1891891891891893,
      1.2432432432432434,
      1.2972972972972974,
      1.3513513513513513,
      1.4054054054054055,
      1.4594594594594597,
      1.5135135135135136,
      1.5675675675675675,
      1.6216216216216217,
      1.6756756756756759,
      1.7297297297297298,
      1.7837837837837838,
      1.837837837837838,
      1.891891891891892,
      1.945945945945946
    ],
    "TaskName": "self",
    "UsePhilipsFloatNotDisplayScaling": 1,
    "WaterFatShift": 12,
    "dataset": "ds002547",
    "modality": "bold",
    "run_id": 1,
    "session_id": "2",
    "subject_id": "19",
    "task_id": "self"
  },
  "dummy_trs": 0,
  "dvars_nstd": 17.44483073853335,
  "dvars_std": 1.0937277219666668,
  "dvars_vstd": 0.9604052575,
  "efc": 0.3999710460363527,
  "fber": 11431654.0,
  "fd_mean": 0.19873762266742223,
  "fd_num": 128,
  "fd_perc": 42.524916943521596,
  "fwhm_avg": 1.8909262710099852,
  "fwhm_x": 1.8606566666666666,
  "fwhm_y": 2.07151,
  "fwhm_z": 1.7406121463632893,
  "gcor": 0.0206587,
  "gsr_x": -0.0174997728317976,
  "gsr_y": 0.011262502521276474,
  "provenance": {
    "md5sum": "92a628d8a94a3d9c2273c05ed5b5ee1b",
    "settings": {
      "fd_thres": 0.2,
      "testing": false
    },
    "software": "mriqc",
    "version": "22.0.6",
    "webapi_port": null,
    "webapi_url": "https://mriqc.nimh.nih.gov/api/v1"
  },
  "size_t": 301,
  "size_x": 80,
  "size_y": 80,
  "size_z": 37,
  "snr": 5.405047763824733,
  "spacing_tr": 2.0,
  "spacing_x": 3.0,
  "spacing_y": 3.0,
  "spacing_z": 3.299999952316284,
  "summary_bg_k": 123.87155646705554,
  "summary_bg_mad": 172.81290426667633,
  "summary_bg_mean": 6292.83935546875,
  "summary_bg_median": 118.15283203125,
  "summary_bg_n": 162216.0,
  "summary_bg_p05": 1.159151554107666,
  "summary_bg_p95": 34348.1142578125,
  "summary_bg_stdv": 22866.337890625,
  "summary_fg_k": 2.7535757955384472,
  "summary_fg_mad": 67113.4642696057,
  "summary_fg_mean": 422151.15625,
  "summary_fg_median": 413036.53125,
  "summary_fg_n": 32994.0,
  "summary_fg_p05": 319913.5859375,
  "summary_fg_p95": 549148.084375,
  "summary_fg_stdv": 76415.65625,
  "tsnr": 66.15518188476562
}