{
  "aor": 0.0014615869980879543,
  "aqi": 0.009407899273422563,
  "bids_meta": {
    "AcquisitionNumber": 3,
    "BIDSVersion": "1.1.0",
    "BidsifyVersion": "0.3.1",
    "ConversionSoftware": "dcm2niix",
    "ConversionSoftwareVersion": "v1.0.20181125  GCC5.4.0",
    "EchoTime": 0.02763,
    "FlipAngle": 76.1,
    "ImageComments": "HWW",
    "ImageOrientationPatientDICOM": [
      0.999692,
      -0.0224427,
      -0.010618,
      0.0167516,
      0.92536,
      -0.378718
    ],
    "InstitutionName": "Spinoza Centre for Neuroimaging, location REC",
    "MagneticFieldStrength": 3,
    "Manufacturer": "Philips",
    "ParallelAcquisitionTechnique": "SENSE",
    "ParallelReductionFactorInPlane": 2,
    "PatientPosition": "HFS",
    "PhaseEncodingDirection": "j",
    "PhilipsRescaleIntercept": 0,
    "PhilipsRescaleSlope": 1.97387,
    "PhilipsScaleSlope": 0.00115997,
    "ProtocolName": "WIPPM_HWWSENSE",
    "ReconMatrixPE": 80,
    "RepetitionTime": 2,
    "SeriesDescription": "ImageMRSERIES",
    "SeriesNumber": 3,
    "SliceEncodingDirection": "k",
    "SliceTiming": [
      0.0,
      0.05405405405405406,
      0.10810810810810811,
      0.16216216216216217,
      0.21621621621621623,
      0.2702702702702703,
      0.32432432432432434,
      0.3783783783783784,
      0.43243243243243246,
      0.4864864864864865,
      0.5405405405405406,
      0.5945945945945946,
      0.6486486486486487,
      0.7027027027027027,
      0.7567567567567568,
      0.8108108108108109,
      0.8648648648648649,
      0.918918918918919,
      0.972972972972973,
      1.0270270270270272,
      1.0810810810810811,
      1.135135135135135,
      1.1891891891891893,
      1.2432432432432434,
      1.2972972972972974,
      1.3513513513513513,
      1.4054054054054055,
      1.4594594594594597,
      1.5135135135135136,
      1.5675675675675675,
      1.6216216216216217,
      1.6756756756756759,
      1.7297297297297298,
      1.7837837837837838,
      1.837837837837838,
      1.891891891891892,
      1.945945945945946
    ],
    "TaskName": "other",
    "UsePhilipsFloatNotDisplayScaling": 1,
    "WaterFatShift": 12,
    "dataset": "ds002547",
    "modality": "bold",
    "session_id": "2",
    "subject_id": "19",
    "task_id": "other"
  },
  "dummy_trs": 0,
  "dvars_nstd": 18.680716885498104,
  "dvars_std": 1.1375522422030655,
  "dvars_vstd": 0.9586953860153253,
  "efc": 0.400235825739248,
  "fber": 8248024.0,
  "fd_mean": 0.1997807235732442,
  "fd_num": 236,
  "fd_perc": 45.124282982791584,
  "fwhm_avg": 1.9071222306951532,
  "fwhm_x": 1.8676333333333333,
  "fwhm_y": 2.0946000000000002,
  "fwhm_z": 1.7591333587521258,
  "gcor": 0.0177763,
  "gsr_x": -0.018198614940047264,
  "gsr_y": 0.010857689194381237,
  "provenance": {
    "md5sum": "58e5aab776666ec68056ab1e26680063",
    "settings": {
      "fd_thres": 0.2,
      "testing": false
    },
    "software": "mriqc",
    "version": "22.0.6",
    "webapi_port": null,
    "webapi_url": "https://mriqc.nimh.nih.gov/api/v1"
  },
  "size_t": 523,
  "size_x": 80,
  "size_y": 80,
  "size_z": 37,
  "snr": 5.344112437591777,
  "spacing_tr": 2.0,
  "spacing_x": 3.0,
  "spacing_y": 3.0,
  "spacing_z": 3.299999952316284,
  "summary_bg_k": 105.19623787827003,
  "summary_bg_mad": 203.97550767008664,
  "summary_bg_mean": 6275.109375,
  "summary_bg_median": 139.68670654296875,
  "summary_bg_n": 162192.0,
  "summary_bg_p05": 1.502676671743393,
  "summary_bg_p95": 34120.45312499994,
  "summary_bg_stdv": 22214.7109375,
  "summary_fg_k": 2.622793590874557,
  "summary_fg_mad": 68343.25964419643,
  "summary_fg_mean": 424093.78125,
  "summary_fg_median": 414885.9375,
  "summary_fg_n": 32982.0,
  "summary_fg_p05": 319933.6609375,
  "summary_fg_p95": 554782.025,
  "summary_fg_stdv": 77633.03125,
  "tsnr": 63.28504943847656
}