{
  "aor": 0.00036607973421926915,
  "aqi": 0.005418191063122923,
  "bids_meta": {
    "AcquisitionNumber": 5,
    "BIDSVersion": "1.1.0",
    "BidsifyVersion": "0.3.1",
    "ConversionSoftware": "dcm2niix",
    "ConversionSoftwareVersion": "v1.0.20181125  GCC5.4.0",
    "EchoTime": 0.02763,
    "FlipAngle": 76.1,
    "ImageComments": "HWW",
    "ImageOrientationPatientDICOM": [
      0.999692,
      -0.0224427,
      -0.010618,
      0.0167516,
      0.92536,
      -0.378718
    ],
    "InstitutionName": "Spinoza Centre for Neuroimaging, location REC",
    "MagneticFieldStrength": 3,
    "Manufacturer": "Philips",
    "ParallelAcquisitionTechnique": "SENSE",
    "ParallelReductionFactorInPlane": 2,
    "PatientPosition": "HFS",
    "PhaseEncodingDirection": "j",
    "PhilipsRescaleIntercept": 0,
    "PhilipsRescaleSlope": 2.31551,
    "PhilipsScaleSlope": 0.00115687,
    "ProtocolName": "WIPPM_Zinnen2SENSE",
    "ReconMatrixPE": 80,
    "RepetitionTime": 2,
    "SeriesDescription": "ImageMRSERIES",
    "SeriesNumber": 5,
    "SliceEncodingDirection": "k",
    "SliceTiming": [
      0.0,
      0.05405405405405406,
      0.10810810810810811,
      0.16216216216216217,
      0.21621621621621623,
      0.2702702702702703,
      0.32432432432432434,
      0.3783783783783784,
      0.43243243243243246,
      0.4864864864864865,
      0.5405405405405406,
      0.5945945945945946,
      0.6486486486486487,
      0.7027027027027027,
      0.7567567567567568,
      0.8108108108108109,
      0.8648648648648649,
      0.918918918918919,
      0.972972972972973,
      1.0270270270270272,
      1.0810810810810811,
      1.135135135135135,
      1.1891891891891893,
      1.2432432432432434,
      1.2972972972972974,
      1.3513513513513513,
      1.4054054054054055,
      1.4594594594594597,
      1.5135135135135136,
      1.5675675675675675,
      1.6216216216216217,
      1.6756756756756759,
      1.7297297297297298,
      1.7837837837837838,
      1.837837837837838,
      1.891891891891892,
      1.945945945945946
    ],
    "TaskName": "self",
    "UsePhilipsFloatNotDisplayScaling": 1,
    "WaterFatShift": 12,
    "dataset": "ds002547",
    "modality": "bold",
    "run_id": 2,
    "session_id": "2",
    "subject_id": "19",
    "task_id": "self"
  },
  "dummy_trs": 0,
  "dvars_nstd": 17.536567669000007,
  "dvars_std": 1.1118140616666667,
  "dvars_vstd": 0.953970774966667,
  "efc": 0.39997149199818577,
  "fber": 13214499.0,
  "fd_mean": 0.18147202924987496,
  "fd_num": 112,
  "fd_perc": 37.2093023255814,
  "fwhm_avg": 1.9028796044927916,
  "fwhm_x": 1.8600733333333332,
  "fwhm_y": 2.07692,
  "fwhm_z": 1.7716454801450423,
  "gcor": 0.036351,
  "gsr_x": -0.01713433861732483,
  "gsr_y": 0.011453207582235336,
  "provenance": {
    "md5sum": "1825042106a8bea0e2289c7687fbb0db",
    "settings": {
      "fd_thres": 0.2,
      "testing": false
    },
    "software": "mriqc",
    "version": "22.0.6",
    "webapi_port": null,
    "webapi_url": "https://mriqc.nimh.nih.gov/api/v1"
  },
  "size_t": 301,
  "size_x": 80,
  "size_y": 80,
  "size_z": 37,
  "snr": 5.399739731909225,
  "spacing_tr": 2.0,
  "spacing_x": 3.0,
  "spacing_y": 3.0,
  "spacing_z": 3.299999952316284,
  "summary_bg_k": 115.32618293280554,
  "summary_bg_mad": 169.35754955758802,
  "summary_bg_mean": 6162.05810546875,
  "summary_bg_median": 115.46717071533203,
  "summary_bg_n": 162228.0,
  "summary_bg_p05": 1.0541375696659088,
  "summary_bg_p95": 34328.855859375,
  "summary_bg_stdv": 21860.396484375,
  "summary_fg_k": 2.6022198354153074,
  "summary_fg_mad": 66772.90590688302,
  "summary_fg_mean": 422748.375,
  "summary_fg_median": 413289.21875,
  "summary_fg_n": 33014.0,
  "summary_fg_p05": 320481.046875,
  "summary_fg_p95": 550579.840625,
  "summary_fg_stdv": 76537.5703125,
  "tsnr": 76.71629333496094
}