{
  "bids_meta": {
    "AcquisitionNumber": 3,
    "BIDSVersion": "1.1.0",
    "BidsifyVersion": "0.3.1",
    "ConversionSoftware": "dcm2niix",
    "ConversionSoftwareVersion": "v1.0.20181125  GCC5.4.0",
    "EchoTime": 0.00372,
    "ImageComments": "HWW",
    "ImageOrientationPatientDICOM": [
      0.999957,
      0.00925011,
      0.000349051,
      -0.00925011,
      0.999957,
      -3.2289e-06
    ],
    "InstitutionName": "Spinoza Centre for Neuroimaging, location REC",
    "MagneticFieldStrength": 3,
    "Manufacturer": "Philips",
    "ParallelAcquisitionTechnique": "SENSE",
    "PatientPosition": "HFS",
    "PhilipsRescaleIntercept": 0,
    "PhilipsRescaleSlope": 13.5267,
    "PhilipsScaleSlope": 0.000264317,
    "ProtocolName": "WIPsT13DTFE_P25_S2_3mSENSE",
    "ReconMatrixPE": 240,
    "RepetitionTime": 0.00817,
    "SeriesDescription": "ImageMRSERIES",
    "SeriesNumber": 3,
    "UsePhilipsFloatNotDisplayScaling": 1,
    "dataset": "ds002547",
    "modality": "T1w",
    "session_id": "2",
    "subject_id": "21"
  },
  "cjv": 0.2967327748459117,
  "cnr": 4.518789869005868,
  "efc": 0.7358903506014268,
  "fber": -1.0,
  "fwhm_avg": 4.20208,
  "fwhm_x": 4.15344,
  "fwhm_y": 4.36725,
  "fwhm_z": 4.08555,
  "icvs_csf": 0.24027702430634476,
  "icvs_gm": 0.4367468325879487,
  "icvs_wm": 0.32297614310570655,
  "inu_med": 0.7012344598770142,
  "inu_range": 0.23825996518135062,
  "provenance": {
    "md5sum": "0ab4374681c20c00c9c5a3961690ec46",
    "settings": {
      "testing": false
    },
    "software": "mriqc",
    "version": "22.0.6",
    "warnings": {
      "large_rot_frame": true,
      "small_air_mask": true
    },
    "webapi_port": null,
    "webapi_url": "https://mriqc.nimh.nih.gov/api/v1"
  },
  "qi_1": 0.0,
  "qi_2": 6.06409073663709e-06,
  "rpve_csf": 24.81563039297865,
  "rpve_gm": 13.932022381204243,
  "rpve_wm": 22.024769511758176,
  "size_x": 240,
  "size_y": 240,
  "size_z": 220,
  "snr_csf": 1.4446585769488889,
  "snr_gm": 7.5489116608988365,
  "snr_total": 9.787042213427384,
  "snr_wm": 20.367556402434428,
  "snrd_csf": 13.45488092318455,
  "snrd_gm": 56.26796837939826,
  "snrd_total": 55.32736029914289,
  "snrd_wm": 96.25923159484586,
  "spacing_x": 1.0,
  "spacing_y": 1.0,
  "spacing_z": 1.0,
  "summary_bg_k": 42.20487465530507,
  "summary_bg_mad": 0.0,
  "summary_bg_mean": 2.342393893780409,
  "summary_bg_median": 0.0,
  "summary_bg_n": 152925.0,
  "summary_bg_p05": 0.0,
  "summary_bg_p95": 20.5272555090487,
  "summary_bg_stdv": 6.805959255551404,
  "summary_csf_k": 0.5387293982910348,
  "summary_csf_mad": 93.62535752681248,
  "summary_csf_mean": 159.8889352127719,
  "summary_csf_median": 139.77756594121456,
  "summary_csf_n": 24666.0,
  "summary_csf_p05": 33.926038229838014,
  "summary_csf_p95": 339.0944708129391,
  "summary_csf_stdv": 96.75277933287313,
  "summary_gm_k": -0.035543836898759285,
  "summary_gm_mad": 78.15401741729028,
  "summary_gm_mean": 585.1081690881396,
  "summary_gm_median": 584.5462108086795,
  "summary_gm_n": 33072.0,
  "summary_gm_p05": 458.2131962738931,
  "summary_gm_p95": 712.2294015698135,
  "summary_gm_stdv": 77.43333072641578,
  "summary_wm_k": 0.7429643859525061,
  "summary_wm_mad": 45.12474198610639,
  "summary_wm_mean": 997.2688396172742,
  "summary_wm_median": 1000.000012524426,
  "summary_wm_n": 175993.0,
  "summary_wm_p05": 911.757986612618,
  "summary_wm_p95": 1073.161256518215,
  "summary_wm_stdv": 49.097552585087925,
  "tpm_overlap_csf": 0.15135002581363552,
  "tpm_overlap_gm": 0.4691486966556061,
  "tpm_overlap_wm": 0.5015404415597163,
  "wm2max": 0.7483046719954604
}