{
  "aor": 0.0022035880398671094,
  "aqi": 0.005190443089700997,
  "bids_meta": {
    "AcquisitionNumber": 5,
    "BIDSVersion": "1.1.0",
    "BidsifyVersion": "0.3.1",
    "ConversionSoftware": "dcm2niix",
    "ConversionSoftwareVersion": "v1.0.20181125  GCC5.4.0",
    "EchoTime": 0.02763,
    "FlipAngle": 76.1,
    "ImageComments": "HWW",
    "ImageOrientationPatientDICOM": [
      0.9984,
      0.0315238,
      -0.04695,
      -0.0469087,
      0.925345,
      -0.376213
    ],
    "InstitutionName": "Spinoza Centre for Neuroimaging, location REC",
    "MagneticFieldStrength": 3,
    "Manufacturer": "Philips",
    "ParallelAcquisitionTechnique": "SENSE",
    "ParallelReductionFactorInPlane": 2,
    "PatientPosition": "HFS",
    "PhaseEncodingDirection": "j",
    "PhilipsRescaleIntercept": 0,
    "PhilipsRescaleSlope": 2.25177,
    "PhilipsScaleSlope": 0.00115972,
    "ProtocolName": "WIPPM_Zinnen1SENSE",
    "ReconMatrixPE": 80,
    "RepetitionTime": 2,
    "SeriesDescription": "ImageMRSERIES",
    "SeriesNumber": 5,
    "SliceEncodingDirection": "k",
    "SliceTiming": [
      0.0,
      0.05405405405405406,
      0.10810810810810811,
      0.16216216216216217,
      0.21621621621621623,
      0.2702702702702703,
      0.32432432432432434,
      0.3783783783783784,
      0.43243243243243246,
      0.4864864864864865,
      0.5405405405405406,
      0.5945945945945946,
      0.6486486486486487,
      0.7027027027027027,
      0.7567567567567568,
      0.8108108108108109,
      0.8648648648648649,
      0.918918918918919,
      0.972972972972973,
      1.0270270270270272,
      1.0810810810810811,
      1.135135135135135,
      1.1891891891891893,
      1.2432432432432434,
      1.2972972972972974,
      1.3513513513513513,
      1.4054054054054055,
      1.4594594594594597,
      1.5135135135135136,
      1.5675675675675675,
      1.6216216216216217,
      1.6756756756756759,
      1.7297297297297298,
      1.7837837837837838,
      1.837837837837838,
      1.891891891891892,
      1.945945945945946
    ],
    "TaskName": "self",
    "UsePhilipsFloatNotDisplayScaling": 1,
    "WaterFatShift": 12,
    "dataset": "ds002547",
    "modality": "bold",
    "run_id": 1,
    "session_id": "1",
    "subject_id": "02",
    "task_id": "self"
  },
  "dummy_trs": 0,
  "dvars_nstd": 23.23370387399999,
  "dvars_std": 1.3765309362999998,
  "dvars_vstd": 1.0186711167000002,
  "efc": 0.456383352989722,
  "fber": 3242556.5,
  "fd_mean": 0.15215543118799355,
  "fd_num": 43,
  "fd_perc": 14.285714285714286,
  "fwhm_avg": 1.9463961704279285,
  "fwhm_x": 1.9082866666666665,
  "fwhm_y": 2.10142,
  "fwhm_z": 1.8294818446171188,
  "gcor": 0.0457657,
  "gsr_x": -0.008548973128199577,
  "gsr_y": 0.006283574737608433,
  "provenance": {
    "md5sum": "48096bbcb5c5107144166e90e40e5c25",
    "settings": {
      "fd_thres": 0.2,
      "testing": false
    },
    "software": "mriqc",
    "version": "22.0.6",
    "webapi_port": null,
    "webapi_url": "https://mriqc.nimh.nih.gov/api/v1"
  },
  "size_t": 301,
  "size_x": 80,
  "size_y": 80,
  "size_z": 37,
  "snr": 6.112160938878199,
  "spacing_tr": 2.0,
  "spacing_x": 3.0,
  "spacing_y": 3.0,
  "spacing_z": 3.299999952316284,
  "summary_bg_k": 36.02870785402282,
  "summary_bg_mad": 300.6684656319714,
  "summary_bg_mean": 9011.9423828125,
  "summary_bg_median": 204.55474853515625,
  "summary_bg_n": 152649.0,
  "summary_bg_p05": 1.542741107940674,
  "summary_bg_p95": 54205.6640625,
  "summary_bg_stdv": 26189.15625,
  "summary_fg_k": 2.2484650563017663,
  "summary_fg_mad": 55591.28213453143,
  "summary_fg_mean": 376891.75,
  "summary_fg_median": 372703.625,
  "summary_fg_n": 41518.0,
  "summary_fg_p05": 288134.315625,
  "summary_fg_p95": 475176.03125000006,
  "summary_fg_stdv": 60976.65625,
  "tsnr": 82.02732849121094
}