{
  "aor": 0.003236976744186046,
  "aqi": 0.004938287242524917,
  "bids_meta": {
    "AcquisitionNumber": 4,
    "BIDSVersion": "1.1.0",
    "BidsifyVersion": "0.3.1",
    "ConversionSoftware": "dcm2niix",
    "ConversionSoftwareVersion": "v1.0.20181125  GCC5.4.0",
    "EchoTime": 0.02763,
    "FlipAngle": 76.1,
    "ImageComments": "HWW",
    "ImageOrientationPatientDICOM": [
      0.999935,
      -0.00135593,
      0.011317,
      0.00226878,
      0.996708,
      -0.0810433
    ],
    "InstitutionName": "Spinoza Centre for Neuroimaging, location REC",
    "MagneticFieldStrength": 3,
    "Manufacturer": "Philips",
    "ParallelAcquisitionTechnique": "SENSE",
    "ParallelReductionFactorInPlane": 2,
    "PatientPosition": "HFS",
    "PhaseEncodingDirection": "j",
    "PhilipsRescaleIntercept": 0,
    "PhilipsRescaleSlope": 2.45983,
    "PhilipsScaleSlope": 0.00117953,
    "ProtocolName": "WIPPM_Zinnen1SENSE",
    "ReconMatrixPE": 80,
    "RepetitionTime": 2,
    "SeriesDescription": "ImageMRSERIES",
    "SeriesNumber": 4,
    "SliceEncodingDirection": "k",
    "SliceTiming": [
      0.0,
      0.05405405405405406,
      0.10810810810810811,
      0.16216216216216217,
      0.21621621621621623,
      0.2702702702702703,
      0.32432432432432434,
      0.3783783783783784,
      0.43243243243243246,
      0.4864864864864865,
      0.5405405405405406,
      0.5945945945945946,
      0.6486486486486487,
      0.7027027027027027,
      0.7567567567567568,
      0.8108108108108109,
      0.8648648648648649,
      0.918918918918919,
      0.972972972972973,
      1.0270270270270272,
      1.0810810810810811,
      1.135135135135135,
      1.1891891891891893,
      1.2432432432432434,
      1.2972972972972974,
      1.3513513513513513,
      1.4054054054054055,
      1.4594594594594597,
      1.5135135135135136,
      1.5675675675675675,
      1.6216216216216217,
      1.6756756756756759,
      1.7297297297297298,
      1.7837837837837838,
      1.837837837837838,
      1.891891891891892,
      1.945945945945946
    ],
    "TaskName": "self",
    "UsePhilipsFloatNotDisplayScaling": 1,
    "WaterFatShift": 12,
    "dataset": "ds002547",
    "modality": "bold",
    "run_id": 1,
    "session_id": "2",
    "subject_id": "06",
    "task_id": "self"
  },
  "dummy_trs": 0,
  "dvars_nstd": 20.987871440299998,
  "dvars_std": 1.1942118767666663,
  "dvars_vstd": 1.0015076452333338,
  "efc": 0.4104303916175116,
  "fber": 2032141.0,
  "fd_mean": 0.1884239419931436,
  "fd_num": 85,
  "fd_perc": 28.239202657807308,
  "fwhm_avg": 1.8989318266448532,
  "fwhm_x": 1.87172,
  "fwhm_y": 2.0679966666666667,
  "fwhm_z": 1.757078813267893,
  "gcor": 0.0321656,
  "gsr_x": -0.018334057182073593,
  "gsr_y": 0.007763675879687071,
  "provenance": {
    "md5sum": "0e9826de3a25478a120c1f150f7f6401",
    "settings": {
      "fd_thres": 0.2,
      "testing": false
    },
    "software": "mriqc",
    "version": "22.0.6",
    "webapi_port": null,
    "webapi_url": "https://mriqc.nimh.nih.gov/api/v1"
  },
  "size_t": 301,
  "size_x": 80,
  "size_y": 80,
  "size_z": 37,
  "snr": 5.161005063026755,
  "spacing_tr": 2.0,
  "spacing_x": 3.0,
  "spacing_y": 3.0,
  "spacing_z": 3.299999952316284,
  "summary_bg_k": 54.81595456033393,
  "summary_bg_mad": 375.915815396949,
  "summary_bg_mean": 5782.54345703125,
  "summary_bg_median": 258.76898193359375,
  "summary_bg_n": 160503.0,
  "summary_bg_p05": 3.270396280288696,
  "summary_bg_p95": 29500.95761718749,
  "summary_bg_stdv": 19114.03125,
  "summary_fg_k": 1.8535702024215084,
  "summary_fg_mad": 64241.24679048639,
  "summary_fg_mean": 378778.5625,
  "summary_fg_median": 369056.625,
  "summary_fg_n": 35427.0,
  "summary_fg_p05": 281309.15625,
  "summary_fg_p95": 501628.396875,
  "summary_fg_stdv": 71507.6640625,
  "tsnr": 73.01133728027344
}