{
  "aor": 0.0031523255813953486,
  "aqi": 0.005841818372093023,
  "bids_meta": {
    "AcquisitionNumber": 5,
    "BIDSVersion": "1.1.0",
    "BidsifyVersion": "0.3.1",
    "ConversionSoftware": "dcm2niix",
    "ConversionSoftwareVersion": "v1.0.20181125  GCC5.4.0",
    "EchoTime": 0.02763,
    "FlipAngle": 76.1,
    "ImageComments": "HWW",
    "ImageOrientationPatientDICOM": [
      0.999935,
      -0.00135593,
      0.011317,
      0.00226878,
      0.996708,
      -0.0810433
    ],
    "InstitutionName": "Spinoza Centre for Neuroimaging, location REC",
    "MagneticFieldStrength": 3,
    "Manufacturer": "Philips",
    "ParallelAcquisitionTechnique": "SENSE",
    "ParallelReductionFactorInPlane": 2,
    "PatientPosition": "HFS",
    "PhaseEncodingDirection": "j",
    "PhilipsRescaleIntercept": 0,
    "PhilipsRescaleSlope": 2.17192,
    "PhilipsScaleSlope": 0.00118781,
    "ProtocolName": "WIPPM_Zinnen2SENSE",
    "ReconMatrixPE": 80,
    "RepetitionTime": 2,
    "SeriesDescription": "ImageMRSERIES",
    "SeriesNumber": 5,
    "SliceEncodingDirection": "k",
    "SliceTiming": [
      0.0,
      0.05405405405405406,
      0.10810810810810811,
      0.16216216216216217,
      0.21621621621621623,
      0.2702702702702703,
      0.32432432432432434,
      0.3783783783783784,
      0.43243243243243246,
      0.4864864864864865,
      0.5405405405405406,
      0.5945945945945946,
      0.6486486486486487,
      0.7027027027027027,
      0.7567567567567568,
      0.8108108108108109,
      0.8648648648648649,
      0.918918918918919,
      0.972972972972973,
      1.0270270270270272,
      1.0810810810810811,
      1.135135135135135,
      1.1891891891891893,
      1.2432432432432434,
      1.2972972972972974,
      1.3513513513513513,
      1.4054054054054055,
      1.4594594594594597,
      1.5135135135135136,
      1.5675675675675675,
      1.6216216216216217,
      1.6756756756756759,
      1.7297297297297298,
      1.7837837837837838,
      1.837837837837838,
      1.891891891891892,
      1.945945945945946
    ],
    "TaskName": "self",
    "UsePhilipsFloatNotDisplayScaling": 1,
    "WaterFatShift": 12,
    "dataset": "ds002547",
    "modality": "bold",
    "run_id": 2,
    "session_id": "2",
    "subject_id": "06",
    "task_id": "self"
  },
  "dummy_trs": 0,
  "dvars_nstd": 21.51063895863334,
  "dvars_std": 1.2032553953999996,
  "dvars_vstd": 1.0058252188999994,
  "efc": 0.41183610385736585,
  "fber": 2958926.5,
  "fd_mean": 0.17499815392950788,
  "fd_num": 81,
  "fd_perc": 26.910299003322258,
  "fwhm_avg": 1.9029249580601242,
  "fwhm_x": 1.8665733333333332,
  "fwhm_y": 2.0639166666666666,
  "fwhm_z": 1.778284874180373,
  "gcor": 0.0279729,
  "gsr_x": -0.01852257549762726,
  "gsr_y": 0.007722271140664816,
  "provenance": {
    "md5sum": "809c022bbb5733691f05e07e0b596012",
    "settings": {
      "fd_thres": 0.2,
      "testing": false
    },
    "software": "mriqc",
    "version": "22.0.6",
    "webapi_port": null,
    "webapi_url": "https://mriqc.nimh.nih.gov/api/v1"
  },
  "size_t": 301,
  "size_x": 80,
  "size_y": 80,
  "size_z": 37,
  "snr": 5.2018981501712975,
  "spacing_tr": 2.0,
  "spacing_x": 3.0,
  "spacing_y": 3.0,
  "spacing_z": 3.299999952316284,
  "summary_bg_k": 55.89951134922539,
  "summary_bg_mad": 309.715455655868,
  "summary_bg_mean": 5729.7880859375,
  "summary_bg_median": 211.0886993408203,
  "summary_bg_n": 160128.0,
  "summary_bg_p05": 1.567075902223587,
  "summary_bg_p95": 28681.355273437483,
  "summary_bg_stdv": 19133.27734375,
  "summary_fg_k": 1.8695154131328868,
  "summary_fg_mad": 63437.792216354675,
  "summary_fg_mean": 374022.5625,
  "summary_fg_median": 364825.78125,
  "summary_fg_n": 35612.0,
  "summary_fg_p05": 277333.171875,
  "summary_fg_p95": 493891.140625,
  "summary_fg_stdv": 70132.21875,
  "tsnr": 69.45193481445312
}