{
  "aor": 0.0029333887043189364,
  "aqi": 0.005721744551495016,
  "bids_meta": {
    "AcquisitionNumber": 6,
    "BIDSVersion": "1.1.0",
    "BidsifyVersion": "0.3.1",
    "ConversionSoftware": "dcm2niix",
    "ConversionSoftwareVersion": "v1.0.20181125  GCC5.4.0",
    "EchoTime": 0.02763,
    "FlipAngle": 76.1,
    "ImageComments": "HWW",
    "ImageOrientationPatientDICOM": [
      0.999461,
      -0.0208862,
      -0.0253343,
      0.0129092,
      0.959419,
      -0.281687
    ],
    "InstitutionName": "Spinoza Centre for Neuroimaging, location REC",
    "MagneticFieldStrength": 3,
    "Manufacturer": "Philips",
    "ParallelAcquisitionTechnique": "SENSE",
    "ParallelReductionFactorInPlane": 2,
    "PatientPosition": "HFS",
    "PhaseEncodingDirection": "j",
    "PhilipsRescaleIntercept": 0,
    "PhilipsRescaleSlope": 2.57241,
    "PhilipsScaleSlope": 0.00109342,
    "ProtocolName": "WIPPM_Zinnen2SENSE",
    "ReconMatrixPE": 80,
    "RepetitionTime": 2,
    "SeriesDescription": "ImageMRSERIES",
    "SeriesNumber": 6,
    "SliceEncodingDirection": "k",
    "SliceTiming": [
      0.0,
      0.05405405405405406,
      0.10810810810810811,
      0.16216216216216217,
      0.21621621621621623,
      0.2702702702702703,
      0.32432432432432434,
      0.3783783783783784,
      0.43243243243243246,
      0.4864864864864865,
      0.5405405405405406,
      0.5945945945945946,
      0.6486486486486487,
      0.7027027027027027,
      0.7567567567567568,
      0.8108108108108109,
      0.8648648648648649,
      0.918918918918919,
      0.972972972972973,
      1.0270270270270272,
      1.0810810810810811,
      1.135135135135135,
      1.1891891891891893,
      1.2432432432432434,
      1.2972972972972974,
      1.3513513513513513,
      1.4054054054054055,
      1.4594594594594597,
      1.5135135135135136,
      1.5675675675675675,
      1.6216216216216217,
      1.6756756756756759,
      1.7297297297297298,
      1.7837837837837838,
      1.837837837837838,
      1.891891891891892,
      1.945945945945946
    ],
    "TaskName": "self",
    "UsePhilipsFloatNotDisplayScaling": 1,
    "WaterFatShift": 12,
    "dataset": "ds002547",
    "modality": "bold",
    "run_id": 2,
    "session_id": "2",
    "subject_id": "07",
    "task_id": "self"
  },
  "dummy_trs": 0,
  "dvars_nstd": 18.53825669933333,
  "dvars_std": 1.1624395517666664,
  "dvars_vstd": 1.0068484743666666,
  "efc": 0.4477174226493036,
  "fber": 1073575.5,
  "fd_mean": 0.1638377190377311,
  "fd_num": 87,
  "fd_perc": 28.903654485049834,
  "fwhm_avg": 2.0160830394713525,
  "fwhm_x": 1.9496333333333336,
  "fwhm_y": 2.1951066666666668,
  "fwhm_z": 1.903509118414057,
  "gcor": 0.0179047,
  "gsr_x": -0.019437750801444054,
  "gsr_y": 0.013349520042538643,
  "provenance": {
    "md5sum": "f907d6b5c7670efa0bd9fd863e8d55a9",
    "settings": {
      "fd_thres": 0.2,
      "testing": false
    },
    "software": "mriqc",
    "version": "22.0.6",
    "webapi_port": null,
    "webapi_url": "https://mriqc.nimh.nih.gov/api/v1"
  },
  "size_t": 301,
  "size_x": 80,
  "size_y": 80,
  "size_z": 37,
  "snr": 5.3871270656932,
  "spacing_tr": 2.0,
  "spacing_x": 3.0,
  "spacing_y": 3.0,
  "spacing_z": 3.299999952316284,
  "summary_bg_k": 52.40088124375849,
  "summary_bg_mad": 593.6012610545342,
  "summary_bg_mean": 11755.3408203125,
  "summary_bg_median": 401.9942932128906,
  "summary_bg_n": 156051.0,
  "summary_bg_p05": 1.004055142402649,
  "summary_bg_p95": 62927.68359375,
  "summary_bg_stdv": 33448.90625,
  "summary_fg_k": 2.0221364555667396,
  "summary_fg_mad": 70414.7560970244,
  "summary_fg_mean": 432405.375,
  "summary_fg_median": 425286.25,
  "summary_fg_n": 38507.0,
  "summary_fg_p05": 316433.7875,
  "summary_fg_p95": 562519.4374999999,
  "summary_fg_stdv": 78943.8828125,
  "tsnr": 72.7757339477539
}