{
  "aor": 0.0026395028680688336,
  "aqi": 0.008244836080305927,
  "bids_meta": {
    "AcquisitionNumber": 3,
    "BIDSVersion": "1.1.0",
    "BidsifyVersion": "0.3.1",
    "ConversionSoftware": "dcm2niix",
    "ConversionSoftwareVersion": "v1.0.20181125  GCC5.4.0",
    "EchoTime": 0.02763,
    "FlipAngle": 76.1,
    "ImageComments": "HWW",
    "ImageOrientationPatientDICOM": [
      0.999461,
      -0.0208862,
      -0.0253343,
      0.0129092,
      0.959419,
      -0.281687
    ],
    "InstitutionName": "Spinoza Centre for Neuroimaging, location REC",
    "MagneticFieldStrength": 3,
    "Manufacturer": "Philips",
    "ParallelAcquisitionTechnique": "SENSE",
    "ParallelReductionFactorInPlane": 2,
    "PatientPosition": "HFS",
    "PhaseEncodingDirection": "j",
    "PhilipsRescaleIntercept": 0,
    "PhilipsRescaleSlope": 1.97485,
    "PhilipsScaleSlope": 0.00109591,
    "ProtocolName": "WIPPM_HWWSENSE",
    "ReconMatrixPE": 80,
    "RepetitionTime": 2,
    "SeriesDescription": "ImageMRSERIES",
    "SeriesNumber": 3,
    "SliceEncodingDirection": "k",
    "SliceTiming": [
      0.0,
      0.05405405405405406,
      0.10810810810810811,
      0.16216216216216217,
      0.21621621621621623,
      0.2702702702702703,
      0.32432432432432434,
      0.3783783783783784,
      0.43243243243243246,
      0.4864864864864865,
      0.5405405405405406,
      0.5945945945945946,
      0.6486486486486487,
      0.7027027027027027,
      0.7567567567567568,
      0.8108108108108109,
      0.8648648648648649,
      0.918918918918919,
      0.972972972972973,
      1.0270270270270272,
      1.0810810810810811,
      1.135135135135135,
      1.1891891891891893,
      1.2432432432432434,
      1.2972972972972974,
      1.3513513513513513,
      1.4054054054054055,
      1.4594594594594597,
      1.5135135135135136,
      1.5675675675675675,
      1.6216216216216217,
      1.6756756756756759,
      1.7297297297297298,
      1.7837837837837838,
      1.837837837837838,
      1.891891891891892,
      1.945945945945946
    ],
    "TaskName": "other",
    "UsePhilipsFloatNotDisplayScaling": 1,
    "WaterFatShift": 12,
    "dataset": "ds002547",
    "modality": "bold",
    "session_id": "2",
    "subject_id": "07",
    "task_id": "other"
  },
  "dummy_trs": 0,
  "dvars_nstd": 20.577852733524917,
  "dvars_std": 1.1790591372222226,
  "dvars_vstd": 0.9756445430459761,
  "efc": 0.4463664015469789,
  "fber": 526783.3125,
  "fd_mean": 0.15678408334885893,
  "fd_num": 130,
  "fd_perc": 24.8565965583174,
  "fwhm_avg": 2.0337845546441624,
  "fwhm_x": 1.9691066666666668,
  "fwhm_y": 2.2243166666666667,
  "fwhm_z": 1.907930330599154,
  "gcor": 0.0133018,
  "gsr_x": -0.018945520743727684,
  "gsr_y": 0.012473342008888721,
  "provenance": {
    "md5sum": "414e7a92f00e33ae603815fd6341ebe9",
    "settings": {
      "fd_thres": 0.2,
      "testing": false
    },
    "software": "mriqc",
    "version": "22.0.6",
    "webapi_port": null,
    "webapi_url": "https://mriqc.nimh.nih.gov/api/v1"
  },
  "size_t": 523,
  "size_x": 80,
  "size_y": 80,
  "size_z": 37,
  "snr": 5.325291577610029,
  "spacing_tr": 2.0,
  "spacing_x": 3.0,
  "spacing_y": 3.0,
  "spacing_z": 3.299999952316284,
  "summary_bg_k": 54.708795859411204,
  "summary_bg_mad": 835.3689302501149,
  "summary_bg_mean": 11458.5234375,
  "summary_bg_median": 569.7970581054688,
  "summary_bg_n": 156131.0,
  "summary_bg_p05": 3.1848747730255127,
  "summary_bg_p95": 60285.451171875,
  "summary_bg_stdv": 32599.45703125,
  "summary_fg_k": 1.951344876188438,
  "summary_fg_mad": 71554.32122722325,
  "summary_fg_mean": 433779.3125,
  "summary_fg_median": 426652.0625,
  "summary_fg_n": 38421.0,
  "summary_fg_p05": 316183.28125,
  "summary_fg_p95": 567029.75,
  "summary_fg_stdv": 80117.0234375,
  "tsnr": 61.108726501464844
}