{
  "bids_meta": {
    "AcquisitionNumber": 3,
    "BIDSVersion": "1.1.0",
    "BidsifyVersion": "0.3.1",
    "ConversionSoftware": "dcm2niix",
    "ConversionSoftwareVersion": "v1.0.20181125  GCC5.4.0",
    "EchoTime": 0.00374,
    "ImageComments": "HWW",
    "ImageOrientationPatientDICOM": [
      0.999551,
      0.0125015,
      0.027214,
      -0.011689,
      0.999487,
      -0.0298121
    ],
    "InstitutionName": "Spinoza Centre for Neuroimaging, location REC",
    "MagneticFieldStrength": 3,
    "Manufacturer": "Philips",
    "ParallelAcquisitionTechnique": "SENSE",
    "PatientPosition": "HFS",
    "PhilipsRescaleIntercept": 0,
    "PhilipsRescaleSlope": 15.2344,
    "PhilipsScaleSlope": 0.000295349,
    "ProtocolName": "WIPsT13DTFE_P25_S2_3mSENSE",
    "ReconMatrixPE": 240,
    "RepetitionTime": 0.008197,
    "SeriesDescription": "ImageMRSERIES",
    "SeriesNumber": 3,
    "UsePhilipsFloatNotDisplayScaling": 1,
    "dataset": "ds002547",
    "modality": "T1w",
    "session_id": "1",
    "subject_id": "13"
  },
  "cjv": 0.3112779429564518,
  "cnr": 4.354553281657777,
  "efc": 0.7522495688653001,
  "fber": -1.0,
  "fwhm_avg": 4.114133014074205,
  "fwhm_x": 4.06110951587802,
  "fwhm_y": 4.30798,
  "fwhm_z": 3.973309526344594,
  "icvs_csf": 0.22136499499546936,
  "icvs_gm": 0.4446150917696924,
  "icvs_wm": 0.33401991323483826,
  "inu_med": 0.6742920875549316,
  "inu_range": 0.2543282628059387,
  "provenance": {
    "md5sum": "290268aa205864fb8e65b71fd3f5ed87",
    "settings": {
      "testing": false
    },
    "software": "mriqc",
    "version": "22.0.6",
    "warnings": {
      "large_rot_frame": true,
      "small_air_mask": true
    },
    "webapi_port": null,
    "webapi_url": "https://mriqc.nimh.nih.gov/api/v1"
  },
  "qi_1": 0.0004410376186453312,
  "qi_2": 2.978723104802566e-05,
  "rpve_csf": 23.753507074616035,
  "rpve_gm": 12.52799596432884,
  "rpve_wm": 19.51392265792675,
  "size_x": 240,
  "size_y": 240,
  "size_z": 220,
  "snr_csf": 1.4586485791228008,
  "snr_gm": 7.636027869231206,
  "snr_total": 9.338141968607351,
  "snr_wm": 18.919749457468043,
  "snrd_csf": 20.906153402720808,
  "snrd_gm": 79.3070888413362,
  "snrd_total": 78.11773490517727,
  "snrd_wm": 134.1399624714748,
  "spacing_x": 1.0000001192092896,
  "spacing_y": 1.0,
  "spacing_z": 1.0000001192092896,
  "summary_bg_k": 22.18663409407481,
  "summary_bg_mad": 0.0,
  "summary_bg_mean": 1.440081807692662,
  "summary_bg_median": 0.0,
  "summary_bg_n": 166532.0,
  "summary_bg_p05": 0.0,
  "summary_bg_p95": 11.220422115176916,
  "summary_bg_stdv": 4.883976128046503,
  "summary_csf_k": 0.2993714898955955,
  "summary_csf_mad": 102.81852646570258,
  "summary_csf_mean": 177.34243898810823,
  "summary_csf_median": 155.85327597148716,
  "summary_csf_n": 17350.0,
  "summary_csf_p05": 34.36283072624356,
  "summary_csf_p95": 377.1570942914113,
  "summary_csf_stdv": 106.84464146368674,
  "summary_gm_k": -0.02938319995402283,
  "summary_gm_mad": 78.15574370549085,
  "summary_gm_mean": 591.9470200793871,
  "summary_gm_median": 591.2263899333775,
  "summary_gm_n": 36921.0,
  "summary_gm_p05": 465.3825591467321,
  "summary_gm_p95": 719.7658868134022,
  "summary_gm_stdv": 77.42485928061643,
  "summary_wm_k": 0.6629707355138486,
  "summary_wm_mad": 49.08645266817761,
  "summary_wm_mean": 997.4777996474813,
  "summary_wm_median": 999.9999611191452,
  "summary_wm_n": 189704.0,
  "summary_wm_p05": 906.135485354811,
  "summary_wm_p95": 1079.3032320030034,
  "summary_wm_stdv": 52.85468117211172,
  "tpm_overlap_csf": 0.15583131602338807,
  "tpm_overlap_gm": 0.4709711931576217,
  "tpm_overlap_wm": 0.5100513993252802,
  "wm2max": 0.7488827794936885
}