{
  "aor": 0.0007194684385382061,
  "aqi": 0.011126413588039868,
  "bids_meta": {
    "AcquisitionNumber": 4,
    "BIDSVersion": "1.1.0",
    "BidsifyVersion": "0.3.1",
    "ConversionSoftware": "dcm2niix",
    "ConversionSoftwareVersion": "v1.0.20181125  GCC5.4.0",
    "EchoTime": 0.02763,
    "FlipAngle": 76.1,
    "ImageComments": "HWW",
    "ImageOrientationPatientDICOM": [
      0.999979,
      -0.00551194,
      0.00332353,
      0.00628314,
      0.947975,
      -0.318283
    ],
    "InstitutionName": "Spinoza Centre for Neuroimaging, location REC",
    "MagneticFieldStrength": 3,
    "Manufacturer": "Philips",
    "ParallelAcquisitionTechnique": "SENSE",
    "ParallelReductionFactorInPlane": 2,
    "PatientPosition": "HFS",
    "PhaseEncodingDirection": "j",
    "PhilipsRescaleIntercept": 0,
    "PhilipsRescaleSlope": 1.82833,
    "PhilipsScaleSlope": 0.00111673,
    "ProtocolName": "WIPPM_Zinnen1SENSE",
    "ReconMatrixPE": 80,
    "RepetitionTime": 2,
    "SeriesDescription": "ImageMRSERIES",
    "SeriesNumber": 4,
    "SliceEncodingDirection": "k",
    "SliceTiming": [
      0.0,
      0.05405405405405406,
      0.10810810810810811,
      0.16216216216216217,
      0.21621621621621623,
      0.2702702702702703,
      0.32432432432432434,
      0.3783783783783784,
      0.43243243243243246,
      0.4864864864864865,
      0.5405405405405406,
      0.5945945945945946,
      0.6486486486486487,
      0.7027027027027027,
      0.7567567567567568,
      0.8108108108108109,
      0.8648648648648649,
      0.918918918918919,
      0.972972972972973,
      1.0270270270270272,
      1.0810810810810811,
      1.135135135135135,
      1.1891891891891893,
      1.2432432432432434,
      1.2972972972972974,
      1.3513513513513513,
      1.4054054054054055,
      1.4594594594594597,
      1.5135135135135136,
      1.5675675675675675,
      1.6216216216216217,
      1.6756756756756759,
      1.7297297297297298,
      1.7837837837837838,
      1.837837837837838,
      1.891891891891892,
      1.945945945945946
    ],
    "TaskName": "self",
    "UsePhilipsFloatNotDisplayScaling": 1,
    "WaterFatShift": 12,
    "dataset": "ds002547",
    "modality": "bold",
    "run_id": 1,
    "session_id": "2",
    "subject_id": "08",
    "task_id": "self"
  },
  "dummy_trs": 0,
  "dvars_nstd": 25.74950499199999,
  "dvars_std": 1.1579856173000003,
  "dvars_vstd": 0.9393860583333337,
  "efc": 0.41016492270087423,
  "fber": 2114450.25,
  "fd_mean": 0.29407347737128586,
  "fd_num": 212,
  "fd_perc": 70.43189368770764,
  "fwhm_avg": 1.9471676856135829,
  "fwhm_x": 1.90637,
  "fwhm_y": 2.0985633333333333,
  "fwhm_z": 1.8365697235074148,
  "gcor": 0.0424047,
  "gsr_x": -0.023322921246290207,
  "gsr_y": 0.010696672834455967,
  "provenance": {
    "md5sum": "acfe374e288b0bc184837e91472b7aaa",
    "settings": {
      "fd_thres": 0.2,
      "testing": false
    },
    "software": "mriqc",
    "version": "22.0.6",
    "webapi_port": null,
    "webapi_url": "https://mriqc.nimh.nih.gov/api/v1"
  },
  "size_t": 301,
  "size_x": 80,
  "size_y": 80,
  "size_z": 37,
  "snr": 5.023173480397191,
  "spacing_tr": 2.0,
  "spacing_x": 3.0,
  "spacing_y": 3.0,
  "spacing_z": 3.299999952316284,
  "summary_bg_k": 70.60040280818568,
  "summary_bg_mad": 409.251603327723,
  "summary_bg_mean": 7378.56640625,
  "summary_bg_median": 282.8477783203125,
  "summary_bg_n": 160997.0,
  "summary_bg_p05": 4.218858242034912,
  "summary_bg_p95": 35181.607031249965,
  "summary_bg_stdv": 24524.8671875,
  "summary_fg_k": 1.6688391743799116,
  "summary_fg_mad": 75772.78785206498,
  "summary_fg_mean": 439779.53125,
  "summary_fg_median": 427577.46875,
  "summary_fg_n": 34277.0,
  "summary_fg_p05": 324920.84375,
  "summary_fg_p95": 591243.7125,
  "summary_fg_stdv": 85119.7421875,
  "tsnr": 49.72847366333008
}