{
  "aor": 0.0016063455149501662,
  "aqi": 0.008604678438538205,
  "bids_meta": {
    "AcquisitionNumber": 6,
    "BIDSVersion": "1.1.0",
    "BidsifyVersion": "0.3.1",
    "ConversionSoftware": "dcm2niix",
    "ConversionSoftwareVersion": "v1.0.20181125  GCC5.4.0",
    "EchoTime": 0.02763,
    "FlipAngle": 76.1,
    "ImageComments": "HWW",
    "ImageOrientationPatientDICOM": [
      0.999374,
      0.00100586,
      0.0353524,
      0.0148271,
      0.895592,
      -0.444629
    ],
    "InstitutionName": "Spinoza Centre for Neuroimaging, location REC",
    "MagneticFieldStrength": 3,
    "Manufacturer": "Philips",
    "ParallelAcquisitionTechnique": "SENSE",
    "ParallelReductionFactorInPlane": 2,
    "PatientPosition": "HFS",
    "PhaseEncodingDirection": "j",
    "PhilipsRescaleIntercept": 0,
    "PhilipsRescaleSlope": 2.44811,
    "PhilipsScaleSlope": 0.00110787,
    "ProtocolName": "WIPPM_Zinnen2SENSE",
    "ReconMatrixPE": 80,
    "RepetitionTime": 2,
    "SeriesDescription": "ImageMRSERIES",
    "SeriesNumber": 6,
    "SliceEncodingDirection": "k",
    "SliceTiming": [
      0.0,
      0.05405405405405406,
      0.10810810810810811,
      0.16216216216216217,
      0.21621621621621623,
      0.2702702702702703,
      0.32432432432432434,
      0.3783783783783784,
      0.43243243243243246,
      0.4864864864864865,
      0.5405405405405406,
      0.5945945945945946,
      0.6486486486486487,
      0.7027027027027027,
      0.7567567567567568,
      0.8108108108108109,
      0.8648648648648649,
      0.918918918918919,
      0.972972972972973,
      1.0270270270270272,
      1.0810810810810811,
      1.135135135135135,
      1.1891891891891893,
      1.2432432432432434,
      1.2972972972972974,
      1.3513513513513513,
      1.4054054054054055,
      1.4594594594594597,
      1.5135135135135136,
      1.5675675675675675,
      1.6216216216216217,
      1.6756756756756759,
      1.7297297297297298,
      1.7837837837837838,
      1.837837837837838,
      1.891891891891892,
      1.945945945945946
    ],
    "TaskName": "self",
    "UsePhilipsFloatNotDisplayScaling": 1,
    "WaterFatShift": 12,
    "dataset": "ds002547",
    "modality": "bold",
    "run_id": 2,
    "session_id": "1",
    "subject_id": "15",
    "task_id": "self"
  },
  "dummy_trs": 0,
  "dvars_nstd": 20.89041896830001,
  "dvars_std": 1.1736081565,
  "dvars_vstd": 0.961683295033334,
  "efc": 0.45420649165650206,
  "fber": 573189.125,
  "fd_mean": 0.20579647827044217,
  "fd_num": 136,
  "fd_perc": 45.182724252491695,
  "fwhm_avg": 2.007314150654872,
  "fwhm_x": 1.94644,
  "fwhm_y": 2.15696,
  "fwhm_z": 1.9185424519646161,
  "gcor": 0.0105992,
  "gsr_x": -0.015353817492723465,
  "gsr_y": 0.015808383002877235,
  "provenance": {
    "md5sum": "2c5eef9cc4c80ce19491e6a565617cc6",
    "settings": {
      "fd_thres": 0.2,
      "testing": false
    },
    "software": "mriqc",
    "version": "22.0.6",
    "webapi_port": null,
    "webapi_url": "https://mriqc.nimh.nih.gov/api/v1"
  },
  "size_t": 301,
  "size_x": 80,
  "size_y": 80,
  "size_z": 37,
  "snr": 5.484788592086102,
  "spacing_tr": 2.0,
  "spacing_x": 3.0,
  "spacing_y": 3.0,
  "spacing_z": 3.299999952316284,
  "summary_bg_k": 19.469625875115813,
  "summary_bg_mad": 759.9716761928573,
  "summary_bg_mean": 11922.91015625,
  "summary_bg_median": 516.1229858398438,
  "summary_bg_n": 155690.0,
  "summary_bg_p05": 1.690451431274414,
  "summary_bg_p95": 72203.15664062496,
  "summary_bg_stdv": 29768.33984375,
  "summary_fg_k": 1.5744079846974497,
  "summary_fg_mad": 66062.39195932387,
  "summary_fg_mean": 414317.90625,
  "summary_fg_median": 405691.53125,
  "summary_fg_n": 38684.0,
  "summary_fg_p05": 307443.0890625,
  "summary_fg_p95": 542148.2843749999,
  "summary_fg_stdv": 73965.7109375,
  "tsnr": 64.4591064453125
}