{
  "aor": 0.004037043189368771,
  "aqi": 0.006711728139534884,
  "bids_meta": {
    "AcquisitionNumber": 4,
    "BIDSVersion": "1.1.0",
    "BidsifyVersion": "0.3.1",
    "ConversionSoftware": "dcm2niix",
    "ConversionSoftwareVersion": "v1.0.20181125  GCC5.4.0",
    "EchoTime": 0.02763,
    "FlipAngle": 76.1,
    "ImageComments": "HWW",
    "ImageOrientationPatientDICOM": [
      0.998512,
      0.0545261,
      -0.000959384,
      -0.0533784,
      0.973588,
      -0.221984
    ],
    "InstitutionName": "Spinoza Centre for Neuroimaging, location REC",
    "MagneticFieldStrength": 3,
    "Manufacturer": "Philips",
    "ParallelAcquisitionTechnique": "SENSE",
    "ParallelReductionFactorInPlane": 2,
    "PatientPosition": "HFS",
    "PhaseEncodingDirection": "j",
    "PhilipsRescaleIntercept": 0,
    "PhilipsRescaleSlope": 2.61661,
    "PhilipsScaleSlope": 0.00108095,
    "ProtocolName": "WIPPM_Zinnen1SENSE",
    "ReconMatrixPE": 80,
    "RepetitionTime": 2,
    "SeriesDescription": "ImageMRSERIES",
    "SeriesNumber": 4,
    "SliceEncodingDirection": "k",
    "SliceTiming": [
      0.0,
      0.05405405405405406,
      0.10810810810810811,
      0.16216216216216217,
      0.21621621621621623,
      0.2702702702702703,
      0.32432432432432434,
      0.3783783783783784,
      0.43243243243243246,
      0.4864864864864865,
      0.5405405405405406,
      0.5945945945945946,
      0.6486486486486487,
      0.7027027027027027,
      0.7567567567567568,
      0.8108108108108109,
      0.8648648648648649,
      0.918918918918919,
      0.972972972972973,
      1.0270270270270272,
      1.0810810810810811,
      1.135135135135135,
      1.1891891891891893,
      1.2432432432432434,
      1.2972972972972974,
      1.3513513513513513,
      1.4054054054054055,
      1.4594594594594597,
      1.5135135135135136,
      1.5675675675675675,
      1.6216216216216217,
      1.6756756756756759,
      1.7297297297297298,
      1.7837837837837838,
      1.837837837837838,
      1.891891891891892,
      1.945945945945946
    ],
    "TaskName": "self",
    "UsePhilipsFloatNotDisplayScaling": 1,
    "WaterFatShift": 12,
    "dataset": "ds002547",
    "modality": "bold",
    "run_id": 1,
    "session_id": "2",
    "subject_id": "23",
    "task_id": "self"
  },
  "dummy_trs": 0,
  "dvars_nstd": 23.272827873033336,
  "dvars_std": 1.2339816021666665,
  "dvars_vstd": 1.0111230404333327,
  "efc": 0.4117393301395874,
  "fber": 4634175.5,
  "fd_mean": 0.25520801240108254,
  "fd_num": 156,
  "fd_perc": 51.82724252491694,
  "fwhm_avg": 1.9630147561849292,
  "fwhm_x": 1.9577533333333335,
  "fwhm_y": 2.1229,
  "fwhm_z": 1.8083909352214544,
  "gcor": 0.0436168,
  "gsr_x": -0.015897149220108986,
  "gsr_y": 0.010178924538195133,
  "provenance": {
    "md5sum": "72f4a1d83af0bd0ebaca35593909fb40",
    "settings": {
      "fd_thres": 0.2,
      "testing": false
    },
    "software": "mriqc",
    "version": "22.0.6",
    "webapi_port": null,
    "webapi_url": "https://mriqc.nimh.nih.gov/api/v1"
  },
  "size_t": 301,
  "size_x": 80,
  "size_y": 80,
  "size_z": 37,
  "snr": 5.782622318917612,
  "spacing_tr": 2.0,
  "spacing_x": 3.0,
  "spacing_y": 3.0,
  "spacing_z": 3.299999952316284,
  "summary_bg_k": 56.91990091194493,
  "summary_bg_mad": 283.62649942638745,
  "summary_bg_mean": 9251.05859375,
  "summary_bg_median": 192.77674865722656,
  "summary_bg_n": 162353.0,
  "summary_bg_p05": 1.0711835861206056,
  "summary_bg_p95": 46362.542187499996,
  "summary_bg_stdv": 30182.908203125,
  "summary_fg_k": 1.0850916392029122,
  "summary_fg_mad": 68979.22649895634,
  "summary_fg_mean": 430008.5,
  "summary_fg_median": 425613.59375,
  "summary_fg_n": 32779.0,
  "summary_fg_p05": 314978.63125,
  "summary_fg_p95": 549689.15625,
  "summary_fg_stdv": 73601.0546875,
  "tsnr": 66.6998062133789
}