{
  "aor": 0.005054780114722754,
  "aqi": 0.009292688030592734,
  "bids_meta": {
    "AcquisitionNumber": 3,
    "BIDSVersion": "1.1.0",
    "BidsifyVersion": "0.3.1",
    "ConversionSoftware": "dcm2niix",
    "ConversionSoftwareVersion": "v1.0.20181125  GCC5.4.0",
    "EchoTime": 0.02763,
    "FlipAngle": 76.1,
    "ImageComments": "HWW",
    "ImageOrientationPatientDICOM": [
      0.998512,
      0.0545261,
      -0.000959384,
      -0.0533784,
      0.973588,
      -0.221984
    ],
    "InstitutionName": "Spinoza Centre for Neuroimaging, location REC",
    "MagneticFieldStrength": 3,
    "Manufacturer": "Philips",
    "ParallelAcquisitionTechnique": "SENSE",
    "ParallelReductionFactorInPlane": 2,
    "PatientPosition": "HFS",
    "PhaseEncodingDirection": "j",
    "PhilipsRescaleIntercept": 0,
    "PhilipsRescaleSlope": 2.44029,
    "PhilipsScaleSlope": 0.0010991,
    "ProtocolName": "WIPPM_HWWSENSE",
    "ReconMatrixPE": 80,
    "RepetitionTime": 2,
    "SeriesDescription": "ImageMRSERIES",
    "SeriesNumber": 3,
    "SliceEncodingDirection": "k",
    "SliceTiming": [
      0.0,
      0.05405405405405406,
      0.10810810810810811,
      0.16216216216216217,
      0.21621621621621623,
      0.2702702702702703,
      0.32432432432432434,
      0.3783783783783784,
      0.43243243243243246,
      0.4864864864864865,
      0.5405405405405406,
      0.5945945945945946,
      0.6486486486486487,
      0.7027027027027027,
      0.7567567567567568,
      0.8108108108108109,
      0.8648648648648649,
      0.918918918918919,
      0.972972972972973,
      1.0270270270270272,
      1.0810810810810811,
      1.135135135135135,
      1.1891891891891893,
      1.2432432432432434,
      1.2972972972972974,
      1.3513513513513513,
      1.4054054054054055,
      1.4594594594594597,
      1.5135135135135136,
      1.5675675675675675,
      1.6216216216216217,
      1.6756756756756759,
      1.7297297297297298,
      1.7837837837837838,
      1.837837837837838,
      1.891891891891892,
      1.945945945945946
    ],
    "TaskName": "other",
    "UsePhilipsFloatNotDisplayScaling": 1,
    "WaterFatShift": 12,
    "dataset": "ds002547",
    "modality": "bold",
    "session_id": "2",
    "subject_id": "23",
    "task_id": "other"
  },
  "dummy_trs": 0,
  "dvars_nstd": 24.9704420101724,
  "dvars_std": 1.2447748727203076,
  "dvars_vstd": 1.0113759179885047,
  "efc": 0.41071901000748423,
  "fber": 3795975.0,
  "fd_mean": 0.2948346467770825,
  "fd_num": 298,
  "fd_perc": 56.978967495219884,
  "fwhm_avg": 2.008763443270229,
  "fwhm_x": 2.00865,
  "fwhm_y": 2.1642766666666664,
  "fwhm_z": 1.8533636631440202,
  "gcor": 0.0252103,
  "gsr_x": -0.015858659520745277,
  "gsr_y": 0.010798143222928047,
  "provenance": {
    "md5sum": "72d791cf5bd537b84faa5fddf026d267",
    "settings": {
      "fd_thres": 0.2,
      "testing": false
    },
    "software": "mriqc",
    "version": "22.0.6",
    "webapi_port": null,
    "webapi_url": "https://mriqc.nimh.nih.gov/api/v1"
  },
  "size_t": 523,
  "size_x": 80,
  "size_y": 80,
  "size_z": 37,
  "snr": 5.528569464469967,
  "spacing_tr": 2.0,
  "spacing_x": 3.0,
  "spacing_y": 3.0,
  "spacing_z": 3.299999952316284,
  "summary_bg_k": 55.06589901939206,
  "summary_bg_mad": 309.1900079399878,
  "summary_bg_mean": 9178.61328125,
  "summary_bg_median": 211.603515625,
  "summary_bg_n": 162418.0,
  "summary_bg_p05": 2.410798537731171,
  "summary_bg_p95": 45140.34609374998,
  "summary_bg_stdv": 29982.2734375,
  "summary_fg_k": 1.3572696992658262,
  "summary_fg_mad": 71627.71003703929,
  "summary_fg_mean": 431118.25,
  "summary_fg_median": 425988.5625,
  "summary_fg_n": 32781.0,
  "summary_fg_p05": 312585.28125,
  "summary_fg_p95": 556769.0625,
  "summary_fg_stdv": 77051.046875,
  "tsnr": 55.53784942626953
}