{
  "aor": 0.0017709751434034418,
  "aqi": 0.0158311065583174,
  "bids_meta": {
    "AcquisitionNumber": 3,
    "BIDSVersion": "1.1.0",
    "BidsifyVersion": "0.3.1",
    "ConversionSoftware": "dcm2niix",
    "ConversionSoftwareVersion": "v1.0.20181125  GCC5.4.0",
    "EchoTime": 0.02762,
    "FlipAngle": 76.1,
    "ImageComments": "PredictingMentalizing",
    "ImageOrientationPatientDICOM": [
      0.999317,
      0.0252764,
      0.026944,
      -0.0130818,
      0.924161,
      -0.381778
    ],
    "InstitutionName": "Spinoza Centre for Neuroimaging, location REC",
    "MagneticFieldStrength": 3,
    "Manufacturer": "Philips",
    "ParallelAcquisitionTechnique": "SENSE",
    "ParallelReductionFactorInPlane": 2,
    "PatientPosition": "HFS",
    "PhaseEncodingDirection": "j",
    "PhilipsRescaleIntercept": 0,
    "PhilipsRescaleSlope": 0.77338,
    "PhilipsScaleSlope": 0.060757,
    "ProtocolName": "WIPPM_HWWSENSE",
    "ReconMatrixPE": 80,
    "RepetitionTime": 2,
    "SeriesDescription": "ImageMRSERIES",
    "SeriesNumber": 3,
    "SliceEncodingDirection": "k",
    "SliceTiming": [
      0.0,
      0.05405405405405406,
      0.10810810810810811,
      0.16216216216216217,
      0.21621621621621623,
      0.2702702702702703,
      0.32432432432432434,
      0.3783783783783784,
      0.43243243243243246,
      0.4864864864864865,
      0.5405405405405406,
      0.5945945945945946,
      0.6486486486486487,
      0.7027027027027027,
      0.7567567567567568,
      0.8108108108108109,
      0.8648648648648649,
      0.918918918918919,
      0.972972972972973,
      1.0270270270270272,
      1.0810810810810811,
      1.135135135135135,
      1.1891891891891893,
      1.2432432432432434,
      1.2972972972972974,
      1.3513513513513513,
      1.4054054054054055,
      1.4594594594594597,
      1.5135135135135136,
      1.5675675675675675,
      1.6216216216216217,
      1.6756756756756759,
      1.7297297297297298,
      1.7837837837837838,
      1.837837837837838,
      1.891891891891892,
      1.945945945945946
    ],
    "TaskName": "other",
    "UsePhilipsFloatNotDisplayScaling": 1,
    "WaterFatShift": 12,
    "dataset": "ds002547",
    "modality": "bold",
    "session_id": "1",
    "subject_id": "10",
    "task_id": "other"
  },
  "dummy_trs": 0,
  "dvars_nstd": 22.890336694482748,
  "dvars_std": 1.1997006672605355,
  "dvars_vstd": 0.9183625320306507,
  "efc": 0.42210721300297993,
  "fber": 216110.609375,
  "fd_mean": 0.1538031847309684,
  "fd_num": 74,
  "fd_perc": 14.149139579349905,
  "fwhm_avg": 2.047867282059226,
  "fwhm_x": 2.0057033333333334,
  "fwhm_y": 2.200416666666667,
  "fwhm_z": 1.937481846177677,
  "gcor": 0.0207861,
  "gsr_x": -0.018071219325065613,
  "gsr_y": 0.012381650507450104,
  "provenance": {
    "md5sum": "ee40c0e52173d9910e226e2b8352adaf",
    "settings": {
      "fd_thres": 0.2,
      "testing": false
    },
    "software": "mriqc",
    "version": "22.0.6",
    "webapi_port": null,
    "webapi_url": "https://mriqc.nimh.nih.gov/api/v1"
  },
  "size_t": 523,
  "size_x": 80,
  "size_y": 80,
  "size_z": 37,
  "snr": 6.164640651069259,
  "spacing_tr": 2.0,
  "spacing_x": 3.0,
  "spacing_y": 3.0,
  "spacing_z": 3.299999952316284,
  "summary_bg_k": 60.89312022015829,
  "summary_bg_mad": 47.17176448391823,
  "summary_bg_mean": 435.4140319824219,
  "summary_bg_median": 48.84126281738281,
  "summary_bg_n": 160155.0,
  "summary_bg_p05": 7.393079710006715,
  "summary_bg_p95": 2123.1633300781245,
  "summary_bg_stdv": 1277.33984375,
  "summary_fg_k": 1.6444010142717724,
  "summary_fg_mad": 3433.559056978615,
  "summary_fg_mean": 23491.80078125,
  "summary_fg_median": 23123.849609375,
  "summary_fg_n": 35945.0,
  "summary_fg_p05": 18148.321484375,
  "summary_fg_p95": 29856.44843749999,
  "summary_fg_stdv": 3750.99365234375,
  "tsnr": 50.21549987792969
}