{
  "aor": 0.0026977591973244147,
  "aqi": 0.009633247090301002,
  "bids_meta": {
    "AcquisitionNumber": 4,
    "BIDSVersion": "1.1.0",
    "BidsifyVersion": "0.3.1",
    "ConversionSoftware": "dcm2niix",
    "ConversionSoftwareVersion": "v1.0.20181125  GCC5.4.0",
    "EchoTime": 0.02762,
    "FlipAngle": 76.1,
    "ImageComments": "PredictingMentalizing",
    "ImageOrientationPatientDICOM": [
      0.999317,
      0.0252764,
      0.026944,
      -0.0130818,
      0.924161,
      -0.381778
    ],
    "InstitutionName": "Spinoza Centre for Neuroimaging, location REC",
    "MagneticFieldStrength": 3,
    "Manufacturer": "Philips",
    "ParallelAcquisitionTechnique": "SENSE",
    "ParallelReductionFactorInPlane": 2,
    "PatientPosition": "HFS",
    "PhaseEncodingDirection": "j",
    "PhilipsRescaleIntercept": 0,
    "PhilipsRescaleSlope": 0.80317,
    "PhilipsScaleSlope": 0.0601358,
    "ProtocolName": "WIPPM_Zinnen1SENSE",
    "ReconMatrixPE": 80,
    "RepetitionTime": 2,
    "SeriesDescription": "ImageMRSERIES",
    "SeriesNumber": 4,
    "SliceEncodingDirection": "k",
    "SliceTiming": [
      0.0,
      0.05405405405405406,
      0.10810810810810811,
      0.16216216216216217,
      0.21621621621621623,
      0.2702702702702703,
      0.32432432432432434,
      0.3783783783783784,
      0.43243243243243246,
      0.4864864864864865,
      0.5405405405405406,
      0.5945945945945946,
      0.6486486486486487,
      0.7027027027027027,
      0.7567567567567568,
      0.8108108108108109,
      0.8648648648648649,
      0.918918918918919,
      0.972972972972973,
      1.0270270270270272,
      1.0810810810810811,
      1.135135135135135,
      1.1891891891891893,
      1.2432432432432434,
      1.2972972972972974,
      1.3513513513513513,
      1.4054054054054055,
      1.4594594594594597,
      1.5135135135135136,
      1.5675675675675675,
      1.6216216216216217,
      1.6756756756756759,
      1.7297297297297298,
      1.7837837837837838,
      1.837837837837838,
      1.891891891891892,
      1.945945945945946
    ],
    "TaskName": "self",
    "UsePhilipsFloatNotDisplayScaling": 1,
    "WaterFatShift": 12,
    "dataset": "ds002547",
    "modality": "bold",
    "run_id": 1,
    "session_id": "1",
    "subject_id": "10",
    "task_id": "self"
  },
  "dummy_trs": 2,
  "dvars_nstd": 23.17100553036914,
  "dvars_std": 1.228172475268457,
  "dvars_vstd": 0.9366333233892614,
  "efc": 0.42056604999182373,
  "fber": 243967.125,
  "fd_mean": 0.17801845974825178,
  "fd_num": 61,
  "fd_perc": 20.401337792642142,
  "fwhm_avg": 2.051051221510876,
  "fwhm_x": 2.01298,
  "fwhm_y": 2.1907099999999997,
  "fwhm_z": 1.9494636645326278,
  "gcor": 0.0315681,
  "gsr_x": -0.017735114321112633,
  "gsr_y": 0.011251087300479412,
  "provenance": {
    "md5sum": "99b256617a5288bf7e390a5584aa067b",
    "settings": {
      "fd_thres": 0.2,
      "testing": false
    },
    "software": "mriqc",
    "version": "22.0.6",
    "webapi_port": null,
    "webapi_url": "https://mriqc.nimh.nih.gov/api/v1"
  },
  "size_t": 299,
  "size_x": 80,
  "size_y": 80,
  "size_z": 37,
  "snr": 5.972851475583513,
  "spacing_tr": 2.0,
  "spacing_x": 3.0,
  "spacing_y": 3.0,
  "spacing_z": 3.299999952316284,
  "summary_bg_k": 40.32984358354351,
  "summary_bg_mad": 40.700350359287036,
  "summary_bg_mean": 414.85400390625,
  "summary_bg_median": 45.34163284301758,
  "summary_bg_n": 160207.0,
  "summary_bg_p05": 6.296273565292358,
  "summary_bg_p95": 2058.5162597656217,
  "summary_bg_stdv": 1196.0533447265625,
  "summary_fg_k": 1.9621979214325878,
  "summary_fg_mad": 3477.2827917409695,
  "summary_fg_mean": 23362.6328125,
  "summary_fg_median": 22964.88671875,
  "summary_fg_n": 35906.0,
  "summary_fg_p05": 17997.25537109375,
  "summary_fg_p95": 29871.56884765625,
  "summary_fg_stdv": 3844.82470703125,
  "tsnr": 65.01791381835938
}