{
  "aor": 0.0015963455149501662,
  "aqi": 0.003694327275747508,
  "bids_meta": {
    "AcquisitionNumber": 4,
    "BIDSVersion": "1.1.0",
    "BidsifyVersion": "0.3.1",
    "ConversionSoftware": "dcm2niix",
    "ConversionSoftwareVersion": "v1.0.20181125  GCC5.4.0",
    "EchoTime": 0.02762,
    "FlipAngle": 76.1,
    "ImageComments": "PredictingMentalizing",
    "ImageOrientationPatientDICOM": [
      0.998897,
      0.0355169,
      -0.0307059,
      -0.0444862,
      0.925075,
      -0.377171
    ],
    "InstitutionName": "Spinoza Centre for Neuroimaging, location REC",
    "MagneticFieldStrength": 3,
    "Manufacturer": "Philips",
    "ParallelAcquisitionTechnique": "SENSE",
    "ParallelReductionFactorInPlane": 2,
    "PatientPosition": "HFS",
    "PhaseEncodingDirection": "j",
    "PhilipsRescaleIntercept": 0,
    "PhilipsRescaleSlope": 0.76703,
    "PhilipsScaleSlope": 0.0633654,
    "ProtocolName": "WIPPM_Zinnen2SENSE",
    "ReconMatrixPE": 80,
    "RepetitionTime": 2,
    "SeriesDescription": "ImageMRSERIES",
    "SeriesNumber": 4,
    "SliceEncodingDirection": "k",
    "SliceTiming": [
      0.0,
      0.05405405405405406,
      0.10810810810810811,
      0.16216216216216217,
      0.21621621621621623,
      0.2702702702702703,
      0.32432432432432434,
      0.3783783783783784,
      0.43243243243243246,
      0.4864864864864865,
      0.5405405405405406,
      0.5945945945945946,
      0.6486486486486487,
      0.7027027027027027,
      0.7567567567567568,
      0.8108108108108109,
      0.8648648648648649,
      0.918918918918919,
      0.972972972972973,
      1.0270270270270272,
      1.0810810810810811,
      1.135135135135135,
      1.1891891891891893,
      1.2432432432432434,
      1.2972972972972974,
      1.3513513513513513,
      1.4054054054054055,
      1.4594594594594597,
      1.5135135135135136,
      1.5675675675675675,
      1.6216216216216217,
      1.6756756756756759,
      1.7297297297297298,
      1.7837837837837838,
      1.837837837837838,
      1.891891891891892,
      1.945945945945946
    ],
    "TaskName": "self",
    "UsePhilipsFloatNotDisplayScaling": 1,
    "WaterFatShift": 12,
    "dataset": "ds002547",
    "modality": "bold",
    "run_id": 2,
    "session_id": "1",
    "subject_id": "05",
    "task_id": "self"
  },
  "dummy_trs": 0,
  "dvars_nstd": 18.34766970636666,
  "dvars_std": 1.263272730033333,
  "dvars_vstd": 1.0065248073666666,
  "efc": 0.3770425670602809,
  "fber": 272940.5,
  "fd_mean": 0.08632802123975454,
  "fd_num": 4,
  "fd_perc": 1.3289036544850499,
  "fwhm_avg": 1.8470405135037755,
  "fwhm_x": 1.82008,
  "fwhm_y": 1.96599,
  "fwhm_z": 1.755051540511327,
  "gcor": 0.0132713,
  "gsr_x": -0.02385125122964382,
  "gsr_y": 0.0013041089987382293,
  "provenance": {
    "md5sum": "b6dbaec51fd07b402b7bf2ec5f36b792",
    "settings": {
      "fd_thres": 0.2,
      "testing": false
    },
    "software": "mriqc",
    "version": "22.0.6",
    "webapi_port": null,
    "webapi_url": "https://mriqc.nimh.nih.gov/api/v1"
  },
  "size_t": 301,
  "size_x": 80,
  "size_y": 80,
  "size_z": 37,
  "snr": 6.775744574320674,
  "spacing_tr": 2.0,
  "spacing_x": 3.0,
  "spacing_y": 3.0,
  "spacing_z": 3.299999952316284,
  "summary_bg_k": 125.46308529656386,
  "summary_bg_mad": 44.01690393368371,
  "summary_bg_mean": 450.3908996582031,
  "summary_bg_median": 40.78254699707031,
  "summary_bg_n": 170626.0,
  "summary_bg_p05": 2.1729244589805603,
  "summary_bg_p95": 2013.7187194824219,
  "summary_bg_stdv": 1619.40625,
  "summary_fg_k": 1.3862613938268593,
  "summary_fg_mad": 3297.3247082012067,
  "summary_fg_mean": 22323.984375,
  "summary_fg_median": 22126.078125,
  "summary_fg_n": 26433.0,
  "summary_fg_p05": 17512.1203125,
  "summary_fg_p95": 27532.4203125,
  "summary_fg_stdv": 3265.421142578125,
  "tsnr": 95.58428955078125
}