{
  "aor": 0.0006345847176079735,
  "aqi": 0.002718221794019934,
  "bids_meta": {
    "AcquisitionNumber": 6,
    "BIDSVersion": "1.1.0",
    "BidsifyVersion": "0.3.1",
    "ConversionSoftware": "dcm2niix",
    "ConversionSoftwareVersion": "v1.0.20181125  GCC5.4.0",
    "EchoTime": 0.02763,
    "FlipAngle": 76.1,
    "ImageComments": "HWW",
    "ImageOrientationPatientDICOM": [
      0.998185,
      0.0322529,
      0.0508529,
      -0.013067,
      0.940362,
      -0.339925
    ],
    "InstitutionName": "Spinoza Centre for Neuroimaging, location REC",
    "MagneticFieldStrength": 3,
    "Manufacturer": "Philips",
    "ParallelAcquisitionTechnique": "SENSE",
    "ParallelReductionFactorInPlane": 2,
    "PatientPosition": "HFS",
    "PhaseEncodingDirection": "j",
    "PhilipsRescaleIntercept": 0,
    "PhilipsRescaleSlope": 2.29963,
    "PhilipsScaleSlope": 0.00109511,
    "ProtocolName": "WIPZinnen1SENSE",
    "ReconMatrixPE": 80,
    "RepetitionTime": 2,
    "SeriesDescription": "ImageMRSERIES",
    "SeriesNumber": 6,
    "SliceEncodingDirection": "k",
    "SliceTiming": [
      0.0,
      0.05405405405405406,
      0.10810810810810811,
      0.16216216216216217,
      0.21621621621621623,
      0.2702702702702703,
      0.32432432432432434,
      0.3783783783783784,
      0.43243243243243246,
      0.4864864864864865,
      0.5405405405405406,
      0.5945945945945946,
      0.6486486486486487,
      0.7027027027027027,
      0.7567567567567568,
      0.8108108108108109,
      0.8648648648648649,
      0.918918918918919,
      0.972972972972973,
      1.0270270270270272,
      1.0810810810810811,
      1.135135135135135,
      1.1891891891891893,
      1.2432432432432434,
      1.2972972972972974,
      1.3513513513513513,
      1.4054054054054055,
      1.4594594594594597,
      1.5135135135135136,
      1.5675675675675675,
      1.6216216216216217,
      1.6756756756756759,
      1.7297297297297298,
      1.7837837837837838,
      1.837837837837838,
      1.891891891891892,
      1.945945945945946
    ],
    "TaskName": "self",
    "UsePhilipsFloatNotDisplayScaling": 1,
    "WaterFatShift": 12,
    "dataset": "ds002547",
    "modality": "bold",
    "run_id": 1,
    "session_id": "1",
    "subject_id": "21",
    "task_id": "self"
  },
  "dummy_trs": 0,
  "dvars_nstd": 20.065864254666653,
  "dvars_std": 1.3865622074333337,
  "dvars_vstd": 1.0021585666666672,
  "efc": 0.416298722295047,
  "fber": 12218579.0,
  "fd_mean": 0.12873719512412535,
  "fd_num": 45,
  "fd_perc": 14.950166112956811,
  "fwhm_avg": 2.0273193021501736,
  "fwhm_x": 1.9898333333333333,
  "fwhm_y": 2.177703333333333,
  "fwhm_z": 1.914421239783854,
  "gcor": 0.0288773,
  "gsr_x": -0.025318250060081482,
  "gsr_y": 0.008565640076994896,
  "provenance": {
    "md5sum": "55c115d2f5e6e168a32c037df474a828",
    "settings": {
      "fd_thres": 0.2,
      "testing": false
    },
    "software": "mriqc",
    "version": "22.0.6",
    "webapi_port": null,
    "webapi_url": "https://mriqc.nimh.nih.gov/api/v1"
  },
  "size_t": 301,
  "size_x": 80,
  "size_y": 80,
  "size_z": 37,
  "snr": 5.407906520402083,
  "spacing_tr": 2.0,
  "spacing_x": 3.0,
  "spacing_y": 3.0,
  "spacing_z": 3.299999952316284,
  "summary_bg_k": 99.52069271688873,
  "summary_bg_mad": 163.55161437153802,
  "summary_bg_mean": 7263.59912109375,
  "summary_bg_median": 110.55024719238281,
  "summary_bg_n": 160279.0,
  "summary_bg_p05": 0.07623122408986092,
  "summary_bg_p95": 38755.21640625001,
  "summary_bg_stdv": 25250.3515625,
  "summary_fg_k": 1.5729594475127335,
  "summary_fg_mad": 69989.36508861161,
  "summary_fg_mean": 416557.3125,
  "summary_fg_median": 409227.8125,
  "summary_fg_n": 35660.0,
  "summary_fg_p05": 309103.1484375,
  "summary_fg_p95": 544962.6906249995,
  "summary_fg_stdv": 75671.0703125,
  "tsnr": 104.16004943847656
}