{
  "aor": 0.0017810325047801147,
  "aqi": 0.005514892084130019,
  "bids_meta": {
    "AcquisitionNumber": 3,
    "BIDSVersion": "1.1.0",
    "BidsifyVersion": "0.3.1",
    "ConversionSoftware": "dcm2niix",
    "ConversionSoftwareVersion": "v1.0.20181125  GCC5.4.0",
    "EchoTime": 0.02763,
    "FlipAngle": 76.1,
    "ImageComments": "HWW",
    "ImageOrientationPatientDICOM": [
      0.999985,
      -0.000290075,
      -0.00541116,
      -0.00139624,
      0.951058,
      -0.30901
    ],
    "InstitutionName": "Spinoza Centre for Neuroimaging, location REC",
    "MagneticFieldStrength": 3,
    "Manufacturer": "Philips",
    "ParallelAcquisitionTechnique": "SENSE",
    "ParallelReductionFactorInPlane": 2,
    "PatientPosition": "HFS",
    "PhaseEncodingDirection": "j",
    "PhilipsRescaleIntercept": 0,
    "PhilipsRescaleSlope": 1.73993,
    "PhilipsScaleSlope": 0.00104851,
    "ProtocolName": "WIPPM_HWWSENSE",
    "ReconMatrixPE": 80,
    "RepetitionTime": 2,
    "SeriesDescription": "ImageMRSERIES",
    "SeriesNumber": 3,
    "SliceEncodingDirection": "k",
    "SliceTiming": [
      0.0,
      0.05405405405405406,
      0.10810810810810811,
      0.16216216216216217,
      0.21621621621621623,
      0.2702702702702703,
      0.32432432432432434,
      0.3783783783783784,
      0.43243243243243246,
      0.4864864864864865,
      0.5405405405405406,
      0.5945945945945946,
      0.6486486486486487,
      0.7027027027027027,
      0.7567567567567568,
      0.8108108108108109,
      0.8648648648648649,
      0.918918918918919,
      0.972972972972973,
      1.0270270270270272,
      1.0810810810810811,
      1.135135135135135,
      1.1891891891891893,
      1.2432432432432434,
      1.2972972972972974,
      1.3513513513513513,
      1.4054054054054055,
      1.4594594594594597,
      1.5135135135135136,
      1.5675675675675675,
      1.6216216216216217,
      1.6756756756756759,
      1.7297297297297298,
      1.7837837837837838,
      1.837837837837838,
      1.891891891891892,
      1.945945945945946
    ],
    "TaskName": "other",
    "UsePhilipsFloatNotDisplayScaling": 1,
    "WaterFatShift": 12,
    "dataset": "ds002547",
    "modality": "bold",
    "session_id": "2",
    "subject_id": "15",
    "task_id": "other"
  },
  "dummy_trs": 0,
  "dvars_nstd": 22.93007538400381,
  "dvars_std": 1.3120105716091945,
  "dvars_vstd": 1.0022038732375471,
  "efc": 0.45121615539775867,
  "fber": 451162.8125,
  "fd_mean": 0.20883416991369122,
  "fd_num": 219,
  "fd_perc": 41.87380497131931,
  "fwhm_avg": 1.9906805142408663,
  "fwhm_x": 1.9003433333333335,
  "fwhm_y": 2.1636133333333336,
  "fwhm_z": 1.9080848760559326,
  "gcor": 0.0216929,
  "gsr_x": -0.01603260450065136,
  "gsr_y": 0.015978185459971428,
  "provenance": {
    "md5sum": "ddf4bd748557f6881f066a5adfe44f18",
    "settings": {
      "fd_thres": 0.2,
      "testing": false
    },
    "software": "mriqc",
    "version": "22.0.6",
    "webapi_port": null,
    "webapi_url": "https://mriqc.nimh.nih.gov/api/v1"
  },
  "size_t": 523,
  "size_x": 80,
  "size_y": 80,
  "size_z": 37,
  "snr": 5.5054124134273685,
  "spacing_tr": 2.0,
  "spacing_x": 3.0,
  "spacing_y": 3.0,
  "spacing_z": 3.299999952316284,
  "summary_bg_k": 35.60840065174797,
  "summary_bg_mad": 946.6401478415986,
  "summary_bg_mean": 12080.033203125,
  "summary_bg_median": 644.35888671875,
  "summary_bg_n": 155237.0,
  "summary_bg_p05": 3.9381243228912353,
  "summary_bg_p95": 68220.09062499984,
  "summary_bg_stdv": 31520.73046875,
  "summary_fg_k": 1.915451468041045,
  "summary_fg_mad": 72781.82320150724,
  "summary_fg_mean": 459063.59375,
  "summary_fg_median": 449609.9375,
  "summary_fg_n": 38843.0,
  "summary_fg_p05": 344585.559375,
  "summary_fg_p95": 598092.20625,
  "summary_fg_stdv": 81665.84375,
  "tsnr": 72.3717269897461
}