{
  "aor": 0.0028326578073089703,
  "aqi": 0.003973113255813954,
  "bids_meta": {
    "AcquisitionNumber": 5,
    "BIDSVersion": "1.1.0",
    "BidsifyVersion": "0.3.1",
    "ConversionSoftware": "dcm2niix",
    "ConversionSoftwareVersion": "v1.0.20181125  GCC5.4.0",
    "EchoTime": 0.02762,
    "FlipAngle": 76.1,
    "ImageComments": "PredictingMentalizing",
    "ImageOrientationPatientDICOM": [
      0.9997,
      0.0149073,
      -0.0194507,
      -0.0198934,
      0.957162,
      -0.288869
    ],
    "InstitutionName": "Spinoza Centre for Neuroimaging, location REC",
    "MagneticFieldStrength": 3,
    "Manufacturer": "Philips",
    "ParallelAcquisitionTechnique": "SENSE",
    "ParallelReductionFactorInPlane": 2,
    "PatientPosition": "HFS",
    "PhaseEncodingDirection": "j",
    "PhilipsRescaleIntercept": 0,
    "PhilipsRescaleSlope": 0.77827,
    "PhilipsScaleSlope": 0.054698,
    "ProtocolName": "WIPPM_Zinnen2SENSE",
    "ReconMatrixPE": 80,
    "RepetitionTime": 2,
    "SeriesDescription": "ImageMRSERIES",
    "SeriesNumber": 5,
    "SliceEncodingDirection": "k",
    "SliceTiming": [
      0.0,
      0.05405405405405406,
      0.10810810810810811,
      0.16216216216216217,
      0.21621621621621623,
      0.2702702702702703,
      0.32432432432432434,
      0.3783783783783784,
      0.43243243243243246,
      0.4864864864864865,
      0.5405405405405406,
      0.5945945945945946,
      0.6486486486486487,
      0.7027027027027027,
      0.7567567567567568,
      0.8108108108108109,
      0.8648648648648649,
      0.918918918918919,
      0.972972972972973,
      1.0270270270270272,
      1.0810810810810811,
      1.135135135135135,
      1.1891891891891893,
      1.2432432432432434,
      1.2972972972972974,
      1.3513513513513513,
      1.4054054054054055,
      1.4594594594594597,
      1.5135135135135136,
      1.5675675675675675,
      1.6216216216216217,
      1.6756756756756759,
      1.7297297297297298,
      1.7837837837837838,
      1.837837837837838,
      1.891891891891892,
      1.945945945945946
    ],
    "TaskName": "self",
    "UsePhilipsFloatNotDisplayScaling": 1,
    "WaterFatShift": 12,
    "dataset": "ds002547",
    "modality": "bold",
    "run_id": 2,
    "session_id": "1",
    "subject_id": "16",
    "task_id": "self"
  },
  "dummy_trs": 0,
  "dvars_nstd": 17.06535699836666,
  "dvars_std": 1.1285986121333331,
  "dvars_vstd": 0.9858323670333342,
  "efc": 0.4321141100334863,
  "fber": 251160.265625,
  "fd_mean": 0.12216998088887845,
  "fd_num": 27,
  "fd_perc": 8.970099667774086,
  "fwhm_avg": 2.0346175849942782,
  "fwhm_x": 2.0211200000000002,
  "fwhm_y": 2.1650266666666664,
  "fwhm_z": 1.9177060883161674,
  "gcor": 0.0348487,
  "gsr_x": -0.019811447709798813,
  "gsr_y": 0.019321199506521225,
  "provenance": {
    "md5sum": "29d9837a3e34afdcd74e5264c0ef1d1b",
    "settings": {
      "fd_thres": 0.2,
      "testing": false
    },
    "software": "mriqc",
    "version": "22.0.6",
    "webapi_port": null,
    "webapi_url": "https://mriqc.nimh.nih.gov/api/v1"
  },
  "size_t": 301,
  "size_x": 80,
  "size_y": 80,
  "size_z": 37,
  "snr": 5.052515387976103,
  "spacing_tr": 2.0,
  "spacing_x": 3.0,
  "spacing_y": 3.0,
  "spacing_z": 3.299999952316284,
  "summary_bg_k": 32.961324629417874,
  "summary_bg_mad": 50.507593318042176,
  "summary_bg_mean": 504.10809326171875,
  "summary_bg_median": 47.09223175048828,
  "summary_bg_n": 157566.0,
  "summary_bg_p05": 3.899673044681549,
  "summary_bg_p95": 2664.48779296875,
  "summary_bg_stdv": 1311.9593505859375,
  "summary_fg_k": 1.4450289325341341,
  "summary_fg_mad": 4350.27054120836,
  "summary_fg_mean": 25167.767578125,
  "summary_fg_median": 24443.953125,
  "summary_fg_n": 37574.0,
  "summary_fg_p05": 18579.99169921875,
  "summary_fg_p95": 33875.911328124996,
  "summary_fg_stdv": 4837.91259765625,
  "tsnr": 82.18821716308594
}