{
  "aor": 0.002942126245847176,
  "aqi": 0.0034517490365448505,
  "bids_meta": {
    "AcquisitionNumber": 3,
    "BIDSVersion": "1.1.0",
    "BidsifyVersion": "0.3.1",
    "ConversionSoftware": "dcm2niix",
    "ConversionSoftwareVersion": "v1.0.20181125  GCC5.4.0",
    "EchoTime": 0.02762,
    "FlipAngle": 76.1,
    "ImageComments": "PredictingMentalizing",
    "ImageOrientationPatientDICOM": [
      0.9997,
      0.0149073,
      -0.0194507,
      -0.0198934,
      0.957162,
      -0.288869
    ],
    "InstitutionName": "Spinoza Centre for Neuroimaging, location REC",
    "MagneticFieldStrength": 3,
    "Manufacturer": "Philips",
    "ParallelAcquisitionTechnique": "SENSE",
    "ParallelReductionFactorInPlane": 2,
    "PatientPosition": "HFS",
    "PhaseEncodingDirection": "j",
    "PhilipsRescaleIntercept": 0,
    "PhilipsRescaleSlope": 0.77021,
    "PhilipsScaleSlope": 0.0542471,
    "ProtocolName": "WIPPM_Zinnen1SENSE",
    "ReconMatrixPE": 80,
    "RepetitionTime": 2,
    "SeriesDescription": "ImageMRSERIES",
    "SeriesNumber": 3,
    "SliceEncodingDirection": "k",
    "SliceTiming": [
      0.0,
      0.05405405405405406,
      0.10810810810810811,
      0.16216216216216217,
      0.21621621621621623,
      0.2702702702702703,
      0.32432432432432434,
      0.3783783783783784,
      0.43243243243243246,
      0.4864864864864865,
      0.5405405405405406,
      0.5945945945945946,
      0.6486486486486487,
      0.7027027027027027,
      0.7567567567567568,
      0.8108108108108109,
      0.8648648648648649,
      0.918918918918919,
      0.972972972972973,
      1.0270270270270272,
      1.0810810810810811,
      1.135135135135135,
      1.1891891891891893,
      1.2432432432432434,
      1.2972972972972974,
      1.3513513513513513,
      1.4054054054054055,
      1.4594594594594597,
      1.5135135135135136,
      1.5675675675675675,
      1.6216216216216217,
      1.6756756756756759,
      1.7297297297297298,
      1.7837837837837838,
      1.837837837837838,
      1.891891891891892,
      1.945945945945946
    ],
    "TaskName": "self",
    "UsePhilipsFloatNotDisplayScaling": 1,
    "WaterFatShift": 12,
    "dataset": "ds002547",
    "modality": "bold",
    "run_id": 1,
    "session_id": "1",
    "subject_id": "16",
    "task_id": "self"
  },
  "dummy_trs": 0,
  "dvars_nstd": 16.5928018284,
  "dvars_std": 1.1697664548666675,
  "dvars_vstd": 1.001203610033334,
  "efc": 0.4312768775048551,
  "fber": 261153.59375,
  "fd_mean": 0.10283951849830394,
  "fd_num": 10,
  "fd_perc": 3.3222591362126246,
  "fwhm_avg": 2.0446567769630364,
  "fwhm_x": 2.032896666666667,
  "fwhm_y": 2.1730766666666668,
  "fwhm_z": 1.9279969975557762,
  "gcor": 0.0272791,
  "gsr_x": -0.019723180681467056,
  "gsr_y": 0.019834434613585472,
  "provenance": {
    "md5sum": "0374593336384a08970d8997c8f5a40a",
    "settings": {
      "fd_thres": 0.2,
      "testing": false
    },
    "software": "mriqc",
    "version": "22.0.6",
    "webapi_port": null,
    "webapi_url": "https://mriqc.nimh.nih.gov/api/v1"
  },
  "size_t": 301,
  "size_x": 80,
  "size_y": 80,
  "size_z": 37,
  "snr": 5.0247012012013546,
  "spacing_tr": 2.0,
  "spacing_x": 3.0,
  "spacing_y": 3.0,
  "spacing_z": 3.299999952316284,
  "summary_bg_k": 33.54765145679259,
  "summary_bg_mad": 48.54672429195865,
  "summary_bg_mean": 490.7140197753906,
  "summary_bg_median": 45.88874816894531,
  "summary_bg_n": 157602.0,
  "summary_bg_p05": 4.2539304256439205,
  "summary_bg_p95": 2591.7538574218684,
  "summary_bg_stdv": 1282.6463623046875,
  "summary_fg_k": 1.4503380476747774,
  "summary_fg_mad": 4354.104457882777,
  "summary_fg_mean": 25002.880859375,
  "summary_fg_median": 24294.6015625,
  "summary_fg_n": 37565.0,
  "summary_fg_p05": 18379.67109375,
  "summary_fg_p95": 33703.87343749999,
  "summary_fg_stdv": 4834.9697265625,
  "tsnr": 88.75569152832031
}