{
  "bids_meta": {
    "AcquisitionNumber": 4,
    "BIDSVersion": "1.1.0",
    "BidsifyVersion": "0.3.1",
    "ConversionSoftware": "dcm2niix",
    "ConversionSoftwareVersion": "v1.0.20181125  GCC5.4.0",
    "EchoTime": 0.00374,
    "ImageComments": "PredictingMentalizing",
    "ImageOrientationPatientDICOM": [
      0.999616,
      0.0212528,
      -0.0177819,
      -0.020939,
      0.999625,
      0.0176542
    ],
    "InstitutionName": "Spinoza Centre for Neuroimaging, location REC",
    "MagneticFieldStrength": 3,
    "Manufacturer": "Philips",
    "ParallelAcquisitionTechnique": "SENSE",
    "PatientPosition": "HFS",
    "PhilipsRescaleIntercept": 0,
    "PhilipsRescaleSlope": 11.841,
    "PhilipsScaleSlope": 0.00520489,
    "ProtocolName": "WIPsT13DTFE_P25_S2_3mSENSE",
    "ReconMatrixPE": 240,
    "RepetitionTime": 0.008176,
    "SeriesDescription": "ImageMRSERIES",
    "SeriesNumber": 4,
    "UsePhilipsFloatNotDisplayScaling": 1,
    "dataset": "ds002547",
    "modality": "T1w",
    "session_id": "1",
    "subject_id": "16"
  },
  "cjv": 0.2552302667361795,
  "cnr": 5.094105996035488,
  "efc": 0.737572087263389,
  "fber": -1.0,
  "fwhm_avg": 5.133073333333333,
  "fwhm_x": 4.7778,
  "fwhm_y": 5.10438,
  "fwhm_z": 5.51704,
  "icvs_csf": 0.27170690232396216,
  "icvs_gm": 0.41301944830197407,
  "icvs_wm": 0.31527364937406377,
  "inu_med": 0.5897694230079651,
  "inu_range": 0.15226945877075193,
  "provenance": {
    "md5sum": "318f0ed0069a942dcc5d0ba1cc1359d4",
    "settings": {
      "testing": false
    },
    "software": "mriqc",
    "version": "22.0.6",
    "warnings": {
      "large_rot_frame": true,
      "small_air_mask": true
    },
    "webapi_port": null,
    "webapi_url": "https://mriqc.nimh.nih.gov/api/v1"
  },
  "qi_1": 0.0,
  "qi_2": 3.59887863027007e-05,
  "rpve_csf": 21.171766612805666,
  "rpve_gm": 13.449178576774026,
  "rpve_wm": 21.302896965043978,
  "size_x": 240,
  "size_y": 240,
  "size_z": 220,
  "snr_csf": 1.4629142552636096,
  "snr_gm": 8.357251979298805,
  "snr_total": 12.181939948112676,
  "snr_wm": 26.72565360977561,
  "snrd_csf": 11.993772198113511,
  "snrd_gm": 60.448352693787655,
  "snrd_total": 58.235923258359186,
  "snrd_wm": 102.26564488317639,
  "spacing_x": 1.0,
  "spacing_y": 1.0,
  "spacing_z": 1.0,
  "summary_bg_k": 99.23891688718896,
  "summary_bg_mad": 0.0,
  "summary_bg_mean": 1.1853674170348136,
  "summary_bg_median": 0.0,
  "summary_bg_n": 84279.0,
  "summary_bg_p05": 0.0,
  "summary_bg_p95": 8.764797169715166,
  "summary_bg_stdv": 6.406154096035784,
  "summary_csf_k": 1.1938451655461453,
  "summary_csf_mad": 74.71174130209924,
  "summary_csf_mean": 130.64967821640818,
  "summary_csf_median": 117.27932212874293,
  "summary_csf_n": 50055.0,
  "summary_csf_p05": 26.674551386386156,
  "summary_csf_p95": 286.3512035328894,
  "summary_csf_stdv": 80.16748090078089,
  "summary_gm_k": 0.3601417955228281,
  "summary_gm_mad": 70.5471723192077,
  "summary_gm_mean": 592.1285722555222,
  "summary_gm_median": 591.0852491296828,
  "summary_gm_n": 45617.0,
  "summary_gm_p05": 479.3182452209294,
  "summary_gm_p95": 707.8407954275607,
  "summary_gm_stdv": 70.7264507251578,
  "summary_wm_k": 0.8629849779021144,
  "summary_wm_mad": 33.817552643028996,
  "summary_wm_mean": 998.4441430526423,
  "summary_wm_median": 999.9894370883703,
  "summary_wm_n": 199313.0,
  "summary_wm_p05": 934.0739383734763,
  "summary_wm_p95": 1056.7810987494886,
  "summary_wm_stdv": 37.41674359383491,
  "tpm_overlap_csf": 0.15620380434341385,
  "tpm_overlap_gm": 0.47871320563972325,
  "tpm_overlap_wm": 0.5215349989187757,
  "wm2max": 0.7804701150562094
}