{
  "aor": 0.0014525249169435215,
  "aqi": 0.004383875282392026,
  "bids_meta": {
    "AcquisitionNumber": 6,
    "BIDSVersion": "1.1.0",
    "BidsifyVersion": "0.3.1",
    "ConversionSoftware": "dcm2niix",
    "ConversionSoftwareVersion": "v1.0.20181125  GCC5.4.0",
    "EchoTime": 0.02763,
    "FlipAngle": 76.1,
    "ImageComments": "HWW",
    "ImageOrientationPatientDICOM": [
      0.999386,
      0.00953112,
      0.0337035,
      0.00296525,
      0.935785,
      -0.35256
    ],
    "InstitutionName": "Spinoza Centre for Neuroimaging, location REC",
    "MagneticFieldStrength": 3,
    "Manufacturer": "Philips",
    "ParallelAcquisitionTechnique": "SENSE",
    "ParallelReductionFactorInPlane": 2,
    "PatientPosition": "HFS",
    "PhaseEncodingDirection": "j",
    "PhilipsRescaleIntercept": 0,
    "PhilipsRescaleSlope": 2.91306,
    "PhilipsScaleSlope": 0.00118874,
    "ProtocolName": "WIPPM_Zinnen2SENSE",
    "ReconMatrixPE": 80,
    "RepetitionTime": 2,
    "SeriesDescription": "ImageMRSERIES",
    "SeriesNumber": 6,
    "SliceEncodingDirection": "k",
    "SliceTiming": [
      0.0,
      0.05405405405405406,
      0.10810810810810811,
      0.16216216216216217,
      0.21621621621621623,
      0.2702702702702703,
      0.32432432432432434,
      0.3783783783783784,
      0.43243243243243246,
      0.4864864864864865,
      0.5405405405405406,
      0.5945945945945946,
      0.6486486486486487,
      0.7027027027027027,
      0.7567567567567568,
      0.8108108108108109,
      0.8648648648648649,
      0.918918918918919,
      0.972972972972973,
      1.0270270270270272,
      1.0810810810810811,
      1.135135135135135,
      1.1891891891891893,
      1.2432432432432434,
      1.2972972972972974,
      1.3513513513513513,
      1.4054054054054055,
      1.4594594594594597,
      1.5135135135135136,
      1.5675675675675675,
      1.6216216216216217,
      1.6756756756756759,
      1.7297297297297298,
      1.7837837837837838,
      1.837837837837838,
      1.891891891891892,
      1.945945945945946
    ],
    "TaskName": "self",
    "UsePhilipsFloatNotDisplayScaling": 1,
    "WaterFatShift": 12,
    "dataset": "ds002547",
    "modality": "bold",
    "run_id": 2,
    "session_id": "1",
    "subject_id": "13",
    "task_id": "self"
  },
  "dummy_trs": 0,
  "dvars_nstd": 21.52324449553334,
  "dvars_std": 1.2921428151000003,
  "dvars_vstd": 1.013072036799999,
  "efc": 0.4402345479680778,
  "fber": 8279887.0,
  "fd_mean": 0.15590791793841344,
  "fd_num": 72,
  "fd_perc": 23.920265780730897,
  "fwhm_avg": 1.8622181902905728,
  "fwhm_x": 1.82395,
  "fwhm_y": 2.0036833333333335,
  "fwhm_z": 1.7590212375383847,
  "gcor": 0.0281412,
  "gsr_x": -0.019446521997451782,
  "gsr_y": 0.012777086347341537,
  "provenance": {
    "md5sum": "335d7bbf3312ae79a9ace368123fecee",
    "settings": {
      "fd_thres": 0.2,
      "testing": false
    },
    "software": "mriqc",
    "version": "22.0.6",
    "webapi_port": null,
    "webapi_url": "https://mriqc.nimh.nih.gov/api/v1"
  },
  "size_t": 301,
  "size_x": 80,
  "size_y": 80,
  "size_z": 37,
  "snr": 5.877551186272697,
  "spacing_tr": 2.0,
  "spacing_x": 3.0,
  "spacing_y": 3.0,
  "spacing_z": 3.299999952316284,
  "summary_bg_k": 56.86360994261107,
  "summary_bg_mad": 170.4850344544516,
  "summary_bg_mean": 7727.724609375,
  "summary_bg_median": 116.1881332397461,
  "summary_bg_n": 155533.0,
  "summary_bg_p05": 1.128293228149414,
  "summary_bg_p95": 44371.40078124996,
  "summary_bg_stdv": 23968.802734375,
  "summary_fg_k": 1.458564426690871,
  "summary_fg_mad": 58291.77257856038,
  "summary_fg_mean": 366508.40625,
  "summary_fg_median": 360805.125,
  "summary_fg_n": 38856.0,
  "summary_fg_p05": 276618.796875,
  "summary_fg_p95": 468377.8515625,
  "summary_fg_stdv": 61386.19140625,
  "tsnr": 83.5049057006836
}