{
  "aor": 0.0015729568106312292,
  "aqi": 0.005441254186046512,
  "bids_meta": {
    "AcquisitionNumber": 5,
    "BIDSVersion": "1.1.0",
    "BidsifyVersion": "0.3.1",
    "ConversionSoftware": "dcm2niix",
    "ConversionSoftwareVersion": "v1.0.20181125  GCC5.4.0",
    "EchoTime": 0.02763,
    "FlipAngle": 76.1,
    "ImageComments": "HWW",
    "ImageOrientationPatientDICOM": [
      0.999386,
      0.00953112,
      0.0337035,
      0.00296525,
      0.935785,
      -0.35256
    ],
    "InstitutionName": "Spinoza Centre for Neuroimaging, location REC",
    "MagneticFieldStrength": 3,
    "Manufacturer": "Philips",
    "ParallelAcquisitionTechnique": "SENSE",
    "ParallelReductionFactorInPlane": 2,
    "PatientPosition": "HFS",
    "PhaseEncodingDirection": "j",
    "PhilipsRescaleIntercept": 0,
    "PhilipsRescaleSlope": 2.97729,
    "PhilipsScaleSlope": 0.00118274,
    "ProtocolName": "WIPPM_Zinnen1SENSE",
    "ReconMatrixPE": 80,
    "RepetitionTime": 2,
    "SeriesDescription": "ImageMRSERIES",
    "SeriesNumber": 5,
    "SliceEncodingDirection": "k",
    "SliceTiming": [
      0.0,
      0.05405405405405406,
      0.10810810810810811,
      0.16216216216216217,
      0.21621621621621623,
      0.2702702702702703,
      0.32432432432432434,
      0.3783783783783784,
      0.43243243243243246,
      0.4864864864864865,
      0.5405405405405406,
      0.5945945945945946,
      0.6486486486486487,
      0.7027027027027027,
      0.7567567567567568,
      0.8108108108108109,
      0.8648648648648649,
      0.918918918918919,
      0.972972972972973,
      1.0270270270270272,
      1.0810810810810811,
      1.135135135135135,
      1.1891891891891893,
      1.2432432432432434,
      1.2972972972972974,
      1.3513513513513513,
      1.4054054054054055,
      1.4594594594594597,
      1.5135135135135136,
      1.5675675675675675,
      1.6216216216216217,
      1.6756756756756759,
      1.7297297297297298,
      1.7837837837837838,
      1.837837837837838,
      1.891891891891892,
      1.945945945945946
    ],
    "TaskName": "self",
    "UsePhilipsFloatNotDisplayScaling": 1,
    "WaterFatShift": 12,
    "dataset": "ds002547",
    "modality": "bold",
    "run_id": 1,
    "session_id": "1",
    "subject_id": "13",
    "task_id": "self"
  },
  "dummy_trs": 0,
  "dvars_nstd": 21.580908419200018,
  "dvars_std": 1.2615123267333328,
  "dvars_vstd": 0.9907411103666663,
  "efc": 0.4397933700892068,
  "fber": 3398496.25,
  "fd_mean": 0.17676214827184916,
  "fd_num": 92,
  "fd_perc": 30.564784053156146,
  "fwhm_avg": 1.863987180135603,
  "fwhm_x": 1.8341033333333332,
  "fwhm_y": 2.01004,
  "fwhm_z": 1.747818207073475,
  "gcor": 0.0187164,
  "gsr_x": -0.01958516798913479,
  "gsr_y": 0.01339472085237503,
  "provenance": {
    "md5sum": "5f17995458f35c4df50e0bf754cf3f16",
    "settings": {
      "fd_thres": 0.2,
      "testing": false
    },
    "software": "mriqc",
    "version": "22.0.6",
    "webapi_port": null,
    "webapi_url": "https://mriqc.nimh.nih.gov/api/v1"
  },
  "size_t": 301,
  "size_x": 80,
  "size_y": 80,
  "size_z": 37,
  "snr": 5.8234389645278695,
  "spacing_tr": 2.0,
  "spacing_x": 3.0,
  "spacing_y": 3.0,
  "spacing_z": 3.299999952316284,
  "summary_bg_k": 75.33582472480126,
  "summary_bg_mad": 271.80363128194284,
  "summary_bg_mean": 7888.66748046875,
  "summary_bg_median": 184.76060485839844,
  "summary_bg_n": 155637.0,
  "summary_bg_p05": 0.7507648229598999,
  "summary_bg_p95": 44171.00234374997,
  "summary_bg_stdv": 24903.9765625,
  "summary_fg_k": 1.4205718866182693,
  "summary_fg_mad": 59642.191543022345,
  "summary_fg_mean": 370413.46875,
  "summary_fg_median": 364405.34375,
  "summary_fg_n": 38792.0,
  "summary_fg_p05": 279660.2421875,
  "summary_fg_p95": 474907.1265624999,
  "summary_fg_stdv": 62574.8203125,
  "tsnr": 78.5511474609375
}