{
  "bids_meta": {
    "AcquisitionNumber": 3,
    "BIDSVersion": "1.1.0",
    "BidsifyVersion": "0.3.1",
    "ConversionSoftware": "dcm2niix",
    "ConversionSoftwareVersion": "v1.0.20181125  GCC5.4.0",
    "EchoTime": 0.00372,
    "ImageComments": "HWW",
    "ImageOrientationPatientDICOM": [
      0.999515,
      0.00134572,
      0.0311032,
      -0.00209338,
      0.999709,
      0.0240181
    ],
    "InstitutionName": "Spinoza Centre for Neuroimaging, location REC",
    "MagneticFieldStrength": 3,
    "Manufacturer": "Philips",
    "ParallelAcquisitionTechnique": "SENSE",
    "PatientPosition": "HFS",
    "PhilipsRescaleIntercept": 0,
    "PhilipsRescaleSlope": 14.6523,
    "PhilipsScaleSlope": 0.000275924,
    "ProtocolName": "WIPsT13DTFE_P25_S2_3mSENSE",
    "ReconMatrixPE": 240,
    "RepetitionTime": 0.008149,
    "SeriesDescription": "ImageMRSERIES",
    "SeriesNumber": 3,
    "UsePhilipsFloatNotDisplayScaling": 1,
    "dataset": "ds002547",
    "modality": "T1w",
    "session_id": "1",
    "subject_id": "15"
  },
  "cjv": 0.3061851183571208,
  "cnr": 4.364244495173475,
  "efc": 0.7373432446227739,
  "fber": -1.0,
  "fwhm_avg": 4.260446498038789,
  "fwhm_x": 4.243659494116367,
  "fwhm_y": 4.35869,
  "fwhm_z": 4.17899,
  "icvs_csf": 0.2510286285689598,
  "icvs_gm": 0.43208234284367425,
  "icvs_wm": 0.31688902858736595,
  "inu_med": 0.6781837344169617,
  "inu_range": 0.25474206209182737,
  "provenance": {
    "md5sum": "12a890dc0912b6b7aafc8ea4242a4157",
    "settings": {
      "testing": false
    },
    "software": "mriqc",
    "version": "22.0.6",
    "warnings": {
      "large_rot_frame": true,
      "small_air_mask": true
    },
    "webapi_port": null,
    "webapi_url": "https://mriqc.nimh.nih.gov/api/v1"
  },
  "qi_1": 0.0,
  "qi_2": 5.404768684724841e-06,
  "rpve_csf": 19.99865741455949,
  "rpve_gm": 11.818859954443639,
  "rpve_wm": 19.20789267379043,
  "size_x": 240,
  "size_y": 240,
  "size_z": 220,
  "snr_csf": 1.4611152844792703,
  "snr_gm": 7.292282085596172,
  "snr_total": 9.552993594351058,
  "snr_wm": 19.905583412977734,
  "snrd_csf": 16.686627402224453,
  "snrd_gm": 68.80315499191359,
  "snrd_total": 67.64752901007466,
  "snrd_wm": 117.45280463608597,
  "spacing_x": 1.0000001192092896,
  "spacing_y": 1.0,
  "spacing_z": 1.0,
  "summary_bg_k": 69.86194093173411,
  "summary_bg_mad": 0.0,
  "summary_bg_mean": 1.5032057992032344,
  "summary_bg_median": 0.0,
  "summary_bg_n": 189507.0,
  "summary_bg_p05": 0.0,
  "summary_bg_p95": 11.007445376366377,
  "summary_bg_stdv": 5.577997456274303,
  "summary_csf_k": 0.8167175566323239,
  "summary_csf_mad": 93.62512264217098,
  "summary_csf_mean": 159.31467363179448,
  "summary_csf_median": 142.07417753525078,
  "summary_csf_n": 27506.0,
  "summary_csf_p05": 32.40761971194297,
  "summary_csf_p95": 341.9661683626473,
  "summary_csf_stdv": 97.23503437240632,
  "summary_gm_k": 0.02361497301347626,
  "summary_gm_mad": 80.49103065579655,
  "summary_gm_mean": 586.577060455219,
  "summary_gm_median": 585.807510510087,
  "summary_gm_n": 35714.0,
  "summary_gm_p05": 454.7200963035226,
  "summary_gm_p95": 719.2067180462182,
  "summary_gm_stdv": 80.33141096379114,
  "summary_wm_k": 0.823428011324356,
  "summary_wm_mad": 46.3355774357178,
  "summary_wm_mean": 999.120734038747,
  "summary_wm_median": 1000.0229654349387,
  "summary_wm_n": 211876.0,
  "summary_wm_p05": 915.9791666818783,
  "summary_wm_p95": 1079.5569287911057,
  "summary_wm_stdv": 50.23819622664829,
  "tpm_overlap_csf": 0.1585140290469001,
  "tpm_overlap_gm": 0.4670361485204008,
  "tpm_overlap_wm": 0.5121225186607468,
  "wm2max": 0.7491822470130496
}