{
  "aor": 0.0004471428571428571,
  "aqi": 0.003930482259136212,
  "bids_meta": {
    "AcquisitionNumber": 4,
    "BIDSVersion": "1.1.0",
    "BidsifyVersion": "0.3.1",
    "ConversionSoftware": "dcm2niix",
    "ConversionSoftwareVersion": "v1.0.20181125  GCC5.4.0",
    "EchoTime": 0.02763,
    "FlipAngle": 76.1,
    "ImageComments": "HWW",
    "ImageOrientationPatientDICOM": [
      0.999464,
      0.0160176,
      -0.0285375,
      -0.0240773,
      0.950514,
      -0.309747
    ],
    "InstitutionName": "Spinoza Centre for Neuroimaging, location REC",
    "MagneticFieldStrength": 3,
    "Manufacturer": "Philips",
    "ParallelAcquisitionTechnique": "SENSE",
    "ParallelReductionFactorInPlane": 2,
    "PatientPosition": "HFS",
    "PhaseEncodingDirection": "j",
    "PhilipsRescaleIntercept": 0,
    "PhilipsRescaleSlope": 2.18877,
    "PhilipsScaleSlope": 0.0011018,
    "ProtocolName": "WIPPM_Zinnen1SENSE",
    "ReconMatrixPE": 80,
    "RepetitionTime": 2,
    "SeriesDescription": "ImageMRSERIES",
    "SeriesNumber": 4,
    "SliceEncodingDirection": "k",
    "SliceTiming": [
      0.0,
      0.05405405405405406,
      0.10810810810810811,
      0.16216216216216217,
      0.21621621621621623,
      0.2702702702702703,
      0.32432432432432434,
      0.3783783783783784,
      0.43243243243243246,
      0.4864864864864865,
      0.5405405405405406,
      0.5945945945945946,
      0.6486486486486487,
      0.7027027027027027,
      0.7567567567567568,
      0.8108108108108109,
      0.8648648648648649,
      0.918918918918919,
      0.972972972972973,
      1.0270270270270272,
      1.0810810810810811,
      1.135135135135135,
      1.1891891891891893,
      1.2432432432432434,
      1.2972972972972974,
      1.3513513513513513,
      1.4054054054054055,
      1.4594594594594597,
      1.5135135135135136,
      1.5675675675675675,
      1.6216216216216217,
      1.6756756756756759,
      1.7297297297297298,
      1.7837837837837838,
      1.837837837837838,
      1.891891891891892,
      1.945945945945946
    ],
    "TaskName": "self",
    "UsePhilipsFloatNotDisplayScaling": 1,
    "WaterFatShift": 12,
    "dataset": "ds002547",
    "modality": "bold",
    "run_id": 1,
    "session_id": "2",
    "subject_id": "20",
    "task_id": "self"
  },
  "dummy_trs": 0,
  "dvars_nstd": 18.852411311700017,
  "dvars_std": 1.2512637069333326,
  "dvars_vstd": 0.9985289769000005,
  "efc": 0.45556278321685406,
  "fber": 8236246.5,
  "fd_mean": 0.15459609691410936,
  "fd_num": 79,
  "fd_perc": 26.245847176079735,
  "fwhm_avg": 1.862298493285029,
  "fwhm_x": 1.79413,
  "fwhm_y": 2.041186666666667,
  "fwhm_z": 1.7515788131884202,
  "gcor": 0.0226324,
  "gsr_x": -0.016931956633925438,
  "gsr_y": 0.01698482595384121,
  "provenance": {
    "md5sum": "77f6eba69cdce1958d9ef569a758dbf7",
    "settings": {
      "fd_thres": 0.2,
      "testing": false
    },
    "software": "mriqc",
    "version": "22.0.6",
    "webapi_port": null,
    "webapi_url": "https://mriqc.nimh.nih.gov/api/v1"
  },
  "size_t": 301,
  "size_x": 80,
  "size_y": 80,
  "size_z": 37,
  "snr": 5.929452823186172,
  "spacing_tr": 2.0,
  "spacing_x": 3.0,
  "spacing_y": 3.0,
  "spacing_z": 3.299999952316284,
  "summary_bg_k": 45.10988169495404,
  "summary_bg_mad": 203.58183378945438,
  "summary_bg_mean": 10526.2763671875,
  "summary_bg_median": 137.3743438720703,
  "summary_bg_n": 153340.0,
  "summary_bg_p05": 0.03540023379027845,
  "summary_bg_p95": 64212.18496093746,
  "summary_bg_stdv": 30784.462890625,
  "summary_fg_k": 2.467630930354498,
  "summary_fg_mad": 60883.755072722466,
  "summary_fg_mean": 411728.3125,
  "summary_fg_median": 406788.65625,
  "summary_fg_n": 40807.0,
  "summary_fg_p05": 308666.090625,
  "summary_fg_p95": 520737.49374999997,
  "summary_fg_stdv": 68603.9140625,
  "tsnr": 94.86347198486328
}