{
  "aor": 0.004733804971319312,
  "aqi": 0.007630989770554494,
  "bids_meta": {
    "AcquisitionNumber": 3,
    "BIDSVersion": "1.1.0",
    "BidsifyVersion": "0.3.1",
    "ConversionSoftware": "dcm2niix",
    "ConversionSoftwareVersion": "v1.0.20181125  GCC5.4.0",
    "EchoTime": 0.02763,
    "FlipAngle": 76.1,
    "ImageComments": "HWW",
    "ImageOrientationPatientDICOM": [
      0.999935,
      -0.00135593,
      0.011317,
      0.00226878,
      0.996708,
      -0.0810433
    ],
    "InstitutionName": "Spinoza Centre for Neuroimaging, location REC",
    "MagneticFieldStrength": 3,
    "Manufacturer": "Philips",
    "ParallelAcquisitionTechnique": "SENSE",
    "ParallelReductionFactorInPlane": 2,
    "PatientPosition": "HFS",
    "PhaseEncodingDirection": "j",
    "PhilipsRescaleIntercept": 0,
    "PhilipsRescaleSlope": 2.60073,
    "PhilipsScaleSlope": 0.00118136,
    "ProtocolName": "WIPPM_HWWSENSE",
    "ReconMatrixPE": 80,
    "RepetitionTime": 2,
    "SeriesDescription": "ImageMRSERIES",
    "SeriesNumber": 3,
    "SliceEncodingDirection": "k",
    "SliceTiming": [
      0.0,
      0.05405405405405406,
      0.10810810810810811,
      0.16216216216216217,
      0.21621621621621623,
      0.2702702702702703,
      0.32432432432432434,
      0.3783783783783784,
      0.43243243243243246,
      0.4864864864864865,
      0.5405405405405406,
      0.5945945945945946,
      0.6486486486486487,
      0.7027027027027027,
      0.7567567567567568,
      0.8108108108108109,
      0.8648648648648649,
      0.918918918918919,
      0.972972972972973,
      1.0270270270270272,
      1.0810810810810811,
      1.135135135135135,
      1.1891891891891893,
      1.2432432432432434,
      1.2972972972972974,
      1.3513513513513513,
      1.4054054054054055,
      1.4594594594594597,
      1.5135135135135136,
      1.5675675675675675,
      1.6216216216216217,
      1.6756756756756759,
      1.7297297297297298,
      1.7837837837837838,
      1.837837837837838,
      1.891891891891892,
      1.945945945945946
    ],
    "TaskName": "other",
    "UsePhilipsFloatNotDisplayScaling": 1,
    "WaterFatShift": 12,
    "dataset": "ds002547",
    "modality": "bold",
    "session_id": "2",
    "subject_id": "06",
    "task_id": "other"
  },
  "dummy_trs": 0,
  "dvars_nstd": 20.970885066513425,
  "dvars_std": 1.1948200838505756,
  "dvars_vstd": 1.0203083130076627,
  "efc": 0.4096652832798849,
  "fber": 1908398.0,
  "fd_mean": 0.20220016103207425,
  "fd_num": 193,
  "fd_perc": 36.90248565965583,
  "fwhm_avg": 1.9325968774277305,
  "fwhm_x": 1.88942,
  "fwhm_y": 2.09361,
  "fwhm_z": 1.814760632283191,
  "gcor": 0.027508,
  "gsr_x": -0.01809004507958889,
  "gsr_y": 0.007034740876406431,
  "provenance": {
    "md5sum": "a0062848dba6f67abd80dea3e8a7f41a",
    "settings": {
      "fd_thres": 0.2,
      "testing": false
    },
    "software": "mriqc",
    "version": "22.0.6",
    "webapi_port": null,
    "webapi_url": "https://mriqc.nimh.nih.gov/api/v1"
  },
  "size_t": 523,
  "size_x": 80,
  "size_y": 80,
  "size_z": 37,
  "snr": 5.111301055018972,
  "spacing_tr": 2.0,
  "spacing_x": 3.0,
  "spacing_y": 3.0,
  "spacing_z": 3.299999952316284,
  "summary_bg_k": 56.18665843402109,
  "summary_bg_mad": 393.6928579304947,
  "summary_bg_mean": 5722.427734375,
  "summary_bg_median": 270.14312744140625,
  "summary_bg_n": 160624.0,
  "summary_bg_p05": 2.9265909552574163,
  "summary_bg_p95": 28155.120312500072,
  "summary_bg_stdv": 19020.943359375,
  "summary_fg_k": 1.835783185942275,
  "summary_fg_mad": 64665.363687617646,
  "summary_fg_mean": 380499.34375,
  "summary_fg_median": 370480.59375,
  "summary_fg_n": 35437.0,
  "summary_fg_p05": 280409.1,
  "summary_fg_p95": 504937.3687499999,
  "summary_fg_stdv": 72481.6171875,
  "tsnr": 60.92748260498047
}