{
  "bids_meta": {
    "AcquisitionNumber": 2,
    "BIDSVersion": "1.1.0",
    "BidsifyVersion": "0.3.1",
    "ConversionSoftware": "dcm2niix",
    "ConversionSoftwareVersion": "v1.0.20181125  GCC5.4.0",
    "EchoTime": 0.00378,
    "ImageComments": "PredictingMentalizing",
    "ImageOrientationPatientDICOM": [
      0.997821,
      0.0621183,
      0.0222251,
      -0.0603302,
      0.995456,
      -0.0736694
    ],
    "InstitutionName": "Spinoza Centre for Neuroimaging, location REC",
    "MagneticFieldStrength": 3,
    "Manufacturer": "Philips",
    "ParallelAcquisitionTechnique": "SENSE",
    "PatientPosition": "HFS",
    "PhilipsRescaleIntercept": 0,
    "PhilipsRescaleSlope": 11.9011,
    "PhilipsScaleSlope": 0.00550762,
    "ProtocolName": "WIPsT13DTFE_P25_S2_3mSENSE",
    "ReconMatrixPE": 240,
    "RepetitionTime": 0.008215,
    "SeriesDescription": "ImageMRSERIES",
    "SeriesNumber": 2,
    "UsePhilipsFloatNotDisplayScaling": 1,
    "dataset": "ds002547",
    "modality": "T1w",
    "session_id": "1",
    "subject_id": "25"
  },
  "cjv": 0.36700596322325024,
  "cnr": 3.6334653128441956,
  "efc": 0.7511415447614098,
  "fber": 2137.632834911643,
  "fwhm_avg": 3.617853473524857,
  "fwhm_x": 3.5502302116102107,
  "fwhm_y": 3.79749,
  "fwhm_z": 3.5058402089643605,
  "icvs_csf": 0.2237807743660925,
  "icvs_gm": 0.42435211004343915,
  "icvs_wm": 0.35186711559046835,
  "inu_med": 0.6611636877059937,
  "inu_range": 0.21773509085178377,
  "provenance": {
    "md5sum": "98c479dd5237be7b257503c305f64701",
    "settings": {
      "testing": false
    },
    "software": "mriqc",
    "version": "22.0.6",
    "warnings": {
      "large_rot_frame": true,
      "small_air_mask": true
    },
    "webapi_port": null,
    "webapi_url": "https://mriqc.nimh.nih.gov/api/v1"
  },
  "qi_1": 0.0,
  "qi_2": 0.00019914309118685057,
  "rpve_csf": 25.998764031242313,
  "rpve_gm": 14.262411250511496,
  "rpve_wm": 20.98974481079767,
  "size_x": 240,
  "size_y": 240,
  "size_z": 220,
  "snr_csf": 1.7119312970636837,
  "snr_gm": 6.24975910260072,
  "snr_total": 9.116886312875955,
  "snr_wm": 19.38896853896346,
  "snrd_csf": 8.099597016883552,
  "snrd_gm": 25.68370149314195,
  "snrd_total": 25.52756956917148,
  "snrd_wm": 42.79941019748894,
  "spacing_x": 0.9999999403953552,
  "spacing_y": 1.0,
  "spacing_z": 0.9999999403953552,
  "summary_bg_k": 1104.2730848449544,
  "summary_bg_mad": 0.0,
  "summary_bg_mean": 3.7120039356778047,
  "summary_bg_median": 0.0,
  "summary_bg_n": 74295.0,
  "summary_bg_p05": 0.0,
  "summary_bg_p95": 17.031457502394915,
  "summary_bg_stdv": 15.306773792941701,
  "summary_csf_k": 1.0757299247272671,
  "summary_csf_mad": 118.14179296646721,
  "summary_csf_mean": 196.89979458053122,
  "summary_csf_median": 189.2410486601293,
  "summary_csf_n": 13339.0,
  "summary_csf_p05": 37.49763174727559,
  "summary_csf_p95": 390.8991905368864,
  "summary_csf_stdv": 110.53828814694597,
  "summary_gm_k": -0.16409431319359546,
  "summary_gm_mad": 97.6671599999243,
  "summary_gm_mean": 603.5804390931692,
  "summary_gm_median": 600.080546464771,
  "summary_gm_n": 23035.0,
  "summary_gm_p05": 449.27753130830826,
  "summary_gm_p95": 765.688375166431,
  "summary_gm_stdv": 96.01450408955726,
  "summary_wm_k": 0.5032505458868304,
  "summary_wm_mad": 49.0969757928422,
  "summary_wm_mean": 999.6247477968693,
  "summary_wm_median": 999.976326096803,
  "summary_wm_n": 185421.0,
  "summary_wm_p05": 914.6532246731222,
  "summary_wm_p95": 1083.072783563286,
  "summary_wm_stdv": 51.574359284832376,
  "tpm_overlap_csf": 0.14868716308079616,
  "tpm_overlap_gm": 0.46234422584521767,
  "tpm_overlap_wm": 0.5167550490143101,
  "wm2max": 0.6857537361923327
}