{
  "aor": 0.0020389700996677747,
  "aqi": 0.005602134451827242,
  "bids_meta": {
    "AcquisitionNumber": 4,
    "BIDSVersion": "1.1.0",
    "BidsifyVersion": "0.3.1",
    "ConversionSoftware": "dcm2niix",
    "ConversionSoftwareVersion": "v1.0.20181125  GCC5.4.0",
    "EchoTime": 0.02762,
    "FlipAngle": 76.1,
    "ImageComments": "PredictingMentalizing",
    "ImageOrientationPatientDICOM": [
      0.99681,
      0.0750276,
      -0.0272278,
      -0.0796761,
      0.91524,
      -0.394952
    ],
    "InstitutionName": "Spinoza Centre for Neuroimaging, location REC",
    "MagneticFieldStrength": 3,
    "Manufacturer": "Philips",
    "ParallelAcquisitionTechnique": "SENSE",
    "ParallelReductionFactorInPlane": 2,
    "PatientPosition": "HFS",
    "PhaseEncodingDirection": "j",
    "PhilipsRescaleIntercept": 0,
    "PhilipsRescaleSlope": 0.87521,
    "PhilipsScaleSlope": 0.0678335,
    "ProtocolName": "WIPPM_Zinnen2SENSE",
    "ReconMatrixPE": 80,
    "RepetitionTime": 2,
    "SeriesDescription": "ImageMRSERIES",
    "SeriesNumber": 4,
    "SliceEncodingDirection": "k",
    "SliceTiming": [
      0.0,
      0.05405405405405406,
      0.10810810810810811,
      0.16216216216216217,
      0.21621621621621623,
      0.2702702702702703,
      0.32432432432432434,
      0.3783783783783784,
      0.43243243243243246,
      0.4864864864864865,
      0.5405405405405406,
      0.5945945945945946,
      0.6486486486486487,
      0.7027027027027027,
      0.7567567567567568,
      0.8108108108108109,
      0.8648648648648649,
      0.918918918918919,
      0.972972972972973,
      1.0270270270270272,
      1.0810810810810811,
      1.135135135135135,
      1.1891891891891893,
      1.2432432432432434,
      1.2972972972972974,
      1.3513513513513513,
      1.4054054054054055,
      1.4594594594594597,
      1.5135135135135136,
      1.5675675675675675,
      1.6216216216216217,
      1.6756756756756759,
      1.7297297297297298,
      1.7837837837837838,
      1.837837837837838,
      1.891891891891892,
      1.945945945945946
    ],
    "TaskName": "self",
    "UsePhilipsFloatNotDisplayScaling": 1,
    "WaterFatShift": 12,
    "dataset": "ds002547",
    "modality": "bold",
    "run_id": 2,
    "session_id": "1",
    "subject_id": "03",
    "task_id": "self"
  },
  "dummy_trs": 0,
  "dvars_nstd": 22.633302898233328,
  "dvars_std": 1.4263596935333334,
  "dvars_vstd": 1.0225511967666663,
  "efc": 0.40681793860162097,
  "fber": 278275.84375,
  "fd_mean": 0.14966728829639533,
  "fd_num": 73,
  "fd_perc": 24.25249169435216,
  "fwhm_avg": 1.771293644396934,
  "fwhm_x": 1.78774,
  "fwhm_y": 1.8582833333333333,
  "fwhm_z": 1.6678575998574692,
  "gcor": 0.0273107,
  "gsr_x": -0.011342979036271572,
  "gsr_y": 0.0031474793795496225,
  "provenance": {
    "md5sum": "9baec5e278b4d929cf8d442d801c4f2c",
    "settings": {
      "fd_thres": 0.2,
      "testing": false
    },
    "software": "mriqc",
    "version": "22.0.6",
    "webapi_port": null,
    "webapi_url": "https://mriqc.nimh.nih.gov/api/v1"
  },
  "size_t": 301,
  "size_x": 80,
  "size_y": 80,
  "size_z": 37,
  "snr": 7.136115936609114,
  "spacing_tr": 2.0,
  "spacing_x": 3.0,
  "spacing_y": 3.0,
  "spacing_z": 3.299999952316284,
  "summary_bg_k": 70.71765779936321,
  "summary_bg_mad": 44.96545597237447,
  "summary_bg_mean": 480.5165710449219,
  "summary_bg_median": 43.34928894042969,
  "summary_bg_n": 164005.0,
  "summary_bg_p05": 3.2425091266632085,
  "summary_bg_p95": 2464.9732421874983,
  "summary_bg_stdv": 1465.5023193359375,
  "summary_fg_k": 1.4954983735152751,
  "summary_fg_mad": 3327.819403441602,
  "summary_fg_mean": 23919.603515625,
  "summary_fg_median": 23721.48828125,
  "summary_fg_n": 31766.0,
  "summary_fg_p05": 19131.2734375,
  "summary_fg_p95": 29266.09521484375,
  "summary_fg_stdv": 3324.09326171875,
  "tsnr": 97.90180969238281
}