{
  "aor": 0.0016820265780730897,
  "aqi": 0.006173215315614618,
  "bids_meta": {
    "AcquisitionNumber": 3,
    "BIDSVersion": "1.1.0",
    "BidsifyVersion": "0.3.1",
    "ConversionSoftware": "dcm2niix",
    "ConversionSoftwareVersion": "v1.0.20181125  GCC5.4.0",
    "EchoTime": 0.02762,
    "FlipAngle": 76.1,
    "ImageComments": "PredictingMentalizing",
    "ImageOrientationPatientDICOM": [
      0.99681,
      0.0750276,
      -0.0272278,
      -0.0796761,
      0.91524,
      -0.394952
    ],
    "InstitutionName": "Spinoza Centre for Neuroimaging, location REC",
    "MagneticFieldStrength": 3,
    "Manufacturer": "Philips",
    "ParallelAcquisitionTechnique": "SENSE",
    "ParallelReductionFactorInPlane": 2,
    "PatientPosition": "HFS",
    "PhaseEncodingDirection": "j",
    "PhilipsRescaleIntercept": 0,
    "PhilipsRescaleSlope": 0.82076,
    "PhilipsScaleSlope": 0.0699921,
    "ProtocolName": "WIPPM_Zinnen1SENSE",
    "ReconMatrixPE": 80,
    "RepetitionTime": 2,
    "SeriesDescription": "ImageMRSERIES",
    "SeriesNumber": 3,
    "SliceEncodingDirection": "k",
    "SliceTiming": [
      0.0,
      0.05405405405405406,
      0.10810810810810811,
      0.16216216216216217,
      0.21621621621621623,
      0.2702702702702703,
      0.32432432432432434,
      0.3783783783783784,
      0.43243243243243246,
      0.4864864864864865,
      0.5405405405405406,
      0.5945945945945946,
      0.6486486486486487,
      0.7027027027027027,
      0.7567567567567568,
      0.8108108108108109,
      0.8648648648648649,
      0.918918918918919,
      0.972972972972973,
      1.0270270270270272,
      1.0810810810810811,
      1.135135135135135,
      1.1891891891891893,
      1.2432432432432434,
      1.2972972972972974,
      1.3513513513513513,
      1.4054054054054055,
      1.4594594594594597,
      1.5135135135135136,
      1.5675675675675675,
      1.6216216216216217,
      1.6756756756756759,
      1.7297297297297298,
      1.7837837837837838,
      1.837837837837838,
      1.891891891891892,
      1.945945945945946
    ],
    "TaskName": "self",
    "UsePhilipsFloatNotDisplayScaling": 1,
    "WaterFatShift": 12,
    "dataset": "ds002547",
    "modality": "bold",
    "run_id": 1,
    "session_id": "1",
    "subject_id": "03",
    "task_id": "self"
  },
  "dummy_trs": 0,
  "dvars_nstd": 23.039762122133308,
  "dvars_std": 1.4064142057333326,
  "dvars_vstd": 0.9973097090666668,
  "efc": 0.4058150920649776,
  "fber": 288881.5,
  "fd_mean": 0.13966789502853497,
  "fd_num": 44,
  "fd_perc": 14.617940199335548,
  "fwhm_avg": 1.7711974828243695,
  "fwhm_x": 1.7870333333333335,
  "fwhm_y": 1.8496499999999998,
  "fwhm_z": 1.6769091151397753,
  "gcor": 0.0256199,
  "gsr_x": -0.011103719472885132,
  "gsr_y": 0.0027671095449477434,
  "provenance": {
    "md5sum": "5aeccc742b7f29e2fd97ace766bbf16e",
    "settings": {
      "fd_thres": 0.2,
      "testing": false
    },
    "software": "mriqc",
    "version": "22.0.6",
    "webapi_port": null,
    "webapi_url": "https://mriqc.nimh.nih.gov/api/v1"
  },
  "size_t": 301,
  "size_x": 80,
  "size_y": 80,
  "size_z": 37,
  "snr": 7.135703047563871,
  "spacing_tr": 2.0,
  "spacing_x": 3.0,
  "spacing_y": 3.0,
  "spacing_z": 3.299999952316284,
  "summary_bg_k": 74.4794034805009,
  "summary_bg_mad": 44.47071417295044,
  "summary_bg_mean": 467.9879455566406,
  "summary_bg_median": 42.88255310058594,
  "summary_bg_n": 164004.0,
  "summary_bg_p05": 3.283309435844421,
  "summary_bg_p95": 2381.035827636719,
  "summary_bg_stdv": 1441.237060546875,
  "summary_fg_k": 1.4245295524833157,
  "summary_fg_mad": 3352.739861825312,
  "summary_fg_mean": 23903.318359375,
  "summary_fg_median": 23712.724609375,
  "summary_fg_n": 31703.0,
  "summary_fg_p05": 19101.56640625,
  "summary_fg_p95": 29242.851367187497,
  "summary_fg_stdv": 3323.057373046875,
  "tsnr": 92.55646514892578
}