{
  "aor": 0.001233154875717017,
  "aqi": 0.005459856214149139,
  "bids_meta": {
    "AcquisitionNumber": 2,
    "BIDSVersion": "1.1.0",
    "BidsifyVersion": "0.3.1",
    "ConversionSoftware": "dcm2niix",
    "ConversionSoftwareVersion": "v1.0.20181125  GCC5.4.0",
    "EchoTime": 0.02762,
    "FlipAngle": 76.1,
    "ImageComments": "PredictingMentalizing",
    "ImageOrientationPatientDICOM": [
      0.998631,
      -0.0472856,
      0.0223547,
      0.0518117,
      0.952809,
      -0.299117
    ],
    "InstitutionName": "Spinoza Centre for Neuroimaging, location REC",
    "MagneticFieldStrength": 3,
    "Manufacturer": "Philips",
    "ParallelAcquisitionTechnique": "SENSE",
    "ParallelReductionFactorInPlane": 2,
    "PatientPosition": "HFS",
    "PhaseEncodingDirection": "j",
    "PhilipsRescaleIntercept": 0,
    "PhilipsRescaleSlope": 0.76313,
    "PhilipsScaleSlope": 0.0639272,
    "ProtocolName": "WIPPM_HWWSENSE",
    "ReconMatrixPE": 80,
    "RepetitionTime": 2,
    "SeriesDescription": "ImageMRSERIES",
    "SeriesNumber": 2,
    "SliceEncodingDirection": "k",
    "SliceTiming": [
      0.0,
      0.05405405405405406,
      0.10810810810810811,
      0.16216216216216217,
      0.21621621621621623,
      0.2702702702702703,
      0.32432432432432434,
      0.3783783783783784,
      0.43243243243243246,
      0.4864864864864865,
      0.5405405405405406,
      0.5945945945945946,
      0.6486486486486487,
      0.7027027027027027,
      0.7567567567567568,
      0.8108108108108109,
      0.8648648648648649,
      0.918918918918919,
      0.972972972972973,
      1.0270270270270272,
      1.0810810810810811,
      1.135135135135135,
      1.1891891891891893,
      1.2432432432432434,
      1.2972972972972974,
      1.3513513513513513,
      1.4054054054054055,
      1.4594594594594597,
      1.5135135135135136,
      1.5675675675675675,
      1.6216216216216217,
      1.6756756756756759,
      1.7297297297297298,
      1.7837837837837838,
      1.837837837837838,
      1.891891891891892,
      1.945945945945946
    ],
    "TaskName": "other",
    "UsePhilipsFloatNotDisplayScaling": 1,
    "WaterFatShift": 12,
    "dataset": "ds002547",
    "modality": "bold",
    "session_id": "1",
    "subject_id": "24",
    "task_id": "other"
  },
  "dummy_trs": 0,
  "dvars_nstd": 19.924898613390834,
  "dvars_std": 1.328839230229885,
  "dvars_vstd": 0.9909075657471274,
  "efc": 0.38494294310123955,
  "fber": 247397.109375,
  "fd_mean": 0.11045359086288238,
  "fd_num": 18,
  "fd_perc": 3.4416826003824093,
  "fwhm_avg": 1.9462752614021739,
  "fwhm_x": 1.9457066666666665,
  "fwhm_y": 2.05011,
  "fwhm_z": 1.8430091175398553,
  "gcor": 0.0270192,
  "gsr_x": -0.017557445913553238,
  "gsr_y": 0.007890095934271812,
  "provenance": {
    "md5sum": "c56c02f43d4f5d51a07f0b71b8ed8e76",
    "settings": {
      "fd_thres": 0.2,
      "testing": false
    },
    "software": "mriqc",
    "version": "22.0.6",
    "webapi_port": null,
    "webapi_url": "https://mriqc.nimh.nih.gov/api/v1"
  },
  "size_t": 523,
  "size_x": 80,
  "size_y": 80,
  "size_z": 37,
  "snr": 6.116720896131341,
  "spacing_tr": 2.0,
  "spacing_x": 3.0,
  "spacing_y": 3.0,
  "spacing_z": 3.299999952316284,
  "summary_bg_k": 88.96790183535613,
  "summary_bg_mad": 42.72838622476789,
  "summary_bg_mean": 408.57452392578125,
  "summary_bg_median": 45.460636138916016,
  "summary_bg_n": 167667.0,
  "summary_bg_p05": 4.985400390625002,
  "summary_bg_p95": 1809.6347290039043,
  "summary_bg_stdv": 1397.76708984375,
  "summary_fg_k": 1.214402228808468,
  "summary_fg_mad": 3635.039486200102,
  "summary_fg_mean": 23713.689453125,
  "summary_fg_median": 23328.451171875,
  "summary_fg_n": 29331.0,
  "summary_fg_p05": 18284.828125,
  "summary_fg_p95": 30183.3037109375,
  "summary_fg_stdv": 3813.81689453125,
  "tsnr": 79.67637634277344
}