{
  "aor": 0.0016291029900332224,
  "aqi": 0.0035463340199335548,
  "bids_meta": {
    "AcquisitionNumber": 5,
    "BIDSVersion": "1.1.0",
    "BidsifyVersion": "0.3.1",
    "ConversionSoftware": "dcm2niix",
    "ConversionSoftwareVersion": "v1.0.20181125  GCC5.4.0",
    "EchoTime": 0.02762,
    "FlipAngle": 76.1,
    "ImageComments": "PredictingMentalizing",
    "ImageOrientationPatientDICOM": [
      0.998847,
      0.0449048,
      0.0169728,
      -0.0373243,
      0.948793,
      -0.313685
    ],
    "InstitutionName": "Spinoza Centre for Neuroimaging, location REC",
    "MagneticFieldStrength": 3,
    "Manufacturer": "Philips",
    "ParallelAcquisitionTechnique": "SENSE",
    "ParallelReductionFactorInPlane": 2,
    "PatientPosition": "HFS",
    "PhaseEncodingDirection": "j",
    "PhilipsRescaleIntercept": 0,
    "PhilipsRescaleSlope": 0.77973,
    "PhilipsScaleSlope": 0.0554793,
    "ProtocolName": "WIPPM_Zinnen2SENSE",
    "ReconMatrixPE": 80,
    "RepetitionTime": 2,
    "SeriesDescription": "ImageMRSERIES",
    "SeriesNumber": 5,
    "SliceEncodingDirection": "k",
    "SliceTiming": [
      0.0,
      0.05405405405405406,
      0.10810810810810811,
      0.16216216216216217,
      0.21621621621621623,
      0.2702702702702703,
      0.32432432432432434,
      0.3783783783783784,
      0.43243243243243246,
      0.4864864864864865,
      0.5405405405405406,
      0.5945945945945946,
      0.6486486486486487,
      0.7027027027027027,
      0.7567567567567568,
      0.8108108108108109,
      0.8648648648648649,
      0.918918918918919,
      0.972972972972973,
      1.0270270270270272,
      1.0810810810810811,
      1.135135135135135,
      1.1891891891891893,
      1.2432432432432434,
      1.2972972972972974,
      1.3513513513513513,
      1.4054054054054055,
      1.4594594594594597,
      1.5135135135135136,
      1.5675675675675675,
      1.6216216216216217,
      1.6756756756756759,
      1.7297297297297298,
      1.7837837837837838,
      1.837837837837838,
      1.891891891891892,
      1.945945945945946
    ],
    "TaskName": "self",
    "UsePhilipsFloatNotDisplayScaling": 1,
    "WaterFatShift": 12,
    "dataset": "ds002547",
    "modality": "bold",
    "run_id": 2,
    "session_id": "1",
    "subject_id": "12",
    "task_id": "self"
  },
  "dummy_trs": 0,
  "dvars_nstd": 23.00443429966666,
  "dvars_std": 1.369484523166667,
  "dvars_vstd": 1.0036764219999996,
  "efc": 0.45042226225090587,
  "fber": 224323.828125,
  "fd_mean": 0.186193881679225,
  "fd_num": 114,
  "fd_perc": 37.87375415282392,
  "fwhm_avg": 2.067980211391067,
  "fwhm_x": 2.0092166666666667,
  "fwhm_y": 2.249163333333333,
  "fwhm_z": 1.9455606341732001,
  "gcor": 0.0157956,
  "gsr_x": -0.014456959441304207,
  "gsr_y": 0.02027571015059948,
  "provenance": {
    "md5sum": "ce61ea776f33f1e03a5ad7ce42ba8a2a",
    "settings": {
      "fd_thres": 0.2,
      "testing": false
    },
    "software": "mriqc",
    "version": "22.0.6",
    "webapi_port": null,
    "webapi_url": "https://mriqc.nimh.nih.gov/api/v1"
  },
  "size_t": 301,
  "size_x": 80,
  "size_y": 80,
  "size_z": 37,
  "snr": 5.086637291664001,
  "spacing_tr": 2.0,
  "spacing_x": 3.0,
  "spacing_y": 3.0,
  "spacing_z": 3.299999952316284,
  "summary_bg_k": 36.771618555879556,
  "summary_bg_mad": 48.16609217151199,
  "summary_bg_mean": 481.3784484863281,
  "summary_bg_median": 49.20513916015625,
  "summary_bg_n": 152699.0,
  "summary_bg_p05": 5.436840200424195,
  "summary_bg_p95": 2551.699169921877,
  "summary_bg_stdv": 1381.033203125,
  "summary_fg_k": 1.412074040698684,
  "summary_fg_mad": 4357.935478849736,
  "summary_fg_mean": 24643.4765625,
  "summary_fg_median": 24057.810546875,
  "summary_fg_n": 42020.0,
  "summary_fg_p05": 18212.47568359375,
  "summary_fg_p95": 33120.559179687494,
  "summary_fg_stdv": 4729.5537109375,
  "tsnr": 90.0393295288086
}