{
  "aor": 0.00098302103250478,
  "aqi": 0.004322307208413002,
  "bids_meta": {
    "AcquisitionNumber": 2,
    "BIDSVersion": "1.1.0",
    "BidsifyVersion": "0.3.1",
    "ConversionSoftware": "dcm2niix",
    "ConversionSoftwareVersion": "v1.0.20181125  GCC5.4.0",
    "EchoTime": 0.02762,
    "FlipAngle": 76.1,
    "ImageComments": "PredictingMentalizing",
    "ImageOrientationPatientDICOM": [
      0.998847,
      0.0449048,
      0.0169728,
      -0.0373243,
      0.948793,
      -0.313685
    ],
    "InstitutionName": "Spinoza Centre for Neuroimaging, location REC",
    "MagneticFieldStrength": 3,
    "Manufacturer": "Philips",
    "ParallelAcquisitionTechnique": "SENSE",
    "ParallelReductionFactorInPlane": 2,
    "PatientPosition": "HFS",
    "PhaseEncodingDirection": "j",
    "PhilipsRescaleIntercept": 0,
    "PhilipsRescaleSlope": 0.76777,
    "PhilipsScaleSlope": 0.0559478,
    "ProtocolName": "WIPPM_HWWSENSE",
    "ReconMatrixPE": 80,
    "RepetitionTime": 2,
    "SeriesDescription": "ImageMRSERIES",
    "SeriesNumber": 2,
    "SliceEncodingDirection": "k",
    "SliceTiming": [
      0.0,
      0.05405405405405406,
      0.10810810810810811,
      0.16216216216216217,
      0.21621621621621623,
      0.2702702702702703,
      0.32432432432432434,
      0.3783783783783784,
      0.43243243243243246,
      0.4864864864864865,
      0.5405405405405406,
      0.5945945945945946,
      0.6486486486486487,
      0.7027027027027027,
      0.7567567567567568,
      0.8108108108108109,
      0.8648648648648649,
      0.918918918918919,
      0.972972972972973,
      1.0270270270270272,
      1.0810810810810811,
      1.135135135135135,
      1.1891891891891893,
      1.2432432432432434,
      1.2972972972972974,
      1.3513513513513513,
      1.4054054054054055,
      1.4594594594594597,
      1.5135135135135136,
      1.5675675675675675,
      1.6216216216216217,
      1.6756756756756759,
      1.7297297297297298,
      1.7837837837837838,
      1.837837837837838,
      1.891891891891892,
      1.945945945945946
    ],
    "TaskName": "other",
    "UsePhilipsFloatNotDisplayScaling": 1,
    "WaterFatShift": 12,
    "dataset": "ds002547",
    "modality": "bold",
    "session_id": "1",
    "subject_id": "12",
    "task_id": "other"
  },
  "dummy_trs": 0,
  "dvars_nstd": 22.972987109137936,
  "dvars_std": 1.3287752645977013,
  "dvars_vstd": 0.9829348609770119,
  "efc": 0.44830945725371024,
  "fber": 228439.90625,
  "fd_mean": 0.17680549011069077,
  "fd_num": 159,
  "fd_perc": 30.40152963671128,
  "fwhm_avg": 2.055719100209313,
  "fwhm_x": 2.0050733333333333,
  "fwhm_y": 2.2311900000000002,
  "fwhm_z": 1.9308939672946057,
  "gcor": 0.0128421,
  "gsr_x": -0.013614077121019363,
  "gsr_y": 0.020479675382375717,
  "provenance": {
    "md5sum": "fd859598e3dde7c61d5de67c9f541761",
    "settings": {
      "fd_thres": 0.2,
      "testing": false
    },
    "software": "mriqc",
    "version": "22.0.6",
    "webapi_port": null,
    "webapi_url": "https://mriqc.nimh.nih.gov/api/v1"
  },
  "size_t": 523,
  "size_x": 80,
  "size_y": 80,
  "size_z": 37,
  "snr": 5.134029058996316,
  "spacing_tr": 2.0,
  "spacing_x": 3.0,
  "spacing_y": 3.0,
  "spacing_z": 3.299999952316284,
  "summary_bg_k": 39.24175161914667,
  "summary_bg_mad": 48.26863245289404,
  "summary_bg_mean": 469.27056884765625,
  "summary_bg_median": 49.60063934326172,
  "summary_bg_n": 152982.0,
  "summary_bg_p05": 5.5833378553390505,
  "summary_bg_p95": 2458.467529296871,
  "summary_bg_stdv": 1360.4200439453125,
  "summary_fg_k": 1.4035246345026362,
  "summary_fg_mad": 4424.264553883113,
  "summary_fg_mean": 25064.8671875,
  "summary_fg_median": 24467.498046875,
  "summary_fg_n": 41845.0,
  "summary_fg_p05": 18578.57578125,
  "summary_fg_p95": 33576.557812499996,
  "summary_fg_stdv": 4765.69287109375,
  "tsnr": 84.28682708740234
}