{
  "aor": 0.003185047801147227,
  "aqi": 0.006376900133843213,
  "bids_meta": {
    "AcquisitionNumber": 2,
    "BIDSVersion": "1.1.0",
    "BidsifyVersion": "0.3.1",
    "ConversionSoftware": "dcm2niix",
    "ConversionSoftwareVersion": "v1.0.20181125  GCC5.4.0",
    "EchoTime": 0.02762,
    "FlipAngle": 76.1,
    "ImageComments": "PredictingMentalizing",
    "ImageOrientationPatientDICOM": [
      0.998615,
      0.0524264,
      0.00439298,
      -0.0462201,
      0.914146,
      -0.402741
    ],
    "InstitutionName": "Spinoza Centre for Neuroimaging, location REC",
    "MagneticFieldStrength": 3,
    "Manufacturer": "Philips",
    "ParallelAcquisitionTechnique": "SENSE",
    "ParallelReductionFactorInPlane": 2,
    "PatientPosition": "HFS",
    "PhaseEncodingDirection": "j",
    "PhilipsRescaleIntercept": 0,
    "PhilipsRescaleSlope": 0.82173,
    "PhilipsScaleSlope": 0.0587721,
    "ProtocolName": "WIPPM_HWWSENSE",
    "ReconMatrixPE": 80,
    "RepetitionTime": 2,
    "SeriesDescription": "ImageMRSERIES",
    "SeriesNumber": 2,
    "SliceEncodingDirection": "k",
    "SliceTiming": [
      0.0,
      0.05405405405405406,
      0.10810810810810811,
      0.16216216216216217,
      0.21621621621621623,
      0.2702702702702703,
      0.32432432432432434,
      0.3783783783783784,
      0.43243243243243246,
      0.4864864864864865,
      0.5405405405405406,
      0.5945945945945946,
      0.6486486486486487,
      0.7027027027027027,
      0.7567567567567568,
      0.8108108108108109,
      0.8648648648648649,
      0.918918918918919,
      0.972972972972973,
      1.0270270270270272,
      1.0810810810810811,
      1.135135135135135,
      1.1891891891891893,
      1.2432432432432434,
      1.2972972972972974,
      1.3513513513513513,
      1.4054054054054055,
      1.4594594594594597,
      1.5135135135135136,
      1.5675675675675675,
      1.6216216216216217,
      1.6756756756756759,
      1.7297297297297298,
      1.7837837837837838,
      1.837837837837838,
      1.891891891891892,
      1.945945945945946
    ],
    "TaskName": "other",
    "UsePhilipsFloatNotDisplayScaling": 1,
    "WaterFatShift": 12,
    "dataset": "ds002547",
    "modality": "bold",
    "session_id": "1",
    "subject_id": "18",
    "task_id": "other"
  },
  "dummy_trs": 0,
  "dvars_nstd": 21.649908946340968,
  "dvars_std": 1.189431482567049,
  "dvars_vstd": 1.0250449423563228,
  "efc": 0.42093725240488594,
  "fber": 196082.46875,
  "fd_mean": 0.13930744051154856,
  "fd_num": 62,
  "fd_perc": 11.854684512428298,
  "fwhm_avg": 1.9318142511584195,
  "fwhm_x": 1.94599,
  "fwhm_y": 2.03608,
  "fwhm_z": 1.813372753475258,
  "gcor": 0.0178427,
  "gsr_x": -0.023496871814131737,
  "gsr_y": 0.020059669390320778,
  "provenance": {
    "md5sum": "128bf47c855cb7edf00ebe59d9984779",
    "settings": {
      "fd_thres": 0.2,
      "testing": false
    },
    "software": "mriqc",
    "version": "22.0.6",
    "webapi_port": null,
    "webapi_url": "https://mriqc.nimh.nih.gov/api/v1"
  },
  "size_t": 523,
  "size_x": 80,
  "size_y": 80,
  "size_z": 37,
  "snr": 4.742536335887221,
  "spacing_tr": 2.0,
  "spacing_x": 3.0,
  "spacing_y": 3.0,
  "spacing_z": 3.299999952316284,
  "summary_bg_k": 80.58683971337226,
  "summary_bg_mad": 50.317802882451424,
  "summary_bg_mean": 482.39691162109375,
  "summary_bg_median": 48.35368347167969,
  "summary_bg_n": 160236.0,
  "summary_bg_p05": 5.409598231315613,
  "summary_bg_p95": 2644.7728271484375,
  "summary_bg_stdv": 1462.291748046875,
  "summary_fg_k": 1.0367637268792311,
  "summary_fg_mad": 4395.715774054506,
  "summary_fg_mean": 22596.236328125,
  "summary_fg_median": 22065.85546875,
  "summary_fg_n": 35179.0,
  "summary_fg_p05": 15956.75625,
  "summary_fg_p95": 30677.6923828125,
  "summary_fg_stdv": 4652.68798828125,
  "tsnr": 61.819671630859375
}