{
  "aor": 0.0010621926910299006,
  "aqi": 0.004264252524916943,
  "bids_meta": {
    "AcquisitionNumber": 6,
    "BIDSVersion": "1.1.0",
    "BidsifyVersion": "0.3.1",
    "ConversionSoftware": "dcm2niix",
    "ConversionSoftwareVersion": "v1.0.20181125  GCC5.4.0",
    "EchoTime": 0.02763,
    "FlipAngle": 76.1,
    "ImageComments": "HWW",
    "ImageOrientationPatientDICOM": [
      0.999483,
      -0.0290188,
      -0.0138192,
      0.0212852,
      0.919754,
      -0.391917
    ],
    "InstitutionName": "Spinoza Centre for Neuroimaging, location REC",
    "MagneticFieldStrength": 3,
    "Manufacturer": "Philips",
    "ParallelAcquisitionTechnique": "SENSE",
    "ParallelReductionFactorInPlane": 2,
    "PatientPosition": "HFS",
    "PhaseEncodingDirection": "j",
    "PhilipsRescaleIntercept": 0,
    "PhilipsRescaleSlope": 2.69524,
    "PhilipsScaleSlope": 0.00117104,
    "ProtocolName": "WIPPM_Zinnen2SENSE",
    "ReconMatrixPE": 80,
    "RepetitionTime": 2,
    "SeriesDescription": "ImageMRSERIES",
    "SeriesNumber": 6,
    "SliceEncodingDirection": "k",
    "SliceTiming": [
      0.0,
      0.05405405405405406,
      0.10810810810810811,
      0.16216216216216217,
      0.21621621621621623,
      0.2702702702702703,
      0.32432432432432434,
      0.3783783783783784,
      0.43243243243243246,
      0.4864864864864865,
      0.5405405405405406,
      0.5945945945945946,
      0.6486486486486487,
      0.7027027027027027,
      0.7567567567567568,
      0.8108108108108109,
      0.8648648648648649,
      0.918918918918919,
      0.972972972972973,
      1.0270270270270272,
      1.0810810810810811,
      1.135135135135135,
      1.1891891891891893,
      1.2432432432432434,
      1.2972972972972974,
      1.3513513513513513,
      1.4054054054054055,
      1.4594594594594597,
      1.5135135135135136,
      1.5675675675675675,
      1.6216216216216217,
      1.6756756756756759,
      1.7297297297297298,
      1.7837837837837838,
      1.837837837837838,
      1.891891891891892,
      1.945945945945946
    ],
    "TaskName": "self",
    "UsePhilipsFloatNotDisplayScaling": 1,
    "WaterFatShift": 12,
    "dataset": "ds002547",
    "modality": "bold",
    "run_id": 2,
    "session_id": "2",
    "subject_id": "17",
    "task_id": "self"
  },
  "dummy_trs": 0,
  "dvars_nstd": 18.035300760299986,
  "dvars_std": 1.2161613725666656,
  "dvars_vstd": 0.9988370647000004,
  "efc": 0.4204511540068283,
  "fber": 52474984.0,
  "fd_mean": 0.10901607405964578,
  "fd_num": 14,
  "fd_perc": 4.651162790697675,
  "fwhm_avg": 2.1181366290829096,
  "fwhm_x": 2.0777433333333333,
  "fwhm_y": 2.3259,
  "fwhm_z": 1.9507665539153962,
  "gcor": 0.0174427,
  "gsr_x": -0.02171364612877369,
  "gsr_y": 0.01425002608448267,
  "provenance": {
    "md5sum": "96fd27bdba3a3c877a894068159458b5",
    "settings": {
      "fd_thres": 0.2,
      "testing": false
    },
    "software": "mriqc",
    "version": "22.0.6",
    "webapi_port": null,
    "webapi_url": "https://mriqc.nimh.nih.gov/api/v1"
  },
  "size_t": 301,
  "size_x": 80,
  "size_y": 80,
  "size_z": 37,
  "snr": 5.36163519334861,
  "spacing_tr": 2.0,
  "spacing_x": 3.0,
  "spacing_y": 3.0,
  "spacing_z": 3.3000001907348633,
  "summary_bg_k": 102.38943184462185,
  "summary_bg_mad": 67.85468888668873,
  "summary_bg_mean": 7852.5419921875,
  "summary_bg_median": 46.15432357788086,
  "summary_bg_n": 160562.0,
  "summary_bg_p05": 0.36320767998695375,
  "summary_bg_p95": 44951.53398437491,
  "summary_bg_stdv": 25562.845703125,
  "summary_fg_k": 3.85243525369106,
  "summary_fg_mad": 56656.161177973074,
  "summary_fg_mean": 362466.6875,
  "summary_fg_median": 355303.5,
  "summary_fg_n": 35055.0,
  "summary_fg_p05": 272091.00625,
  "summary_fg_p95": 464478.528125,
  "summary_fg_stdv": 66266.8046875,
  "tsnr": 85.3592300415039
}