{
  "aor": 0.0015274750830564783,
  "aqi": 0.005957542657807309,
  "bids_meta": {
    "AcquisitionNumber": 5,
    "BIDSVersion": "1.1.0",
    "BidsifyVersion": "0.3.1",
    "ConversionSoftware": "dcm2niix",
    "ConversionSoftwareVersion": "v1.0.20181125  GCC5.4.0",
    "EchoTime": 0.02763,
    "FlipAngle": 76.1,
    "ImageComments": "HWW",
    "ImageOrientationPatientDICOM": [
      0.999483,
      -0.0290188,
      -0.0138192,
      0.0212852,
      0.919754,
      -0.391917
    ],
    "InstitutionName": "Spinoza Centre for Neuroimaging, location REC",
    "MagneticFieldStrength": 3,
    "Manufacturer": "Philips",
    "ParallelAcquisitionTechnique": "SENSE",
    "ParallelReductionFactorInPlane": 2,
    "PatientPosition": "HFS",
    "PhaseEncodingDirection": "j",
    "PhilipsRescaleIntercept": 0,
    "PhilipsRescaleSlope": 2.82808,
    "PhilipsScaleSlope": 0.00117229,
    "ProtocolName": "WIPPM_Zinnen1SENSE",
    "ReconMatrixPE": 80,
    "RepetitionTime": 2,
    "SeriesDescription": "ImageMRSERIES",
    "SeriesNumber": 5,
    "SliceEncodingDirection": "k",
    "SliceTiming": [
      0.0,
      0.05405405405405406,
      0.10810810810810811,
      0.16216216216216217,
      0.21621621621621623,
      0.2702702702702703,
      0.32432432432432434,
      0.3783783783783784,
      0.43243243243243246,
      0.4864864864864865,
      0.5405405405405406,
      0.5945945945945946,
      0.6486486486486487,
      0.7027027027027027,
      0.7567567567567568,
      0.8108108108108109,
      0.8648648648648649,
      0.918918918918919,
      0.972972972972973,
      1.0270270270270272,
      1.0810810810810811,
      1.135135135135135,
      1.1891891891891893,
      1.2432432432432434,
      1.2972972972972974,
      1.3513513513513513,
      1.4054054054054055,
      1.4594594594594597,
      1.5135135135135136,
      1.5675675675675675,
      1.6216216216216217,
      1.6756756756756759,
      1.7297297297297298,
      1.7837837837837838,
      1.837837837837838,
      1.891891891891892,
      1.945945945945946
    ],
    "TaskName": "self",
    "UsePhilipsFloatNotDisplayScaling": 1,
    "WaterFatShift": 12,
    "dataset": "ds002547",
    "modality": "bold",
    "run_id": 1,
    "session_id": "2",
    "subject_id": "17",
    "task_id": "self"
  },
  "dummy_trs": 0,
  "dvars_nstd": 18.422778345666668,
  "dvars_std": 1.1942398368,
  "dvars_vstd": 0.9799721277999996,
  "efc": 0.41999947575388746,
  "fber": 18967848.0,
  "fd_mean": 0.11573579547604337,
  "fd_num": 17,
  "fd_perc": 5.647840531561462,
  "fwhm_avg": 2.1282560224728684,
  "fwhm_x": 2.0775799999999998,
  "fwhm_y": 2.3279033333333334,
  "fwhm_z": 1.979284734085272,
  "gcor": 0.0243452,
  "gsr_x": -0.021825721487402916,
  "gsr_y": 0.01247786357998848,
  "provenance": {
    "md5sum": "6bfff0961a93ae2df57f6e0658a9859e",
    "settings": {
      "fd_thres": 0.2,
      "testing": false
    },
    "software": "mriqc",
    "version": "22.0.6",
    "webapi_port": null,
    "webapi_url": "https://mriqc.nimh.nih.gov/api/v1"
  },
  "size_t": 301,
  "size_x": 80,
  "size_y": 80,
  "size_z": 37,
  "snr": 5.319132962898514,
  "spacing_tr": 2.0,
  "spacing_x": 3.0,
  "spacing_y": 3.0,
  "spacing_z": 3.3000001907348633,
  "summary_bg_k": 101.51210722885033,
  "summary_bg_mad": 115.18301722447255,
  "summary_bg_mean": 7819.75244140625,
  "summary_bg_median": 78.14775085449219,
  "summary_bg_n": 160692.0,
  "summary_bg_p05": 0.3861835598945618,
  "summary_bg_p95": 44486.38437499991,
  "summary_bg_stdv": 25414.248046875,
  "summary_fg_k": 3.77748891758773,
  "summary_fg_mad": 57349.648365679066,
  "summary_fg_mean": 363292.4375,
  "summary_fg_median": 356079.15625,
  "summary_fg_n": 34961.0,
  "summary_fg_p05": 272157.21875,
  "summary_fg_p95": 466847.34375,
  "summary_fg_stdv": 66942.125,
  "tsnr": 77.23612976074219
}