{
  "bids_meta": {
    "AcquisitionNumber": 3,
    "BIDSVersion": "1.1.0",
    "BidsifyVersion": "0.3.1",
    "ConversionSoftware": "dcm2niix",
    "ConversionSoftwareVersion": "v1.0.20181125  GCC5.4.0",
    "EchoTime": 0.00373,
    "ImageComments": "HWW",
    "ImageOrientationPatientDICOM": [
      0.999997,
      -0.00226477,
      -0.000137329,
      0.00226893,
      0.998164,
      0.0605258
    ],
    "InstitutionName": "Spinoza Centre for Neuroimaging, location REC",
    "MagneticFieldStrength": 3,
    "Manufacturer": "Philips",
    "ParallelAcquisitionTechnique": "SENSE",
    "PatientPosition": "HFS",
    "PhilipsRescaleIntercept": 0,
    "PhilipsRescaleSlope": 14.2388,
    "PhilipsScaleSlope": 0.000280043,
    "ProtocolName": "WIPsT13DTFE_P25_S2_3mSENSE",
    "ReconMatrixPE": 240,
    "RepetitionTime": 0.00814,
    "SeriesDescription": "ImageMRSERIES",
    "SeriesNumber": 3,
    "UsePhilipsFloatNotDisplayScaling": 1,
    "dataset": "ds002547",
    "modality": "T1w",
    "session_id": "1",
    "subject_id": "08"
  },
  "cjv": 0.30554408165472924,
  "cnr": 4.340665622074875,
  "efc": 0.7191915184550213,
  "fber": -1.0,
  "fwhm_avg": 4.175619999999999,
  "fwhm_x": 4.08401,
  "fwhm_y": 4.36,
  "fwhm_z": 4.08285,
  "icvs_csf": 0.26894982465726336,
  "icvs_gm": 0.41426113220841715,
  "icvs_wm": 0.3167890431343195,
  "inu_med": 0.6710877418518066,
  "inu_range": 0.1960659921169281,
  "provenance": {
    "md5sum": "01405634fff98fe340b7318185f6af5e",
    "settings": {
      "testing": false
    },
    "software": "mriqc",
    "version": "22.0.6",
    "warnings": {
      "large_rot_frame": true,
      "small_air_mask": true
    },
    "webapi_port": null,
    "webapi_url": "https://mriqc.nimh.nih.gov/api/v1"
  },
  "qi_1": 0.0002698487905439963,
  "qi_2": 5.925832909937767e-06,
  "rpve_csf": 22.223799891076013,
  "rpve_gm": 14.082968168105925,
  "rpve_wm": 22.492260227651908,
  "size_x": 240,
  "size_y": 240,
  "size_z": 220,
  "snr_csf": 1.467235313033305,
  "snr_gm": 6.341957824657052,
  "snr_total": 9.421170431754737,
  "snr_wm": 20.454318157573855,
  "snrd_csf": 14.969576813777376,
  "snrd_gm": 63.35774816169371,
  "snrd_total": 63.772676353794644,
  "snrd_wm": 112.99070408591284,
  "spacing_x": 1.0,
  "spacing_y": 1.0,
  "spacing_z": 1.0,
  "summary_bg_k": 586.4443946781233,
  "summary_bg_mad": 0.0,
  "summary_bg_mean": 1.391688913694048,
  "summary_bg_median": 0.0,
  "summary_bg_n": 166313.0,
  "summary_bg_p05": 0.0,
  "summary_bg_p95": 10.015181079506874,
  "summary_bg_stdv": 5.798144339955383,
  "summary_csf_k": 0.313905638500084,
  "summary_csf_mad": 91.9358438107182,
  "summary_csf_mean": 149.22492683234722,
  "summary_csf_median": 132.4850322380662,
  "summary_csf_n": 25260.0,
  "summary_csf_p05": 30.402927068620922,
  "summary_csf_p95": 314.47774012610313,
  "summary_csf_stdv": 90.2939076015166,
  "summary_gm_k": -0.048776554868201316,
  "summary_gm_mad": 89.1693282795218,
  "summary_gm_mean": 560.6015611198661,
  "summary_gm_median": 560.7341751977801,
  "summary_gm_n": 28344.0,
  "summary_gm_p05": 415.16826224029063,
  "summary_gm_p95": 707.1951290749013,
  "summary_gm_stdv": 88.41501300204109,
  "summary_wm_k": 0.7748646935272285,
  "summary_wm_mad": 45.04575006162697,
  "summary_wm_mean": 998.9525310521216,
  "summary_wm_median": 1000.0000173449516,
  "summary_wm_n": 176949.0,
  "summary_wm_p05": 916.6315415799618,
  "summary_wm_p95": 1076.0943089574575,
  "summary_wm_stdv": 48.88929486499143,
  "tpm_overlap_csf": 0.1622429352013828,
  "tpm_overlap_gm": 0.4737472887984608,
  "tpm_overlap_wm": 0.521731098975095,
  "wm2max": 0.7729591357994694
}