{
  "aor": 0.00030916943521594687,
  "aqi": 0.003810374186046512,
  "bids_meta": {
    "AcquisitionNumber": 6,
    "BIDSVersion": "1.1.0",
    "BidsifyVersion": "0.3.1",
    "ConversionSoftware": "dcm2niix",
    "ConversionSoftwareVersion": "v1.0.20181125  GCC5.4.0",
    "EchoTime": 0.02763,
    "FlipAngle": 76.1,
    "ImageComments": "HWW",
    "ImageOrientationPatientDICOM": [
      0.999936,
      -0.00733511,
      0.00856728,
      0.0104717,
      0.885933,
      -0.463696
    ],
    "InstitutionName": "Spinoza Centre for Neuroimaging, location REC",
    "MagneticFieldStrength": 3,
    "Manufacturer": "Philips",
    "ParallelAcquisitionTechnique": "SENSE",
    "ParallelReductionFactorInPlane": 2,
    "PatientPosition": "HFS",
    "PhaseEncodingDirection": "j",
    "PhilipsRescaleIntercept": 0,
    "PhilipsRescaleSlope": 2.06398,
    "PhilipsScaleSlope": 0.00121411,
    "ProtocolName": "WIPPM_Zinnen2SENSE",
    "ReconMatrixPE": 80,
    "RepetitionTime": 2,
    "SeriesDescription": "ImageMRSERIES",
    "SeriesNumber": 6,
    "SliceEncodingDirection": "k",
    "SliceTiming": [
      0.0,
      0.05405405405405406,
      0.10810810810810811,
      0.16216216216216217,
      0.21621621621621623,
      0.2702702702702703,
      0.32432432432432434,
      0.3783783783783784,
      0.43243243243243246,
      0.4864864864864865,
      0.5405405405405406,
      0.5945945945945946,
      0.6486486486486487,
      0.7027027027027027,
      0.7567567567567568,
      0.8108108108108109,
      0.8648648648648649,
      0.918918918918919,
      0.972972972972973,
      1.0270270270270272,
      1.0810810810810811,
      1.135135135135135,
      1.1891891891891893,
      1.2432432432432434,
      1.2972972972972974,
      1.3513513513513513,
      1.4054054054054055,
      1.4594594594594597,
      1.5135135135135136,
      1.5675675675675675,
      1.6216216216216217,
      1.6756756756756759,
      1.7297297297297298,
      1.7837837837837838,
      1.837837837837838,
      1.891891891891892,
      1.945945945945946
    ],
    "TaskName": "self",
    "UsePhilipsFloatNotDisplayScaling": 1,
    "WaterFatShift": 12,
    "dataset": "ds002547",
    "modality": "bold",
    "run_id": 2,
    "session_id": "1",
    "subject_id": "07",
    "task_id": "self"
  },
  "dummy_trs": 0,
  "dvars_nstd": 17.77376524926667,
  "dvars_std": 1.149097869566667,
  "dvars_vstd": 0.9907127278333335,
  "efc": 0.4442312984581292,
  "fber": 1810695.75,
  "fd_mean": 0.08229902882725294,
  "fd_num": 3,
  "fd_perc": 0.9966777408637874,
  "fwhm_avg": 1.9234586956279098,
  "fwhm_x": 1.8701299999999998,
  "fwhm_y": 2.0816733333333333,
  "fwhm_z": 1.818572753550396,
  "gcor": 0.0107094,
  "gsr_x": -0.017022637650370598,
  "gsr_y": 0.005538078956305981,
  "provenance": {
    "md5sum": "a4434628fdc1b8eeb716bc82582ecedf",
    "settings": {
      "fd_thres": 0.2,
      "testing": false
    },
    "software": "mriqc",
    "version": "22.0.6",
    "webapi_port": null,
    "webapi_url": "https://mriqc.nimh.nih.gov/api/v1"
  },
  "size_t": 301,
  "size_x": 80,
  "size_y": 80,
  "size_z": 37,
  "snr": 5.679320149474017,
  "spacing_tr": 2.0,
  "spacing_x": 3.0,
  "spacing_y": 3.0,
  "spacing_z": 3.299999952316284,
  "summary_bg_k": 52.96553185413652,
  "summary_bg_mad": 348.7635502280771,
  "summary_bg_mean": 8502.55078125,
  "summary_bg_median": 237.38233947753906,
  "summary_bg_n": 156241.0,
  "summary_bg_p05": 1.6395052671432495,
  "summary_bg_p95": 47258.53515625,
  "summary_bg_stdv": 24360.58984375,
  "summary_fg_k": 3.2431157474433965,
  "summary_fg_mad": 50381.464270022065,
  "summary_fg_mean": 346040.46875,
  "summary_fg_median": 340477.78125,
  "summary_fg_n": 38289.0,
  "summary_fg_p05": 262660.2125,
  "summary_fg_p95": 442280.675,
  "summary_fg_stdv": 59949.6640625,
  "tsnr": 88.1327133178711
}