{
  "aor": 0.0005155813953488372,
  "aqi": 0.004705996312292359,
  "bids_meta": {
    "AcquisitionNumber": 5,
    "BIDSVersion": "1.1.0",
    "BidsifyVersion": "0.3.1",
    "ConversionSoftware": "dcm2niix",
    "ConversionSoftwareVersion": "v1.0.20181125  GCC5.4.0",
    "EchoTime": 0.02763,
    "FlipAngle": 76.1,
    "ImageComments": "HWW",
    "ImageOrientationPatientDICOM": [
      0.999936,
      -0.00733511,
      0.00856728,
      0.0104717,
      0.885933,
      -0.463696
    ],
    "InstitutionName": "Spinoza Centre for Neuroimaging, location REC",
    "MagneticFieldStrength": 3,
    "Manufacturer": "Philips",
    "ParallelAcquisitionTechnique": "SENSE",
    "ParallelReductionFactorInPlane": 2,
    "PatientPosition": "HFS",
    "PhaseEncodingDirection": "j",
    "PhilipsRescaleIntercept": 0,
    "PhilipsRescaleSlope": 1.85934,
    "PhilipsScaleSlope": 0.00122052,
    "ProtocolName": "WIPPM_Zinnen1SENSE",
    "ReconMatrixPE": 80,
    "RepetitionTime": 2,
    "SeriesDescription": "ImageMRSERIES",
    "SeriesNumber": 5,
    "SliceEncodingDirection": "k",
    "SliceTiming": [
      0.0,
      0.05405405405405406,
      0.10810810810810811,
      0.16216216216216217,
      0.21621621621621623,
      0.2702702702702703,
      0.32432432432432434,
      0.3783783783783784,
      0.43243243243243246,
      0.4864864864864865,
      0.5405405405405406,
      0.5945945945945946,
      0.6486486486486487,
      0.7027027027027027,
      0.7567567567567568,
      0.8108108108108109,
      0.8648648648648649,
      0.918918918918919,
      0.972972972972973,
      1.0270270270270272,
      1.0810810810810811,
      1.135135135135135,
      1.1891891891891893,
      1.2432432432432434,
      1.2972972972972974,
      1.3513513513513513,
      1.4054054054054055,
      1.4594594594594597,
      1.5135135135135136,
      1.5675675675675675,
      1.6216216216216217,
      1.6756756756756759,
      1.7297297297297298,
      1.7837837837837838,
      1.837837837837838,
      1.891891891891892,
      1.945945945945946
    ],
    "TaskName": "self",
    "UsePhilipsFloatNotDisplayScaling": 1,
    "WaterFatShift": 12,
    "dataset": "ds002547",
    "modality": "bold",
    "run_id": 1,
    "session_id": "1",
    "subject_id": "07",
    "task_id": "self"
  },
  "dummy_trs": 0,
  "dvars_nstd": 18.954587968100004,
  "dvars_std": 1.1796263409666674,
  "dvars_vstd": 0.9915597245333339,
  "efc": 0.44401265553396535,
  "fber": 1242319.875,
  "fd_mean": 0.10736256550981473,
  "fd_num": 17,
  "fd_perc": 5.647840531561462,
  "fwhm_avg": 1.9113055642278909,
  "fwhm_x": 1.8639999999999999,
  "fwhm_y": 2.069383333333333,
  "fwhm_z": 1.8005333593503399,
  "gcor": 0.0165236,
  "gsr_x": -0.017598463222384453,
  "gsr_y": 0.005928435828536749,
  "provenance": {
    "md5sum": "346823163972e2ff42e2ad90d2dbd0b5",
    "settings": {
      "fd_thres": 0.2,
      "testing": false
    },
    "software": "mriqc",
    "version": "22.0.6",
    "webapi_port": null,
    "webapi_url": "https://mriqc.nimh.nih.gov/api/v1"
  },
  "size_t": 301,
  "size_x": 80,
  "size_y": 80,
  "size_z": 37,
  "snr": 5.765768439245254,
  "spacing_tr": 2.0,
  "spacing_x": 3.0,
  "spacing_y": 3.0,
  "spacing_z": 3.299999952316284,
  "summary_bg_k": 63.737083160594835,
  "summary_bg_mad": 420.8155096125855,
  "summary_bg_mean": 8633.24609375,
  "summary_bg_median": 286.6396484375,
  "summary_bg_n": 156494.0,
  "summary_bg_p05": 1.8639017403125766,
  "summary_bg_p95": 47300.85332031254,
  "summary_bg_stdv": 25274.20703125,
  "summary_fg_k": 2.984715476174223,
  "summary_fg_mad": 50357.09399605538,
  "summary_fg_mean": 344434.9375,
  "summary_fg_median": 339309.40625,
  "summary_fg_n": 38111.0,
  "summary_fg_p05": 261123.2421875,
  "summary_fg_p95": 437709.734375,
  "summary_fg_stdv": 58848.17578125,
  "tsnr": 81.81438446044922
}