{
  "aor": 0.004469302325581396,
  "aqi": 0.0072814169102990035,
  "bids_meta": {
    "AcquisitionNumber": 5,
    "BIDSVersion": "1.1.0",
    "BidsifyVersion": "0.3.1",
    "ConversionSoftware": "dcm2niix",
    "ConversionSoftwareVersion": "v1.0.20181125  GCC5.4.0",
    "EchoTime": 0.02762,
    "FlipAngle": 76.1,
    "ImageComments": "PredictingMentalizing",
    "ImageOrientationPatientDICOM": [
      0.999317,
      0.0252764,
      0.026944,
      -0.0130818,
      0.924161,
      -0.381778
    ],
    "InstitutionName": "Spinoza Centre for Neuroimaging, location REC",
    "MagneticFieldStrength": 3,
    "Manufacturer": "Philips",
    "ParallelAcquisitionTechnique": "SENSE",
    "ParallelReductionFactorInPlane": 2,
    "PatientPosition": "HFS",
    "PhaseEncodingDirection": "j",
    "PhilipsRescaleIntercept": 0,
    "PhilipsRescaleSlope": 0.7956,
    "PhilipsScaleSlope": 0.0609589,
    "ProtocolName": "WIPPM_Zinnen2SENSE",
    "ReconMatrixPE": 80,
    "RepetitionTime": 2,
    "SeriesDescription": "ImageMRSERIES",
    "SeriesNumber": 5,
    "SliceEncodingDirection": "k",
    "SliceTiming": [
      0.0,
      0.05405405405405406,
      0.10810810810810811,
      0.16216216216216217,
      0.21621621621621623,
      0.2702702702702703,
      0.32432432432432434,
      0.3783783783783784,
      0.43243243243243246,
      0.4864864864864865,
      0.5405405405405406,
      0.5945945945945946,
      0.6486486486486487,
      0.7027027027027027,
      0.7567567567567568,
      0.8108108108108109,
      0.8648648648648649,
      0.918918918918919,
      0.972972972972973,
      1.0270270270270272,
      1.0810810810810811,
      1.135135135135135,
      1.1891891891891893,
      1.2432432432432434,
      1.2972972972972974,
      1.3513513513513513,
      1.4054054054054055,
      1.4594594594594597,
      1.5135135135135136,
      1.5675675675675675,
      1.6216216216216217,
      1.6756756756756759,
      1.7297297297297298,
      1.7837837837837838,
      1.837837837837838,
      1.891891891891892,
      1.945945945945946
    ],
    "TaskName": "self",
    "UsePhilipsFloatNotDisplayScaling": 1,
    "WaterFatShift": 12,
    "dataset": "ds002547",
    "modality": "bold",
    "run_id": 2,
    "session_id": "1",
    "subject_id": "10",
    "task_id": "self"
  },
  "dummy_trs": 0,
  "dvars_nstd": 23.07044665669999,
  "dvars_std": 1.3536449821666665,
  "dvars_vstd": 1.0133976674999987,
  "efc": 0.4222781380110042,
  "fber": 224623.03125,
  "fd_mean": 0.16307459013788866,
  "fd_num": 55,
  "fd_perc": 18.272425249169434,
  "fwhm_avg": 2.0258965749290563,
  "fwhm_x": 1.9995133333333335,
  "fwhm_y": 2.1530400000000003,
  "fwhm_z": 1.9251363914538353,
  "gcor": 0.0318802,
  "gsr_x": -0.018091531470417976,
  "gsr_y": 0.010769426822662354,
  "provenance": {
    "md5sum": "eadf2fa557a028a72932a8943c7a83df",
    "settings": {
      "fd_thres": 0.2,
      "testing": false
    },
    "software": "mriqc",
    "version": "22.0.6",
    "webapi_port": null,
    "webapi_url": "https://mriqc.nimh.nih.gov/api/v1"
  },
  "size_t": 301,
  "size_x": 80,
  "size_y": 80,
  "size_z": 37,
  "snr": 6.107254309649883,
  "spacing_tr": 2.0,
  "spacing_x": 3.0,
  "spacing_y": 3.0,
  "spacing_z": 3.299999952316284,
  "summary_bg_k": 39.23053703232061,
  "summary_bg_mad": 45.73657099151974,
  "summary_bg_mean": 429.84820556640625,
  "summary_bg_median": 47.04269027709961,
  "summary_bg_n": 160061.0,
  "summary_bg_p05": 5.556933879852295,
  "summary_bg_p95": 2123.190673828125,
  "summary_bg_stdv": 1233.6728515625,
  "summary_fg_k": 1.7298512333485183,
  "summary_fg_mad": 3413.306479017232,
  "summary_fg_mean": 23285.79296875,
  "summary_fg_median": 22907.017578125,
  "summary_fg_n": 35965.0,
  "summary_fg_p05": 17985.93046875,
  "summary_fg_p95": 29667.772265624993,
  "summary_fg_stdv": 3750.736083984375,
  "tsnr": 71.5860824584961
}