{
  "bids_meta": {
    "AcquisitionNumber": 2,
    "BIDSVersion": "1.1.0",
    "BidsifyVersion": "0.3.1",
    "ConversionSoftware": "dcm2niix",
    "ConversionSoftwareVersion": "v1.0.20181125  GCC5.4.0",
    "EchoTime": 0.00373,
    "ImageComments": "PredictingMentalizing",
    "ImageOrientationPatientDICOM": [
      0.998642,
      0.0324203,
      0.0407752,
      -0.031907,
      0.999404,
      -0.0131768
    ],
    "InstitutionName": "Spinoza Centre for Neuroimaging, location REC",
    "MagneticFieldStrength": 3,
    "Manufacturer": "Philips",
    "ParallelAcquisitionTechnique": "SENSE",
    "PatientPosition": "HFS",
    "PhilipsRescaleIntercept": 0,
    "PhilipsRescaleSlope": 13.0379,
    "PhilipsScaleSlope": 0.00539864,
    "ProtocolName": "WIPsT13DTFE_P25_S2_3mSENSE",
    "ReconMatrixPE": 240,
    "RepetitionTime": 0.008152,
    "SeriesDescription": "ImageMRSERIES",
    "SeriesNumber": 2,
    "UsePhilipsFloatNotDisplayScaling": 1,
    "dataset": "ds002547",
    "modality": "T1w",
    "session_id": "1",
    "subject_id": "10"
  },
  "cjv": 0.23888081483198367,
  "cnr": 5.437190899988606,
  "efc": 0.7527214524928376,
  "fber": -1.0,
  "fwhm_avg": 4.853453333333333,
  "fwhm_x": 4.52633,
  "fwhm_y": 4.87599,
  "fwhm_z": 5.15804,
  "icvs_csf": 0.22995248240336708,
  "icvs_gm": 0.440967507260171,
  "icvs_wm": 0.32908001033646195,
  "inu_med": 0.6126880347728729,
  "inu_range": 0.21507123112678528,
  "provenance": {
    "md5sum": "406a2a71e975e60253092cee911dbcbf",
    "settings": {
      "testing": false
    },
    "software": "mriqc",
    "version": "22.0.6",
    "warnings": {
      "large_rot_frame": true,
      "small_air_mask": true
    },
    "webapi_port": null,
    "webapi_url": "https://mriqc.nimh.nih.gov/api/v1"
  },
  "qi_1": 0.0,
  "qi_2": 0.0001314351679740046,
  "rpve_csf": 23.736969337282336,
  "rpve_gm": 13.236812585615349,
  "rpve_wm": 21.291188464677976,
  "size_x": 240,
  "size_y": 240,
  "size_z": 220,
  "snr_csf": 1.4013364830623898,
  "snr_gm": 8.711398827578408,
  "snr_total": 11.754537727544397,
  "snr_wm": 25.150877871992396,
  "snrd_csf": 9.768981803042593,
  "snrd_gm": 43.436458113207735,
  "snrd_total": 42.81965913146419,
  "snrd_wm": 75.25353747814225,
  "spacing_x": 1.0,
  "spacing_y": 1.0,
  "spacing_z": 1.0,
  "summary_bg_k": 1810.7090629198137,
  "summary_bg_mad": 0.0,
  "summary_bg_mean": 0.7351967672827818,
  "summary_bg_median": 0.0,
  "summary_bg_n": 85981.0,
  "summary_bg_p05": 0.0,
  "summary_bg_p95": 0.0,
  "summary_bg_stdv": 8.705923590695464,
  "summary_csf_k": 6.140107635972754,
  "summary_csf_mad": 82.92695173600015,
  "summary_csf_mean": 151.33786798696516,
  "summary_csf_median": 129.8172550573945,
  "summary_csf_n": 30279.0,
  "summary_csf_p05": 35.64654134772718,
  "summary_csf_p95": 324.0619902975857,
  "summary_csf_stdv": 92.63664574788982,
  "summary_gm_k": 0.24299178636498464,
  "summary_gm_mad": 64.61305916899266,
  "summary_gm_mean": 578.4995372248534,
  "summary_gm_median": 577.21489049308,
  "summary_gm_n": 43142.0,
  "summary_gm_p05": 471.36363099915906,
  "summary_gm_p95": 688.6652709040791,
  "summary_gm_stdv": 66.2589570480396,
  "summary_wm_k": 0.9458236049817392,
  "summary_wm_mad": 36.38771538126392,
  "summary_wm_mean": 999.3157304842,
  "summary_wm_median": 1000.0231207031757,
  "summary_wm_n": 192403.0,
  "summary_wm_p05": 933.5183793827891,
  "summary_wm_p95": 1062.9423890132457,
  "summary_wm_stdv": 39.760859522173696,
  "tpm_overlap_csf": 0.15964352968325973,
  "tpm_overlap_gm": 0.489051164282713,
  "tpm_overlap_wm": 0.5185910555918484,
  "wm2max": 0.7436439949083152
}