{
  "aor": 0.0028078585086042064,
  "aqi": 0.007987125028680687,
  "bids_meta": {
    "AcquisitionNumber": 2,
    "BIDSVersion": "1.1.0",
    "BidsifyVersion": "0.3.1",
    "ConversionSoftware": "dcm2niix",
    "ConversionSoftwareVersion": "v1.0.20181125  GCC5.4.0",
    "EchoTime": 0.02762,
    "FlipAngle": 76.1,
    "ImageComments": "PredictingMentalizing",
    "ImageOrientationPatientDICOM": [
      0.9997,
      0.0149073,
      -0.0194507,
      -0.0198934,
      0.957162,
      -0.288869
    ],
    "InstitutionName": "Spinoza Centre for Neuroimaging, location REC",
    "MagneticFieldStrength": 3,
    "Manufacturer": "Philips",
    "ParallelAcquisitionTechnique": "SENSE",
    "ParallelReductionFactorInPlane": 2,
    "PatientPosition": "HFS",
    "PhaseEncodingDirection": "j",
    "PhilipsRescaleIntercept": 0,
    "PhilipsRescaleSlope": 0.75385,
    "PhilipsScaleSlope": 0.0518741,
    "ProtocolName": "WIPPM_HWWSENSE",
    "ReconMatrixPE": 80,
    "RepetitionTime": 2,
    "SeriesDescription": "ImageMRSERIES",
    "SeriesNumber": 2,
    "SliceEncodingDirection": "k",
    "SliceTiming": [
      0.0,
      0.05405405405405406,
      0.10810810810810811,
      0.16216216216216217,
      0.21621621621621623,
      0.2702702702702703,
      0.32432432432432434,
      0.3783783783783784,
      0.43243243243243246,
      0.4864864864864865,
      0.5405405405405406,
      0.5945945945945946,
      0.6486486486486487,
      0.7027027027027027,
      0.7567567567567568,
      0.8108108108108109,
      0.8648648648648649,
      0.918918918918919,
      0.972972972972973,
      1.0270270270270272,
      1.0810810810810811,
      1.135135135135135,
      1.1891891891891893,
      1.2432432432432434,
      1.2972972972972974,
      1.3513513513513513,
      1.4054054054054055,
      1.4594594594594597,
      1.5135135135135136,
      1.5675675675675675,
      1.6216216216216217,
      1.6756756756756759,
      1.7297297297297298,
      1.7837837837837838,
      1.837837837837838,
      1.891891891891892,
      1.945945945945946
    ],
    "TaskName": "other",
    "UsePhilipsFloatNotDisplayScaling": 1,
    "WaterFatShift": 12,
    "dataset": "ds002547",
    "modality": "bold",
    "session_id": "1",
    "subject_id": "16",
    "task_id": "other"
  },
  "dummy_trs": 0,
  "dvars_nstd": 18.75238945846743,
  "dvars_std": 1.128639843544062,
  "dvars_vstd": 0.9462944940804593,
  "efc": 0.42849484596414505,
  "fber": 259239.328125,
  "fd_mean": 0.11873886171221311,
  "fd_num": 40,
  "fd_perc": 7.648183556405353,
  "fwhm_avg": 2.0643694032392514,
  "fwhm_x": 2.0595433333333335,
  "fwhm_y": 2.2027466666666666,
  "fwhm_z": 1.9308182097177535,
  "gcor": 0.0424511,
  "gsr_x": -0.01891295425593853,
  "gsr_y": 0.01958775706589222,
  "provenance": {
    "md5sum": "a42bc18f3fd236f621ae2d541c85914b",
    "settings": {
      "fd_thres": 0.2,
      "testing": false
    },
    "software": "mriqc",
    "version": "22.0.6",
    "webapi_port": null,
    "webapi_url": "https://mriqc.nimh.nih.gov/api/v1"
  },
  "size_t": 523,
  "size_x": 80,
  "size_y": 80,
  "size_z": 37,
  "snr": 4.897377891300963,
  "spacing_tr": 2.0,
  "spacing_x": 3.0,
  "spacing_y": 3.0,
  "spacing_z": 3.299999952316284,
  "summary_bg_k": 36.244380573991556,
  "summary_bg_mad": 52.376238727522676,
  "summary_bg_mean": 488.3066711425781,
  "summary_bg_median": 47.96537399291992,
  "summary_bg_n": 157902.0,
  "summary_bg_p05": 4.369948482513428,
  "summary_bg_p95": 2571.4989379882795,
  "summary_bg_stdv": 1280.530517578125,
  "summary_fg_k": 1.5319568554042515,
  "summary_fg_mad": 4650.642275828645,
  "summary_fg_mean": 25887.56640625,
  "summary_fg_median": 25127.220703125,
  "summary_fg_n": 37363.0,
  "summary_fg_p05": 18924.78125,
  "summary_fg_p95": 35150.784375,
  "summary_fg_stdv": 5130.68115234375,
  "tsnr": 58.05943298339844
}