{
  "aor": 0.0008316943521594685,
  "aqi": 0.004897434219269103,
  "bids_meta": {
    "AcquisitionNumber": 6,
    "BIDSVersion": "1.1.0",
    "BidsifyVersion": "0.3.1",
    "ConversionSoftware": "dcm2niix",
    "ConversionSoftwareVersion": "v1.0.20181125  GCC5.4.0",
    "EchoTime": 0.02763,
    "FlipAngle": 76.1,
    "ImageComments": "HWW",
    "ImageOrientationPatientDICOM": [
      0.999919,
      -0.0106777,
      -0.00698531,
      0.00820256,
      0.957264,
      -0.289099
    ],
    "InstitutionName": "Spinoza Centre for Neuroimaging, location REC",
    "MagneticFieldStrength": 3,
    "Manufacturer": "Philips",
    "ParallelAcquisitionTechnique": "SENSE",
    "ParallelReductionFactorInPlane": 2,
    "PatientPosition": "HFS",
    "PhaseEncodingDirection": "j",
    "PhilipsRescaleIntercept": 0,
    "PhilipsRescaleSlope": 2.55458,
    "PhilipsScaleSlope": 0.00113402,
    "ProtocolName": "WIPPM_Zinnen2SENSE",
    "ReconMatrixPE": 80,
    "RepetitionTime": 2,
    "SeriesDescription": "ImageMRSERIES",
    "SeriesNumber": 6,
    "SliceEncodingDirection": "k",
    "SliceTiming": [
      0.0,
      0.05405405405405406,
      0.10810810810810811,
      0.16216216216216217,
      0.21621621621621623,
      0.2702702702702703,
      0.32432432432432434,
      0.3783783783783784,
      0.43243243243243246,
      0.4864864864864865,
      0.5405405405405406,
      0.5945945945945946,
      0.6486486486486487,
      0.7027027027027027,
      0.7567567567567568,
      0.8108108108108109,
      0.8648648648648649,
      0.918918918918919,
      0.972972972972973,
      1.0270270270270272,
      1.0810810810810811,
      1.135135135135135,
      1.1891891891891893,
      1.2432432432432434,
      1.2972972972972974,
      1.3513513513513513,
      1.4054054054054055,
      1.4594594594594597,
      1.5135135135135136,
      1.5675675675675675,
      1.6216216216216217,
      1.6756756756756759,
      1.7297297297297298,
      1.7837837837837838,
      1.837837837837838,
      1.891891891891892,
      1.945945945945946
    ],
    "TaskName": "self",
    "UsePhilipsFloatNotDisplayScaling": 1,
    "WaterFatShift": 12,
    "dataset": "ds002547",
    "modality": "bold",
    "run_id": 2,
    "session_id": "1",
    "subject_id": "01",
    "task_id": "self"
  },
  "dummy_trs": 0,
  "dvars_nstd": 19.48460282939998,
  "dvars_std": 1.2004543333666662,
  "dvars_vstd": 0.9828117581666663,
  "efc": 0.4205711177399269,
  "fber": 12620794.0,
  "fd_mean": 0.192311181495905,
  "fd_num": 124,
  "fd_perc": 41.19601328903654,
  "fwhm_avg": 2.079320009344403,
  "fwhm_x": 2.05955,
  "fwhm_y": 2.2383433333333334,
  "fwhm_z": 1.9400666946998755,
  "gcor": 0.0353306,
  "gsr_x": -0.016871634870767593,
  "gsr_y": 0.012510155327618122,
  "provenance": {
    "md5sum": "2ede42d4e1ac8c3c639d48c1264f11c5",
    "settings": {
      "fd_thres": 0.2,
      "testing": false
    },
    "software": "mriqc",
    "version": "22.0.6",
    "webapi_port": null,
    "webapi_url": "https://mriqc.nimh.nih.gov/api/v1"
  },
  "size_t": 301,
  "size_x": 80,
  "size_y": 80,
  "size_z": 37,
  "snr": 5.534377727400715,
  "spacing_tr": 2.0,
  "spacing_x": 3.0,
  "spacing_y": 3.0,
  "spacing_z": 3.299999952316284,
  "summary_bg_k": 46.35971633249984,
  "summary_bg_mad": 148.90574156787244,
  "summary_bg_mean": 7322.796875,
  "summary_bg_median": 102.27885437011719,
  "summary_bg_n": 159268.0,
  "summary_bg_p05": 1.4399586617946625,
  "summary_bg_p95": 38077.119140625,
  "summary_bg_stdv": 23463.123046875,
  "summary_fg_k": 0.5472475167422095,
  "summary_fg_mad": 69947.20358802285,
  "summary_fg_mean": 402304.0625,
  "summary_fg_median": 397609.3125,
  "summary_fg_n": 35728.0,
  "summary_fg_p05": 292398.4734375,
  "summary_fg_p95": 522948.578125,
  "summary_fg_stdv": 71842.5390625,
  "tsnr": 76.48614501953125
}