{
  "aor": 0.00154843853820598,
  "aqi": 0.004953813089700996,
  "bids_meta": {
    "AcquisitionNumber": 5,
    "BIDSVersion": "1.1.0",
    "BidsifyVersion": "0.3.1",
    "ConversionSoftware": "dcm2niix",
    "ConversionSoftwareVersion": "v1.0.20181125  GCC5.4.0",
    "EchoTime": 0.02763,
    "FlipAngle": 76.1,
    "ImageComments": "HWW",
    "ImageOrientationPatientDICOM": [
      0.99499,
      0.0984773,
      0.0172453,
      -0.0903761,
      0.959722,
      -0.266019
    ],
    "InstitutionName": "Spinoza Centre for Neuroimaging, location REC",
    "MagneticFieldStrength": 3,
    "Manufacturer": "Philips",
    "ParallelAcquisitionTechnique": "SENSE",
    "ParallelReductionFactorInPlane": 2,
    "PatientPosition": "HFS",
    "PhaseEncodingDirection": "j",
    "PhilipsRescaleIntercept": 0,
    "PhilipsRescaleSlope": 2.20781,
    "PhilipsScaleSlope": 0.00114108,
    "ProtocolName": "WIPPM_Zinnen1SENSE",
    "ReconMatrixPE": 80,
    "RepetitionTime": 2,
    "SeriesDescription": "ImageMRSERIES",
    "SeriesNumber": 5,
    "SliceEncodingDirection": "k",
    "SliceTiming": [
      0.0,
      0.05405405405405406,
      0.10810810810810811,
      0.16216216216216217,
      0.21621621621621623,
      0.2702702702702703,
      0.32432432432432434,
      0.3783783783783784,
      0.43243243243243246,
      0.4864864864864865,
      0.5405405405405406,
      0.5945945945945946,
      0.6486486486486487,
      0.7027027027027027,
      0.7567567567567568,
      0.8108108108108109,
      0.8648648648648649,
      0.918918918918919,
      0.972972972972973,
      1.0270270270270272,
      1.0810810810810811,
      1.135135135135135,
      1.1891891891891893,
      1.2432432432432434,
      1.2972972972972974,
      1.3513513513513513,
      1.4054054054054055,
      1.4594594594594597,
      1.5135135135135136,
      1.5675675675675675,
      1.6216216216216217,
      1.6756756756756759,
      1.7297297297297298,
      1.7837837837837838,
      1.837837837837838,
      1.891891891891892,
      1.945945945945946
    ],
    "TaskName": "self",
    "UsePhilipsFloatNotDisplayScaling": 1,
    "WaterFatShift": 12,
    "dataset": "ds002547",
    "modality": "bold",
    "run_id": 1,
    "session_id": "1",
    "subject_id": "23",
    "task_id": "self"
  },
  "dummy_trs": 0,
  "dvars_nstd": 23.230115159399993,
  "dvars_std": 1.327258086733333,
  "dvars_vstd": 1.0068466971000003,
  "efc": 0.41334029257836125,
  "fber": 8905501.0,
  "fd_mean": 0.19285590769333813,
  "fd_num": 108,
  "fd_perc": 35.880398671096344,
  "fwhm_avg": 1.9293042511035108,
  "fwhm_x": 1.9190800000000001,
  "fwhm_y": 2.06686,
  "fwhm_z": 1.8019727533105323,
  "gcor": 0.0313334,
  "gsr_x": -0.014511510729789734,
  "gsr_y": 0.010034446604549885,
  "provenance": {
    "md5sum": "d661954747e0d224592b855e25d04b26",
    "settings": {
      "fd_thres": 0.2,
      "testing": false
    },
    "software": "mriqc",
    "version": "22.0.6",
    "webapi_port": null,
    "webapi_url": "https://mriqc.nimh.nih.gov/api/v1"
  },
  "size_t": 301,
  "size_x": 80,
  "size_y": 80,
  "size_z": 37,
  "snr": 5.901229505882732,
  "spacing_tr": 2.0,
  "spacing_x": 3.0,
  "spacing_y": 3.0,
  "spacing_z": 3.299999952316284,
  "summary_bg_k": 62.90864556714013,
  "summary_bg_mad": 194.77070777562648,
  "summary_bg_mean": 9069.775390625,
  "summary_bg_median": 132.30860900878906,
  "summary_bg_n": 162002.0,
  "summary_bg_p05": 0.7651564717292786,
  "summary_bg_p95": 44284.72832031239,
  "summary_bg_stdv": 31013.498046875,
  "summary_fg_k": 1.5716370516927656,
  "summary_fg_mad": 65085.2181033707,
  "summary_fg_mean": 415426.59375,
  "summary_fg_median": 410902.4375,
  "summary_fg_n": 33195.0,
  "summary_fg_p05": 310840.134375,
  "summary_fg_p95": 527586.30625,
  "summary_fg_stdv": 69628.921875,
  "tsnr": 80.26109313964844
}