{
  "aor": 0.0015747992351816443,
  "aqi": 0.009550330095602294,
  "bids_meta": {
    "AcquisitionNumber": 3,
    "BIDSVersion": "1.1.0",
    "BidsifyVersion": "0.3.1",
    "ConversionSoftware": "dcm2niix",
    "ConversionSoftwareVersion": "v1.0.20181125  GCC5.4.0",
    "EchoTime": 0.02762,
    "FlipAngle": 76.1,
    "ImageComments": "PredictingMentalizing",
    "ImageOrientationPatientDICOM": [
      0.992386,
      0.102946,
      -0.0676206,
      -0.12185,
      0.900697,
      -0.417011
    ],
    "InstitutionName": "Spinoza Centre for Neuroimaging, location REC",
    "MagneticFieldStrength": 3,
    "Manufacturer": "Philips",
    "ParallelAcquisitionTechnique": "SENSE",
    "ParallelReductionFactorInPlane": 2,
    "PatientPosition": "HFS",
    "PhaseEncodingDirection": "j",
    "PhilipsRescaleIntercept": 0,
    "PhilipsRescaleSlope": 0.76239,
    "PhilipsScaleSlope": 0.0557764,
    "ProtocolName": "WIPPM_HWWSENSE",
    "ReconMatrixPE": 80,
    "RepetitionTime": 2,
    "SeriesDescription": "ImageMRSERIES",
    "SeriesNumber": 3,
    "SliceEncodingDirection": "k",
    "SliceTiming": [
      0.0,
      0.05405405405405406,
      0.10810810810810811,
      0.16216216216216217,
      0.21621621621621623,
      0.2702702702702703,
      0.32432432432432434,
      0.3783783783783784,
      0.43243243243243246,
      0.4864864864864865,
      0.5405405405405406,
      0.5945945945945946,
      0.6486486486486487,
      0.7027027027027027,
      0.7567567567567568,
      0.8108108108108109,
      0.8648648648648649,
      0.918918918918919,
      0.972972972972973,
      1.0270270270270272,
      1.0810810810810811,
      1.135135135135135,
      1.1891891891891893,
      1.2432432432432434,
      1.2972972972972974,
      1.3513513513513513,
      1.4054054054054055,
      1.4594594594594597,
      1.5135135135135136,
      1.5675675675675675,
      1.6216216216216217,
      1.6756756756756759,
      1.7297297297297298,
      1.7837837837837838,
      1.837837837837838,
      1.891891891891892,
      1.945945945945946
    ],
    "TaskName": "other",
    "UsePhilipsFloatNotDisplayScaling": 1,
    "WaterFatShift": 12,
    "dataset": "ds002547",
    "modality": "bold",
    "session_id": "1",
    "subject_id": "22",
    "task_id": "other"
  },
  "dummy_trs": 0,
  "dvars_nstd": 19.42250314266285,
  "dvars_std": 1.1445580506130264,
  "dvars_vstd": 0.9767733347126435,
  "efc": 0.4400017558912098,
  "fber": 152858.859375,
  "fd_mean": 0.16332474599332758,
  "fd_num": 115,
  "fd_perc": 21.988527724665392,
  "fwhm_avg": 2.007798796800474,
  "fwhm_x": 1.92997,
  "fwhm_y": 2.2411233333333334,
  "fwhm_z": 1.8523030570680885,
  "gcor": 0.0327759,
  "gsr_x": -0.028464866802096367,
  "gsr_y": 0.02325260452926159,
  "provenance": {
    "md5sum": "d2d3e7d1972e63812d53be7b7b3c95f1",
    "settings": {
      "fd_thres": 0.2,
      "testing": false
    },
    "software": "mriqc",
    "version": "22.0.6",
    "webapi_port": null,
    "webapi_url": "https://mriqc.nimh.nih.gov/api/v1"
  },
  "size_t": 523,
  "size_x": 80,
  "size_y": 80,
  "size_z": 37,
  "snr": 5.507040494266558,
  "spacing_tr": 2.0,
  "spacing_x": 3.0,
  "spacing_y": 3.0,
  "spacing_z": 3.299999952316284,
  "summary_bg_k": 43.22647586298686,
  "summary_bg_mad": 57.388255883062826,
  "summary_bg_mean": 688.8413696289062,
  "summary_bg_median": 59.31182861328125,
  "summary_bg_n": 158842.0,
  "summary_bg_p05": 6.565531754493714,
  "summary_bg_p95": 4250.524926757807,
  "summary_bg_stdv": 1921.1138916015625,
  "summary_fg_k": 3.573566893805867,
  "summary_fg_mad": 3686.300747475679,
  "summary_fg_mean": 24295.998046875,
  "summary_fg_median": 23794.30078125,
  "summary_fg_n": 36536.0,
  "summary_fg_p05": 18450.14453125,
  "summary_fg_p95": 31082.04345703125,
  "summary_fg_stdv": 4320.646484375,
  "tsnr": 62.07990646362305
}