{
  "aor": 0.0030157807308970096,
  "aqi": 0.005224617375415283,
  "bids_meta": {
    "AcquisitionNumber": 5,
    "BIDSVersion": "1.1.0",
    "BidsifyVersion": "0.3.1",
    "ConversionSoftware": "dcm2niix",
    "ConversionSoftwareVersion": "v1.0.20181125  GCC5.4.0",
    "EchoTime": 0.02763,
    "FlipAngle": 76.1,
    "ImageComments": "HWW",
    "ImageOrientationPatientDICOM": [
      0.999464,
      0.0160176,
      -0.0285375,
      -0.0240773,
      0.950514,
      -0.309747
    ],
    "InstitutionName": "Spinoza Centre for Neuroimaging, location REC",
    "MagneticFieldStrength": 3,
    "Manufacturer": "Philips",
    "ParallelAcquisitionTechnique": "SENSE",
    "ParallelReductionFactorInPlane": 2,
    "PatientPosition": "HFS",
    "PhaseEncodingDirection": "j",
    "PhilipsRescaleIntercept": 0,
    "PhilipsRescaleSlope": 2.19512,
    "PhilipsScaleSlope": 0.00110419,
    "ProtocolName": "WIPPM_Zinnen2SENSE",
    "ReconMatrixPE": 80,
    "RepetitionTime": 2,
    "SeriesDescription": "ImageMRSERIES",
    "SeriesNumber": 5,
    "SliceEncodingDirection": "k",
    "SliceTiming": [
      0.0,
      0.05405405405405406,
      0.10810810810810811,
      0.16216216216216217,
      0.21621621621621623,
      0.2702702702702703,
      0.32432432432432434,
      0.3783783783783784,
      0.43243243243243246,
      0.4864864864864865,
      0.5405405405405406,
      0.5945945945945946,
      0.6486486486486487,
      0.7027027027027027,
      0.7567567567567568,
      0.8108108108108109,
      0.8648648648648649,
      0.918918918918919,
      0.972972972972973,
      1.0270270270270272,
      1.0810810810810811,
      1.135135135135135,
      1.1891891891891893,
      1.2432432432432434,
      1.2972972972972974,
      1.3513513513513513,
      1.4054054054054055,
      1.4594594594594597,
      1.5135135135135136,
      1.5675675675675675,
      1.6216216216216217,
      1.6756756756756759,
      1.7297297297297298,
      1.7837837837837838,
      1.837837837837838,
      1.891891891891892,
      1.945945945945946
    ],
    "TaskName": "self",
    "UsePhilipsFloatNotDisplayScaling": 1,
    "WaterFatShift": 12,
    "dataset": "ds002547",
    "modality": "bold",
    "run_id": 2,
    "session_id": "2",
    "subject_id": "20",
    "task_id": "self"
  },
  "dummy_trs": 0,
  "dvars_nstd": 19.911214965299997,
  "dvars_std": 1.3032600907666667,
  "dvars_vstd": 1.0336164383,
  "efc": 0.4566910261125627,
  "fber": 2907830.0,
  "fd_mean": 0.16255029296509843,
  "fd_num": 84,
  "fd_perc": 27.906976744186046,
  "fwhm_avg": 1.8757424327381242,
  "fwhm_x": 1.8100866666666666,
  "fwhm_y": 2.05328,
  "fwhm_z": 1.7638606315477057,
  "gcor": 0.0173837,
  "gsr_x": -0.01767723448574543,
  "gsr_y": 0.016979871317744255,
  "provenance": {
    "md5sum": "93e5b45476d2ba816c3db0abf938761d",
    "settings": {
      "fd_thres": 0.2,
      "testing": false
    },
    "software": "mriqc",
    "version": "22.0.6",
    "webapi_port": null,
    "webapi_url": "https://mriqc.nimh.nih.gov/api/v1"
  },
  "size_t": 301,
  "size_x": 80,
  "size_y": 80,
  "size_z": 37,
  "snr": 5.891292221806933,
  "spacing_tr": 2.0,
  "spacing_x": 3.0,
  "spacing_y": 3.0,
  "spacing_z": 3.299999952316284,
  "summary_bg_k": 39.26024886639789,
  "summary_bg_mad": 348.7126142142751,
  "summary_bg_mean": 11056.5166015625,
  "summary_bg_median": 235.63856506347656,
  "summary_bg_n": 153529.0,
  "summary_bg_p05": 0.17931611835956576,
  "summary_bg_p95": 66753.50781250006,
  "summary_bg_stdv": 31958.359375,
  "summary_fg_k": 2.353828041184289,
  "summary_fg_mad": 61581.365747848686,
  "summary_fg_mean": 413255.40625,
  "summary_fg_median": 408092.6875,
  "summary_fg_n": 40871.0,
  "summary_fg_p05": 308294.21875,
  "summary_fg_p95": 523937.796875,
  "summary_fg_stdv": 69269.640625,
  "tsnr": 82.22648620605469
}