{
  "aor": 0.0003496558317399618,
  "aqi": 0.004391903269598471,
  "bids_meta": {
    "AcquisitionNumber": 3,
    "BIDSVersion": "1.1.0",
    "BidsifyVersion": "0.3.1",
    "ConversionSoftware": "dcm2niix",
    "ConversionSoftwareVersion": "v1.0.20181125  GCC5.4.0",
    "EchoTime": 0.02763,
    "FlipAngle": 76.1,
    "ImageComments": "HWW",
    "ImageOrientationPatientDICOM": [
      0.999464,
      0.0160176,
      -0.0285375,
      -0.0240773,
      0.950514,
      -0.309747
    ],
    "InstitutionName": "Spinoza Centre for Neuroimaging, location REC",
    "MagneticFieldStrength": 3,
    "Manufacturer": "Philips",
    "ParallelAcquisitionTechnique": "SENSE",
    "ParallelReductionFactorInPlane": 2,
    "PatientPosition": "HFS",
    "PhaseEncodingDirection": "j",
    "PhilipsRescaleIntercept": 0,
    "PhilipsRescaleSlope": 2.11453,
    "PhilipsScaleSlope": 0.00110862,
    "ProtocolName": "WIPPM_HWWSENSE",
    "ReconMatrixPE": 80,
    "RepetitionTime": 2,
    "SeriesDescription": "ImageMRSERIES",
    "SeriesNumber": 3,
    "SliceEncodingDirection": "k",
    "SliceTiming": [
      0.0,
      0.05405405405405406,
      0.10810810810810811,
      0.16216216216216217,
      0.21621621621621623,
      0.2702702702702703,
      0.32432432432432434,
      0.3783783783783784,
      0.43243243243243246,
      0.4864864864864865,
      0.5405405405405406,
      0.5945945945945946,
      0.6486486486486487,
      0.7027027027027027,
      0.7567567567567568,
      0.8108108108108109,
      0.8648648648648649,
      0.918918918918919,
      0.972972972972973,
      1.0270270270270272,
      1.0810810810810811,
      1.135135135135135,
      1.1891891891891893,
      1.2432432432432434,
      1.2972972972972974,
      1.3513513513513513,
      1.4054054054054055,
      1.4594594594594597,
      1.5135135135135136,
      1.5675675675675675,
      1.6216216216216217,
      1.6756756756756759,
      1.7297297297297298,
      1.7837837837837838,
      1.837837837837838,
      1.891891891891892,
      1.945945945945946
    ],
    "TaskName": "other",
    "UsePhilipsFloatNotDisplayScaling": 1,
    "WaterFatShift": 12,
    "dataset": "ds002547",
    "modality": "bold",
    "session_id": "2",
    "subject_id": "20",
    "task_id": "other"
  },
  "dummy_trs": 0,
  "dvars_nstd": 18.17882649118774,
  "dvars_std": 1.2153683624712641,
  "dvars_vstd": 0.9850081900191566,
  "efc": 0.45529634129258095,
  "fber": 5081047.0,
  "fd_mean": 0.14761677666540746,
  "fd_num": 113,
  "fd_perc": 21.606118546845124,
  "fwhm_avg": 1.877874755980387,
  "fwhm_x": 1.8045966666666666,
  "fwhm_y": 2.0631033333333333,
  "fwhm_z": 1.7659242679411609,
  "gcor": 0.0123003,
  "gsr_x": -0.017721984535455704,
  "gsr_y": 0.01705634593963623,
  "provenance": {
    "md5sum": "69c627348f171926e0908cd29e1f1efe",
    "settings": {
      "fd_thres": 0.2,
      "testing": false
    },
    "software": "mriqc",
    "version": "22.0.6",
    "webapi_port": null,
    "webapi_url": "https://mriqc.nimh.nih.gov/api/v1"
  },
  "size_t": 523,
  "size_x": 80,
  "size_y": 80,
  "size_z": 37,
  "snr": 5.817518145068125,
  "spacing_tr": 2.0,
  "spacing_x": 3.0,
  "spacing_y": 3.0,
  "spacing_z": 3.299999952316284,
  "summary_bg_k": 42.77200243038928,
  "summary_bg_mad": 258.63588941888435,
  "summary_bg_mean": 10621.900390625,
  "summary_bg_median": 175.9049072265625,
  "summary_bg_n": 153451.0,
  "summary_bg_p05": 1.2278209328651428,
  "summary_bg_p95": 63701.548828125,
  "summary_bg_stdv": 31194.7421875,
  "summary_fg_k": 2.454544287228667,
  "summary_fg_mad": 62177.27917704928,
  "summary_fg_mean": 412902.875,
  "summary_fg_median": 407980.53125,
  "summary_fg_n": 40938.0,
  "summary_fg_p05": 306410.2046875,
  "summary_fg_p95": 524656.65,
  "summary_fg_stdv": 70128.796875,
  "tsnr": 86.8951416015625
}