{
  "aor": 0.006843255813953487,
  "aqi": 0.010085942358803985,
  "bids_meta": {
    "AcquisitionNumber": 5,
    "BIDSVersion": "1.1.0",
    "BidsifyVersion": "0.3.1",
    "ConversionSoftware": "dcm2niix",
    "ConversionSoftwareVersion": "v1.0.20181125  GCC5.4.0",
    "EchoTime": 0.02763,
    "FlipAngle": 76.1,
    "ImageComments": "HWW",
    "ImageOrientationPatientDICOM": [
      0.998512,
      0.0545261,
      -0.000959384,
      -0.0533784,
      0.973588,
      -0.221984
    ],
    "InstitutionName": "Spinoza Centre for Neuroimaging, location REC",
    "MagneticFieldStrength": 3,
    "Manufacturer": "Philips",
    "ParallelAcquisitionTechnique": "SENSE",
    "ParallelReductionFactorInPlane": 2,
    "PatientPosition": "HFS",
    "PhaseEncodingDirection": "j",
    "PhilipsRescaleIntercept": 0,
    "PhilipsRescaleSlope": 2.52332,
    "PhilipsScaleSlope": 0.00108154,
    "ProtocolName": "WIPPM_Zinnen2SENSE",
    "ReconMatrixPE": 80,
    "RepetitionTime": 2,
    "SeriesDescription": "ImageMRSERIES",
    "SeriesNumber": 5,
    "SliceEncodingDirection": "k",
    "SliceTiming": [
      0.0,
      0.05405405405405406,
      0.10810810810810811,
      0.16216216216216217,
      0.21621621621621623,
      0.2702702702702703,
      0.32432432432432434,
      0.3783783783783784,
      0.43243243243243246,
      0.4864864864864865,
      0.5405405405405406,
      0.5945945945945946,
      0.6486486486486487,
      0.7027027027027027,
      0.7567567567567568,
      0.8108108108108109,
      0.8648648648648649,
      0.918918918918919,
      0.972972972972973,
      1.0270270270270272,
      1.0810810810810811,
      1.135135135135135,
      1.1891891891891893,
      1.2432432432432434,
      1.2972972972972974,
      1.3513513513513513,
      1.4054054054054055,
      1.4594594594594597,
      1.5135135135135136,
      1.5675675675675675,
      1.6216216216216217,
      1.6756756756756759,
      1.7297297297297298,
      1.7837837837837838,
      1.837837837837838,
      1.891891891891892,
      1.945945945945946
    ],
    "TaskName": "self",
    "UsePhilipsFloatNotDisplayScaling": 1,
    "WaterFatShift": 12,
    "dataset": "ds002547",
    "modality": "bold",
    "run_id": 2,
    "session_id": "2",
    "subject_id": "23",
    "task_id": "self"
  },
  "dummy_trs": 0,
  "dvars_nstd": 24.93127510089999,
  "dvars_std": 1.2366858466000001,
  "dvars_vstd": 1.0105202821666674,
  "efc": 0.41015551696039476,
  "fber": 3959409.0,
  "fd_mean": 0.3083586756029844,
  "fd_num": 186,
  "fd_perc": 61.794019933554814,
  "fwhm_avg": 1.9694050591496834,
  "fwhm_x": 1.99117,
  "fwhm_y": 2.122263333333333,
  "fwhm_z": 1.7947818441157175,
  "gcor": 0.0248263,
  "gsr_x": -0.01585516519844532,
  "gsr_y": 0.01163075864315033,
  "provenance": {
    "md5sum": "7132f7696ea2090065c2586390452555",
    "settings": {
      "fd_thres": 0.2,
      "testing": false
    },
    "software": "mriqc",
    "version": "22.0.6",
    "webapi_port": null,
    "webapi_url": "https://mriqc.nimh.nih.gov/api/v1"
  },
  "size_t": 301,
  "size_x": 80,
  "size_y": 80,
  "size_z": 37,
  "snr": 5.735988009470184,
  "spacing_tr": 2.0,
  "spacing_x": 3.0,
  "spacing_y": 3.0,
  "spacing_z": 3.299999952316284,
  "summary_bg_k": 55.561583640250156,
  "summary_bg_mad": 300.5861161232947,
  "summary_bg_mean": 9371.4111328125,
  "summary_bg_median": 206.160400390625,
  "summary_bg_n": 162840.0,
  "summary_bg_p05": 2.8473621368408204,
  "summary_bg_p95": 47053.46347656245,
  "summary_bg_stdv": 30216.5703125,
  "summary_fg_k": 1.1146557173623126,
  "summary_fg_mad": 69855.81506064777,
  "summary_fg_mean": 431581.03125,
  "summary_fg_median": 427217.71875,
  "summary_fg_n": 32489.0,
  "summary_fg_p05": 316208.775,
  "summary_fg_p95": 552690.0249999999,
  "summary_fg_stdv": 74479.0859375,
  "tsnr": 54.0820426940918
}