{
  "aor": 0.0005906644518272426,
  "aqi": 0.004656509003322259,
  "bids_meta": {
    "AcquisitionNumber": 4,
    "BIDSVersion": "1.1.0",
    "BidsifyVersion": "0.3.1",
    "ConversionSoftware": "dcm2niix",
    "ConversionSoftwareVersion": "v1.0.20181125  GCC5.4.0",
    "EchoTime": 0.02763,
    "FlipAngle": 76.1,
    "ImageComments": "HWW",
    "ImageOrientationPatientDICOM": [
      0.999985,
      -0.000290075,
      -0.00541116,
      -0.00139624,
      0.951058,
      -0.30901
    ],
    "InstitutionName": "Spinoza Centre for Neuroimaging, location REC",
    "MagneticFieldStrength": 3,
    "Manufacturer": "Philips",
    "ParallelAcquisitionTechnique": "SENSE",
    "ParallelReductionFactorInPlane": 2,
    "PatientPosition": "HFS",
    "PhaseEncodingDirection": "j",
    "PhilipsRescaleIntercept": 0,
    "PhilipsRescaleSlope": 2.20293,
    "PhilipsScaleSlope": 0.00104009,
    "ProtocolName": "WIPPM_Zinnen1SENSE",
    "ReconMatrixPE": 80,
    "RepetitionTime": 2,
    "SeriesDescription": "ImageMRSERIES",
    "SeriesNumber": 4,
    "SliceEncodingDirection": "k",
    "SliceTiming": [
      0.0,
      0.05405405405405406,
      0.10810810810810811,
      0.16216216216216217,
      0.21621621621621623,
      0.2702702702702703,
      0.32432432432432434,
      0.3783783783783784,
      0.43243243243243246,
      0.4864864864864865,
      0.5405405405405406,
      0.5945945945945946,
      0.6486486486486487,
      0.7027027027027027,
      0.7567567567567568,
      0.8108108108108109,
      0.8648648648648649,
      0.918918918918919,
      0.972972972972973,
      1.0270270270270272,
      1.0810810810810811,
      1.135135135135135,
      1.1891891891891893,
      1.2432432432432434,
      1.2972972972972974,
      1.3513513513513513,
      1.4054054054054055,
      1.4594594594594597,
      1.5135135135135136,
      1.5675675675675675,
      1.6216216216216217,
      1.6756756756756759,
      1.7297297297297298,
      1.7837837837837838,
      1.837837837837838,
      1.891891891891892,
      1.945945945945946
    ],
    "TaskName": "self",
    "UsePhilipsFloatNotDisplayScaling": 1,
    "WaterFatShift": 12,
    "dataset": "ds002547",
    "modality": "bold",
    "run_id": 1,
    "session_id": "2",
    "subject_id": "15",
    "task_id": "self"
  },
  "dummy_trs": 0,
  "dvars_nstd": 21.660845823299983,
  "dvars_std": 1.272103297033334,
  "dvars_vstd": 0.9732339762333335,
  "efc": 0.4519215453917374,
  "fber": 770201.8125,
  "fd_mean": 0.1782267042473002,
  "fd_num": 106,
  "fd_perc": 35.21594684385382,
  "fwhm_avg": 1.9792700091702047,
  "fwhm_x": 1.88859,
  "fwhm_y": 2.14532,
  "fwhm_z": 1.9039000275106146,
  "gcor": 0.0175349,
  "gsr_x": -0.015630170702934265,
  "gsr_y": 0.01537881325930357,
  "provenance": {
    "md5sum": "7ab9203464be7dee369d4510bde70da8",
    "settings": {
      "fd_thres": 0.2,
      "testing": false
    },
    "software": "mriqc",
    "version": "22.0.6",
    "webapi_port": null,
    "webapi_url": "https://mriqc.nimh.nih.gov/api/v1"
  },
  "size_t": 301,
  "size_x": 80,
  "size_y": 80,
  "size_z": 37,
  "snr": 5.5521147610176245,
  "spacing_tr": 2.0,
  "spacing_x": 3.0,
  "spacing_y": 3.0,
  "spacing_z": 3.299999952316284,
  "summary_bg_k": 32.16714127613883,
  "summary_bg_mad": 727.1599423834015,
  "summary_bg_mean": 12349.5419921875,
  "summary_bg_median": 491.39642333984375,
  "summary_bg_n": 155183.0,
  "summary_bg_p05": 0.6002791523933412,
  "summary_bg_p95": 71314.73515624997,
  "summary_bg_stdv": 31796.529296875,
  "summary_fg_k": 1.8825281624541361,
  "summary_fg_mad": 72395.28100435123,
  "summary_fg_mean": 462073.0625,
  "summary_fg_median": 452706.4375,
  "summary_fg_n": 38859.0,
  "summary_fg_p05": 347343.675,
  "summary_fg_p95": 601408.68125,
  "summary_fg_stdv": 81536.609375,
  "tsnr": 80.25997924804688
}