{
  "aor": 0.0019471428571428571,
  "aqi": 0.004473503588039867,
  "bids_meta": {
    "AcquisitionNumber": 5,
    "BIDSVersion": "1.1.0",
    "BidsifyVersion": "0.3.1",
    "ConversionSoftware": "dcm2niix",
    "ConversionSoftwareVersion": "v1.0.20181125  GCC5.4.0",
    "EchoTime": 0.02763,
    "FlipAngle": 76.1,
    "ImageComments": "HWW",
    "ImageOrientationPatientDICOM": [
      0.999985,
      -0.000290075,
      -0.00541116,
      -0.00139624,
      0.951058,
      -0.30901
    ],
    "InstitutionName": "Spinoza Centre for Neuroimaging, location REC",
    "MagneticFieldStrength": 3,
    "Manufacturer": "Philips",
    "ParallelAcquisitionTechnique": "SENSE",
    "ParallelReductionFactorInPlane": 2,
    "PatientPosition": "HFS",
    "PhaseEncodingDirection": "j",
    "PhilipsRescaleIntercept": 0,
    "PhilipsRescaleSlope": 1.85226,
    "PhilipsScaleSlope": 0.00103741,
    "ProtocolName": "WIPPM_Zinnen2SENSE",
    "ReconMatrixPE": 80,
    "RepetitionTime": 2,
    "SeriesDescription": "ImageMRSERIES",
    "SeriesNumber": 5,
    "SliceEncodingDirection": "k",
    "SliceTiming": [
      0.0,
      0.05405405405405406,
      0.10810810810810811,
      0.16216216216216217,
      0.21621621621621623,
      0.2702702702702703,
      0.32432432432432434,
      0.3783783783783784,
      0.43243243243243246,
      0.4864864864864865,
      0.5405405405405406,
      0.5945945945945946,
      0.6486486486486487,
      0.7027027027027027,
      0.7567567567567568,
      0.8108108108108109,
      0.8648648648648649,
      0.918918918918919,
      0.972972972972973,
      1.0270270270270272,
      1.0810810810810811,
      1.135135135135135,
      1.1891891891891893,
      1.2432432432432434,
      1.2972972972972974,
      1.3513513513513513,
      1.4054054054054055,
      1.4594594594594597,
      1.5135135135135136,
      1.5675675675675675,
      1.6216216216216217,
      1.6756756756756759,
      1.7297297297297298,
      1.7837837837837838,
      1.837837837837838,
      1.891891891891892,
      1.945945945945946
    ],
    "TaskName": "self",
    "UsePhilipsFloatNotDisplayScaling": 1,
    "WaterFatShift": 12,
    "dataset": "ds002547",
    "modality": "bold",
    "run_id": 2,
    "session_id": "2",
    "subject_id": "15",
    "task_id": "self"
  },
  "dummy_trs": 0,
  "dvars_nstd": 22.517749570200014,
  "dvars_std": 1.2836137521666666,
  "dvars_vstd": 0.9871951366666665,
  "efc": 0.4534306802348815,
  "fber": 685398.375,
  "fd_mean": 0.18698345134865993,
  "fd_num": 107,
  "fd_perc": 35.548172757475086,
  "fwhm_avg": 1.9807647565800461,
  "fwhm_x": 1.8924266666666665,
  "fwhm_y": 2.1594433333333334,
  "fwhm_z": 1.8904242697401377,
  "gcor": 0.0171897,
  "gsr_x": -0.016231480985879898,
  "gsr_y": 0.01661892980337143,
  "provenance": {
    "md5sum": "e1fe978b08672273be57c615b561fd66",
    "settings": {
      "fd_thres": 0.2,
      "testing": false
    },
    "software": "mriqc",
    "version": "22.0.6",
    "webapi_port": null,
    "webapi_url": "https://mriqc.nimh.nih.gov/api/v1"
  },
  "size_t": 301,
  "size_x": 80,
  "size_y": 80,
  "size_z": 37,
  "snr": 5.543069811075295,
  "spacing_tr": 2.0,
  "spacing_x": 3.0,
  "spacing_y": 3.0,
  "spacing_z": 3.299999952316284,
  "summary_bg_k": 29.42167296800683,
  "summary_bg_mad": 761.5779126066313,
  "summary_bg_mean": 12609.1923828125,
  "summary_bg_median": 514.780517578125,
  "summary_bg_n": 155103.0,
  "summary_bg_p05": 0.8356754064559937,
  "summary_bg_p95": 73421.06328124998,
  "summary_bg_stdv": 31942.08984375,
  "summary_fg_k": 1.8520772302771222,
  "summary_fg_mad": 72425.72068114992,
  "summary_fg_mean": 456941.3125,
  "summary_fg_median": 447630.28125,
  "summary_fg_n": 38983.0,
  "summary_fg_p05": 342879.425,
  "summary_fg_p95": 594121.725,
  "summary_fg_stdv": 80753.90625,
  "tsnr": 79.94063568115234
}