{
  "aor": 0.0009558471760797342,
  "aqi": 0.0068253199335548175,
  "bids_meta": {
    "AcquisitionNumber": 3,
    "BIDSVersion": "1.1.0",
    "BidsifyVersion": "0.3.1",
    "ConversionSoftware": "dcm2niix",
    "ConversionSoftwareVersion": "v1.0.20181125  GCC5.4.0",
    "EchoTime": 0.02762,
    "FlipAngle": 76.1,
    "ImageComments": "PredictingMentalizing",
    "ImageOrientationPatientDICOM": [
      0.996614,
      0.0798598,
      -0.0195833,
      -0.0817614,
      0.937193,
      -0.339093
    ],
    "InstitutionName": "Spinoza Centre for Neuroimaging, location REC",
    "MagneticFieldStrength": 3,
    "Manufacturer": "Philips",
    "ParallelAcquisitionTechnique": "SENSE",
    "ParallelReductionFactorInPlane": 2,
    "PatientPosition": "HFS",
    "PhaseEncodingDirection": "j",
    "PhilipsRescaleIntercept": 0,
    "PhilipsRescaleSlope": 0.83712,
    "PhilipsScaleSlope": 0.0546289,
    "ProtocolName": "WIPPM_Zinnen1SENSE",
    "ReconMatrixPE": 80,
    "RepetitionTime": 2,
    "SeriesDescription": "ImageMRSERIES",
    "SeriesNumber": 3,
    "SliceEncodingDirection": "k",
    "SliceTiming": [
      0.0,
      0.05405405405405406,
      0.10810810810810811,
      0.16216216216216217,
      0.21621621621621623,
      0.2702702702702703,
      0.32432432432432434,
      0.3783783783783784,
      0.43243243243243246,
      0.4864864864864865,
      0.5405405405405406,
      0.5945945945945946,
      0.6486486486486487,
      0.7027027027027027,
      0.7567567567567568,
      0.8108108108108109,
      0.8648648648648649,
      0.918918918918919,
      0.972972972972973,
      1.0270270270270272,
      1.0810810810810811,
      1.135135135135135,
      1.1891891891891893,
      1.2432432432432434,
      1.2972972972972974,
      1.3513513513513513,
      1.4054054054054055,
      1.4594594594594597,
      1.5135135135135136,
      1.5675675675675675,
      1.6216216216216217,
      1.6756756756756759,
      1.7297297297297298,
      1.7837837837837838,
      1.837837837837838,
      1.891891891891892,
      1.945945945945946
    ],
    "TaskName": "self",
    "UsePhilipsFloatNotDisplayScaling": 1,
    "WaterFatShift": 12,
    "dataset": "ds002547",
    "modality": "bold",
    "run_id": 1,
    "session_id": "1",
    "subject_id": "14",
    "task_id": "self"
  },
  "dummy_trs": 0,
  "dvars_nstd": 20.32877131126667,
  "dvars_std": 1.1792617173,
  "dvars_vstd": 0.9653892117666669,
  "efc": 0.43136201567298865,
  "fber": 157328.390625,
  "fd_mean": 0.09834278347288067,
  "fd_num": 7,
  "fd_perc": 2.3255813953488373,
  "fwhm_avg": 1.9027025341884423,
  "fwhm_x": 1.8409266666666666,
  "fwhm_y": 2.0119233333333333,
  "fwhm_z": 1.8552576025653262,
  "gcor": 0.0162127,
  "gsr_x": -0.012849586084485054,
  "gsr_y": 0.012042668648064137,
  "provenance": {
    "md5sum": "54d0088b3120527d3fc4bf7de4ad662d",
    "settings": {
      "fd_thres": 0.2,
      "testing": false
    },
    "software": "mriqc",
    "version": "22.0.6",
    "webapi_port": null,
    "webapi_url": "https://mriqc.nimh.nih.gov/api/v1"
  },
  "size_t": 301,
  "size_x": 80,
  "size_y": 80,
  "size_z": 37,
  "snr": 4.904252956913786,
  "spacing_tr": 2.0,
  "spacing_x": 3.0,
  "spacing_y": 3.0,
  "spacing_z": 3.299999952316284,
  "summary_bg_k": 35.56225142071837,
  "summary_bg_mad": 69.21465599881121,
  "summary_bg_mean": 531.09130859375,
  "summary_bg_median": 59.398216247558594,
  "summary_bg_n": 158249.0,
  "summary_bg_p05": 3.1938652992248535,
  "summary_bg_p95": 2824.849218750004,
  "summary_bg_stdv": 1445.556884765625,
  "summary_fg_k": 2.5825558165729445,
  "summary_fg_mad": 4198.033065164211,
  "summary_fg_mean": 24657.130859375,
  "summary_fg_median": 24086.40234375,
  "summary_fg_n": 37016.0,
  "summary_fg_p05": 17808.67626953125,
  "summary_fg_p95": 32930.7294921875,
  "summary_fg_stdv": 4911.26318359375,
  "tsnr": 66.71477508544922
}