{
  "aor": 0.0034126245847176085,
  "aqi": 0.011589825448504983,
  "bids_meta": {
    "AcquisitionNumber": 5,
    "BIDSVersion": "1.1.0",
    "BidsifyVersion": "0.3.1",
    "ConversionSoftware": "dcm2niix",
    "ConversionSoftwareVersion": "v1.0.20181125  GCC5.4.0",
    "EchoTime": 0.02763,
    "FlipAngle": 76.1,
    "ImageComments": "HWW",
    "ImageOrientationPatientDICOM": [
      0.999803,
      -0.017163,
      -0.0100151,
      0.0137863,
      0.962073,
      -0.272444
    ],
    "InstitutionName": "Spinoza Centre for Neuroimaging, location REC",
    "MagneticFieldStrength": 3,
    "Manufacturer": "Philips",
    "ParallelAcquisitionTechnique": "SENSE",
    "ParallelReductionFactorInPlane": 2,
    "PatientPosition": "HFS",
    "PhaseEncodingDirection": "j",
    "PhilipsRescaleIntercept": 0,
    "PhilipsRescaleSlope": 2.14628,
    "PhilipsScaleSlope": 0.00118267,
    "ProtocolName": "WIPPM_Zinnen1SENSE",
    "ReconMatrixPE": 80,
    "RepetitionTime": 2,
    "SeriesDescription": "ImageMRSERIES",
    "SeriesNumber": 5,
    "SliceEncodingDirection": "k",
    "SliceTiming": [
      0.0,
      0.05405405405405406,
      0.10810810810810811,
      0.16216216216216217,
      0.21621621621621623,
      0.2702702702702703,
      0.32432432432432434,
      0.3783783783783784,
      0.43243243243243246,
      0.4864864864864865,
      0.5405405405405406,
      0.5945945945945946,
      0.6486486486486487,
      0.7027027027027027,
      0.7567567567567568,
      0.8108108108108109,
      0.8648648648648649,
      0.918918918918919,
      0.972972972972973,
      1.0270270270270272,
      1.0810810810810811,
      1.135135135135135,
      1.1891891891891893,
      1.2432432432432434,
      1.2972972972972974,
      1.3513513513513513,
      1.4054054054054055,
      1.4594594594594597,
      1.5135135135135136,
      1.5675675675675675,
      1.6216216216216217,
      1.6756756756756759,
      1.7297297297297298,
      1.7837837837837838,
      1.837837837837838,
      1.891891891891892,
      1.945945945945946
    ],
    "TaskName": "self",
    "UsePhilipsFloatNotDisplayScaling": 1,
    "WaterFatShift": 12,
    "dataset": "ds002547",
    "modality": "bold",
    "run_id": 1,
    "session_id": "1",
    "subject_id": "06",
    "task_id": "self"
  },
  "dummy_trs": 0,
  "dvars_nstd": 26.212060956766663,
  "dvars_std": 1.1076825040333327,
  "dvars_vstd": 0.9396276004999998,
  "efc": 0.41634230492873436,
  "fber": 2284262.75,
  "fd_mean": 0.28428487112052164,
  "fd_num": 140,
  "fd_perc": 46.51162790697674,
  "fwhm_avg": 1.9229939481458207,
  "fwhm_x": 1.8983166666666669,
  "fwhm_y": 2.0536166666666666,
  "fwhm_z": 1.8170485111041288,
  "gcor": 0.0325352,
  "gsr_x": -0.020505916327238083,
  "gsr_y": 0.00978755485266447,
  "provenance": {
    "md5sum": "feb490388f7d7d989270307975488121",
    "settings": {
      "fd_thres": 0.2,
      "testing": false
    },
    "software": "mriqc",
    "version": "22.0.6",
    "webapi_port": null,
    "webapi_url": "https://mriqc.nimh.nih.gov/api/v1"
  },
  "size_t": 301,
  "size_x": 80,
  "size_y": 80,
  "size_z": 37,
  "snr": 5.279592117606513,
  "spacing_tr": 2.0,
  "spacing_x": 3.0,
  "spacing_y": 3.0,
  "spacing_z": 3.299999952316284,
  "summary_bg_k": 50.15357749863737,
  "summary_bg_mad": 340.5532415056711,
  "summary_bg_mean": 6109.1748046875,
  "summary_bg_median": 237.42225646972656,
  "summary_bg_n": 159253.0,
  "summary_bg_p05": 4.969685077667236,
  "summary_bg_p95": 29696.043359374973,
  "summary_bg_stdv": 20327.818359375,
  "summary_fg_k": 1.7284329771573441,
  "summary_fg_mad": 65514.98742146001,
  "summary_fg_mean": 389932.3125,
  "summary_fg_median": 380001.0,
  "summary_fg_n": 36228.0,
  "summary_fg_p05": 290989.0671875,
  "summary_fg_p95": 513942.92031250003,
  "summary_fg_stdv": 71974.453125,
  "tsnr": 49.16474151611328
}