{
  "aor": 0.0052731931166348,
  "aqi": 0.014822848470363288,
  "bids_meta": {
    "AcquisitionNumber": 4,
    "BIDSVersion": "1.1.0",
    "BidsifyVersion": "0.3.1",
    "ConversionSoftware": "dcm2niix",
    "ConversionSoftwareVersion": "v1.0.20181125  GCC5.4.0",
    "EchoTime": 0.02763,
    "FlipAngle": 76.1,
    "ImageComments": "HWW",
    "ImageOrientationPatientDICOM": [
      0.999803,
      -0.017163,
      -0.0100151,
      0.0137863,
      0.962073,
      -0.272444
    ],
    "InstitutionName": "Spinoza Centre for Neuroimaging, location REC",
    "MagneticFieldStrength": 3,
    "Manufacturer": "Philips",
    "ParallelAcquisitionTechnique": "SENSE",
    "ParallelReductionFactorInPlane": 2,
    "PatientPosition": "HFS",
    "PhaseEncodingDirection": "j",
    "PhilipsRescaleIntercept": 0,
    "PhilipsRescaleSlope": 2.19609,
    "PhilipsScaleSlope": 0.00116684,
    "ProtocolName": "WIPPM_HWWSENSE",
    "ReconMatrixPE": 80,
    "RepetitionTime": 2,
    "SeriesDescription": "ImageMRSERIES",
    "SeriesNumber": 4,
    "SliceEncodingDirection": "k",
    "SliceTiming": [
      0.0,
      0.05405405405405406,
      0.10810810810810811,
      0.16216216216216217,
      0.21621621621621623,
      0.2702702702702703,
      0.32432432432432434,
      0.3783783783783784,
      0.43243243243243246,
      0.4864864864864865,
      0.5405405405405406,
      0.5945945945945946,
      0.6486486486486487,
      0.7027027027027027,
      0.7567567567567568,
      0.8108108108108109,
      0.8648648648648649,
      0.918918918918919,
      0.972972972972973,
      1.0270270270270272,
      1.0810810810810811,
      1.135135135135135,
      1.1891891891891893,
      1.2432432432432434,
      1.2972972972972974,
      1.3513513513513513,
      1.4054054054054055,
      1.4594594594594597,
      1.5135135135135136,
      1.5675675675675675,
      1.6216216216216217,
      1.6756756756756759,
      1.7297297297297298,
      1.7837837837837838,
      1.837837837837838,
      1.891891891891892,
      1.945945945945946
    ],
    "TaskName": "other",
    "UsePhilipsFloatNotDisplayScaling": 1,
    "WaterFatShift": 12,
    "dataset": "ds002547",
    "modality": "bold",
    "session_id": "1",
    "subject_id": "06",
    "task_id": "other"
  },
  "dummy_trs": 0,
  "dvars_nstd": 27.366879456111096,
  "dvars_std": 1.1165260282375482,
  "dvars_vstd": 0.9297239039272024,
  "efc": 0.4148807258337906,
  "fber": 3845058.0,
  "fd_mean": 0.3365428770003083,
  "fd_num": 254,
  "fd_perc": 48.565965583174,
  "fwhm_avg": 1.9420113220495836,
  "fwhm_x": 1.90099,
  "fwhm_y": 2.07345,
  "fwhm_z": 1.8515939661487517,
  "gcor": 0.0247643,
  "gsr_x": -0.020762750878930092,
  "gsr_y": 0.008390743285417557,
  "provenance": {
    "md5sum": "aba4741f0dea6f91ff2ed9dc3c7a251f",
    "settings": {
      "fd_thres": 0.2,
      "testing": false
    },
    "software": "mriqc",
    "version": "22.0.6",
    "webapi_port": null,
    "webapi_url": "https://mriqc.nimh.nih.gov/api/v1"
  },
  "size_t": 523,
  "size_x": 80,
  "size_y": 80,
  "size_z": 37,
  "snr": 5.28557768018153,
  "spacing_tr": 2.0,
  "spacing_x": 3.0,
  "spacing_y": 3.0,
  "spacing_z": 3.299999952316284,
  "summary_bg_k": 45.72962432838699,
  "summary_bg_mad": 265.16844655495316,
  "summary_bg_mean": 6215.2841796875,
  "summary_bg_median": 184.14041137695312,
  "summary_bg_n": 159499.0,
  "summary_bg_p05": 3.475898313522339,
  "summary_bg_p95": 30492.9509765625,
  "summary_bg_stdv": 20558.447265625,
  "summary_fg_k": 1.821443520886528,
  "summary_fg_mad": 66223.25430003174,
  "summary_fg_mean": 395757.6875,
  "summary_fg_median": 386082.0,
  "summary_fg_n": 36009.0,
  "summary_fg_p05": 295036.75,
  "summary_fg_p95": 522073.71249999997,
  "summary_fg_stdv": 73043.4140625,
  "tsnr": 43.66693878173828
}