{
  "aor": 0.006182890365448506,
  "aqi": 0.014656837375415281,
  "bids_meta": {
    "AcquisitionNumber": 6,
    "BIDSVersion": "1.1.0",
    "BidsifyVersion": "0.3.1",
    "ConversionSoftware": "dcm2niix",
    "ConversionSoftwareVersion": "v1.0.20181125  GCC5.4.0",
    "EchoTime": 0.02763,
    "FlipAngle": 76.1,
    "ImageComments": "HWW",
    "ImageOrientationPatientDICOM": [
      0.999803,
      -0.017163,
      -0.0100151,
      0.0137863,
      0.962073,
      -0.272444
    ],
    "InstitutionName": "Spinoza Centre for Neuroimaging, location REC",
    "MagneticFieldStrength": 3,
    "Manufacturer": "Philips",
    "ParallelAcquisitionTechnique": "SENSE",
    "ParallelReductionFactorInPlane": 2,
    "PatientPosition": "HFS",
    "PhaseEncodingDirection": "j",
    "PhilipsRescaleIntercept": 0,
    "PhilipsRescaleSlope": 2.12308,
    "PhilipsScaleSlope": 0.00117189,
    "ProtocolName": "WIPPM_Zinnen2SENSE",
    "ReconMatrixPE": 80,
    "RepetitionTime": 2,
    "SeriesDescription": "ImageMRSERIES",
    "SeriesNumber": 6,
    "SliceEncodingDirection": "k",
    "SliceTiming": [
      0.0,
      0.05405405405405406,
      0.10810810810810811,
      0.16216216216216217,
      0.21621621621621623,
      0.2702702702702703,
      0.32432432432432434,
      0.3783783783783784,
      0.43243243243243246,
      0.4864864864864865,
      0.5405405405405406,
      0.5945945945945946,
      0.6486486486486487,
      0.7027027027027027,
      0.7567567567567568,
      0.8108108108108109,
      0.8648648648648649,
      0.918918918918919,
      0.972972972972973,
      1.0270270270270272,
      1.0810810810810811,
      1.135135135135135,
      1.1891891891891893,
      1.2432432432432434,
      1.2972972972972974,
      1.3513513513513513,
      1.4054054054054055,
      1.4594594594594597,
      1.5135135135135136,
      1.5675675675675675,
      1.6216216216216217,
      1.6756756756756759,
      1.7297297297297298,
      1.7837837837837838,
      1.837837837837838,
      1.891891891891892,
      1.945945945945946
    ],
    "TaskName": "self",
    "UsePhilipsFloatNotDisplayScaling": 1,
    "WaterFatShift": 12,
    "dataset": "ds002547",
    "modality": "bold",
    "run_id": 2,
    "session_id": "1",
    "subject_id": "06",
    "task_id": "self"
  },
  "dummy_trs": 0,
  "dvars_nstd": 32.02430142093331,
  "dvars_std": 1.0954886854666672,
  "dvars_vstd": 0.9435145205999995,
  "efc": 0.4149453092156176,
  "fber": 3806798.5,
  "fd_mean": 0.46785932938435776,
  "fd_num": 201,
  "fd_perc": 66.77740863787375,
  "fwhm_avg": 1.9345482916537111,
  "fwhm_x": 1.9131066666666667,
  "fwhm_y": 2.05822,
  "fwhm_z": 1.8323182082944667,
  "gcor": 0.0332156,
  "gsr_x": -0.020207347348332405,
  "gsr_y": 0.009576880373060703,
  "provenance": {
    "md5sum": "951fd583a26cdb478cb886245aee87db",
    "settings": {
      "fd_thres": 0.2,
      "testing": false
    },
    "software": "mriqc",
    "version": "22.0.6",
    "webapi_port": null,
    "webapi_url": "https://mriqc.nimh.nih.gov/api/v1"
  },
  "size_t": 301,
  "size_x": 80,
  "size_y": 80,
  "size_z": 37,
  "snr": 5.289539950904561,
  "spacing_tr": 2.0,
  "spacing_x": 3.0,
  "spacing_y": 3.0,
  "spacing_z": 3.299999952316284,
  "summary_bg_k": 50.11557685646672,
  "summary_bg_mad": 269.1065337601168,
  "summary_bg_mean": 6143.13720703125,
  "summary_bg_median": 187.39288330078125,
  "summary_bg_n": 159555.0,
  "summary_bg_p05": 4.151686668395997,
  "summary_bg_p95": 30334.067773437466,
  "summary_bg_stdv": 20401.5390625,
  "summary_fg_k": 1.6676334362030625,
  "summary_fg_mad": 66347.97821166352,
  "summary_fg_mean": 396120.0625,
  "summary_fg_median": 386039.40625,
  "summary_fg_n": 36074.0,
  "summary_fg_p05": 295353.4921875,
  "summary_fg_p95": 522559.97031249997,
  "summary_fg_stdv": 72980.6484375,
  "tsnr": 43.135284423828125
}