{
  "bids_meta": {
    "AcquisitionNumber": 2,
    "BIDSVersion": "1.1.0",
    "BidsifyVersion": "0.3.1",
    "ConversionSoftware": "dcm2niix",
    "ConversionSoftwareVersion": "v1.0.20181125  GCC5.4.0",
    "EchoTime": 0.00378,
    "ImageComments": "PredictingMentalizing",
    "ImageOrientationPatientDICOM": [
      0.997393,
      0.0688803,
      -0.021504,
      -0.0702693,
      0.994895,
      -0.0724282
    ],
    "InstitutionName": "Spinoza Centre for Neuroimaging, location REC",
    "MagneticFieldStrength": 3,
    "Manufacturer": "Philips",
    "ParallelAcquisitionTechnique": "SENSE",
    "PatientPosition": "HFS",
    "PhilipsRescaleIntercept": 0,
    "PhilipsRescaleSlope": 13.2735,
    "PhilipsScaleSlope": 0.00549976,
    "ProtocolName": "WIPsT13DTFE_P25_S2_3mSENSE",
    "ReconMatrixPE": 240,
    "RepetitionTime": 0.00822,
    "SeriesDescription": "ImageMRSERIES",
    "SeriesNumber": 2,
    "UsePhilipsFloatNotDisplayScaling": 1,
    "dataset": "ds002547",
    "modality": "T1w",
    "session_id": "1",
    "subject_id": "11"
  },
  "cjv": 0.3446959089093184,
  "cnr": 3.903062340073818,
  "efc": 0.7536251952029351,
  "fber": 3338.5634182736458,
  "fwhm_avg": 3.68054,
  "fwhm_x": 3.61483,
  "fwhm_y": 3.88757,
  "fwhm_z": 3.53922,
  "icvs_csf": 0.22274965862691679,
  "icvs_gm": 0.4254926986156471,
  "icvs_wm": 0.35175764275743615,
  "inu_med": 0.6164657473564148,
  "inu_range": 0.17367212772369378,
  "provenance": {
    "md5sum": "ed5a221c59d346419884927b190440f3",
    "settings": {
      "testing": false
    },
    "software": "mriqc",
    "version": "22.0.6",
    "warnings": {
      "large_rot_frame": true,
      "small_air_mask": true
    },
    "webapi_port": null,
    "webapi_url": "https://mriqc.nimh.nih.gov/api/v1"
  },
  "qi_1": 0.0,
  "qi_2": 0.00010107944877446408,
  "rpve_csf": 31.26511557509652,
  "rpve_gm": 16.93216712607619,
  "rpve_wm": 24.27868701002989,
  "size_x": 240,
  "size_y": 240,
  "size_z": 220,
  "snr_csf": 1.4621342193129587,
  "snr_gm": 7.192644670494849,
  "snr_total": 9.504991962102403,
  "snr_wm": 19.860196996499408,
  "snrd_csf": 10.509756569950394,
  "snrd_gm": 37.94611334595655,
  "snrd_total": 36.82165964488214,
  "snrd_wm": 62.00910901873948,
  "spacing_x": 1.0,
  "spacing_y": 1.0,
  "spacing_z": 1.0,
  "summary_bg_k": 352.9054084206769,
  "summary_bg_mad": 0.0,
  "summary_bg_mean": 2.9454880476260605,
  "summary_bg_median": 0.0,
  "summary_bg_n": 108292.0,
  "summary_bg_p05": 0.0,
  "summary_bg_p95": 20.434255545958877,
  "summary_bg_stdv": 10.5651641781404,
  "summary_csf_k": 0.6897779384067917,
  "summary_csf_mad": 113.52117269684082,
  "summary_csf_mean": 190.6485251987318,
  "summary_csf_median": 169.48730620648712,
  "summary_csf_n": 14820.0,
  "summary_csf_p05": 34.688394780457024,
  "summary_csf_p95": 406.47699783314016,
  "summary_csf_stdv": 115.91383723612223,
  "summary_gm_k": -0.09921764880708306,
  "summary_gm_mad": 86.18099497927707,
  "summary_gm_mean": 613.2085262478616,
  "summary_gm_median": 611.9441957771778,
  "summary_gm_n": 19326.0,
  "summary_gm_p05": 472.65321523696184,
  "summary_gm_p95": 755.3631993094459,
  "summary_gm_stdv": 85.0769628498799,
  "summary_wm_k": 0.591330795634962,
  "summary_wm_mad": 47.580262279332466,
  "summary_wm_mean": 998.1482321203971,
  "summary_wm_median": 1000.0000264421105,
  "summary_wm_n": 164478.0,
  "summary_wm_p05": 912.9323288984597,
  "summary_wm_p95": 1077.0380366268566,
  "summary_wm_stdv": 50.351816081856505,
  "tpm_overlap_csf": 0.1622735090813825,
  "tpm_overlap_gm": 0.4785370923091713,
  "tpm_overlap_wm": 0.5306457135022431,
  "wm2max": 0.8177774482504456
}