{
  "aor": 0.0010856146179401994,
  "aqi": 0.010522102292358806,
  "bids_meta": {
    "AcquisitionNumber": 6,
    "BIDSVersion": "1.1.0",
    "BidsifyVersion": "0.3.1",
    "ConversionSoftware": "dcm2niix",
    "ConversionSoftwareVersion": "v1.0.20181125  GCC5.4.0",
    "EchoTime": 0.02763,
    "FlipAngle": 76.1,
    "ImageComments": "HWW",
    "ImageOrientationPatientDICOM": [
      0.998896,
      0.000863843,
      -0.0469767,
      -0.0165638,
      0.942114,
      -0.334883
    ],
    "InstitutionName": "Spinoza Centre for Neuroimaging, location REC",
    "MagneticFieldStrength": 3,
    "Manufacturer": "Philips",
    "ParallelAcquisitionTechnique": "SENSE",
    "ParallelReductionFactorInPlane": 2,
    "PatientPosition": "HFS",
    "PhaseEncodingDirection": "j",
    "PhilipsRescaleIntercept": 0,
    "PhilipsRescaleSlope": 2.14994,
    "PhilipsScaleSlope": 0.00110555,
    "ProtocolName": "WIPPM_Zinnen2SENSE",
    "ReconMatrixPE": 80,
    "RepetitionTime": 2,
    "SeriesDescription": "ImageMRSERIES",
    "SeriesNumber": 6,
    "SliceEncodingDirection": "k",
    "SliceTiming": [
      0.0,
      0.05405405405405406,
      0.10810810810810811,
      0.16216216216216217,
      0.21621621621621623,
      0.2702702702702703,
      0.32432432432432434,
      0.3783783783783784,
      0.43243243243243246,
      0.4864864864864865,
      0.5405405405405406,
      0.5945945945945946,
      0.6486486486486487,
      0.7027027027027027,
      0.7567567567567568,
      0.8108108108108109,
      0.8648648648648649,
      0.918918918918919,
      0.972972972972973,
      1.0270270270270272,
      1.0810810810810811,
      1.135135135135135,
      1.1891891891891893,
      1.2432432432432434,
      1.2972972972972974,
      1.3513513513513513,
      1.4054054054054055,
      1.4594594594594597,
      1.5135135135135136,
      1.5675675675675675,
      1.6216216216216217,
      1.6756756756756759,
      1.7297297297297298,
      1.7837837837837838,
      1.837837837837838,
      1.891891891891892,
      1.945945945945946
    ],
    "TaskName": "self",
    "UsePhilipsFloatNotDisplayScaling": 1,
    "WaterFatShift": 12,
    "dataset": "ds002547",
    "modality": "bold",
    "run_id": 2,
    "session_id": "2",
    "subject_id": "26",
    "task_id": "self"
  },
  "dummy_trs": 0,
  "dvars_nstd": 20.41644348446667,
  "dvars_std": 1.1037387896666666,
  "dvars_vstd": 0.9494579900333332,
  "efc": 0.4203202439378268,
  "fber": 1435249.875,
  "fd_mean": 0.27857014476385394,
  "fd_num": 201,
  "fd_perc": 66.77740863787375,
  "fwhm_avg": 1.9217499077171576,
  "fwhm_x": 1.9012566666666666,
  "fwhm_y": 2.0520566666666666,
  "fwhm_z": 1.8119363898181395,
  "gcor": 0.0311469,
  "gsr_x": -0.01508562546223402,
  "gsr_y": 0.007436859887093306,
  "provenance": {
    "md5sum": "965e7c238981f6b6bf24179b02115fde",
    "settings": {
      "fd_thres": 0.2,
      "testing": false
    },
    "software": "mriqc",
    "version": "22.0.6",
    "webapi_port": null,
    "webapi_url": "https://mriqc.nimh.nih.gov/api/v1"
  },
  "size_t": 301,
  "size_x": 80,
  "size_y": 80,
  "size_z": 37,
  "snr": 5.8481186842456685,
  "spacing_tr": 2.0,
  "spacing_x": 3.0,
  "spacing_y": 3.0,
  "spacing_z": 3.299999952316284,
  "summary_bg_k": 82.854652688281,
  "summary_bg_mad": 501.79327444152824,
  "summary_bg_mean": 8299.76953125,
  "summary_bg_median": 342.8233947753906,
  "summary_bg_n": 159598.0,
  "summary_bg_p05": 2.716630816459656,
  "summary_bg_p95": 40218.12382812498,
  "summary_bg_stdv": 26312.748046875,
  "summary_fg_k": 1.532406164224473,
  "summary_fg_mad": 71189.53158449188,
  "summary_fg_mean": 435255.0,
  "summary_fg_median": 429670.59375,
  "summary_fg_n": 35128.0,
  "summary_fg_p05": 326727.1265625,
  "summary_fg_p95": 554901.603125,
  "summary_fg_stdv": 73470.546875,
  "tsnr": 56.93262481689453
}