{
  "aor": 0.0008244186046511628,
  "aqi": 0.0037726798671096347,
  "bids_meta": {
    "AcquisitionNumber": 5,
    "BIDSVersion": "1.1.0",
    "BidsifyVersion": "0.3.1",
    "ConversionSoftware": "dcm2niix",
    "ConversionSoftwareVersion": "v1.0.20181125  GCC5.4.0",
    "EchoTime": 0.02763,
    "FlipAngle": 76.1,
    "ImageComments": "HWW",
    "ImageOrientationPatientDICOM": [
      0.999998,
      0.00186613,
      0.000645477,
      -0.00139626,
      0.899404,
      -0.437117
    ],
    "InstitutionName": "Spinoza Centre for Neuroimaging, location REC",
    "MagneticFieldStrength": 3,
    "Manufacturer": "Philips",
    "ParallelAcquisitionTechnique": "SENSE",
    "ParallelReductionFactorInPlane": 2,
    "PatientPosition": "HFS",
    "PhaseEncodingDirection": "j",
    "PhilipsRescaleIntercept": 0,
    "PhilipsRescaleSlope": 2.20171,
    "PhilipsScaleSlope": 0.00111384,
    "ProtocolName": "WIPZinnen1SENSE",
    "ReconMatrixPE": 80,
    "RepetitionTime": 2,
    "SeriesDescription": "ImageMRSERIES",
    "SeriesNumber": 5,
    "SliceEncodingDirection": "k",
    "SliceTiming": [
      0.0,
      0.05405405405405406,
      0.10810810810810811,
      0.16216216216216217,
      0.21621621621621623,
      0.2702702702702703,
      0.32432432432432434,
      0.3783783783783784,
      0.43243243243243246,
      0.4864864864864865,
      0.5405405405405406,
      0.5945945945945946,
      0.6486486486486487,
      0.7027027027027027,
      0.7567567567567568,
      0.8108108108108109,
      0.8648648648648649,
      0.918918918918919,
      0.972972972972973,
      1.0270270270270272,
      1.0810810810810811,
      1.135135135135135,
      1.1891891891891893,
      1.2432432432432434,
      1.2972972972972974,
      1.3513513513513513,
      1.4054054054054055,
      1.4594594594594597,
      1.5135135135135136,
      1.5675675675675675,
      1.6216216216216217,
      1.6756756756756759,
      1.7297297297297298,
      1.7837837837837838,
      1.837837837837838,
      1.891891891891892,
      1.945945945945946
    ],
    "TaskName": "self",
    "UsePhilipsFloatNotDisplayScaling": 1,
    "WaterFatShift": 12,
    "dataset": "ds002547",
    "modality": "bold",
    "run_id": 1,
    "session_id": "1",
    "subject_id": "20",
    "task_id": "self"
  },
  "dummy_trs": 0,
  "dvars_nstd": 17.328087282033337,
  "dvars_std": 1.1988248682333338,
  "dvars_vstd": 1.0050388605999996,
  "efc": 0.45735060366368857,
  "fber": 2048347.75,
  "fd_mean": 0.152727771547666,
  "fd_num": 79,
  "fd_perc": 26.245847176079735,
  "fwhm_avg": 1.9546619281712723,
  "fwhm_x": 1.9164733333333333,
  "fwhm_y": 2.0832366666666666,
  "fwhm_z": 1.8642757845138174,
  "gcor": 0.0101114,
  "gsr_x": -0.020275212824344635,
  "gsr_y": 0.012170296162366867,
  "provenance": {
    "md5sum": "ab92249c3925033398a33aa477a66634",
    "settings": {
      "fd_thres": 0.2,
      "testing": false
    },
    "software": "mriqc",
    "version": "22.0.6",
    "webapi_port": null,
    "webapi_url": "https://mriqc.nimh.nih.gov/api/v1"
  },
  "size_t": 301,
  "size_x": 80,
  "size_y": 80,
  "size_z": 37,
  "snr": 5.753945295356983,
  "spacing_tr": 2.0,
  "spacing_x": 3.0,
  "spacing_y": 3.0,
  "spacing_z": 3.299999952316284,
  "summary_bg_k": 30.85005799372344,
  "summary_bg_mad": 399.9758801628161,
  "summary_bg_mean": 11326.09375,
  "summary_bg_median": 271.6234130859375,
  "summary_bg_n": 153997.0,
  "summary_bg_p05": 1.2078898191452025,
  "summary_bg_p95": 71063.12968749976,
  "summary_bg_stdv": 31450.0546875,
  "summary_fg_k": 1.8562409036040268,
  "summary_fg_mad": 64060.90213000098,
  "summary_fg_mean": 410944.4375,
  "summary_fg_median": 405207.9375,
  "summary_fg_n": 40558.0,
  "summary_fg_p05": 305330.7984375,
  "summary_fg_p95": 526437.79375,
  "summary_fg_stdv": 70421.7578125,
  "tsnr": 92.86764526367188
}