{
  "aor": 0.00044984703632887184,
  "aqi": 0.004839419502868069,
  "bids_meta": {
    "AcquisitionNumber": 4,
    "BIDSVersion": "1.1.0",
    "BidsifyVersion": "0.3.1",
    "ConversionSoftware": "dcm2niix",
    "ConversionSoftwareVersion": "v1.0.20181125  GCC5.4.0",
    "EchoTime": 0.02763,
    "FlipAngle": 76.1,
    "ImageComments": "HWW",
    "ImageOrientationPatientDICOM": [
      0.999998,
      0.00186613,
      0.000645477,
      -0.00139626,
      0.899404,
      -0.437117
    ],
    "InstitutionName": "Spinoza Centre for Neuroimaging, location REC",
    "MagneticFieldStrength": 3,
    "Manufacturer": "Philips",
    "ParallelAcquisitionTechnique": "SENSE",
    "ParallelReductionFactorInPlane": 2,
    "PatientPosition": "HFS",
    "PhaseEncodingDirection": "j",
    "PhilipsRescaleIntercept": 0,
    "PhilipsRescaleSlope": 2.79194,
    "PhilipsScaleSlope": 0.00113082,
    "ProtocolName": "WIPHWWSENSE",
    "ReconMatrixPE": 80,
    "RepetitionTime": 2,
    "SeriesDescription": "ImageMRSERIES",
    "SeriesNumber": 4,
    "SliceEncodingDirection": "k",
    "SliceTiming": [
      0.0,
      0.05405405405405406,
      0.10810810810810811,
      0.16216216216216217,
      0.21621621621621623,
      0.2702702702702703,
      0.32432432432432434,
      0.3783783783783784,
      0.43243243243243246,
      0.4864864864864865,
      0.5405405405405406,
      0.5945945945945946,
      0.6486486486486487,
      0.7027027027027027,
      0.7567567567567568,
      0.8108108108108109,
      0.8648648648648649,
      0.918918918918919,
      0.972972972972973,
      1.0270270270270272,
      1.0810810810810811,
      1.135135135135135,
      1.1891891891891893,
      1.2432432432432434,
      1.2972972972972974,
      1.3513513513513513,
      1.4054054054054055,
      1.4594594594594597,
      1.5135135135135136,
      1.5675675675675675,
      1.6216216216216217,
      1.6756756756756759,
      1.7297297297297298,
      1.7837837837837838,
      1.837837837837838,
      1.891891891891892,
      1.945945945945946
    ],
    "TaskName": "other",
    "UsePhilipsFloatNotDisplayScaling": 1,
    "WaterFatShift": 12,
    "dataset": "ds002547",
    "modality": "bold",
    "session_id": "1",
    "subject_id": "20",
    "task_id": "other"
  },
  "dummy_trs": 0,
  "dvars_nstd": 17.721711220900385,
  "dvars_std": 1.171431221724139,
  "dvars_vstd": 0.9765432890421448,
  "efc": 0.45556148587333967,
  "fber": 4591525.5,
  "fd_mean": 0.16001518564673306,
  "fd_num": 156,
  "fd_perc": 29.82791586998088,
  "fwhm_avg": 1.9537521301509864,
  "fwhm_x": 1.9191,
  "fwhm_y": 2.0862866666666666,
  "fwhm_z": 1.8558697237862922,
  "gcor": 0.0100529,
  "gsr_x": -0.019666820764541626,
  "gsr_y": 0.01202423870563507,
  "provenance": {
    "md5sum": "fc895a8a7a3c5adc0b12c701288f5f62",
    "settings": {
      "fd_thres": 0.2,
      "testing": false
    },
    "software": "mriqc",
    "version": "22.0.6",
    "webapi_port": null,
    "webapi_url": "https://mriqc.nimh.nih.gov/api/v1"
  },
  "size_t": 523,
  "size_x": 80,
  "size_y": 80,
  "size_z": 37,
  "snr": 5.726852564037409,
  "spacing_tr": 2.0,
  "spacing_x": 3.0,
  "spacing_y": 3.0,
  "spacing_z": 3.299999952316284,
  "summary_bg_k": 31.186309951730813,
  "summary_bg_mad": 262.18404091225676,
  "summary_bg_mean": 10839.1259765625,
  "summary_bg_median": 178.29180908203125,
  "summary_bg_n": 154071.0,
  "summary_bg_p05": 1.2157838940620422,
  "summary_bg_p95": 67061.95703125,
  "summary_bg_stdv": 30680.8828125,
  "summary_fg_k": 1.887648636860205,
  "summary_fg_mad": 63958.34775466779,
  "summary_fg_mean": 407949.125,
  "summary_fg_median": 402173.84375,
  "summary_fg_n": 40613.0,
  "summary_fg_p05": 303402.85000000003,
  "summary_fg_p95": 522550.09375,
  "summary_fg_stdv": 70225.1171875,
  "tsnr": 83.05865478515625
}