{
  "aor": 0.000504485049833887,
  "aqi": 0.0035423973421926905,
  "bids_meta": {
    "AcquisitionNumber": 6,
    "BIDSVersion": "1.1.0",
    "BidsifyVersion": "0.3.1",
    "ConversionSoftware": "dcm2niix",
    "ConversionSoftwareVersion": "v1.0.20181125  GCC5.4.0",
    "EchoTime": 0.02763,
    "FlipAngle": 76.1,
    "ImageComments": "HWW",
    "ImageOrientationPatientDICOM": [
      0.999998,
      0.00186613,
      0.000645477,
      -0.00139626,
      0.899404,
      -0.437117
    ],
    "InstitutionName": "Spinoza Centre for Neuroimaging, location REC",
    "MagneticFieldStrength": 3,
    "Manufacturer": "Philips",
    "ParallelAcquisitionTechnique": "SENSE",
    "ParallelReductionFactorInPlane": 2,
    "PatientPosition": "HFS",
    "PhaseEncodingDirection": "j",
    "PhilipsRescaleIntercept": 0,
    "PhilipsRescaleSlope": 2.337,
    "PhilipsScaleSlope": 0.00111509,
    "ProtocolName": "WIPZinnen2SENSE",
    "ReconMatrixPE": 80,
    "RepetitionTime": 2,
    "SeriesDescription": "ImageMRSERIES",
    "SeriesNumber": 6,
    "SliceEncodingDirection": "k",
    "SliceTiming": [
      0.0,
      0.05405405405405406,
      0.10810810810810811,
      0.16216216216216217,
      0.21621621621621623,
      0.2702702702702703,
      0.32432432432432434,
      0.3783783783783784,
      0.43243243243243246,
      0.4864864864864865,
      0.5405405405405406,
      0.5945945945945946,
      0.6486486486486487,
      0.7027027027027027,
      0.7567567567567568,
      0.8108108108108109,
      0.8648648648648649,
      0.918918918918919,
      0.972972972972973,
      1.0270270270270272,
      1.0810810810810811,
      1.135135135135135,
      1.1891891891891893,
      1.2432432432432434,
      1.2972972972972974,
      1.3513513513513513,
      1.4054054054054055,
      1.4594594594594597,
      1.5135135135135136,
      1.5675675675675675,
      1.6216216216216217,
      1.6756756756756759,
      1.7297297297297298,
      1.7837837837837838,
      1.837837837837838,
      1.891891891891892,
      1.945945945945946
    ],
    "TaskName": "self",
    "UsePhilipsFloatNotDisplayScaling": 1,
    "WaterFatShift": 12,
    "dataset": "ds002547",
    "modality": "bold",
    "run_id": 2,
    "session_id": "1",
    "subject_id": "20",
    "task_id": "self"
  },
  "dummy_trs": 0,
  "dvars_nstd": 16.65700938873334,
  "dvars_std": 1.1780132889333332,
  "dvars_vstd": 0.9977265098000003,
  "efc": 0.45870640872022267,
  "fber": 2008487.75,
  "fd_mean": 0.12497122588305383,
  "fd_num": 35,
  "fd_perc": 11.627906976744185,
  "fwhm_avg": 1.9501374837003371,
  "fwhm_x": 1.9093766666666667,
  "fwhm_y": 2.08226,
  "fwhm_z": 1.8587757844343444,
  "gcor": 0.0143458,
  "gsr_x": -0.020501473918557167,
  "gsr_y": 0.013457227498292923,
  "provenance": {
    "md5sum": "97b895f82753cdc56449499ad8ebac66",
    "settings": {
      "fd_thres": 0.2,
      "testing": false
    },
    "software": "mriqc",
    "version": "22.0.6",
    "webapi_port": null,
    "webapi_url": "https://mriqc.nimh.nih.gov/api/v1"
  },
  "size_t": 301,
  "size_x": 80,
  "size_y": 80,
  "size_z": 37,
  "snr": 5.777954503873925,
  "spacing_tr": 2.0,
  "spacing_x": 3.0,
  "spacing_y": 3.0,
  "spacing_z": 3.299999952316284,
  "summary_bg_k": 26.60649732397937,
  "summary_bg_mad": 407.06155701311695,
  "summary_bg_mean": 11475.7919921875,
  "summary_bg_median": 275.3356018066406,
  "summary_bg_n": 153951.0,
  "summary_bg_p05": 0.1977870762348175,
  "summary_bg_p95": 72209.9765625,
  "summary_bg_stdv": 31276.400390625,
  "summary_fg_k": 1.8064891236666982,
  "summary_fg_mad": 63269.401036255964,
  "summary_fg_mean": 408420.71875,
  "summary_fg_median": 402591.875,
  "summary_fg_n": 40664.0,
  "summary_fg_p05": 304196.153125,
  "summary_fg_p95": 522046.7078124999,
  "summary_fg_stdv": 69676.375,
  "tsnr": 95.55563354492188
}