{
  "aor": 0.000523156146179402,
  "aqi": 0.0038573220930232556,
  "bids_meta": {
    "AcquisitionNumber": 5,
    "BIDSVersion": "1.1.0",
    "BidsifyVersion": "0.3.1",
    "ConversionSoftware": "dcm2niix",
    "ConversionSoftwareVersion": "v1.0.20181125  GCC5.4.0",
    "EchoTime": 0.02763,
    "FlipAngle": 76.1,
    "ImageComments": "HWW",
    "ImageOrientationPatientDICOM": [
      0.994015,
      -0.109235,
      0.00111305,
      0.0943122,
      0.852991,
      -0.513333
    ],
    "InstitutionName": "Spinoza Centre for Neuroimaging, location REC",
    "MagneticFieldStrength": 3,
    "Manufacturer": "Philips",
    "ParallelAcquisitionTechnique": "SENSE",
    "ParallelReductionFactorInPlane": 2,
    "PatientPosition": "HFS",
    "PhaseEncodingDirection": "j",
    "PhilipsRescaleIntercept": 0,
    "PhilipsRescaleSlope": 2.18803,
    "PhilipsScaleSlope": 0.00115062,
    "ProtocolName": "WIPZinnen1SENSE",
    "ReconMatrixPE": 80,
    "RepetitionTime": 2,
    "SeriesDescription": "ImageMRSERIES",
    "SeriesNumber": 5,
    "SliceEncodingDirection": "k",
    "SliceTiming": [
      0.0,
      0.05405405405405406,
      0.10810810810810811,
      0.16216216216216217,
      0.21621621621621623,
      0.2702702702702703,
      0.32432432432432434,
      0.3783783783783784,
      0.43243243243243246,
      0.4864864864864865,
      0.5405405405405406,
      0.5945945945945946,
      0.6486486486486487,
      0.7027027027027027,
      0.7567567567567568,
      0.8108108108108109,
      0.8648648648648649,
      0.918918918918919,
      0.972972972972973,
      1.0270270270270272,
      1.0810810810810811,
      1.135135135135135,
      1.1891891891891893,
      1.2432432432432434,
      1.2972972972972974,
      1.3513513513513513,
      1.4054054054054055,
      1.4594594594594597,
      1.5135135135135136,
      1.5675675675675675,
      1.6216216216216217,
      1.6756756756756759,
      1.7297297297297298,
      1.7837837837837838,
      1.837837837837838,
      1.891891891891892,
      1.945945945945946
    ],
    "TaskName": "self",
    "UsePhilipsFloatNotDisplayScaling": 1,
    "WaterFatShift": 12,
    "dataset": "ds002547",
    "modality": "bold",
    "run_id": 1,
    "session_id": "1",
    "subject_id": "19",
    "task_id": "self"
  },
  "dummy_trs": 0,
  "dvars_nstd": 20.11744321520001,
  "dvars_std": 1.2480854271000006,
  "dvars_vstd": 0.9891303849,
  "efc": 0.40239460534723576,
  "fber": 46728920.0,
  "fd_mean": 0.16920293135866127,
  "fd_num": 98,
  "fd_perc": 32.55813953488372,
  "fwhm_avg": 1.8782221298014663,
  "fwhm_x": 1.8259566666666667,
  "fwhm_y": 2.0254066666666666,
  "fwhm_z": 1.7833030560710654,
  "gcor": 0.027167,
  "gsr_x": -0.01845676824450493,
  "gsr_y": 0.010873939841985703,
  "provenance": {
    "md5sum": "98685fa9d9c16966430e6c46a38013f6",
    "settings": {
      "fd_thres": 0.2,
      "testing": false
    },
    "software": "mriqc",
    "version": "22.0.6",
    "webapi_port": null,
    "webapi_url": "https://mriqc.nimh.nih.gov/api/v1"
  },
  "size_t": 301,
  "size_x": 80,
  "size_y": 80,
  "size_z": 37,
  "snr": 5.129607837097675,
  "spacing_tr": 2.0,
  "spacing_x": 3.0,
  "spacing_y": 3.0,
  "spacing_z": 3.299999952316284,
  "summary_bg_k": 45.740714617618245,
  "summary_bg_mad": 83.56746216241488,
  "summary_bg_mean": 6566.56201171875,
  "summary_bg_median": 56.895748138427734,
  "summary_bg_n": 162175.0,
  "summary_bg_p05": 0.43206653594970706,
  "summary_bg_p95": 38408.035546874955,
  "summary_bg_stdv": 21473.8515625,
  "summary_fg_k": 2.45889197098509,
  "summary_fg_mad": 68870.97337134575,
  "summary_fg_mean": 415177.78125,
  "summary_fg_median": 405858.375,
  "summary_fg_n": 32904.0,
  "summary_fg_p05": 308668.8046875,
  "summary_fg_p95": 548164.771875,
  "summary_fg_stdv": 79119.5390625,
  "tsnr": 85.00550079345703
}