{
  "aor": 0.0007021594684385381,
  "aqi": 0.004833796279069767,
  "bids_meta": {
    "AcquisitionNumber": 6,
    "BIDSVersion": "1.1.0",
    "BidsifyVersion": "0.3.1",
    "ConversionSoftware": "dcm2niix",
    "ConversionSoftwareVersion": "v1.0.20181125  GCC5.4.0",
    "EchoTime": 0.02763,
    "FlipAngle": 76.1,
    "ImageComments": "HWW",
    "ImageOrientationPatientDICOM": [
      0.994015,
      -0.109235,
      0.00111305,
      0.0943122,
      0.852991,
      -0.513333
    ],
    "InstitutionName": "Spinoza Centre for Neuroimaging, location REC",
    "MagneticFieldStrength": 3,
    "Manufacturer": "Philips",
    "ParallelAcquisitionTechnique": "SENSE",
    "ParallelReductionFactorInPlane": 2,
    "PatientPosition": "HFS",
    "PhaseEncodingDirection": "j",
    "PhilipsRescaleIntercept": 0,
    "PhilipsRescaleSlope": 2.12747,
    "PhilipsScaleSlope": 0.0011488,
    "ProtocolName": "WIPZinnen2SENSE",
    "ReconMatrixPE": 80,
    "RepetitionTime": 2,
    "SeriesDescription": "ImageMRSERIES",
    "SeriesNumber": 6,
    "SliceEncodingDirection": "k",
    "SliceTiming": [
      0.0,
      0.05405405405405406,
      0.10810810810810811,
      0.16216216216216217,
      0.21621621621621623,
      0.2702702702702703,
      0.32432432432432434,
      0.3783783783783784,
      0.43243243243243246,
      0.4864864864864865,
      0.5405405405405406,
      0.5945945945945946,
      0.6486486486486487,
      0.7027027027027027,
      0.7567567567567568,
      0.8108108108108109,
      0.8648648648648649,
      0.918918918918919,
      0.972972972972973,
      1.0270270270270272,
      1.0810810810810811,
      1.135135135135135,
      1.1891891891891893,
      1.2432432432432434,
      1.2972972972972974,
      1.3513513513513513,
      1.4054054054054055,
      1.4594594594594597,
      1.5135135135135136,
      1.5675675675675675,
      1.6216216216216217,
      1.6756756756756759,
      1.7297297297297298,
      1.7837837837837838,
      1.837837837837838,
      1.891891891891892,
      1.945945945945946
    ],
    "TaskName": "self",
    "UsePhilipsFloatNotDisplayScaling": 1,
    "WaterFatShift": 12,
    "dataset": "ds002547",
    "modality": "bold",
    "run_id": 2,
    "session_id": "1",
    "subject_id": "19",
    "task_id": "self"
  },
  "dummy_trs": 0,
  "dvars_nstd": 20.596587664333324,
  "dvars_std": 1.2273327663666662,
  "dvars_vstd": 0.9779792167666664,
  "efc": 0.4036763807394785,
  "fber": 25747934.0,
  "fd_mean": 0.1616646043863549,
  "fd_num": 88,
  "fd_perc": 29.235880398671096,
  "fwhm_avg": 1.8804658671695258,
  "fwhm_x": 1.8316633333333332,
  "fwhm_y": 2.02761,
  "fwhm_z": 1.7821242681752445,
  "gcor": 0.0257979,
  "gsr_x": -0.018472153693437576,
  "gsr_y": 0.01129819080233574,
  "provenance": {
    "md5sum": "3a903f9843f42437ecdacd87a7b72bf2",
    "settings": {
      "fd_thres": 0.2,
      "testing": false
    },
    "software": "mriqc",
    "version": "22.0.6",
    "webapi_port": null,
    "webapi_url": "https://mriqc.nimh.nih.gov/api/v1"
  },
  "size_t": 301,
  "size_x": 80,
  "size_y": 80,
  "size_z": 37,
  "snr": 5.1485122283970775,
  "spacing_tr": 2.0,
  "spacing_x": 3.0,
  "spacing_y": 3.0,
  "spacing_z": 3.299999952316284,
  "summary_bg_k": 45.130405565457444,
  "summary_bg_mad": 112.55093015991909,
  "summary_bg_mean": 6625.48974609375,
  "summary_bg_median": 76.58307647705078,
  "summary_bg_n": 161980.0,
  "summary_bg_p05": 0.5110827147960664,
  "summary_bg_p95": 38902.7017578124,
  "summary_bg_stdv": 21485.7421875,
  "summary_fg_k": 2.4318584069470015,
  "summary_fg_mad": 68478.38493701741,
  "summary_fg_mean": 414266.28125,
  "summary_fg_median": 405135.71875,
  "summary_fg_n": 33049.0,
  "summary_fg_p05": 308438.46875,
  "summary_fg_p95": 546589.1499999999,
  "summary_fg_stdv": 78688.671875,
  "tsnr": 78.20633697509766
}