{
  "aor": 0.0011048948374760995,
  "aqi": 0.005039552887189293,
  "bids_meta": {
    "AcquisitionNumber": 4,
    "BIDSVersion": "1.1.0",
    "BidsifyVersion": "0.3.1",
    "ConversionSoftware": "dcm2niix",
    "ConversionSoftwareVersion": "v1.0.20181125  GCC5.4.0",
    "EchoTime": 0.02763,
    "FlipAngle": 76.1,
    "ImageComments": "HWW",
    "ImageOrientationPatientDICOM": [
      0.994015,
      -0.109235,
      0.00111305,
      0.0943122,
      0.852991,
      -0.513333
    ],
    "InstitutionName": "Spinoza Centre for Neuroimaging, location REC",
    "MagneticFieldStrength": 3,
    "Manufacturer": "Philips",
    "ParallelAcquisitionTechnique": "SENSE",
    "ParallelReductionFactorInPlane": 2,
    "PatientPosition": "HFS",
    "PhaseEncodingDirection": "j",
    "PhilipsRescaleIntercept": 0,
    "PhilipsRescaleSlope": 2.22882,
    "PhilipsScaleSlope": 0.0011354,
    "ProtocolName": "WIPHWWSENSE",
    "ReconMatrixPE": 80,
    "RepetitionTime": 2,
    "SeriesDescription": "ImageMRSERIES",
    "SeriesNumber": 4,
    "SliceEncodingDirection": "k",
    "SliceTiming": [
      0.0,
      0.05405405405405406,
      0.10810810810810811,
      0.16216216216216217,
      0.21621621621621623,
      0.2702702702702703,
      0.32432432432432434,
      0.3783783783783784,
      0.43243243243243246,
      0.4864864864864865,
      0.5405405405405406,
      0.5945945945945946,
      0.6486486486486487,
      0.7027027027027027,
      0.7567567567567568,
      0.8108108108108109,
      0.8648648648648649,
      0.918918918918919,
      0.972972972972973,
      1.0270270270270272,
      1.0810810810810811,
      1.135135135135135,
      1.1891891891891893,
      1.2432432432432434,
      1.2972972972972974,
      1.3513513513513513,
      1.4054054054054055,
      1.4594594594594597,
      1.5135135135135136,
      1.5675675675675675,
      1.6216216216216217,
      1.6756756756756759,
      1.7297297297297298,
      1.7837837837837838,
      1.837837837837838,
      1.891891891891892,
      1.945945945945946
    ],
    "TaskName": "other",
    "UsePhilipsFloatNotDisplayScaling": 1,
    "WaterFatShift": 12,
    "dataset": "ds002547",
    "modality": "bold",
    "session_id": "1",
    "subject_id": "19",
    "task_id": "other"
  },
  "dummy_trs": 0,
  "dvars_nstd": 20.80231119394638,
  "dvars_std": 1.2356347894061301,
  "dvars_vstd": 0.9837245840613034,
  "efc": 0.40304506095177595,
  "fber": 5885243.0,
  "fd_mean": 0.1996881024695084,
  "fd_num": 241,
  "fd_perc": 46.08030592734226,
  "fwhm_avg": 1.8915589985228243,
  "fwhm_x": 1.8342833333333333,
  "fwhm_y": 2.0499300000000003,
  "fwhm_z": 1.7904636622351395,
  "gcor": 0.0139764,
  "gsr_x": -0.018219392746686935,
  "gsr_y": 0.010661075823009014,
  "provenance": {
    "md5sum": "5d088885a036798a9348f06b845f0a48",
    "settings": {
      "fd_thres": 0.2,
      "testing": false
    },
    "software": "mriqc",
    "version": "22.0.6",
    "webapi_port": null,
    "webapi_url": "https://mriqc.nimh.nih.gov/api/v1"
  },
  "size_t": 523,
  "size_x": 80,
  "size_y": 80,
  "size_z": 37,
  "snr": 5.071663477520624,
  "spacing_tr": 2.0,
  "spacing_x": 3.0,
  "spacing_y": 3.0,
  "spacing_z": 3.299999952316284,
  "summary_bg_k": 46.64637357203721,
  "summary_bg_mad": 239.57582499376045,
  "summary_bg_mean": 6651.380859375,
  "summary_bg_median": 162.4541015625,
  "summary_bg_n": 162019.0,
  "summary_bg_p05": 0.4535809725522995,
  "summary_bg_p95": 37926.488281250015,
  "summary_bg_stdv": 21547.875,
  "summary_fg_k": 2.4165282432097843,
  "summary_fg_mad": 70622.22774497651,
  "summary_fg_mean": 422095.9375,
  "summary_fg_median": 412039.03125,
  "summary_fg_n": 33049.0,
  "summary_fg_p05": 312829.56875,
  "summary_fg_p95": 559625.7625,
  "summary_fg_stdv": 81242.140625,
  "tsnr": 74.477783203125
}