{
  "aor": 0.0003706692160611855,
  "aqi": 0.005409318374760994,
  "bids_meta": {
    "AcquisitionNumber": 3,
    "BIDSVersion": "1.1.0",
    "BidsifyVersion": "0.3.1",
    "ConversionSoftware": "dcm2niix",
    "ConversionSoftwareVersion": "v1.0.20181125  GCC5.4.0",
    "EchoTime": 0.02763,
    "FlipAngle": 76.1,
    "ImageComments": "HWW",
    "ImageOrientationPatientDICOM": [
      0.99927,
      0.0198617,
      0.0326375,
      -0.0108136,
      0.966352,
      -0.256995
    ],
    "InstitutionName": "Spinoza Centre for Neuroimaging, location REC",
    "MagneticFieldStrength": 3,
    "Manufacturer": "Philips",
    "ParallelAcquisitionTechnique": "SENSE",
    "ParallelReductionFactorInPlane": 2,
    "PatientPosition": "HFS",
    "PhaseEncodingDirection": "j",
    "PhilipsRescaleIntercept": 0,
    "PhilipsRescaleSlope": 2.74725,
    "PhilipsScaleSlope": 0.00115781,
    "ProtocolName": "WIPPM_HWWSENSE",
    "ReconMatrixPE": 80,
    "RepetitionTime": 2,
    "SeriesDescription": "ImageMRSERIES",
    "SeriesNumber": 3,
    "SliceEncodingDirection": "k",
    "SliceTiming": [
      0.0,
      0.05405405405405406,
      0.10810810810810811,
      0.16216216216216217,
      0.21621621621621623,
      0.2702702702702703,
      0.32432432432432434,
      0.3783783783783784,
      0.43243243243243246,
      0.4864864864864865,
      0.5405405405405406,
      0.5945945945945946,
      0.6486486486486487,
      0.7027027027027027,
      0.7567567567567568,
      0.8108108108108109,
      0.8648648648648649,
      0.918918918918919,
      0.972972972972973,
      1.0270270270270272,
      1.0810810810810811,
      1.135135135135135,
      1.1891891891891893,
      1.2432432432432434,
      1.2972972972972974,
      1.3513513513513513,
      1.4054054054054055,
      1.4594594594594597,
      1.5135135135135136,
      1.5675675675675675,
      1.6216216216216217,
      1.6756756756756759,
      1.7297297297297298,
      1.7837837837837838,
      1.837837837837838,
      1.891891891891892,
      1.945945945945946
    ],
    "TaskName": "other",
    "UsePhilipsFloatNotDisplayScaling": 1,
    "WaterFatShift": 12,
    "dataset": "ds002547",
    "modality": "bold",
    "session_id": "2",
    "subject_id": "13",
    "task_id": "other"
  },
  "dummy_trs": 0,
  "dvars_nstd": 21.639889304233716,
  "dvars_std": 1.2859424119923382,
  "dvars_vstd": 0.9787105987356329,
  "efc": 0.4411185254052128,
  "fber": 3071881.25,
  "fd_mean": 0.1437099823677903,
  "fd_num": 90,
  "fd_perc": 17.208413001912046,
  "fwhm_avg": 1.8518283922330385,
  "fwhm_x": 1.8072,
  "fwhm_y": 2.005403333333333,
  "fwhm_z": 1.7428818433657824,
  "gcor": 0.0369832,
  "gsr_x": -0.01908867247402668,
  "gsr_y": 0.016313936561346054,
  "provenance": {
    "md5sum": "51ba900b380dce78dd2ac62700226c8f",
    "settings": {
      "fd_thres": 0.2,
      "testing": false
    },
    "software": "mriqc",
    "version": "22.0.6",
    "webapi_port": null,
    "webapi_url": "https://mriqc.nimh.nih.gov/api/v1"
  },
  "size_t": 523,
  "size_x": 80,
  "size_y": 80,
  "size_z": 37,
  "snr": 6.003201300856678,
  "spacing_tr": 2.0,
  "spacing_x": 3.0,
  "spacing_y": 3.0,
  "spacing_z": 3.299999952316284,
  "summary_bg_k": 77.40293609120431,
  "summary_bg_mad": 288.1823666591081,
  "summary_bg_mean": 7624.8388671875,
  "summary_bg_median": 195.43028259277344,
  "summary_bg_n": 155047.0,
  "summary_bg_p05": 0.5504897952079773,
  "summary_bg_p95": 42213.58007812499,
  "summary_bg_stdv": 23967.24609375,
  "summary_fg_k": 1.7169740121425594,
  "summary_fg_mad": 58445.84738098665,
  "summary_fg_mean": 376683.4375,
  "summary_fg_median": 371319.0625,
  "summary_fg_n": 39162.0,
  "summary_fg_p05": 287960.65625,
  "summary_fg_p95": 479935.1984375,
  "summary_fg_stdv": 61852.71875,
  "tsnr": 75.92518615722656
}