{
  "aor": 0.0010106644518272424,
  "aqi": 0.0047306521594684394,
  "bids_meta": {
    "AcquisitionNumber": 5,
    "BIDSVersion": "1.1.0",
    "BidsifyVersion": "0.3.1",
    "ConversionSoftware": "dcm2niix",
    "ConversionSoftwareVersion": "v1.0.20181125  GCC5.4.0",
    "EchoTime": 0.02763,
    "FlipAngle": 76.1,
    "ImageComments": "HWW",
    "ImageOrientationPatientDICOM": [
      0.99927,
      0.0198617,
      0.0326375,
      -0.0108136,
      0.966352,
      -0.256995
    ],
    "InstitutionName": "Spinoza Centre for Neuroimaging, location REC",
    "MagneticFieldStrength": 3,
    "Manufacturer": "Philips",
    "ParallelAcquisitionTechnique": "SENSE",
    "ParallelReductionFactorInPlane": 2,
    "PatientPosition": "HFS",
    "PhaseEncodingDirection": "j",
    "PhilipsRescaleIntercept": 0,
    "PhilipsRescaleSlope": 2.95067,
    "PhilipsScaleSlope": 0.00116888,
    "ProtocolName": "WIPPM_Zinnen2SENSE",
    "ReconMatrixPE": 80,
    "RepetitionTime": 2,
    "SeriesDescription": "ImageMRSERIES",
    "SeriesNumber": 5,
    "SliceEncodingDirection": "k",
    "SliceTiming": [
      0.0,
      0.05405405405405406,
      0.10810810810810811,
      0.16216216216216217,
      0.21621621621621623,
      0.2702702702702703,
      0.32432432432432434,
      0.3783783783783784,
      0.43243243243243246,
      0.4864864864864865,
      0.5405405405405406,
      0.5945945945945946,
      0.6486486486486487,
      0.7027027027027027,
      0.7567567567567568,
      0.8108108108108109,
      0.8648648648648649,
      0.918918918918919,
      0.972972972972973,
      1.0270270270270272,
      1.0810810810810811,
      1.135135135135135,
      1.1891891891891893,
      1.2432432432432434,
      1.2972972972972974,
      1.3513513513513513,
      1.4054054054054055,
      1.4594594594594597,
      1.5135135135135136,
      1.5675675675675675,
      1.6216216216216217,
      1.6756756756756759,
      1.7297297297297298,
      1.7837837837837838,
      1.837837837837838,
      1.891891891891892,
      1.945945945945946
    ],
    "TaskName": "self",
    "UsePhilipsFloatNotDisplayScaling": 1,
    "WaterFatShift": 12,
    "dataset": "ds002547",
    "modality": "bold",
    "run_id": 2,
    "session_id": "2",
    "subject_id": "13",
    "task_id": "self"
  },
  "dummy_trs": 0,
  "dvars_nstd": 21.315974976200003,
  "dvars_std": 1.2925276631999987,
  "dvars_vstd": 1.0009152971,
  "efc": 0.4401994791512037,
  "fber": 7555428.0,
  "fd_mean": 0.15584058068998582,
  "fd_num": 65,
  "fd_perc": 21.59468438538206,
  "fwhm_avg": 1.8400454629355556,
  "fwhm_x": 1.7910366666666666,
  "fwhm_y": 1.9871633333333334,
  "fwhm_z": 1.7419363888066666,
  "gcor": 0.0576351,
  "gsr_x": -0.018499841913580894,
  "gsr_y": 0.014251620508730412,
  "provenance": {
    "md5sum": "2a10c9bf83004fb6224cc97518057d98",
    "settings": {
      "fd_thres": 0.2,
      "testing": false
    },
    "software": "mriqc",
    "version": "22.0.6",
    "webapi_port": null,
    "webapi_url": "https://mriqc.nimh.nih.gov/api/v1"
  },
  "size_t": 301,
  "size_x": 80,
  "size_y": 80,
  "size_z": 37,
  "snr": 5.978782024557715,
  "spacing_tr": 2.0,
  "spacing_x": 3.0,
  "spacing_y": 3.0,
  "spacing_z": 3.299999952316284,
  "summary_bg_k": 69.66518714852778,
  "summary_bg_mad": 182.01035549045798,
  "summary_bg_mean": 7535.28271484375,
  "summary_bg_median": 123.90744018554688,
  "summary_bg_n": 155234.0,
  "summary_bg_p05": 1.0312290370464325,
  "summary_bg_p95": 43221.1251953125,
  "summary_bg_stdv": 23387.732421875,
  "summary_fg_k": 1.7912166417773587,
  "summary_fg_mad": 57567.91521103469,
  "summary_fg_mean": 371920.96875,
  "summary_fg_median": 366071.5,
  "summary_fg_n": 39032.0,
  "summary_fg_p05": 284410.4390625,
  "summary_fg_p95": 473599.2953125,
  "summary_fg_stdv": 61227.65625,
  "tsnr": 81.28569030761719
}