{
  "aor": 0.000619501661129568,
  "aqi": 0.0058830871760797345,
  "bids_meta": {
    "AcquisitionNumber": 4,
    "BIDSVersion": "1.1.0",
    "BidsifyVersion": "0.3.1",
    "ConversionSoftware": "dcm2niix",
    "ConversionSoftwareVersion": "v1.0.20181125  GCC5.4.0",
    "EchoTime": 0.02763,
    "FlipAngle": 76.1,
    "ImageComments": "HWW",
    "ImageOrientationPatientDICOM": [
      0.99927,
      0.0198617,
      0.0326375,
      -0.0108136,
      0.966352,
      -0.256995
    ],
    "InstitutionName": "Spinoza Centre for Neuroimaging, location REC",
    "MagneticFieldStrength": 3,
    "Manufacturer": "Philips",
    "ParallelAcquisitionTechnique": "SENSE",
    "ParallelReductionFactorInPlane": 2,
    "PatientPosition": "HFS",
    "PhaseEncodingDirection": "j",
    "PhilipsRescaleIntercept": 0,
    "PhilipsRescaleSlope": 2.21368,
    "PhilipsScaleSlope": 0.0011687,
    "ProtocolName": "WIPPM_Zinnen1SENSE",
    "ReconMatrixPE": 80,
    "RepetitionTime": 2,
    "SeriesDescription": "ImageMRSERIES",
    "SeriesNumber": 4,
    "SliceEncodingDirection": "k",
    "SliceTiming": [
      0.0,
      0.05405405405405406,
      0.10810810810810811,
      0.16216216216216217,
      0.21621621621621623,
      0.2702702702702703,
      0.32432432432432434,
      0.3783783783783784,
      0.43243243243243246,
      0.4864864864864865,
      0.5405405405405406,
      0.5945945945945946,
      0.6486486486486487,
      0.7027027027027027,
      0.7567567567567568,
      0.8108108108108109,
      0.8648648648648649,
      0.918918918918919,
      0.972972972972973,
      1.0270270270270272,
      1.0810810810810811,
      1.135135135135135,
      1.1891891891891893,
      1.2432432432432434,
      1.2972972972972974,
      1.3513513513513513,
      1.4054054054054055,
      1.4594594594594597,
      1.5135135135135136,
      1.5675675675675675,
      1.6216216216216217,
      1.6756756756756759,
      1.7297297297297298,
      1.7837837837837838,
      1.837837837837838,
      1.891891891891892,
      1.945945945945946
    ],
    "TaskName": "self",
    "UsePhilipsFloatNotDisplayScaling": 1,
    "WaterFatShift": 12,
    "dataset": "ds002547",
    "modality": "bold",
    "run_id": 1,
    "session_id": "2",
    "subject_id": "13",
    "task_id": "self"
  },
  "dummy_trs": 0,
  "dvars_nstd": 21.336184558833324,
  "dvars_std": 1.2693086590333333,
  "dvars_vstd": 0.9846848371999998,
  "efc": 0.44039302658676066,
  "fber": 3192653.5,
  "fd_mean": 0.15473968043309114,
  "fd_num": 62,
  "fd_perc": 20.59800664451827,
  "fwhm_avg": 1.8449880891891324,
  "fwhm_x": 1.7994199999999998,
  "fwhm_y": 1.9954866666666666,
  "fwhm_z": 1.740057600900731,
  "gcor": 0.0520913,
  "gsr_x": -0.018543509766459465,
  "gsr_y": 0.014919302426278591,
  "provenance": {
    "md5sum": "70886cb250c6d1dad932e4ba48d5687e",
    "settings": {
      "fd_thres": 0.2,
      "testing": false
    },
    "software": "mriqc",
    "version": "22.0.6",
    "webapi_port": null,
    "webapi_url": "https://mriqc.nimh.nih.gov/api/v1"
  },
  "size_t": 301,
  "size_x": 80,
  "size_y": 80,
  "size_z": 37,
  "snr": 5.970313109196582,
  "spacing_tr": 2.0,
  "spacing_x": 3.0,
  "spacing_y": 3.0,
  "spacing_z": 3.299999952316284,
  "summary_bg_k": 77.50601758210456,
  "summary_bg_mad": 288.32003330001476,
  "summary_bg_mean": 7577.37451171875,
  "summary_bg_median": 195.82699584960938,
  "summary_bg_n": 155193.0,
  "summary_bg_p05": 0.8682698488235476,
  "summary_bg_p95": 42793.90312499999,
  "summary_bg_stdv": 23642.357421875,
  "summary_fg_k": 1.8110657579405656,
  "summary_fg_mad": 57571.297397345654,
  "summary_fg_mean": 373030.71875,
  "summary_fg_median": 367078.90625,
  "summary_fg_n": 39056.0,
  "summary_fg_p05": 285311.1015625,
  "summary_fg_p95": 475784.75,
  "summary_fg_stdv": 61483.2421875,
  "tsnr": 74.97509002685547
}