{
  "aor": 0.0015225239005736137,
  "aqi": 0.008490648145315489,
  "bids_meta": {
    "AcquisitionNumber": 2,
    "BIDSVersion": "1.1.0",
    "BidsifyVersion": "0.3.1",
    "ConversionSoftware": "dcm2niix",
    "ConversionSoftwareVersion": "v1.0.20181125  GCC5.4.0",
    "EchoTime": 0.02762,
    "FlipAngle": 76.1,
    "ImageComments": "PredictingMentalizing",
    "ImageOrientationPatientDICOM": [
      0.99681,
      0.0750276,
      -0.0272278,
      -0.0796761,
      0.91524,
      -0.394952
    ],
    "InstitutionName": "Spinoza Centre for Neuroimaging, location REC",
    "MagneticFieldStrength": 3,
    "Manufacturer": "Philips",
    "ParallelAcquisitionTechnique": "SENSE",
    "ParallelReductionFactorInPlane": 2,
    "PatientPosition": "HFS",
    "PhaseEncodingDirection": "j",
    "PhilipsRescaleIntercept": 0,
    "PhilipsRescaleSlope": 0.78217,
    "PhilipsScaleSlope": 0.0642542,
    "ProtocolName": "WIPPM_HWWSENSE",
    "ReconMatrixPE": 80,
    "RepetitionTime": 2,
    "SeriesDescription": "ImageMRSERIES",
    "SeriesNumber": 2,
    "SliceEncodingDirection": "k",
    "SliceTiming": [
      0.0,
      0.05405405405405406,
      0.10810810810810811,
      0.16216216216216217,
      0.21621621621621623,
      0.2702702702702703,
      0.32432432432432434,
      0.3783783783783784,
      0.43243243243243246,
      0.4864864864864865,
      0.5405405405405406,
      0.5945945945945946,
      0.6486486486486487,
      0.7027027027027027,
      0.7567567567567568,
      0.8108108108108109,
      0.8648648648648649,
      0.918918918918919,
      0.972972972972973,
      1.0270270270270272,
      1.0810810810810811,
      1.135135135135135,
      1.1891891891891893,
      1.2432432432432434,
      1.2972972972972974,
      1.3513513513513513,
      1.4054054054054055,
      1.4594594594594597,
      1.5135135135135136,
      1.5675675675675675,
      1.6216216216216217,
      1.6756756756756759,
      1.7297297297297298,
      1.7837837837837838,
      1.837837837837838,
      1.891891891891892,
      1.945945945945946
    ],
    "TaskName": "other",
    "UsePhilipsFloatNotDisplayScaling": 1,
    "WaterFatShift": 12,
    "dataset": "ds002547",
    "modality": "bold",
    "session_id": "1",
    "subject_id": "03",
    "task_id": "other"
  },
  "dummy_trs": 0,
  "dvars_nstd": 21.73743854906131,
  "dvars_std": 1.347066961915707,
  "dvars_vstd": 0.9845126594636017,
  "efc": 0.4044174071381188,
  "fber": 276711.78125,
  "fd_mean": 0.12717667570713487,
  "fd_num": 51,
  "fd_perc": 9.751434034416826,
  "fwhm_avg": 1.7794435435371236,
  "fwhm_x": 1.7867233333333334,
  "fwhm_y": 1.8525466666666668,
  "fwhm_z": 1.6990606306113711,
  "gcor": 0.0297216,
  "gsr_x": -0.010430824011564255,
  "gsr_y": 0.0030133805703371763,
  "provenance": {
    "md5sum": "00700637371da1a4c0157737bd546bc0",
    "settings": {
      "fd_thres": 0.2,
      "testing": false
    },
    "software": "mriqc",
    "version": "22.0.6",
    "webapi_port": null,
    "webapi_url": "https://mriqc.nimh.nih.gov/api/v1"
  },
  "size_t": 523,
  "size_x": 80,
  "size_y": 80,
  "size_z": 37,
  "snr": 7.1329247334148835,
  "spacing_tr": 2.0,
  "spacing_x": 3.0,
  "spacing_y": 3.0,
  "spacing_z": 3.299999952316284,
  "summary_bg_k": 74.43677761376517,
  "summary_bg_mad": 45.46442256373433,
  "summary_bg_mean": 455.00244140625,
  "summary_bg_median": 44.355098724365234,
  "summary_bg_n": 164064.0,
  "summary_bg_p05": 3.7529344916343685,
  "summary_bg_p95": 2296.950903320314,
  "summary_bg_stdv": 1410.5594482421875,
  "summary_fg_k": 1.2849397589031657,
  "summary_fg_mad": 3391.241188187129,
  "summary_fg_mean": 24167.181640625,
  "summary_fg_median": 23969.072265625,
  "summary_fg_n": 31699.0,
  "summary_fg_p05": 19335.6638671875,
  "summary_fg_p95": 29561.0373046875,
  "summary_fg_stdv": 3360.289794921875,
  "tsnr": 75.87486267089844
}