{
  "aor": 0.0013386046511627905,
  "aqi": 0.0033130506312292357,
  "bids_meta": {
    "AcquisitionNumber": 3,
    "BIDSVersion": "1.1.0",
    "BidsifyVersion": "0.3.1",
    "ConversionSoftware": "dcm2niix",
    "ConversionSoftwareVersion": "v1.0.20181125  GCC5.4.0",
    "EchoTime": 0.02762,
    "FlipAngle": 76.1,
    "ImageComments": "PredictingMentalizing",
    "ImageOrientationPatientDICOM": [
      0.998631,
      -0.0472856,
      0.0223547,
      0.0518117,
      0.952809,
      -0.299117
    ],
    "InstitutionName": "Spinoza Centre for Neuroimaging, location REC",
    "MagneticFieldStrength": 3,
    "Manufacturer": "Philips",
    "ParallelAcquisitionTechnique": "SENSE",
    "ParallelReductionFactorInPlane": 2,
    "PatientPosition": "HFS",
    "PhaseEncodingDirection": "j",
    "PhilipsRescaleIntercept": 0,
    "PhilipsRescaleSlope": 0.74945,
    "PhilipsScaleSlope": 0.0657209,
    "ProtocolName": "WIPPM_Zinnen1SENSE",
    "ReconMatrixPE": 80,
    "RepetitionTime": 2,
    "SeriesDescription": "ImageMRSERIES",
    "SeriesNumber": 3,
    "SliceEncodingDirection": "k",
    "SliceTiming": [
      0.0,
      0.05405405405405406,
      0.10810810810810811,
      0.16216216216216217,
      0.21621621621621623,
      0.2702702702702703,
      0.32432432432432434,
      0.3783783783783784,
      0.43243243243243246,
      0.4864864864864865,
      0.5405405405405406,
      0.5945945945945946,
      0.6486486486486487,
      0.7027027027027027,
      0.7567567567567568,
      0.8108108108108109,
      0.8648648648648649,
      0.918918918918919,
      0.972972972972973,
      1.0270270270270272,
      1.0810810810810811,
      1.135135135135135,
      1.1891891891891893,
      1.2432432432432434,
      1.2972972972972974,
      1.3513513513513513,
      1.4054054054054055,
      1.4594594594594597,
      1.5135135135135136,
      1.5675675675675675,
      1.6216216216216217,
      1.6756756756756759,
      1.7297297297297298,
      1.7837837837837838,
      1.837837837837838,
      1.891891891891892,
      1.945945945945946
    ],
    "TaskName": "self",
    "UsePhilipsFloatNotDisplayScaling": 1,
    "WaterFatShift": 12,
    "dataset": "ds002547",
    "modality": "bold",
    "run_id": 1,
    "session_id": "1",
    "subject_id": "24",
    "task_id": "self"
  },
  "dummy_trs": 0,
  "dvars_nstd": 22.611600319533327,
  "dvars_std": 1.4728302934,
  "dvars_vstd": 1.0032124067333328,
  "efc": 0.3852576705294398,
  "fber": 251121.671875,
  "fd_mean": 0.1028967534657252,
  "fd_num": 2,
  "fd_perc": 0.6644518272425249,
  "fwhm_avg": 1.9369538471989916,
  "fwhm_x": 1.9408166666666666,
  "fwhm_y": 2.03986,
  "fwhm_z": 1.8301848749303076,
  "gcor": 0.0275996,
  "gsr_x": -0.017513126134872437,
  "gsr_y": 0.008160922676324844,
  "provenance": {
    "md5sum": "6c11bb530deca63af8b98e53badf8c55",
    "settings": {
      "fd_thres": 0.2,
      "testing": false
    },
    "software": "mriqc",
    "version": "22.0.6",
    "webapi_port": null,
    "webapi_url": "https://mriqc.nimh.nih.gov/api/v1"
  },
  "size_t": 301,
  "size_x": 80,
  "size_y": 80,
  "size_z": 37,
  "snr": 6.111739047111653,
  "spacing_tr": 2.0,
  "spacing_x": 3.0,
  "spacing_y": 3.0,
  "spacing_z": 3.299999952316284,
  "summary_bg_k": 86.0748012364319,
  "summary_bg_mad": 41.442601622549496,
  "summary_bg_mean": 406.9997863769531,
  "summary_bg_median": 44.34195327758789,
  "summary_bg_n": 167659.0,
  "summary_bg_p05": 4.913865375518799,
  "summary_bg_p95": 1822.4903198242193,
  "summary_bg_stdv": 1389.8922119140625,
  "summary_fg_k": 1.217332595856182,
  "summary_fg_mad": 3564.2220646067954,
  "summary_fg_mean": 23313.55859375,
  "summary_fg_median": 22929.037109375,
  "summary_fg_n": 29285.0,
  "summary_fg_p05": 17982.116015625,
  "summary_fg_p95": 29724.26328125,
  "summary_fg_stdv": 3751.57470703125,
  "tsnr": 101.69075012207031
}