{
  "aor": 0.0015817940199335547,
  "aqi": 0.0035234500996677745,
  "bids_meta": {
    "AcquisitionNumber": 5,
    "BIDSVersion": "1.1.0",
    "BidsifyVersion": "0.3.1",
    "ConversionSoftware": "dcm2niix",
    "ConversionSoftwareVersion": "v1.0.20181125  GCC5.4.0",
    "EchoTime": 0.02762,
    "FlipAngle": 76.1,
    "ImageComments": "PredictingMentalizing",
    "ImageOrientationPatientDICOM": [
      0.998631,
      -0.0472856,
      0.0223547,
      0.0518117,
      0.952809,
      -0.299117
    ],
    "InstitutionName": "Spinoza Centre for Neuroimaging, location REC",
    "MagneticFieldStrength": 3,
    "Manufacturer": "Philips",
    "ParallelAcquisitionTechnique": "SENSE",
    "ParallelReductionFactorInPlane": 2,
    "PatientPosition": "HFS",
    "PhaseEncodingDirection": "j",
    "PhilipsRescaleIntercept": 0,
    "PhilipsRescaleSlope": 0.74725,
    "PhilipsScaleSlope": 0.066192,
    "ProtocolName": "WIPPM_Zinnen2SENSE",
    "ReconMatrixPE": 80,
    "RepetitionTime": 2,
    "SeriesDescription": "ImageMRSERIES",
    "SeriesNumber": 5,
    "SliceEncodingDirection": "k",
    "SliceTiming": [
      0.0,
      0.05405405405405406,
      0.10810810810810811,
      0.16216216216216217,
      0.21621621621621623,
      0.2702702702702703,
      0.32432432432432434,
      0.3783783783783784,
      0.43243243243243246,
      0.4864864864864865,
      0.5405405405405406,
      0.5945945945945946,
      0.6486486486486487,
      0.7027027027027027,
      0.7567567567567568,
      0.8108108108108109,
      0.8648648648648649,
      0.918918918918919,
      0.972972972972973,
      1.0270270270270272,
      1.0810810810810811,
      1.135135135135135,
      1.1891891891891893,
      1.2432432432432434,
      1.2972972972972974,
      1.3513513513513513,
      1.4054054054054055,
      1.4594594594594597,
      1.5135135135135136,
      1.5675675675675675,
      1.6216216216216217,
      1.6756756756756759,
      1.7297297297297298,
      1.7837837837837838,
      1.837837837837838,
      1.891891891891892,
      1.945945945945946
    ],
    "TaskName": "self",
    "UsePhilipsFloatNotDisplayScaling": 1,
    "WaterFatShift": 12,
    "dataset": "ds002547",
    "modality": "bold",
    "run_id": 2,
    "session_id": "1",
    "subject_id": "24",
    "task_id": "self"
  },
  "dummy_trs": 0,
  "dvars_nstd": 22.179714775066653,
  "dvars_std": 1.4653535158999993,
  "dvars_vstd": 1.008253857066667,
  "efc": 0.3858656381338829,
  "fber": 248996.375,
  "fd_mean": 0.09372765351130889,
  "fd_num": 3,
  "fd_perc": 0.9966777408637874,
  "fwhm_avg": 1.941213140182974,
  "fwhm_x": 1.9401966666666668,
  "fwhm_y": 2.0419033333333334,
  "fwhm_z": 1.8415394205489217,
  "gcor": 0.0278649,
  "gsr_x": -0.017480997368693352,
  "gsr_y": 0.00782992597669363,
  "provenance": {
    "md5sum": "3e9eb1a1028e67fd5cb2d0fdea95c015",
    "settings": {
      "fd_thres": 0.2,
      "testing": false
    },
    "software": "mriqc",
    "version": "22.0.6",
    "webapi_port": null,
    "webapi_url": "https://mriqc.nimh.nih.gov/api/v1"
  },
  "size_t": 301,
  "size_x": 80,
  "size_y": 80,
  "size_z": 37,
  "snr": 6.111565999959748,
  "spacing_tr": 2.0,
  "spacing_x": 3.0,
  "spacing_y": 3.0,
  "spacing_z": 3.299999952316284,
  "summary_bg_k": 83.07420811288095,
  "summary_bg_mad": 42.108116638174465,
  "summary_bg_mean": 412.79095458984375,
  "summary_bg_median": 44.62044143676758,
  "summary_bg_n": 167597.0,
  "summary_bg_p05": 4.819639682769776,
  "summary_bg_p95": 1854.3415283203121,
  "summary_bg_stdv": 1398.498291015625,
  "summary_fg_k": 1.2661706399270178,
  "summary_fg_mad": 3557.6111644801385,
  "summary_fg_mean": 23320.66015625,
  "summary_fg_median": 22960.451171875,
  "summary_fg_n": 29331.0,
  "summary_fg_p05": 17969.83984375,
  "summary_fg_p95": 29712.9814453125,
  "summary_fg_stdv": 3756.821044921875,
  "tsnr": 97.731689453125
}