{
  "aor": 0.0027313289036544853,
  "aqi": 0.004820825415282391,
  "bids_meta": {
    "AcquisitionNumber": 5,
    "BIDSVersion": "1.1.0",
    "BidsifyVersion": "0.3.1",
    "ConversionSoftware": "dcm2niix",
    "ConversionSoftwareVersion": "v1.0.20181125  GCC5.4.0",
    "EchoTime": 0.02763,
    "FlipAngle": 76.1,
    "ImageComments": "HWW",
    "ImageOrientationPatientDICOM": [
      0.999919,
      -0.0106777,
      -0.00698531,
      0.00820256,
      0.957264,
      -0.289099
    ],
    "InstitutionName": "Spinoza Centre for Neuroimaging, location REC",
    "MagneticFieldStrength": 3,
    "Manufacturer": "Philips",
    "ParallelAcquisitionTechnique": "SENSE",
    "ParallelReductionFactorInPlane": 2,
    "PatientPosition": "HFS",
    "PhaseEncodingDirection": "j",
    "PhilipsRescaleIntercept": 0,
    "PhilipsRescaleSlope": 2.61172,
    "PhilipsScaleSlope": 0.00113167,
    "ProtocolName": "WIPPM_Zinnen1SENSE",
    "ReconMatrixPE": 80,
    "RepetitionTime": 2,
    "SeriesDescription": "ImageMRSERIES",
    "SeriesNumber": 5,
    "SliceEncodingDirection": "k",
    "SliceTiming": [
      0.0,
      0.05405405405405406,
      0.10810810810810811,
      0.16216216216216217,
      0.21621621621621623,
      0.2702702702702703,
      0.32432432432432434,
      0.3783783783783784,
      0.43243243243243246,
      0.4864864864864865,
      0.5405405405405406,
      0.5945945945945946,
      0.6486486486486487,
      0.7027027027027027,
      0.7567567567567568,
      0.8108108108108109,
      0.8648648648648649,
      0.918918918918919,
      0.972972972972973,
      1.0270270270270272,
      1.0810810810810811,
      1.135135135135135,
      1.1891891891891893,
      1.2432432432432434,
      1.2972972972972974,
      1.3513513513513513,
      1.4054054054054055,
      1.4594594594594597,
      1.5135135135135136,
      1.5675675675675675,
      1.6216216216216217,
      1.6756756756756759,
      1.7297297297297298,
      1.7837837837837838,
      1.837837837837838,
      1.891891891891892,
      1.945945945945946
    ],
    "TaskName": "self",
    "UsePhilipsFloatNotDisplayScaling": 1,
    "WaterFatShift": 12,
    "dataset": "ds002547",
    "modality": "bold",
    "run_id": 1,
    "session_id": "1",
    "subject_id": "01",
    "task_id": "self"
  },
  "dummy_trs": 0,
  "dvars_nstd": 19.03720617930001,
  "dvars_std": 1.232604370633333,
  "dvars_vstd": 1.0228543969,
  "efc": 0.42180136426945647,
  "fber": 6717817.0,
  "fd_mean": 0.1828579619391605,
  "fd_num": 114,
  "fd_perc": 37.87375415282392,
  "fwhm_avg": 2.073158898208406,
  "fwhm_x": 2.0511066666666666,
  "fwhm_y": 2.23347,
  "fwhm_z": 1.9349000279585524,
  "gcor": 0.023347,
  "gsr_x": -0.016506340354681015,
  "gsr_y": 0.012646014802157879,
  "provenance": {
    "md5sum": "cacdd91c35b4b2dd8c31d10e842478d5",
    "settings": {
      "fd_thres": 0.2,
      "testing": false
    },
    "software": "mriqc",
    "version": "22.0.6",
    "webapi_port": null,
    "webapi_url": "https://mriqc.nimh.nih.gov/api/v1"
  },
  "size_t": 301,
  "size_x": 80,
  "size_y": 80,
  "size_z": 37,
  "snr": 5.588297439805474,
  "spacing_tr": 2.0,
  "spacing_x": 3.0,
  "spacing_y": 3.0,
  "spacing_z": 3.299999952316284,
  "summary_bg_k": 45.427722692395015,
  "summary_bg_mad": 210.13901286444153,
  "summary_bg_mean": 7320.76953125,
  "summary_bg_median": 142.9921875,
  "summary_bg_n": 159014.0,
  "summary_bg_p05": 0.8646744102239609,
  "summary_bg_p95": 38076.263476562526,
  "summary_bg_stdv": 23279.404296875,
  "summary_fg_k": 0.5436270114518136,
  "summary_fg_mad": 69590.75358277057,
  "summary_fg_mean": 402555.96875,
  "summary_fg_median": 398303.96875,
  "summary_fg_n": 35985.0,
  "summary_fg_p05": 293228.2,
  "summary_fg_p95": 522770.71875,
  "summary_fg_stdv": 71273.6640625,
  "tsnr": 74.4674072265625
}