{
  "aor": 0.002805258126195029,
  "aqi": 0.004662583575525812,
  "bids_meta": {
    "AcquisitionNumber": 4,
    "BIDSVersion": "1.1.0",
    "BidsifyVersion": "0.3.1",
    "ConversionSoftware": "dcm2niix",
    "ConversionSoftwareVersion": "v1.0.20181125  GCC5.4.0",
    "EchoTime": 0.02763,
    "FlipAngle": 76.1,
    "ImageComments": "HWW",
    "ImageOrientationPatientDICOM": [
      0.999919,
      -0.0106777,
      -0.00698531,
      0.00820256,
      0.957264,
      -0.289099
    ],
    "InstitutionName": "Spinoza Centre for Neuroimaging, location REC",
    "MagneticFieldStrength": 3,
    "Manufacturer": "Philips",
    "ParallelAcquisitionTechnique": "SENSE",
    "ParallelReductionFactorInPlane": 2,
    "PatientPosition": "HFS",
    "PhaseEncodingDirection": "j",
    "PhilipsRescaleIntercept": 0,
    "PhilipsRescaleSlope": 2.83712,
    "PhilipsScaleSlope": 0.00115225,
    "ProtocolName": "WIPPM_HWWSENSE",
    "ReconMatrixPE": 80,
    "RepetitionTime": 2,
    "SeriesDescription": "ImageMRSERIES",
    "SeriesNumber": 4,
    "SliceEncodingDirection": "k",
    "SliceTiming": [
      0.0,
      0.05405405405405406,
      0.10810810810810811,
      0.16216216216216217,
      0.21621621621621623,
      0.2702702702702703,
      0.32432432432432434,
      0.3783783783783784,
      0.43243243243243246,
      0.4864864864864865,
      0.5405405405405406,
      0.5945945945945946,
      0.6486486486486487,
      0.7027027027027027,
      0.7567567567567568,
      0.8108108108108109,
      0.8648648648648649,
      0.918918918918919,
      0.972972972972973,
      1.0270270270270272,
      1.0810810810810811,
      1.135135135135135,
      1.1891891891891893,
      1.2432432432432434,
      1.2972972972972974,
      1.3513513513513513,
      1.4054054054054055,
      1.4594594594594597,
      1.5135135135135136,
      1.5675675675675675,
      1.6216216216216217,
      1.6756756756756759,
      1.7297297297297298,
      1.7837837837837838,
      1.837837837837838,
      1.891891891891892,
      1.945945945945946
    ],
    "TaskName": "other",
    "UsePhilipsFloatNotDisplayScaling": 1,
    "WaterFatShift": 12,
    "dataset": "ds002547",
    "modality": "bold",
    "session_id": "1",
    "subject_id": "01",
    "task_id": "other"
  },
  "dummy_trs": 0,
  "dvars_nstd": 19.238699470842906,
  "dvars_std": 1.2495735149042144,
  "dvars_vstd": 1.0270976304214559,
  "efc": 0.42018957712073424,
  "fber": 7052379.0,
  "fd_mean": 0.16053044343736525,
  "fd_num": 142,
  "fd_perc": 27.151051625239006,
  "fwhm_avg": 2.0680089990844324,
  "fwhm_x": 2.063563333333333,
  "fwhm_y": 2.2334,
  "fwhm_z": 1.907063663919964,
  "gcor": 0.0250156,
  "gsr_x": -0.016525421291589737,
  "gsr_y": 0.01231498271226883,
  "provenance": {
    "md5sum": "a30601ed2d80e26a172c23693d1e24e8",
    "settings": {
      "fd_thres": 0.2,
      "testing": false
    },
    "software": "mriqc",
    "version": "22.0.6",
    "webapi_port": null,
    "webapi_url": "https://mriqc.nimh.nih.gov/api/v1"
  },
  "size_t": 523,
  "size_x": 80,
  "size_y": 80,
  "size_z": 37,
  "snr": 5.548886728793863,
  "spacing_tr": 2.0,
  "spacing_x": 3.0,
  "spacing_y": 3.0,
  "spacing_z": 3.299999952316284,
  "summary_bg_k": 45.386592461133134,
  "summary_bg_mad": 198.57825431821595,
  "summary_bg_mean": 7131.93701171875,
  "summary_bg_median": 136.24050903320312,
  "summary_bg_n": 159308.0,
  "summary_bg_p05": 1.5941392838954929,
  "summary_bg_p95": 36717.2322265625,
  "summary_bg_stdv": 22737.3125,
  "summary_fg_k": 0.6030960763230309,
  "summary_fg_mad": 68575.42588535055,
  "summary_fg_mean": 398193.6875,
  "summary_fg_median": 393452.3125,
  "summary_fg_n": 35718.0,
  "summary_fg_p05": 290581.084375,
  "summary_fg_p95": 517548.0484375,
  "summary_fg_stdv": 70905.5390625,
  "tsnr": 73.00764465332031
}