{
  "bids_meta": {
    "AcquisitionNumber": 3,
    "BIDSVersion": "1.1.0",
    "BidsifyVersion": "0.3.1",
    "ConversionSoftware": "dcm2niix",
    "ConversionSoftwareVersion": "v1.0.20181125  GCC5.4.0",
    "EchoTime": 0.00373,
    "ImageComments": "HWW",
    "ImageOrientationPatientDICOM": [
      0.999879,
      -0.0155405,
      -0.00018433,
      0.0155328,
      0.998842,
      0.04554
    ],
    "InstitutionName": "Spinoza Centre for Neuroimaging, location REC",
    "MagneticFieldStrength": 3,
    "Manufacturer": "Philips",
    "ParallelAcquisitionTechnique": "SENSE",
    "PatientPosition": "HFS",
    "PhilipsRescaleIntercept": 0,
    "PhilipsRescaleSlope": 13.7885,
    "PhilipsScaleSlope": 0.000280665,
    "ProtocolName": "WIPsT13DTFE_P25_S2_3mSENSE",
    "ReconMatrixPE": 240,
    "RepetitionTime": 0.008132,
    "SeriesDescription": "ImageMRSERIES",
    "SeriesNumber": 3,
    "UsePhilipsFloatNotDisplayScaling": 1,
    "dataset": "ds002547",
    "modality": "T1w",
    "session_id": "1",
    "subject_id": "01"
  },
  "cjv": 0.2946777151321002,
  "cnr": 4.532141100152809,
  "efc": 0.7369718908970865,
  "fber": -1.0,
  "fwhm_avg": 4.429610177371711,
  "fwhm_x": 4.36142,
  "fwhm_y": 4.638280276463048,
  "fwhm_z": 4.289130255652085,
  "icvs_csf": 0.2199381257204692,
  "icvs_gm": 0.42716816133058483,
  "icvs_wm": 0.35289371294894595,
  "inu_med": 0.6085331439971924,
  "inu_range": 0.22025811672210693,
  "provenance": {
    "md5sum": "23536a9b1bc781d7d6ad16c4c53b4ae2",
    "settings": {
      "testing": false
    },
    "software": "mriqc",
    "version": "22.0.6",
    "warnings": {
      "large_rot_frame": true,
      "small_air_mask": true
    },
    "webapi_port": null,
    "webapi_url": "https://mriqc.nimh.nih.gov/api/v1"
  },
  "qi_1": 2.0409353315062104e-05,
  "qi_2": 1.12901660310784e-05,
  "rpve_csf": 23.68376168290379,
  "rpve_gm": 12.970719564824416,
  "rpve_wm": 19.224597436965748,
  "size_x": 240,
  "size_y": 240,
  "size_z": 220,
  "snr_csf": 1.8509388631674466,
  "snr_gm": 7.180674264313514,
  "snr_total": 10.379379484442492,
  "snr_wm": 22.106525325846516,
  "snrd_csf": 24.27367216099487,
  "snrd_gm": 71.95095735196223,
  "snrd_total": 73.43736655760932,
  "snrd_wm": 124.08747015987089,
  "spacing_x": 1.0,
  "spacing_y": 0.9999999403953552,
  "spacing_z": 0.9999999403953552,
  "summary_bg_k": 99.2855287694487,
  "summary_bg_mad": 0.0,
  "summary_bg_mean": 1.4706611154753657,
  "summary_bg_median": 0.0,
  "summary_bg_n": 189658.0,
  "summary_bg_p05": 0.0,
  "summary_bg_p95": 10.939294014126062,
  "summary_bg_stdv": 5.279515113347189,
  "summary_csf_k": 0.1162536073697562,
  "summary_csf_mad": 118.45266929572743,
  "summary_csf_mean": 201.11309579344154,
  "summary_csf_median": 195.6130342176184,
  "summary_csf_n": 21254.0,
  "summary_csf_p05": 39.337566221784805,
  "summary_csf_p95": 375.77037659408523,
  "summary_csf_stdv": 105.68065551086977,
  "summary_gm_k": -0.0829070303609587,
  "summary_gm_mad": 82.49471714298865,
  "summary_gm_mean": 580.9960863980143,
  "summary_gm_median": 579.8276004195213,
  "summary_gm_n": 33704.0,
  "summary_gm_p05": 449.75241685258226,
  "summary_gm_p95": 714.0252771936357,
  "summary_gm_stdv": 80.74715232173814,
  "summary_wm_k": 0.7451654592551926,
  "summary_wm_mad": 41.3141018701537,
  "summary_wm_mean": 998.9473009608049,
  "summary_wm_median": 999.9775223694742,
  "summary_wm_n": 221862.0,
  "summary_wm_p05": 923.2223935872316,
  "summary_wm_p95": 1071.1954776383936,
  "summary_wm_stdv": 45.23439364734847,
  "tpm_overlap_csf": 0.1442543469781016,
  "tpm_overlap_gm": 0.4765136859190496,
  "tpm_overlap_wm": 0.5213200289649905,
  "wm2max": 0.7768684575169619
}