{
  "aor": 0.0004769216061185469,
  "aqi": 0.005433280344168259,
  "bids_meta": {
    "AcquisitionNumber": 4,
    "BIDSVersion": "1.1.0",
    "BidsifyVersion": "0.3.1",
    "ConversionSoftware": "dcm2niix",
    "ConversionSoftwareVersion": "v1.0.20181125  GCC5.4.0",
    "EchoTime": 0.02763,
    "FlipAngle": 76.1,
    "ImageComments": "HWW",
    "ImageOrientationPatientDICOM": [
      0.999483,
      -0.0290188,
      -0.0138192,
      0.0212852,
      0.919754,
      -0.391917
    ],
    "InstitutionName": "Spinoza Centre for Neuroimaging, location REC",
    "MagneticFieldStrength": 3,
    "Manufacturer": "Philips",
    "ParallelAcquisitionTechnique": "SENSE",
    "ParallelReductionFactorInPlane": 2,
    "PatientPosition": "HFS",
    "PhaseEncodingDirection": "j",
    "PhilipsRescaleIntercept": 0,
    "PhilipsRescaleSlope": 2.39292,
    "PhilipsScaleSlope": 0.00118918,
    "ProtocolName": "WIPPM_HWWSENSE",
    "ReconMatrixPE": 80,
    "RepetitionTime": 2,
    "SeriesDescription": "ImageMRSERIES",
    "SeriesNumber": 4,
    "SliceEncodingDirection": "k",
    "SliceTiming": [
      0.0,
      0.05405405405405406,
      0.10810810810810811,
      0.16216216216216217,
      0.21621621621621623,
      0.2702702702702703,
      0.32432432432432434,
      0.3783783783783784,
      0.43243243243243246,
      0.4864864864864865,
      0.5405405405405406,
      0.5945945945945946,
      0.6486486486486487,
      0.7027027027027027,
      0.7567567567567568,
      0.8108108108108109,
      0.8648648648648649,
      0.918918918918919,
      0.972972972972973,
      1.0270270270270272,
      1.0810810810810811,
      1.135135135135135,
      1.1891891891891893,
      1.2432432432432434,
      1.2972972972972974,
      1.3513513513513513,
      1.4054054054054055,
      1.4594594594594597,
      1.5135135135135136,
      1.5675675675675675,
      1.6216216216216217,
      1.6756756756756759,
      1.7297297297297298,
      1.7837837837837838,
      1.837837837837838,
      1.891891891891892,
      1.945945945945946
    ],
    "TaskName": "other",
    "UsePhilipsFloatNotDisplayScaling": 1,
    "WaterFatShift": 12,
    "dataset": "ds002547",
    "modality": "bold",
    "session_id": "2",
    "subject_id": "17",
    "task_id": "other"
  },
  "dummy_trs": 0,
  "dvars_nstd": 18.21916956555556,
  "dvars_std": 1.159326480153257,
  "dvars_vstd": 0.976840004808429,
  "efc": 0.4201671168611409,
  "fber": 7360444.5,
  "fd_mean": 0.1494636695545008,
  "fd_num": 114,
  "fd_perc": 21.797323135755256,
  "fwhm_avg": 2.1508431936264762,
  "fwhm_x": 2.0913866666666667,
  "fwhm_y": 2.352606666666667,
  "fwhm_z": 2.008536247546095,
  "gcor": 0.021253,
  "gsr_x": -0.021343570202589035,
  "gsr_y": 0.01195071917027235,
  "provenance": {
    "md5sum": "234cae4eb7d65a20b93a10b7cf985436",
    "settings": {
      "fd_thres": 0.2,
      "testing": false
    },
    "software": "mriqc",
    "version": "22.0.6",
    "webapi_port": null,
    "webapi_url": "https://mriqc.nimh.nih.gov/api/v1"
  },
  "size_t": 523,
  "size_x": 80,
  "size_y": 80,
  "size_z": 37,
  "snr": 5.282147649121965,
  "spacing_tr": 2.0,
  "spacing_x": 3.0,
  "spacing_y": 3.0,
  "spacing_z": 3.3000001907348633,
  "summary_bg_k": 98.51040607391707,
  "summary_bg_mad": 183.1335144117603,
  "summary_bg_mean": 7573.1845703125,
  "summary_bg_median": 124.88980102539062,
  "summary_bg_n": 160490.0,
  "summary_bg_p05": 1.0555901944637298,
  "summary_bg_p95": 42670.10429687498,
  "summary_bg_stdv": 24341.583984375,
  "summary_fg_k": 3.6385542678515224,
  "summary_fg_mad": 57358.45131635144,
  "summary_fg_mean": 359653.34375,
  "summary_fg_median": 352744.5,
  "summary_fg_n": 35049.0,
  "summary_fg_p05": 268464.75625,
  "summary_fg_p95": 463938.43124999997,
  "summary_fg_stdv": 66779.5546875,
  "tsnr": 78.3997802734375
}