{
  "aor": 0.0008140152963671126,
  "aqi": 0.006253720210325048,
  "bids_meta": {
    "AcquisitionNumber": 4,
    "BIDSVersion": "1.1.0",
    "BidsifyVersion": "0.3.1",
    "ConversionSoftware": "dcm2niix",
    "ConversionSoftwareVersion": "v1.0.20181125  GCC5.4.0",
    "EchoTime": 0.02763,
    "FlipAngle": 76.1,
    "ImageComments": "HWW",
    "ImageOrientationPatientDICOM": [
      0.999883,
      0.0108052,
      0.0108317,
      -0.00540994,
      0.911932,
      -0.410306
    ],
    "InstitutionName": "Spinoza Centre for Neuroimaging, location REC",
    "MagneticFieldStrength": 3,
    "Manufacturer": "Philips",
    "ParallelAcquisitionTechnique": "SENSE",
    "ParallelReductionFactorInPlane": 2,
    "PatientPosition": "HFS",
    "PhaseEncodingDirection": "j",
    "PhilipsRescaleIntercept": 0,
    "PhilipsRescaleSlope": 2.14872,
    "PhilipsScaleSlope": 0.00109431,
    "ProtocolName": "WIPHWWSENSE",
    "ReconMatrixPE": 80,
    "RepetitionTime": 2,
    "SeriesDescription": "ImageMRSERIES",
    "SeriesNumber": 4,
    "SliceEncodingDirection": "k",
    "SliceTiming": [
      0.0,
      0.05405405405405406,
      0.10810810810810811,
      0.16216216216216217,
      0.21621621621621623,
      0.2702702702702703,
      0.32432432432432434,
      0.3783783783783784,
      0.43243243243243246,
      0.4864864864864865,
      0.5405405405405406,
      0.5945945945945946,
      0.6486486486486487,
      0.7027027027027027,
      0.7567567567567568,
      0.8108108108108109,
      0.8648648648648649,
      0.918918918918919,
      0.972972972972973,
      1.0270270270270272,
      1.0810810810810811,
      1.135135135135135,
      1.1891891891891893,
      1.2432432432432434,
      1.2972972972972974,
      1.3513513513513513,
      1.4054054054054055,
      1.4594594594594597,
      1.5135135135135136,
      1.5675675675675675,
      1.6216216216216217,
      1.6756756756756759,
      1.7297297297297298,
      1.7837837837837838,
      1.837837837837838,
      1.891891891891892,
      1.945945945945946
    ],
    "TaskName": "other",
    "UsePhilipsFloatNotDisplayScaling": 1,
    "WaterFatShift": 12,
    "dataset": "ds002547",
    "modality": "bold",
    "session_id": "2",
    "subject_id": "21",
    "task_id": "other"
  },
  "dummy_trs": 0,
  "dvars_nstd": 18.28605083856321,
  "dvars_std": 1.2284535786398467,
  "dvars_vstd": 0.9654127325478925,
  "efc": 0.4147142199021123,
  "fber": 12737956.0,
  "fd_mean": 0.1778732369491096,
  "fd_num": 179,
  "fd_perc": 34.22562141491396,
  "fwhm_avg": 1.9736466758240272,
  "fwhm_x": 1.9409133333333333,
  "fwhm_y": 2.078793333333333,
  "fwhm_z": 1.9012333608054155,
  "gcor": 0.0169884,
  "gsr_x": -0.023428713902831078,
  "gsr_y": 0.009757667779922485,
  "provenance": {
    "md5sum": "acda8e7d854f418bf2e1efad166c120b",
    "settings": {
      "fd_thres": 0.2,
      "testing": false
    },
    "software": "mriqc",
    "version": "22.0.6",
    "webapi_port": null,
    "webapi_url": "https://mriqc.nimh.nih.gov/api/v1"
  },
  "size_t": 523,
  "size_x": 80,
  "size_y": 80,
  "size_z": 37,
  "snr": 5.679357404621419,
  "spacing_tr": 2.0,
  "spacing_x": 3.0,
  "spacing_y": 3.0,
  "spacing_z": 3.299999952316284,
  "summary_bg_k": 52.443602848717205,
  "summary_bg_mad": 187.47083146447216,
  "summary_bg_mean": 7814.67236328125,
  "summary_bg_median": 128.4717254638672,
  "summary_bg_n": 160206.0,
  "summary_bg_p05": 1.693253070116043,
  "summary_bg_p95": 44843.130859375,
  "summary_bg_stdv": 25161.111328125,
  "summary_fg_k": 1.4657659373865117,
  "summary_fg_mad": 77589.55471122594,
  "summary_fg_mean": 489860.03125,
  "summary_fg_median": 480239.5625,
  "summary_fg_n": 35722.0,
  "summary_fg_p05": 370036.6640625,
  "summary_fg_p95": 635340.278125,
  "summary_fg_stdv": 84557.6015625,
  "tsnr": 78.55403900146484
}