{
  "aor": 0.0007591778202676866,
  "aqi": 0.004535847112810707,
  "bids_meta": {
    "AcquisitionNumber": 4,
    "BIDSVersion": "1.1.0",
    "BidsifyVersion": "0.3.1",
    "ConversionSoftware": "dcm2niix",
    "ConversionSoftwareVersion": "v1.0.20181125  GCC5.4.0",
    "EchoTime": 0.02763,
    "FlipAngle": 76.1,
    "ImageComments": "HWW",
    "ImageOrientationPatientDICOM": [
      0.999978,
      -0.00616189,
      0.00260361,
      0.0066322,
      0.964029,
      -0.265713
    ],
    "InstitutionName": "Spinoza Centre for Neuroimaging, location REC",
    "MagneticFieldStrength": 3,
    "Manufacturer": "Philips",
    "ParallelAcquisitionTechnique": "SENSE",
    "ParallelReductionFactorInPlane": 2,
    "PatientPosition": "HFS",
    "PhaseEncodingDirection": "j",
    "PhilipsRescaleIntercept": 0,
    "PhilipsRescaleSlope": 2.31453,
    "PhilipsScaleSlope": 0.00113694,
    "ProtocolName": "WIPPM_HWWSENSE",
    "ReconMatrixPE": 80,
    "RepetitionTime": 2,
    "SeriesDescription": "ImageMRSERIES",
    "SeriesNumber": 4,
    "SliceEncodingDirection": "k",
    "SliceTiming": [
      0.0,
      0.05405405405405406,
      0.10810810810810811,
      0.16216216216216217,
      0.21621621621621623,
      0.2702702702702703,
      0.32432432432432434,
      0.3783783783783784,
      0.43243243243243246,
      0.4864864864864865,
      0.5405405405405406,
      0.5945945945945946,
      0.6486486486486487,
      0.7027027027027027,
      0.7567567567567568,
      0.8108108108108109,
      0.8648648648648649,
      0.918918918918919,
      0.972972972972973,
      1.0270270270270272,
      1.0810810810810811,
      1.135135135135135,
      1.1891891891891893,
      1.2432432432432434,
      1.2972972972972974,
      1.3513513513513513,
      1.4054054054054055,
      1.4594594594594597,
      1.5135135135135136,
      1.5675675675675675,
      1.6216216216216217,
      1.6756756756756759,
      1.7297297297297298,
      1.7837837837837838,
      1.837837837837838,
      1.891891891891892,
      1.945945945945946
    ],
    "TaskName": "other",
    "UsePhilipsFloatNotDisplayScaling": 1,
    "WaterFatShift": 12,
    "dataset": "ds002547",
    "modality": "bold",
    "session_id": "1",
    "subject_id": "08",
    "task_id": "other"
  },
  "dummy_trs": 0,
  "dvars_nstd": 23.654008591226063,
  "dvars_std": 1.2520447071839076,
  "dvars_vstd": 0.9970433519348655,
  "efc": 0.40824955716977873,
  "fber": 2558371.75,
  "fd_mean": 0.2641812114900644,
  "fd_num": 324,
  "fd_perc": 61.95028680688336,
  "fwhm_avg": 1.9832544534146024,
  "fwhm_x": 1.9541766666666665,
  "fwhm_y": 2.13322,
  "fwhm_z": 1.8623666935771406,
  "gcor": 0.0123682,
  "gsr_x": -0.021402616053819656,
  "gsr_y": 0.009917709045112133,
  "provenance": {
    "md5sum": "087fc83aae837acb4336e7b5967a803e",
    "settings": {
      "fd_thres": 0.2,
      "testing": false
    },
    "software": "mriqc",
    "version": "22.0.6",
    "webapi_port": null,
    "webapi_url": "https://mriqc.nimh.nih.gov/api/v1"
  },
  "size_t": 523,
  "size_x": 80,
  "size_y": 80,
  "size_z": 37,
  "snr": 5.005772025590391,
  "spacing_tr": 2.0,
  "spacing_x": 3.0,
  "spacing_y": 3.0,
  "spacing_z": 3.299999952316284,
  "summary_bg_k": 58.06518358306327,
  "summary_bg_mad": 381.1889759133624,
  "summary_bg_mean": 6656.9765625,
  "summary_bg_median": 258.3153076171875,
  "summary_bg_n": 160763.0,
  "summary_bg_p05": 0.44717676937580114,
  "summary_bg_p95": 32324.51367187499,
  "summary_bg_stdv": 22100.91015625,
  "summary_fg_k": 1.3677567464505787,
  "summary_fg_mad": 76319.35842618093,
  "summary_fg_mean": 431891.3125,
  "summary_fg_median": 420265.15625,
  "summary_fg_n": 34373.0,
  "summary_fg_p05": 316311.0125,
  "summary_fg_p95": 583295.2,
  "summary_fg_stdv": 83954.890625,
  "tsnr": 70.81373596191406
}