{
  "aor": 0.0014055813953488371,
  "aqi": 0.006318505481727574,
  "bids_meta": {
    "AcquisitionNumber": 5,
    "BIDSVersion": "1.1.0",
    "BidsifyVersion": "0.3.1",
    "ConversionSoftware": "dcm2niix",
    "ConversionSoftwareVersion": "v1.0.20181125  GCC5.4.0",
    "EchoTime": 0.02763,
    "FlipAngle": 76.1,
    "ImageComments": "HWW",
    "ImageOrientationPatientDICOM": [
      0.999978,
      -0.00616189,
      0.00260361,
      0.0066322,
      0.964029,
      -0.265713
    ],
    "InstitutionName": "Spinoza Centre for Neuroimaging, location REC",
    "MagneticFieldStrength": 3,
    "Manufacturer": "Philips",
    "ParallelAcquisitionTechnique": "SENSE",
    "ParallelReductionFactorInPlane": 2,
    "PatientPosition": "HFS",
    "PhaseEncodingDirection": "j",
    "PhilipsRescaleIntercept": 0,
    "PhilipsRescaleSlope": 1.83516,
    "PhilipsScaleSlope": 0.00112551,
    "ProtocolName": "WIPPM_Zinnen1SENSE",
    "ReconMatrixPE": 80,
    "RepetitionTime": 2,
    "SeriesDescription": "ImageMRSERIES",
    "SeriesNumber": 5,
    "SliceEncodingDirection": "k",
    "SliceTiming": [
      0.0,
      0.05405405405405406,
      0.10810810810810811,
      0.16216216216216217,
      0.21621621621621623,
      0.2702702702702703,
      0.32432432432432434,
      0.3783783783783784,
      0.43243243243243246,
      0.4864864864864865,
      0.5405405405405406,
      0.5945945945945946,
      0.6486486486486487,
      0.7027027027027027,
      0.7567567567567568,
      0.8108108108108109,
      0.8648648648648649,
      0.918918918918919,
      0.972972972972973,
      1.0270270270270272,
      1.0810810810810811,
      1.135135135135135,
      1.1891891891891893,
      1.2432432432432434,
      1.2972972972972974,
      1.3513513513513513,
      1.4054054054054055,
      1.4594594594594597,
      1.5135135135135136,
      1.5675675675675675,
      1.6216216216216217,
      1.6756756756756759,
      1.7297297297297298,
      1.7837837837837838,
      1.837837837837838,
      1.891891891891892,
      1.945945945945946
    ],
    "TaskName": "self",
    "UsePhilipsFloatNotDisplayScaling": 1,
    "WaterFatShift": 12,
    "dataset": "ds002547",
    "modality": "bold",
    "run_id": 1,
    "session_id": "1",
    "subject_id": "08",
    "task_id": "self"
  },
  "dummy_trs": 0,
  "dvars_nstd": 23.562814788733334,
  "dvars_std": 1.2066361154333327,
  "dvars_vstd": 0.9590632225666665,
  "efc": 0.4087581158274297,
  "fber": 7174326.0,
  "fd_mean": 0.25183382319132636,
  "fd_num": 184,
  "fd_perc": 61.12956810631229,
  "fwhm_avg": 1.968255665523598,
  "fwhm_x": 1.9165733333333332,
  "fwhm_y": 2.128363333333333,
  "fwhm_z": 1.8598303299041274,
  "gcor": 0.0295423,
  "gsr_x": -0.021504757925868034,
  "gsr_y": 0.010330228134989738,
  "provenance": {
    "md5sum": "9781cf22118a2a5c8f38e76e96cbf779",
    "settings": {
      "fd_thres": 0.2,
      "testing": false
    },
    "software": "mriqc",
    "version": "22.0.6",
    "webapi_port": null,
    "webapi_url": "https://mriqc.nimh.nih.gov/api/v1"
  },
  "size_t": 301,
  "size_x": 80,
  "size_y": 80,
  "size_z": 37,
  "snr": 5.099805354530408,
  "spacing_tr": 2.0,
  "spacing_x": 3.0,
  "spacing_y": 3.0,
  "spacing_z": 3.299999952316284,
  "summary_bg_k": 57.30125802393334,
  "summary_bg_mad": 214.1869785940083,
  "summary_bg_mean": 6623.66259765625,
  "summary_bg_median": 146.8983612060547,
  "summary_bg_n": 160678.0,
  "summary_bg_p05": 2.3041805624961853,
  "summary_bg_p95": 32301.952539062495,
  "summary_bg_stdv": 21907.62109375,
  "summary_fg_k": 1.5548168705642436,
  "summary_fg_mad": 74198.93610014228,
  "summary_fg_mean": 431075.125,
  "summary_fg_median": 419449.09375,
  "summary_fg_n": 34494.0,
  "summary_fg_p05": 318883.053125,
  "summary_fg_p95": 577038.6718749999,
  "summary_fg_stdv": 82246.8671875,
  "tsnr": 67.0198974609375
}