{
  "aor": 0.001323953488372093,
  "aqi": 0.004813527076411961,
  "bids_meta": {
    "AcquisitionNumber": 6,
    "BIDSVersion": "1.1.0",
    "BidsifyVersion": "0.3.1",
    "ConversionSoftware": "dcm2niix",
    "ConversionSoftwareVersion": "v1.0.20181125  GCC5.4.0",
    "EchoTime": 0.02763,
    "FlipAngle": 76.1,
    "ImageComments": "HWW",
    "ImageOrientationPatientDICOM": [
      0.999978,
      -0.00616189,
      0.00260361,
      0.0066322,
      0.964029,
      -0.265713
    ],
    "InstitutionName": "Spinoza Centre for Neuroimaging, location REC",
    "MagneticFieldStrength": 3,
    "Manufacturer": "Philips",
    "ParallelAcquisitionTechnique": "SENSE",
    "ParallelReductionFactorInPlane": 2,
    "PatientPosition": "HFS",
    "PhaseEncodingDirection": "j",
    "PhilipsRescaleIntercept": 0,
    "PhilipsRescaleSlope": 1.94286,
    "PhilipsScaleSlope": 0.00111935,
    "ProtocolName": "WIPPM_Zinnen2SENSE",
    "ReconMatrixPE": 80,
    "RepetitionTime": 2,
    "SeriesDescription": "ImageMRSERIES",
    "SeriesNumber": 6,
    "SliceEncodingDirection": "k",
    "SliceTiming": [
      0.0,
      0.05405405405405406,
      0.10810810810810811,
      0.16216216216216217,
      0.21621621621621623,
      0.2702702702702703,
      0.32432432432432434,
      0.3783783783783784,
      0.43243243243243246,
      0.4864864864864865,
      0.5405405405405406,
      0.5945945945945946,
      0.6486486486486487,
      0.7027027027027027,
      0.7567567567567568,
      0.8108108108108109,
      0.8648648648648649,
      0.918918918918919,
      0.972972972972973,
      1.0270270270270272,
      1.0810810810810811,
      1.135135135135135,
      1.1891891891891893,
      1.2432432432432434,
      1.2972972972972974,
      1.3513513513513513,
      1.4054054054054055,
      1.4594594594594597,
      1.5135135135135136,
      1.5675675675675675,
      1.6216216216216217,
      1.6756756756756759,
      1.7297297297297298,
      1.7837837837837838,
      1.837837837837838,
      1.891891891891892,
      1.945945945945946
    ],
    "TaskName": "self",
    "UsePhilipsFloatNotDisplayScaling": 1,
    "WaterFatShift": 12,
    "dataset": "ds002547",
    "modality": "bold",
    "run_id": 2,
    "session_id": "1",
    "subject_id": "08",
    "task_id": "self"
  },
  "dummy_trs": 0,
  "dvars_nstd": 23.9771168899,
  "dvars_std": 1.2552999015333335,
  "dvars_vstd": 0.9913319921333342,
  "efc": 0.4093066488821186,
  "fber": 4766529.5,
  "fd_mean": 0.27182056199147087,
  "fd_num": 206,
  "fd_perc": 68.43853820598007,
  "fwhm_avg": 1.9750405140019662,
  "fwhm_x": 1.9245333333333334,
  "fwhm_y": 2.1421033333333335,
  "fwhm_z": 1.8584848753392318,
  "gcor": 0.0262085,
  "gsr_x": -0.021498754620552063,
  "gsr_y": 0.010281862691044807,
  "provenance": {
    "md5sum": "a868c0c02877fe46fe2cf0b891b9f2b8",
    "settings": {
      "fd_thres": 0.2,
      "testing": false
    },
    "software": "mriqc",
    "version": "22.0.6",
    "webapi_port": null,
    "webapi_url": "https://mriqc.nimh.nih.gov/api/v1"
  },
  "size_t": 301,
  "size_x": 80,
  "size_y": 80,
  "size_z": 37,
  "snr": 5.038334176668881,
  "spacing_tr": 2.0,
  "spacing_x": 3.0,
  "spacing_y": 3.0,
  "spacing_z": 3.299999952316284,
  "summary_bg_k": 56.30551132307976,
  "summary_bg_mad": 274.5803904511772,
  "summary_bg_mean": 6761.6103515625,
  "summary_bg_median": 186.97222900390625,
  "summary_bg_n": 160611.0,
  "summary_bg_p05": 1.3192546963691711,
  "summary_bg_p95": 32898.833984375,
  "summary_bg_stdv": 22472.47265625,
  "summary_fg_k": 1.4452835306404435,
  "summary_fg_mad": 75877.26497715029,
  "summary_fg_mean": 434497.1875,
  "summary_fg_median": 422942.78125,
  "summary_fg_n": 34573.0,
  "summary_fg_p05": 319455.7,
  "summary_fg_p95": 583452.7000000001,
  "summary_fg_stdv": 83943.75,
  "tsnr": 72.49872589111328
}