{
  "aor": 0.0011539534883720929,
  "aqi": 0.005577626777408637,
  "bids_meta": {
    "AcquisitionNumber": 5,
    "BIDSVersion": "1.1.0",
    "BidsifyVersion": "0.3.1",
    "ConversionSoftware": "dcm2niix",
    "ConversionSoftwareVersion": "v1.0.20181125  GCC5.4.0",
    "EchoTime": 0.02762,
    "FlipAngle": 76.1,
    "ImageComments": "PredictingMentalizing",
    "ImageOrientationPatientDICOM": [
      0.996614,
      0.0798598,
      -0.0195833,
      -0.0817614,
      0.937193,
      -0.339093
    ],
    "InstitutionName": "Spinoza Centre for Neuroimaging, location REC",
    "MagneticFieldStrength": 3,
    "Manufacturer": "Philips",
    "ParallelAcquisitionTechnique": "SENSE",
    "ParallelReductionFactorInPlane": 2,
    "PatientPosition": "HFS",
    "PhaseEncodingDirection": "j",
    "PhilipsRescaleIntercept": 0,
    "PhilipsRescaleSlope": 0.8083,
    "PhilipsScaleSlope": 0.0552049,
    "ProtocolName": "WIPPM_Zinnen2SENSE",
    "ReconMatrixPE": 80,
    "RepetitionTime": 2,
    "SeriesDescription": "ImageMRSERIES",
    "SeriesNumber": 5,
    "SliceEncodingDirection": "k",
    "SliceTiming": [
      0.0,
      0.05405405405405406,
      0.10810810810810811,
      0.16216216216216217,
      0.21621621621621623,
      0.2702702702702703,
      0.32432432432432434,
      0.3783783783783784,
      0.43243243243243246,
      0.4864864864864865,
      0.5405405405405406,
      0.5945945945945946,
      0.6486486486486487,
      0.7027027027027027,
      0.7567567567567568,
      0.8108108108108109,
      0.8648648648648649,
      0.918918918918919,
      0.972972972972973,
      1.0270270270270272,
      1.0810810810810811,
      1.135135135135135,
      1.1891891891891893,
      1.2432432432432434,
      1.2972972972972974,
      1.3513513513513513,
      1.4054054054054055,
      1.4594594594594597,
      1.5135135135135136,
      1.5675675675675675,
      1.6216216216216217,
      1.6756756756756759,
      1.7297297297297298,
      1.7837837837837838,
      1.837837837837838,
      1.891891891891892,
      1.945945945945946
    ],
    "TaskName": "self",
    "UsePhilipsFloatNotDisplayScaling": 1,
    "WaterFatShift": 12,
    "dataset": "ds002547",
    "modality": "bold",
    "run_id": 2,
    "session_id": "1",
    "subject_id": "14",
    "task_id": "self"
  },
  "dummy_trs": 0,
  "dvars_nstd": 22.772233479633343,
  "dvars_std": 1.2705528751666675,
  "dvars_vstd": 0.9957452157333334,
  "efc": 0.4319210085597625,
  "fber": 151058.5625,
  "fd_mean": 0.11336428049758596,
  "fd_num": 18,
  "fd_perc": 5.980066445182724,
  "fwhm_avg": 1.906845160463212,
  "fwhm_x": 1.8420633333333332,
  "fwhm_y": 2.0206933333333335,
  "fwhm_z": 1.8577788147229688,
  "gcor": 0.0181729,
  "gsr_x": -0.012791061773896217,
  "gsr_y": 0.012785433791577816,
  "provenance": {
    "md5sum": "ae978e6b7c4de1de2d20a5f7207f520e",
    "settings": {
      "fd_thres": 0.2,
      "testing": false
    },
    "software": "mriqc",
    "version": "22.0.6",
    "webapi_port": null,
    "webapi_url": "https://mriqc.nimh.nih.gov/api/v1"
  },
  "size_t": 301,
  "size_x": 80,
  "size_y": 80,
  "size_z": 37,
  "snr": 4.89051437982075,
  "spacing_tr": 2.0,
  "spacing_x": 3.0,
  "spacing_y": 3.0,
  "spacing_z": 3.299999952316284,
  "summary_bg_k": 37.38718237741422,
  "summary_bg_mad": 72.36641653019723,
  "summary_bg_mean": 531.4083251953125,
  "summary_bg_median": 60.22430419921875,
  "summary_bg_n": 158122.0,
  "summary_bg_p05": 2.976113438606262,
  "summary_bg_p95": 2827.55109863281,
  "summary_bg_stdv": 1444.7991943359375,
  "summary_fg_k": 2.4596554778110873,
  "summary_fg_mad": 4228.923024472626,
  "summary_fg_mean": 24574.849609375,
  "summary_fg_median": 23980.388671875,
  "summary_fg_n": 36948.0,
  "summary_fg_p05": 17699.58505859375,
  "summary_fg_p95": 32938.736132812504,
  "summary_fg_stdv": 4903.3828125,
  "tsnr": 70.51652526855469
}