{
  "aor": 0.0015101993355481728,
  "aqi": 0.00584876,
  "bids_meta": {
    "AcquisitionNumber": 4,
    "BIDSVersion": "1.1.0",
    "BidsifyVersion": "0.3.1",
    "ConversionSoftware": "dcm2niix",
    "ConversionSoftwareVersion": "v1.0.20181125  GCC5.4.0",
    "EchoTime": 0.02763,
    "FlipAngle": 76.1,
    "ImageComments": "HWW",
    "ImageOrientationPatientDICOM": [
      0.997947,
      -0.0604932,
      -0.0210148,
      0.0507285,
      0.947026,
      -0.317125
    ],
    "InstitutionName": "Spinoza Centre for Neuroimaging, location REC",
    "MagneticFieldStrength": 3,
    "Manufacturer": "Philips",
    "ParallelAcquisitionTechnique": "SENSE",
    "ParallelReductionFactorInPlane": 2,
    "PatientPosition": "HFS",
    "PhaseEncodingDirection": "j",
    "PhilipsRescaleIntercept": 0,
    "PhilipsRescaleSlope": 2.50208,
    "PhilipsScaleSlope": 0.00114761,
    "ProtocolName": "WIPPM_Zinnen1SENSE",
    "ReconMatrixPE": 80,
    "RepetitionTime": 2,
    "SeriesDescription": "ImageMRSERIES",
    "SeriesNumber": 4,
    "SliceEncodingDirection": "k",
    "SliceTiming": [
      0.0,
      0.05405405405405406,
      0.10810810810810811,
      0.16216216216216217,
      0.21621621621621623,
      0.2702702702702703,
      0.32432432432432434,
      0.3783783783783784,
      0.43243243243243246,
      0.4864864864864865,
      0.5405405405405406,
      0.5945945945945946,
      0.6486486486486487,
      0.7027027027027027,
      0.7567567567567568,
      0.8108108108108109,
      0.8648648648648649,
      0.918918918918919,
      0.972972972972973,
      1.0270270270270272,
      1.0810810810810811,
      1.135135135135135,
      1.1891891891891893,
      1.2432432432432434,
      1.2972972972972974,
      1.3513513513513513,
      1.4054054054054055,
      1.4594594594594597,
      1.5135135135135136,
      1.5675675675675675,
      1.6216216216216217,
      1.6756756756756759,
      1.7297297297297298,
      1.7837837837837838,
      1.837837837837838,
      1.891891891891892,
      1.945945945945946
    ],
    "TaskName": "self",
    "UsePhilipsFloatNotDisplayScaling": 1,
    "WaterFatShift": 12,
    "dataset": "ds002547",
    "modality": "bold",
    "run_id": 1,
    "session_id": "2",
    "subject_id": "02",
    "task_id": "self"
  },
  "dummy_trs": 0,
  "dvars_nstd": 20.84938601813335,
  "dvars_std": 1.2334321667333332,
  "dvars_vstd": 0.995752178866667,
  "efc": 0.4558814432175824,
  "fber": 1328395.375,
  "fd_mean": 0.1815429283807794,
  "fd_num": 94,
  "fd_perc": 31.229235880398672,
  "fwhm_avg": 1.958737786567476,
  "fwhm_x": 1.91859,
  "fwhm_y": 2.1327233333333333,
  "fwhm_z": 1.8249000263690953,
  "gcor": 0.0586721,
  "gsr_x": -0.00702164601534605,
  "gsr_y": 0.007316487841308117,
  "provenance": {
    "md5sum": "e6b15b589aa6ea5552034cbccb8f7fef",
    "settings": {
      "fd_thres": 0.2,
      "testing": false
    },
    "software": "mriqc",
    "version": "22.0.6",
    "webapi_port": null,
    "webapi_url": "https://mriqc.nimh.nih.gov/api/v1"
  },
  "size_t": 301,
  "size_x": 80,
  "size_y": 80,
  "size_z": 37,
  "snr": 6.236802438349847,
  "spacing_tr": 2.0,
  "spacing_x": 3.0,
  "spacing_y": 3.0,
  "spacing_z": 3.299999952316284,
  "summary_bg_k": 41.77359319261572,
  "summary_bg_mad": 484.8180632712415,
  "summary_bg_mean": 8969.490234375,
  "summary_bg_median": 331.0023498535156,
  "summary_bg_n": 152823.0,
  "summary_bg_p05": 2.4422871589660646,
  "summary_bg_p95": 53752.49921874999,
  "summary_bg_stdv": 26155.20703125,
  "summary_fg_k": 1.749409230025397,
  "summary_fg_mad": 57242.391361434056,
  "summary_fg_mean": 385372.78125,
  "summary_fg_median": 381571.9375,
  "summary_fg_n": 41624.0,
  "summary_fg_p05": 294425.0421875,
  "summary_fg_p95": 484179.396875,
  "summary_fg_stdv": 61179.96484375,
  "tsnr": 78.42607879638672
}