{
  "aor": 0.000410531561461794,
  "aqi": 0.0031874446843853823,
  "bids_meta": {
    "AcquisitionNumber": 5,
    "BIDSVersion": "1.1.0",
    "BidsifyVersion": "0.3.1",
    "ConversionSoftware": "dcm2niix",
    "ConversionSoftwareVersion": "v1.0.20181125  GCC5.4.0",
    "EchoTime": 0.02763,
    "FlipAngle": 76.1,
    "ImageComments": "HWW",
    "ImageOrientationPatientDICOM": [
      0.999393,
      0.0130566,
      -0.0322904,
      -0.0205853,
      0.969253,
      -0.245202
    ],
    "InstitutionName": "Spinoza Centre for Neuroimaging, location REC",
    "MagneticFieldStrength": 3,
    "Manufacturer": "Philips",
    "ParallelAcquisitionTechnique": "SENSE",
    "ParallelReductionFactorInPlane": 2,
    "PatientPosition": "HFS",
    "PhaseEncodingDirection": "j",
    "PhilipsRescaleIntercept": 0,
    "PhilipsRescaleSlope": 2.36825,
    "PhilipsScaleSlope": 0.00115232,
    "ProtocolName": "WIPPM_Zinnen2SENSE",
    "ReconMatrixPE": 80,
    "RepetitionTime": 2,
    "SeriesDescription": "ImageMRSERIES",
    "SeriesNumber": 5,
    "SliceEncodingDirection": "k",
    "SliceTiming": [
      0.0,
      0.05405405405405406,
      0.10810810810810811,
      0.16216216216216217,
      0.21621621621621623,
      0.2702702702702703,
      0.32432432432432434,
      0.3783783783783784,
      0.43243243243243246,
      0.4864864864864865,
      0.5405405405405406,
      0.5945945945945946,
      0.6486486486486487,
      0.7027027027027027,
      0.7567567567567568,
      0.8108108108108109,
      0.8648648648648649,
      0.918918918918919,
      0.972972972972973,
      1.0270270270270272,
      1.0810810810810811,
      1.135135135135135,
      1.1891891891891893,
      1.2432432432432434,
      1.2972972972972974,
      1.3513513513513513,
      1.4054054054054055,
      1.4594594594594597,
      1.5135135135135136,
      1.5675675675675675,
      1.6216216216216217,
      1.6756756756756759,
      1.7297297297297298,
      1.7837837837837838,
      1.837837837837838,
      1.891891891891892,
      1.945945945945946
    ],
    "TaskName": "self",
    "UsePhilipsFloatNotDisplayScaling": 1,
    "WaterFatShift": 12,
    "dataset": "ds002547",
    "modality": "bold",
    "run_id": 2,
    "session_id": "2",
    "subject_id": "01",
    "task_id": "self"
  },
  "dummy_trs": 0,
  "dvars_nstd": 21.74131372480001,
  "dvars_std": 1.2713341901999997,
  "dvars_vstd": 0.9960922272666667,
  "efc": 0.4215209353604185,
  "fber": 8114600.0,
  "fd_mean": 0.18693295349239777,
  "fd_num": 117,
  "fd_perc": 38.87043189368771,
  "fwhm_avg": 2.096587787177892,
  "fwhm_x": 2.0770433333333336,
  "fwhm_y": 2.261086666666667,
  "fwhm_z": 1.9516333615336758,
  "gcor": 0.0294279,
  "gsr_x": -0.016138756647706032,
  "gsr_y": 0.012539095245301723,
  "provenance": {
    "md5sum": "7865d65716c3f6454d9b0f073dc6821c",
    "settings": {
      "fd_thres": 0.2,
      "testing": false
    },
    "software": "mriqc",
    "version": "22.0.6",
    "webapi_port": null,
    "webapi_url": "https://mriqc.nimh.nih.gov/api/v1"
  },
  "size_t": 301,
  "size_x": 80,
  "size_y": 80,
  "size_z": 37,
  "snr": 5.450468088836292,
  "spacing_tr": 2.0,
  "spacing_x": 3.0,
  "spacing_y": 3.0,
  "spacing_z": 3.299999952316284,
  "summary_bg_k": 44.3161112921446,
  "summary_bg_mad": 197.72872260792056,
  "summary_bg_mean": 6890.85888671875,
  "summary_bg_median": 133.71798706054688,
  "summary_bg_n": 158787.0,
  "summary_bg_p05": 0.20105979293584825,
  "summary_bg_p95": 36609.378124999996,
  "summary_bg_stdv": 21466.509765625,
  "summary_fg_k": 0.48204636094881437,
  "summary_fg_mad": 67998.46196575522,
  "summary_fg_mean": 386093.59375,
  "summary_fg_median": 381290.59375,
  "summary_fg_n": 36174.0,
  "summary_fg_p05": 278185.0390625,
  "summary_fg_p95": 504045.1921875,
  "summary_fg_stdv": 69954.6015625,
  "tsnr": 85.01966857910156
}