{
  "bids_meta": {
    "AcquisitionNumber": 4,
    "BIDSVersion": "1.1.0",
    "BidsifyVersion": "0.3.1",
    "ConversionSoftware": "dcm2niix",
    "ConversionSoftwareVersion": "v1.0.20181125  GCC5.4.0",
    "EchoTime": 0.00374,
    "ImageComments": "PredictingMentalizing",
    "ImageOrientationPatientDICOM": [
      0.998368,
      0.0512397,
      0.025197,
      -0.0509246,
      0.998618,
      -0.0129939
    ],
    "InstitutionName": "Spinoza Centre for Neuroimaging, location REC",
    "MagneticFieldStrength": 3,
    "Manufacturer": "Philips",
    "ParallelAcquisitionTechnique": "SENSE",
    "PatientPosition": "HFS",
    "PhilipsRescaleIntercept": 0,
    "PhilipsRescaleSlope": 14.2005,
    "PhilipsScaleSlope": 0.00515985,
    "ProtocolName": "WIPsT13DTFE_P25_S2_3mSENSE",
    "ReconMatrixPE": 240,
    "RepetitionTime": 0.008157,
    "SeriesDescription": "ImageMRSERIES",
    "SeriesNumber": 4,
    "UsePhilipsFloatNotDisplayScaling": 1,
    "dataset": "ds002547",
    "modality": "T1w",
    "session_id": "1",
    "subject_id": "12"
  },
  "cjv": 0.245765964958759,
  "cnr": 5.209337445148402,
  "efc": 0.7589113646915263,
  "fber": -1.0,
  "fwhm_avg": 4.611303333333334,
  "fwhm_x": 4.20356,
  "fwhm_y": 4.7096,
  "fwhm_z": 4.92075,
  "icvs_csf": 0.24851229504191422,
  "icvs_gm": 0.4299129790538223,
  "icvs_wm": 0.32157472590426345,
  "inu_med": 0.5901369452476501,
  "inu_range": 0.17392952442169174,
  "provenance": {
    "md5sum": "a0d8342d456bc13886777d60446d3726",
    "settings": {
      "testing": false
    },
    "software": "mriqc",
    "version": "22.0.6",
    "warnings": {
      "large_rot_frame": true,
      "small_air_mask": true
    },
    "webapi_port": null,
    "webapi_url": "https://mriqc.nimh.nih.gov/api/v1"
  },
  "qi_1": 0.0,
  "qi_2": 0.0002490273471287284,
  "rpve_csf": 20.238765898607102,
  "rpve_gm": 11.947990017918277,
  "rpve_wm": 19.5375170299199,
  "size_x": 240,
  "size_y": 240,
  "size_z": 220,
  "snr_csf": 1.2348743200212675,
  "snr_gm": 8.09381369412743,
  "snr_total": 11.217027800594588,
  "snr_wm": 24.32239538763507,
  "snrd_csf": 46.97351061337535,
  "snrd_gm": 262.7389858575328,
  "snrd_total": 256.0023542568195,
  "snrd_wm": 458.2945662995503,
  "spacing_x": 1.0,
  "spacing_y": 1.0,
  "spacing_z": 1.0,
  "summary_bg_k": 6652.442796299424,
  "summary_bg_mad": 0.0,
  "summary_bg_mean": 0.05427736750298357,
  "summary_bg_median": 0.0,
  "summary_bg_n": 41042.0,
  "summary_bg_p05": 0.0,
  "summary_bg_p95": 0.0,
  "summary_bg_stdv": 1.4295094679376377,
  "summary_csf_k": 2.098047862514801,
  "summary_csf_mad": 64.20758040686468,
  "summary_csf_mean": 125.9651451307846,
  "summary_csf_median": 102.49633231200278,
  "summary_csf_n": 36789.0,
  "summary_csf_p05": 33.412403678521514,
  "summary_csf_p95": 296.32893783040345,
  "summary_csf_stdv": 83.00030020153437,
  "summary_gm_k": 0.4095795200583834,
  "summary_gm_mad": 67.85840266265407,
  "summary_gm_mean": 572.06101391395,
  "summary_gm_median": 573.2972063217312,
  "summary_gm_n": 52246.0,
  "summary_gm_p05": 454.6029744576663,
  "summary_gm_p95": 686.2758613564074,
  "summary_gm_stdv": 70.83085198683881,
  "summary_wm_k": 0.975244856552913,
  "summary_wm_mad": 37.010629290341925,
  "summary_wm_mean": 997.7060636053652,
  "summary_wm_median": 1000.0000330153853,
  "summary_wm_n": 209482.0,
  "summary_wm_p05": 926.2849057652056,
  "summary_wm_p95": 1060.9059426281601,
  "summary_wm_stdv": 41.11427473467164,
  "tpm_overlap_csf": 0.17263246801471666,
  "tpm_overlap_gm": 0.47317993132186575,
  "tpm_overlap_wm": 0.519767864145135,
  "wm2max": 0.7960328735590843
}