{
  "bids_meta": {
    "AcquisitionNumber": 3,
    "BIDSVersion": "1.1.0",
    "BidsifyVersion": "0.3.1",
    "ConversionSoftware": "dcm2niix",
    "ConversionSoftwareVersion": "v1.0.20181125  GCC5.4.0",
    "EchoTime": 0.00378,
    "ImageComments": "HWW",
    "ImageOrientationPatientDICOM": [
      0.999799,
      -0.0136238,
      0.0147319,
      0.015357,
      0.992066,
      -0.124775
    ],
    "InstitutionName": "Spinoza Centre for Neuroimaging, location REC",
    "MagneticFieldStrength": 3,
    "Manufacturer": "Philips",
    "ParallelAcquisitionTechnique": "SENSE",
    "PatientPosition": "HFS",
    "PhilipsRescaleIntercept": 0,
    "PhilipsRescaleSlope": 16.2208,
    "PhilipsScaleSlope": 0.000296322,
    "ProtocolName": "WIPsT13DTFE_P25_S2_3mSENSE",
    "ReconMatrixPE": 240,
    "RepetitionTime": 0.008237,
    "SeriesDescription": "ImageMRSERIES",
    "SeriesNumber": 3,
    "UsePhilipsFloatNotDisplayScaling": 1,
    "dataset": "ds002547",
    "modality": "T1w",
    "session_id": "1",
    "subject_id": "07"
  },
  "cjv": 0.30415545092768154,
  "cnr": 4.412859109889623,
  "efc": 0.7542421220679004,
  "fber": -1.0,
  "fwhm_avg": 4.15992,
  "fwhm_x": 4.09653,
  "fwhm_y": 4.33713,
  "fwhm_z": 4.0461,
  "icvs_csf": 0.22393276579672372,
  "icvs_gm": 0.44147678854764916,
  "icvs_wm": 0.3345904456556271,
  "inu_med": 0.6714820861816406,
  "inu_range": 0.2555889695882798,
  "provenance": {
    "md5sum": "33470e70eb5828216a547d6b682ee3d5",
    "settings": {
      "testing": false
    },
    "software": "mriqc",
    "version": "22.0.6",
    "warnings": {
      "large_rot_frame": true,
      "small_air_mask": true
    },
    "webapi_port": null,
    "webapi_url": "https://mriqc.nimh.nih.gov/api/v1"
  },
  "qi_1": 0.0,
  "qi_2": 2.211391896686053e-05,
  "rpve_csf": 23.090174234463298,
  "rpve_gm": 12.392887117287465,
  "rpve_wm": 19.221832544311873,
  "size_x": 240,
  "size_y": 240,
  "size_z": 220,
  "snr_csf": 1.4475232609553264,
  "snr_gm": 7.461116691617055,
  "snr_total": 9.167844031415015,
  "snr_wm": 18.594892141672666,
  "snrd_csf": 13.676191579707,
  "snrd_gm": 54.9775361525079,
  "snrd_total": 54.41647299867851,
  "snrd_wm": 94.59569126382063,
  "spacing_x": 1.0,
  "spacing_y": 1.0,
  "spacing_z": 1.0,
  "summary_bg_k": 167.0802611729057,
  "summary_bg_mad": 0.0,
  "summary_bg_mean": 2.1692922939820054,
  "summary_bg_median": 0.0,
  "summary_bg_n": 180191.0,
  "summary_bg_p05": 0.0,
  "summary_bg_p95": 11.39347380772233,
  "summary_bg_stdv": 6.9256476326991026,
  "summary_csf_k": 0.888500970231155,
  "summary_csf_mad": 86.37159262629478,
  "summary_csf_mean": 165.51492766347732,
  "summary_csf_median": 144.5752118770033,
  "summary_csf_n": 24051.0,
  "summary_csf_p05": 39.10352738946676,
  "summary_csf_p95": 366.9823847450316,
  "summary_csf_stdv": 99.87556687252071,
  "summary_gm_k": -0.01977161874243505,
  "summary_gm_mad": 77.40424015241791,
  "summary_gm_mean": 582.2185462352177,
  "summary_gm_median": 581.1843810025603,
  "summary_gm_n": 37362.0,
  "summary_gm_p05": 453.55989183476197,
  "summary_gm_p95": 711.7392903883941,
  "summary_gm_stdv": 77.89405088065547,
  "summary_wm_k": 0.5944109616233719,
  "summary_wm_mad": 49.98082502881767,
  "summary_wm_mean": 998.137853039691,
  "summary_wm_median": 1000.0000385642052,
  "summary_wm_n": 203363.0,
  "summary_wm_p05": 905.593620819971,
  "summary_wm_p95": 1082.7082187980413,
  "summary_wm_stdv": 53.778079070560494,
  "tpm_overlap_csf": 0.1656359814002494,
  "tpm_overlap_gm": 0.47690457546272,
  "tpm_overlap_wm": 0.5127853244651197,
  "wm2max": 0.6933229308887588
}