{
  "aor": 0.0011940863787375413,
  "aqi": 0.0064132122923588036,
  "bids_meta": {
    "AcquisitionNumber": 5,
    "BIDSVersion": "1.1.0",
    "BidsifyVersion": "0.3.1",
    "ConversionSoftware": "dcm2niix",
    "ConversionSoftwareVersion": "v1.0.20181125  GCC5.4.0",
    "EchoTime": 0.02763,
    "FlipAngle": 76.1,
    "ImageComments": "HWW",
    "ImageOrientationPatientDICOM": [
      0.997947,
      -0.0604932,
      -0.0210148,
      0.0507285,
      0.947026,
      -0.317125
    ],
    "InstitutionName": "Spinoza Centre for Neuroimaging, location REC",
    "MagneticFieldStrength": 3,
    "Manufacturer": "Philips",
    "ParallelAcquisitionTechnique": "SENSE",
    "ParallelReductionFactorInPlane": 2,
    "PatientPosition": "HFS",
    "PhaseEncodingDirection": "j",
    "PhilipsRescaleIntercept": 0,
    "PhilipsRescaleSlope": 1.7221,
    "PhilipsScaleSlope": 0.00114227,
    "ProtocolName": "WIPPM_Zinnen2SENSE",
    "ReconMatrixPE": 80,
    "RepetitionTime": 2,
    "SeriesDescription": "ImageMRSERIES",
    "SeriesNumber": 5,
    "SliceEncodingDirection": "k",
    "SliceTiming": [
      0.0,
      0.05405405405405406,
      0.10810810810810811,
      0.16216216216216217,
      0.21621621621621623,
      0.2702702702702703,
      0.32432432432432434,
      0.3783783783783784,
      0.43243243243243246,
      0.4864864864864865,
      0.5405405405405406,
      0.5945945945945946,
      0.6486486486486487,
      0.7027027027027027,
      0.7567567567567568,
      0.8108108108108109,
      0.8648648648648649,
      0.918918918918919,
      0.972972972972973,
      1.0270270270270272,
      1.0810810810810811,
      1.135135135135135,
      1.1891891891891893,
      1.2432432432432434,
      1.2972972972972974,
      1.3513513513513513,
      1.4054054054054055,
      1.4594594594594597,
      1.5135135135135136,
      1.5675675675675675,
      1.6216216216216217,
      1.6756756756756759,
      1.7297297297297298,
      1.7837837837837838,
      1.837837837837838,
      1.891891891891892,
      1.945945945945946
    ],
    "TaskName": "self",
    "UsePhilipsFloatNotDisplayScaling": 1,
    "WaterFatShift": 12,
    "dataset": "ds002547",
    "modality": "bold",
    "run_id": 2,
    "session_id": "2",
    "subject_id": "02",
    "task_id": "self"
  },
  "dummy_trs": 0,
  "dvars_nstd": 20.653325246166652,
  "dvars_std": 1.2267587809333333,
  "dvars_vstd": 0.9847163778666665,
  "efc": 0.45788214962673557,
  "fber": 855164.5,
  "fd_mean": 0.1803593282279879,
  "fd_num": 90,
  "fd_perc": 29.900332225913623,
  "fwhm_avg": 1.957886271438336,
  "fwhm_x": 1.9183166666666667,
  "fwhm_y": 2.1257966666666666,
  "fwhm_z": 1.8295454809816747,
  "gcor": 0.0418421,
  "gsr_x": -0.006975324358791113,
  "gsr_y": 0.007692522834986448,
  "provenance": {
    "md5sum": "1fd3b3bfe1fc0922007d571f41e693a8",
    "settings": {
      "fd_thres": 0.2,
      "testing": false
    },
    "software": "mriqc",
    "version": "22.0.6",
    "webapi_port": null,
    "webapi_url": "https://mriqc.nimh.nih.gov/api/v1"
  },
  "size_t": 301,
  "size_x": 80,
  "size_y": 80,
  "size_z": 37,
  "snr": 6.317284823924363,
  "spacing_tr": 2.0,
  "spacing_x": 3.0,
  "spacing_y": 3.0,
  "spacing_z": 3.299999952316284,
  "summary_bg_k": 38.198824303439885,
  "summary_bg_mad": 599.0207304422793,
  "summary_bg_mean": 9327.6748046875,
  "summary_bg_median": 411.8771057128906,
  "summary_bg_n": 152615.0,
  "summary_bg_p05": 3.625058913230896,
  "summary_bg_p95": 55966.95195312489,
  "summary_bg_stdv": 26716.51171875,
  "summary_fg_k": 1.544184782700107,
  "summary_fg_mad": 56833.88811891643,
  "summary_fg_mean": 386090.25,
  "summary_fg_median": 382086.875,
  "summary_fg_n": 41687.0,
  "summary_fg_p05": 295924.603125,
  "summary_fg_p95": 484918.553125,
  "summary_fg_stdv": 60482.04296875,
  "tsnr": 76.37265014648438
}