{
  "aor": 0.0007936137667304015,
  "aqi": 0.0061586477820267695,
  "bids_meta": {
    "AcquisitionNumber": 3,
    "BIDSVersion": "1.1.0",
    "BidsifyVersion": "0.3.1",
    "ConversionSoftware": "dcm2niix",
    "ConversionSoftwareVersion": "v1.0.20181125  GCC5.4.0",
    "EchoTime": 0.02763,
    "FlipAngle": 76.1,
    "ImageComments": "HWW",
    "ImageOrientationPatientDICOM": [
      0.997947,
      -0.0604932,
      -0.0210148,
      0.0507285,
      0.947026,
      -0.317125
    ],
    "InstitutionName": "Spinoza Centre for Neuroimaging, location REC",
    "MagneticFieldStrength": 3,
    "Manufacturer": "Philips",
    "ParallelAcquisitionTechnique": "SENSE",
    "ParallelReductionFactorInPlane": 2,
    "PatientPosition": "HFS",
    "PhaseEncodingDirection": "j",
    "PhilipsRescaleIntercept": 0,
    "PhilipsRescaleSlope": 2.03004,
    "PhilipsScaleSlope": 0.00114687,
    "ProtocolName": "WIPPM_HWWSENSE",
    "ReconMatrixPE": 80,
    "RepetitionTime": 2,
    "SeriesDescription": "ImageMRSERIES",
    "SeriesNumber": 3,
    "SliceEncodingDirection": "k",
    "SliceTiming": [
      0.0,
      0.05405405405405406,
      0.10810810810810811,
      0.16216216216216217,
      0.21621621621621623,
      0.2702702702702703,
      0.32432432432432434,
      0.3783783783783784,
      0.43243243243243246,
      0.4864864864864865,
      0.5405405405405406,
      0.5945945945945946,
      0.6486486486486487,
      0.7027027027027027,
      0.7567567567567568,
      0.8108108108108109,
      0.8648648648648649,
      0.918918918918919,
      0.972972972972973,
      1.0270270270270272,
      1.0810810810810811,
      1.135135135135135,
      1.1891891891891893,
      1.2432432432432434,
      1.2972972972972974,
      1.3513513513513513,
      1.4054054054054055,
      1.4594594594594597,
      1.5135135135135136,
      1.5675675675675675,
      1.6216216216216217,
      1.6756756756756759,
      1.7297297297297298,
      1.7837837837837838,
      1.837837837837838,
      1.891891891891892,
      1.945945945945946
    ],
    "TaskName": "other",
    "UsePhilipsFloatNotDisplayScaling": 1,
    "WaterFatShift": 12,
    "dataset": "ds002547",
    "modality": "bold",
    "session_id": "2",
    "subject_id": "02",
    "task_id": "other"
  },
  "dummy_trs": 0,
  "dvars_nstd": 20.06440981132185,
  "dvars_std": 1.2104268533716478,
  "dvars_vstd": 0.9778918459195408,
  "efc": 0.45357217176192244,
  "fber": 958951.625,
  "fd_mean": 0.17152532500904621,
  "fd_num": 133,
  "fd_perc": 25.430210325047803,
  "fwhm_avg": 2.0038442514377786,
  "fwhm_x": 1.9641666666666666,
  "fwhm_y": 2.1759933333333334,
  "fwhm_z": 1.8713727543133354,
  "gcor": 0.0364206,
  "gsr_x": -0.007248329930007458,
  "gsr_y": 0.007438214495778084,
  "provenance": {
    "md5sum": "d1654e8e1fd40bbf8fde63d8c25d779a",
    "settings": {
      "fd_thres": 0.2,
      "testing": false
    },
    "software": "mriqc",
    "version": "22.0.6",
    "webapi_port": null,
    "webapi_url": "https://mriqc.nimh.nih.gov/api/v1"
  },
  "size_t": 523,
  "size_x": 80,
  "size_y": 80,
  "size_z": 37,
  "snr": 6.016456538222132,
  "spacing_tr": 2.0,
  "spacing_x": 3.0,
  "spacing_y": 3.0,
  "spacing_z": 3.299999952316284,
  "summary_bg_k": 43.00736853957461,
  "summary_bg_mad": 578.9787498046828,
  "summary_bg_mean": 8859.0693359375,
  "summary_bg_median": 396.39593505859375,
  "summary_bg_n": 153050.0,
  "summary_bg_p05": 3.0774460554122927,
  "summary_bg_p95": 52092.27382812498,
  "summary_bg_stdv": 25998.625,
  "summary_fg_k": 1.7102497293357537,
  "summary_fg_mad": 60312.397242765874,
  "summary_fg_mean": 394411.53125,
  "summary_fg_median": 390035.9375,
  "summary_fg_n": 41385.0,
  "summary_fg_p05": 298247.9,
  "summary_fg_p95": 501018.56875,
  "summary_fg_stdv": 64827.3984375,
  "tsnr": 75.84864807128906
}