{
  "aor": 0.0007145697896749521,
  "aqi": 0.0077829699235181645,
  "bids_meta": {
    "AcquisitionNumber": 4,
    "BIDSVersion": "1.1.0",
    "BidsifyVersion": "0.3.1",
    "ConversionSoftware": "dcm2niix",
    "ConversionSoftwareVersion": "v1.0.20181125  GCC5.4.0",
    "EchoTime": 0.02763,
    "FlipAngle": 76.1,
    "ImageComments": "HWW",
    "ImageOrientationPatientDICOM": [
      0.999936,
      -0.00733511,
      0.00856728,
      0.0104717,
      0.885933,
      -0.463696
    ],
    "InstitutionName": "Spinoza Centre for Neuroimaging, location REC",
    "MagneticFieldStrength": 3,
    "Manufacturer": "Philips",
    "ParallelAcquisitionTechnique": "SENSE",
    "ParallelReductionFactorInPlane": 2,
    "PatientPosition": "HFS",
    "PhaseEncodingDirection": "j",
    "PhilipsRescaleIntercept": 0,
    "PhilipsRescaleSlope": 2.56703,
    "PhilipsScaleSlope": 0.00121242,
    "ProtocolName": "WIPPM_HWWSENSE",
    "ReconMatrixPE": 80,
    "RepetitionTime": 2,
    "SeriesDescription": "ImageMRSERIES",
    "SeriesNumber": 4,
    "SliceEncodingDirection": "k",
    "SliceTiming": [
      0.0,
      0.05405405405405406,
      0.10810810810810811,
      0.16216216216216217,
      0.21621621621621623,
      0.2702702702702703,
      0.32432432432432434,
      0.3783783783783784,
      0.43243243243243246,
      0.4864864864864865,
      0.5405405405405406,
      0.5945945945945946,
      0.6486486486486487,
      0.7027027027027027,
      0.7567567567567568,
      0.8108108108108109,
      0.8648648648648649,
      0.918918918918919,
      0.972972972972973,
      1.0270270270270272,
      1.0810810810810811,
      1.135135135135135,
      1.1891891891891893,
      1.2432432432432434,
      1.2972972972972974,
      1.3513513513513513,
      1.4054054054054055,
      1.4594594594594597,
      1.5135135135135136,
      1.5675675675675675,
      1.6216216216216217,
      1.6756756756756759,
      1.7297297297297298,
      1.7837837837837838,
      1.837837837837838,
      1.891891891891892,
      1.945945945945946
    ],
    "TaskName": "other",
    "UsePhilipsFloatNotDisplayScaling": 1,
    "WaterFatShift": 12,
    "dataset": "ds002547",
    "modality": "bold",
    "session_id": "1",
    "subject_id": "07",
    "task_id": "other"
  },
  "dummy_trs": 0,
  "dvars_nstd": 20.313592662107276,
  "dvars_std": 1.1513394216858228,
  "dvars_vstd": 0.9548984012260547,
  "efc": 0.44456556712301537,
  "fber": 1037634.875,
  "fd_mean": 0.11682049565485463,
  "fd_num": 34,
  "fd_perc": 6.500956022944551,
  "fwhm_avg": 1.9406689987573895,
  "fwhm_x": 1.8801466666666666,
  "fwhm_y": 2.1026966666666667,
  "fwhm_z": 1.8391636629388355,
  "gcor": 0.0106866,
  "gsr_x": -0.01793701760470867,
  "gsr_y": 0.005393792409449816,
  "provenance": {
    "md5sum": "bb3845778af511b7a052cf656013d73c",
    "settings": {
      "fd_thres": 0.2,
      "testing": false
    },
    "software": "mriqc",
    "version": "22.0.6",
    "webapi_port": null,
    "webapi_url": "https://mriqc.nimh.nih.gov/api/v1"
  },
  "size_t": 523,
  "size_x": 80,
  "size_y": 80,
  "size_z": 37,
  "snr": 5.5833271001857945,
  "spacing_tr": 2.0,
  "spacing_x": 3.0,
  "spacing_y": 3.0,
  "spacing_z": 3.299999952316284,
  "summary_bg_k": 62.750550613598904,
  "summary_bg_mad": 457.99652804939365,
  "summary_bg_mean": 8849.5908203125,
  "summary_bg_median": 312.9031066894531,
  "summary_bg_n": 156405.0,
  "summary_bg_p05": 2.3479813575744637,
  "summary_bg_p95": 47732.43437499986,
  "summary_bg_stdv": 25995.201171875,
  "summary_fg_k": 3.1531082616677795,
  "summary_fg_mad": 52073.808371126885,
  "summary_fg_mean": 347067.375,
  "summary_fg_median": 341038.5625,
  "summary_fg_n": 38129.0,
  "summary_fg_p05": 261479.825,
  "summary_fg_p95": 443914.13125,
  "summary_fg_stdv": 61080.80078125,
  "tsnr": 66.47854614257812
}