{
  "bids_meta": {
    "AcquisitionNumber": 3,
    "BIDSVersion": "1.1.0",
    "BidsifyVersion": "0.3.1",
    "ConversionSoftware": "dcm2niix",
    "ConversionSoftwareVersion": "v1.0.20181125  GCC5.4.0",
    "EchoTime": 0.00376,
    "ImageComments": "HWW",
    "ImageOrientationPatientDICOM": [
      0.998837,
      0.0015046,
      -0.0481999,
      0.00261495,
      0.996353,
      0.085291
    ],
    "InstitutionName": "Spinoza Centre for Neuroimaging, location REC",
    "MagneticFieldStrength": 3,
    "Manufacturer": "Philips",
    "ParallelAcquisitionTechnique": "SENSE",
    "PatientPosition": "HFS",
    "PhilipsRescaleIntercept": 0,
    "PhilipsRescaleSlope": 14.0635,
    "PhilipsScaleSlope": 0.00027368,
    "ProtocolName": "WIPsT13DTFE_P25_S2_3mSENSE",
    "ReconMatrixPE": 240,
    "RepetitionTime": 0.008216,
    "SeriesDescription": "ImageMRSERIES",
    "SeriesNumber": 3,
    "UsePhilipsFloatNotDisplayScaling": 1,
    "dataset": "ds002547",
    "modality": "T1w",
    "session_id": "2",
    "subject_id": "26"
  },
  "cjv": 0.28474549155585077,
  "cnr": 4.628093934056899,
  "efc": 0.7348474036739133,
  "fber": -1.0,
  "fwhm_avg": 4.0482000000000005,
  "fwhm_x": 4.07156,
  "fwhm_y": 4.1555,
  "fwhm_z": 3.91754,
  "icvs_csf": 0.23341754612427462,
  "icvs_gm": 0.46061852036529527,
  "icvs_wm": 0.30596393351043016,
  "inu_med": 0.7004938125610352,
  "inu_range": 0.2761710524559021,
  "provenance": {
    "md5sum": "af48a94651fd449bc8d31ff07edce90d",
    "settings": {
      "testing": false
    },
    "software": "mriqc",
    "version": "22.0.6",
    "warnings": {
      "large_rot_frame": true,
      "small_air_mask": true
    },
    "webapi_port": null,
    "webapi_url": "https://mriqc.nimh.nih.gov/api/v1"
  },
  "qi_1": 0.0003970955298388927,
  "qi_2": 1.0538423024982368e-05,
  "rpve_csf": 24.182116734988963,
  "rpve_gm": 12.919702342574682,
  "rpve_wm": 22.15069386693016,
  "size_x": 240,
  "size_y": 240,
  "size_z": 220,
  "snr_csf": 1.5961823267067021,
  "snr_gm": 6.928660881832133,
  "snr_total": 9.063849588545802,
  "snr_wm": 18.66670555709857,
  "snrd_csf": 21.04676049265075,
  "snrd_gm": 75.30622552230878,
  "snrd_total": 77.42746704799147,
  "snrd_wm": 135.92941512901487,
  "spacing_x": 1.0,
  "spacing_y": 1.0,
  "spacing_z": 1.0,
  "summary_bg_k": 48.136275539137934,
  "summary_bg_mad": 0.0,
  "summary_bg_mean": 1.1694876972917974,
  "summary_bg_median": 0.0,
  "summary_bg_n": 192740.0,
  "summary_bg_p05": 0.0,
  "summary_bg_p95": 11.087105870246887,
  "summary_bg_stdv": 4.819795140882049,
  "summary_csf_k": 0.7244885202994427,
  "summary_csf_mad": 98.7322024987084,
  "summary_csf_mean": 168.97623703647494,
  "summary_csf_median": 154.83962416648865,
  "summary_csf_n": 19744.0,
  "summary_csf_p05": 34.38071170449257,
  "summary_csf_p95": 344.71758922934526,
  "summary_csf_stdv": 97.00376977269828,
  "summary_gm_k": 0.024212183135854826,
  "summary_gm_mad": 78.95056335279962,
  "summary_gm_mean": 555.3320918655754,
  "summary_gm_median": 554.0229177474976,
  "summary_gm_n": 34747.0,
  "summary_gm_p05": 422.8840597271919,
  "summary_gm_p95": 687.4884061217307,
  "summary_gm_stdv": 79.95988761721817,
  "summary_wm_k": 1.041631817523978,
  "summary_wm_mad": 48.046152018088044,
  "summary_wm_mean": 997.8717165112095,
  "summary_wm_median": 1000.0237119197845,
  "summary_wm_n": 157991.0,
  "summary_wm_p05": 905.8664059638977,
  "summary_wm_p95": 1080.8622461557388,
  "summary_wm_stdv": 53.57241769543074,
  "tpm_overlap_csf": 0.15088875169386623,
  "tpm_overlap_gm": 0.47933587565972746,
  "tpm_overlap_wm": 0.49770657585269706,
  "wm2max": 0.7116765505938805
}