{
  "aor": 0.0014906309751434035,
  "aqi": 0.004893726481835564,
  "bids_meta": {
    "AcquisitionNumber": 2,
    "BIDSVersion": "1.1.0",
    "BidsifyVersion": "0.3.1",
    "ConversionSoftware": "dcm2niix",
    "ConversionSoftwareVersion": "v1.0.20181125  GCC5.4.0",
    "EchoTime": 0.02762,
    "FlipAngle": 76.1,
    "ImageComments": "PredictingMentalizing",
    "ImageOrientationPatientDICOM": [
      0.997234,
      0.0714644,
      -0.0204127,
      -0.0742823,
      0.949337,
      -0.305355
    ],
    "InstitutionName": "Spinoza Centre for Neuroimaging, location REC",
    "MagneticFieldStrength": 3,
    "Manufacturer": "Philips",
    "ParallelAcquisitionTechnique": "SENSE",
    "ParallelReductionFactorInPlane": 2,
    "PatientPosition": "HFS",
    "PhaseEncodingDirection": "j",
    "PhilipsRescaleIntercept": 0,
    "PhilipsRescaleSlope": 0.81636,
    "PhilipsScaleSlope": 0.0567316,
    "ProtocolName": "WIPPM_HWWSENSE",
    "ReconMatrixPE": 80,
    "RepetitionTime": 2,
    "SeriesDescription": "ImageMRSERIES",
    "SeriesNumber": 2,
    "SliceEncodingDirection": "k",
    "SliceTiming": [
      0.0,
      0.05405405405405406,
      0.10810810810810811,
      0.16216216216216217,
      0.21621621621621623,
      0.2702702702702703,
      0.32432432432432434,
      0.3783783783783784,
      0.43243243243243246,
      0.4864864864864865,
      0.5405405405405406,
      0.5945945945945946,
      0.6486486486486487,
      0.7027027027027027,
      0.7567567567567568,
      0.8108108108108109,
      0.8648648648648649,
      0.918918918918919,
      0.972972972972973,
      1.0270270270270272,
      1.0810810810810811,
      1.135135135135135,
      1.1891891891891893,
      1.2432432432432434,
      1.2972972972972974,
      1.3513513513513513,
      1.4054054054054055,
      1.4594594594594597,
      1.5135135135135136,
      1.5675675675675675,
      1.6216216216216217,
      1.6756756756756759,
      1.7297297297297298,
      1.7837837837837838,
      1.837837837837838,
      1.891891891891892,
      1.945945945945946
    ],
    "TaskName": "other",
    "UsePhilipsFloatNotDisplayScaling": 1,
    "WaterFatShift": 12,
    "dataset": "ds002547",
    "modality": "bold",
    "session_id": "1",
    "subject_id": "04",
    "task_id": "other"
  },
  "dummy_trs": 0,
  "dvars_nstd": 19.13122069699235,
  "dvars_std": 1.145570120038314,
  "dvars_vstd": 0.9936425041379314,
  "efc": 0.40962210606604577,
  "fber": 224424.484375,
  "fd_mean": 0.16681294893923054,
  "fd_num": 133,
  "fd_perc": 25.430210325047803,
  "fwhm_avg": 1.998340110257838,
  "fwhm_x": 1.9655033333333334,
  "fwhm_y": 2.1095200000000003,
  "fwhm_z": 1.9199969974401792,
  "gcor": 0.0399541,
  "gsr_x": -0.020793301984667778,
  "gsr_y": 0.010489302687346935,
  "provenance": {
    "md5sum": "30fc9a3eb8af339b9de5a9f6e3f4b503",
    "settings": {
      "fd_thres": 0.2,
      "testing": false
    },
    "software": "mriqc",
    "version": "22.0.6",
    "webapi_port": null,
    "webapi_url": "https://mriqc.nimh.nih.gov/api/v1"
  },
  "size_t": 523,
  "size_x": 80,
  "size_y": 80,
  "size_z": 37,
  "snr": 5.396186181615096,
  "spacing_tr": 2.0,
  "spacing_x": 3.0,
  "spacing_y": 3.0,
  "spacing_z": 3.299999952316284,
  "summary_bg_k": 45.29484697380236,
  "summary_bg_mad": 47.42010109075614,
  "summary_bg_mean": 486.9876403808594,
  "summary_bg_median": 45.47541046142578,
  "summary_bg_n": 163358.0,
  "summary_bg_p05": 3.9677974343299867,
  "summary_bg_p95": 2547.556958007812,
  "summary_bg_stdv": 1461.199462890625,
  "summary_fg_k": 1.6001364241582534,
  "summary_fg_mad": 3846.5303761039595,
  "summary_fg_mean": 22779.646484375,
  "summary_fg_median": 22299.10546875,
  "summary_fg_n": 32449.0,
  "summary_fg_p05": 16960.4109375,
  "summary_fg_p95": 29853.740625,
  "summary_fg_stdv": 4132.31884765625,
  "tsnr": 70.58236694335938
}