{
  "aor": 0.0018485049833887044,
  "aqi": 0.005121390764119601,
  "bids_meta": {
    "AcquisitionNumber": 3,
    "BIDSVersion": "1.1.0",
    "BidsifyVersion": "0.3.1",
    "ConversionSoftware": "dcm2niix",
    "ConversionSoftwareVersion": "v1.0.20181125  GCC5.4.0",
    "EchoTime": 0.02762,
    "FlipAngle": 76.1,
    "ImageComments": "PredictingMentalizing",
    "ImageOrientationPatientDICOM": [
      0.997234,
      0.0714644,
      -0.0204127,
      -0.0742823,
      0.949337,
      -0.305355
    ],
    "InstitutionName": "Spinoza Centre for Neuroimaging, location REC",
    "MagneticFieldStrength": 3,
    "Manufacturer": "Philips",
    "ParallelAcquisitionTechnique": "SENSE",
    "ParallelReductionFactorInPlane": 2,
    "PatientPosition": "HFS",
    "PhaseEncodingDirection": "j",
    "PhilipsRescaleIntercept": 0,
    "PhilipsRescaleSlope": 0.82173,
    "PhilipsScaleSlope": 0.0583492,
    "ProtocolName": "WIPPM_Zinnen1SENSE",
    "ReconMatrixPE": 80,
    "RepetitionTime": 2,
    "SeriesDescription": "ImageMRSERIES",
    "SeriesNumber": 3,
    "SliceEncodingDirection": "k",
    "SliceTiming": [
      0.0,
      0.05405405405405406,
      0.10810810810810811,
      0.16216216216216217,
      0.21621621621621623,
      0.2702702702702703,
      0.32432432432432434,
      0.3783783783783784,
      0.43243243243243246,
      0.4864864864864865,
      0.5405405405405406,
      0.5945945945945946,
      0.6486486486486487,
      0.7027027027027027,
      0.7567567567567568,
      0.8108108108108109,
      0.8648648648648649,
      0.918918918918919,
      0.972972972972973,
      1.0270270270270272,
      1.0810810810810811,
      1.135135135135135,
      1.1891891891891893,
      1.2432432432432434,
      1.2972972972972974,
      1.3513513513513513,
      1.4054054054054055,
      1.4594594594594597,
      1.5135135135135136,
      1.5675675675675675,
      1.6216216216216217,
      1.6756756756756759,
      1.7297297297297298,
      1.7837837837837838,
      1.837837837837838,
      1.891891891891892,
      1.945945945945946
    ],
    "TaskName": "self",
    "UsePhilipsFloatNotDisplayScaling": 1,
    "WaterFatShift": 12,
    "dataset": "ds002547",
    "modality": "bold",
    "run_id": 1,
    "session_id": "1",
    "subject_id": "04",
    "task_id": "self"
  },
  "dummy_trs": 0,
  "dvars_nstd": 17.347446231899994,
  "dvars_std": 1.1082247211000003,
  "dvars_vstd": 0.9785150157666671,
  "efc": 0.4103121306477756,
  "fber": 223386.390625,
  "fd_mean": 0.15945372616605405,
  "fd_num": 59,
  "fd_perc": 19.601328903654483,
  "fwhm_avg": 1.999089403143081,
  "fwhm_x": 1.96587,
  "fwhm_y": 2.120546666666667,
  "fwhm_z": 1.9108515427625763,
  "gcor": 0.00966173,
  "gsr_x": -0.020784704014658928,
  "gsr_y": 0.010472530499100685,
  "provenance": {
    "md5sum": "1a4de93bf1039343ee8892afead051b4",
    "settings": {
      "fd_thres": 0.2,
      "testing": false
    },
    "software": "mriqc",
    "version": "22.0.6",
    "webapi_port": null,
    "webapi_url": "https://mriqc.nimh.nih.gov/api/v1"
  },
  "size_t": 301,
  "size_x": 80,
  "size_y": 80,
  "size_z": 37,
  "snr": 5.320462761145115,
  "spacing_tr": 2.0,
  "spacing_x": 3.0,
  "spacing_y": 3.0,
  "spacing_z": 3.299999952316284,
  "summary_bg_k": 47.914778630672345,
  "summary_bg_mad": 50.281962140019985,
  "summary_bg_mean": 499.0496826171875,
  "summary_bg_median": 45.31535720825195,
  "summary_bg_n": 163396.0,
  "summary_bg_p05": 3.3719030618667603,
  "summary_bg_p95": 2655.558349609375,
  "summary_bg_stdv": 1490.208984375,
  "summary_fg_k": 1.5548707918453868,
  "summary_fg_mad": 3827.9515170533114,
  "summary_fg_mean": 22604.681640625,
  "summary_fg_median": 22098.109375,
  "summary_fg_n": 32358.0,
  "summary_fg_p05": 16788.57197265625,
  "summary_fg_p95": 29736.280761718743,
  "summary_fg_stdv": 4153.3544921875,
  "tsnr": 72.69438934326172
}