{
  "aor": 0.001480199335548173,
  "aqi": 0.004837112558139535,
  "bids_meta": {
    "AcquisitionNumber": 4,
    "BIDSVersion": "1.1.0",
    "BidsifyVersion": "0.3.1",
    "ConversionSoftware": "dcm2niix",
    "ConversionSoftwareVersion": "v1.0.20181125  GCC5.4.0",
    "EchoTime": 0.02762,
    "FlipAngle": 76.1,
    "ImageComments": "PredictingMentalizing",
    "ImageOrientationPatientDICOM": [
      0.997234,
      0.0714644,
      -0.0204127,
      -0.0742823,
      0.949337,
      -0.305355
    ],
    "InstitutionName": "Spinoza Centre for Neuroimaging, location REC",
    "MagneticFieldStrength": 3,
    "Manufacturer": "Philips",
    "ParallelAcquisitionTechnique": "SENSE",
    "ParallelReductionFactorInPlane": 2,
    "PatientPosition": "HFS",
    "PhaseEncodingDirection": "j",
    "PhilipsRescaleIntercept": 0,
    "PhilipsRescaleSlope": 0.82882,
    "PhilipsScaleSlope": 0.0587223,
    "ProtocolName": "WIPPM_Zinnen2SENSE",
    "ReconMatrixPE": 80,
    "RepetitionTime": 2,
    "SeriesDescription": "ImageMRSERIES",
    "SeriesNumber": 4,
    "SliceEncodingDirection": "k",
    "SliceTiming": [
      0.0,
      0.05405405405405406,
      0.10810810810810811,
      0.16216216216216217,
      0.21621621621621623,
      0.2702702702702703,
      0.32432432432432434,
      0.3783783783783784,
      0.43243243243243246,
      0.4864864864864865,
      0.5405405405405406,
      0.5945945945945946,
      0.6486486486486487,
      0.7027027027027027,
      0.7567567567567568,
      0.8108108108108109,
      0.8648648648648649,
      0.918918918918919,
      0.972972972972973,
      1.0270270270270272,
      1.0810810810810811,
      1.135135135135135,
      1.1891891891891893,
      1.2432432432432434,
      1.2972972972972974,
      1.3513513513513513,
      1.4054054054054055,
      1.4594594594594597,
      1.5135135135135136,
      1.5675675675675675,
      1.6216216216216217,
      1.6756756756756759,
      1.7297297297297298,
      1.7837837837837838,
      1.837837837837838,
      1.891891891891892,
      1.945945945945946
    ],
    "TaskName": "self",
    "UsePhilipsFloatNotDisplayScaling": 1,
    "WaterFatShift": 12,
    "dataset": "ds002547",
    "modality": "bold",
    "run_id": 2,
    "session_id": "1",
    "subject_id": "04",
    "task_id": "self"
  },
  "dummy_trs": 0,
  "dvars_nstd": 16.579117425466663,
  "dvars_std": 1.094395349966667,
  "dvars_vstd": 0.9795635138666673,
  "efc": 0.41069703625170884,
  "fber": 226639.890625,
  "fd_mean": 0.14605816326324242,
  "fd_num": 46,
  "fd_perc": 15.282392026578073,
  "fwhm_avg": 1.991116170822403,
  "fwhm_x": 1.9522300000000001,
  "fwhm_y": 2.1097366666666666,
  "fwhm_z": 1.9113818458005418,
  "gcor": 0.0116277,
  "gsr_x": -0.021207289770245552,
  "gsr_y": 0.01068228017538786,
  "provenance": {
    "md5sum": "5c981e427d03398e928f375b96bd27bf",
    "settings": {
      "fd_thres": 0.2,
      "testing": false
    },
    "software": "mriqc",
    "version": "22.0.6",
    "webapi_port": null,
    "webapi_url": "https://mriqc.nimh.nih.gov/api/v1"
  },
  "size_t": 301,
  "size_x": 80,
  "size_y": 80,
  "size_z": 37,
  "snr": 5.407600325377457,
  "spacing_tr": 2.0,
  "spacing_x": 3.0,
  "spacing_y": 3.0,
  "spacing_z": 3.299999952316284,
  "summary_bg_k": 53.85319129812034,
  "summary_bg_mad": 45.939293136295575,
  "summary_bg_mean": 502.5694274902344,
  "summary_bg_median": 44.50437927246094,
  "summary_bg_n": 163386.0,
  "summary_bg_p05": 3.497909665107727,
  "summary_bg_p95": 2697.5703125,
  "summary_bg_stdv": 1514.9693603515625,
  "summary_fg_k": 1.5776221949068807,
  "summary_fg_mad": 3756.0076652588355,
  "summary_fg_mean": 22413.115234375,
  "summary_fg_median": 21927.013671875,
  "summary_fg_n": 32343.0,
  "summary_fg_p05": 16755.94765625,
  "summary_fg_p95": 29406.75332031249,
  "summary_fg_stdv": 4054.788330078125,
  "tsnr": 77.0692367553711
}