{
  "aor": 0.0009191029900332226,
  "aqi": 0.003735541495016612,
  "bids_meta": {
    "AcquisitionNumber": 4,
    "BIDSVersion": "1.1.0",
    "BidsifyVersion": "0.3.1",
    "ConversionSoftware": "dcm2niix",
    "ConversionSoftwareVersion": "v1.0.20181125  GCC5.4.0",
    "EchoTime": 0.02762,
    "FlipAngle": 76.1,
    "ImageComments": "PredictingMentalizing",
    "ImageOrientationPatientDICOM": [
      0.997004,
      0.0734305,
      -0.0243119,
      -0.0760152,
      0.871984,
      -0.483597
    ],
    "InstitutionName": "Spinoza Centre for Neuroimaging, location REC",
    "MagneticFieldStrength": 3,
    "Manufacturer": "Philips",
    "ParallelAcquisitionTechnique": "SENSE",
    "ParallelReductionFactorInPlane": 2,
    "PatientPosition": "HFS",
    "PhaseEncodingDirection": "j",
    "PhilipsRescaleIntercept": 0,
    "PhilipsRescaleSlope": 0.88254,
    "PhilipsScaleSlope": 0.0598272,
    "ProtocolName": "WIPPM_Zinnen1SENSE",
    "ReconMatrixPE": 80,
    "RepetitionTime": 2,
    "SeriesDescription": "ImageMRSERIES",
    "SeriesNumber": 4,
    "SliceEncodingDirection": "k",
    "SliceTiming": [
      0.0,
      0.05405405405405406,
      0.10810810810810811,
      0.16216216216216217,
      0.21621621621621623,
      0.2702702702702703,
      0.32432432432432434,
      0.3783783783783784,
      0.43243243243243246,
      0.4864864864864865,
      0.5405405405405406,
      0.5945945945945946,
      0.6486486486486487,
      0.7027027027027027,
      0.7567567567567568,
      0.8108108108108109,
      0.8648648648648649,
      0.918918918918919,
      0.972972972972973,
      1.0270270270270272,
      1.0810810810810811,
      1.135135135135135,
      1.1891891891891893,
      1.2432432432432434,
      1.2972972972972974,
      1.3513513513513513,
      1.4054054054054055,
      1.4594594594594597,
      1.5135135135135136,
      1.5675675675675675,
      1.6216216216216217,
      1.6756756756756759,
      1.7297297297297298,
      1.7837837837837838,
      1.837837837837838,
      1.891891891891892,
      1.945945945945946
    ],
    "TaskName": "self",
    "UsePhilipsFloatNotDisplayScaling": 1,
    "WaterFatShift": 12,
    "dataset": "ds002547",
    "modality": "bold",
    "run_id": 1,
    "session_id": "1",
    "subject_id": "11",
    "task_id": "self"
  },
  "dummy_trs": 0,
  "dvars_nstd": 17.193996171866658,
  "dvars_std": 1.1304274891666672,
  "dvars_vstd": 0.9981313403999993,
  "efc": 0.38198062135401056,
  "fber": 187742.53125,
  "fd_mean": 0.08836967193274932,
  "fd_num": 3,
  "fd_perc": 0.9966777408637874,
  "fwhm_avg": 1.859311018843842,
  "fwhm_x": 1.8125799999999999,
  "fwhm_y": 1.9501833333333334,
  "fwhm_z": 1.815169723198193,
  "gcor": 0.00948003,
  "gsr_x": -0.02925659529864788,
  "gsr_y": 0.017632603645324707,
  "provenance": {
    "md5sum": "7eb253e73bf4530537bf40951b0302f1",
    "settings": {
      "fd_thres": 0.2,
      "testing": false
    },
    "software": "mriqc",
    "version": "22.0.6",
    "webapi_port": null,
    "webapi_url": "https://mriqc.nimh.nih.gov/api/v1"
  },
  "size_t": 301,
  "size_x": 80,
  "size_y": 80,
  "size_z": 37,
  "snr": 5.336580290923093,
  "spacing_tr": 2.0,
  "spacing_x": 3.0,
  "spacing_y": 3.0,
  "spacing_z": 3.299999952316284,
  "summary_bg_k": 108.2702735902167,
  "summary_bg_mad": 52.11356002664159,
  "summary_bg_mean": 474.5010681152344,
  "summary_bg_median": 49.15422821044922,
  "summary_bg_n": 169826.0,
  "summary_bg_p05": 3.14850252866745,
  "summary_bg_p95": 2530.635986328125,
  "summary_bg_stdv": 1505.749267578125,
  "summary_fg_k": 1.7113169891612054,
  "summary_fg_mad": 3675.6836360808534,
  "summary_fg_mean": 22327.21484375,
  "summary_fg_median": 21791.96875,
  "summary_fg_n": 27321.0,
  "summary_fg_p05": 16531.8671875,
  "summary_fg_p95": 29424.7265625,
  "summary_fg_stdv": 4083.433349609375,
  "tsnr": 83.78827667236328
}