{
  "aor": 0.00185375415282392,
  "aqi": 0.005229932259136213,
  "bids_meta": {
    "AcquisitionNumber": 6,
    "BIDSVersion": "1.1.0",
    "BidsifyVersion": "0.3.1",
    "ConversionSoftware": "dcm2niix",
    "ConversionSoftwareVersion": "v1.0.20181125  GCC5.4.0",
    "EchoTime": 0.02763,
    "FlipAngle": 76.1,
    "ImageComments": "HWW",
    "ImageOrientationPatientDICOM": [
      0.999873,
      0.00282839,
      0.0156659,
      0.00418828,
      0.90268,
      -0.430292
    ],
    "InstitutionName": "Spinoza Centre for Neuroimaging, location REC",
    "MagneticFieldStrength": 3,
    "Manufacturer": "Philips",
    "ParallelAcquisitionTechnique": "SENSE",
    "ParallelReductionFactorInPlane": 2,
    "PatientPosition": "HFS",
    "PhaseEncodingDirection": "j",
    "PhilipsRescaleIntercept": 0,
    "PhilipsRescaleSlope": 2.05055,
    "PhilipsScaleSlope": 0.00118823,
    "ProtocolName": "WIPZinnen2SENSE",
    "ReconMatrixPE": 80,
    "RepetitionTime": 2,
    "SeriesDescription": "ImageMRSERIES",
    "SeriesNumber": 6,
    "SliceEncodingDirection": "k",
    "SliceTiming": [
      0.0,
      0.05405405405405406,
      0.10810810810810811,
      0.16216216216216217,
      0.21621621621621623,
      0.2702702702702703,
      0.32432432432432434,
      0.3783783783783784,
      0.43243243243243246,
      0.4864864864864865,
      0.5405405405405406,
      0.5945945945945946,
      0.6486486486486487,
      0.7027027027027027,
      0.7567567567567568,
      0.8108108108108109,
      0.8648648648648649,
      0.918918918918919,
      0.972972972972973,
      1.0270270270270272,
      1.0810810810810811,
      1.135135135135135,
      1.1891891891891893,
      1.2432432432432434,
      1.2972972972972974,
      1.3513513513513513,
      1.4054054054054055,
      1.4594594594594597,
      1.5135135135135136,
      1.5675675675675675,
      1.6216216216216217,
      1.6756756756756759,
      1.7297297297297298,
      1.7837837837837838,
      1.837837837837838,
      1.891891891891892,
      1.945945945945946
    ],
    "TaskName": "self",
    "UsePhilipsFloatNotDisplayScaling": 1,
    "WaterFatShift": 12,
    "dataset": "ds002547",
    "modality": "bold",
    "run_id": 2,
    "session_id": "1",
    "subject_id": "17",
    "task_id": "self"
  },
  "dummy_trs": 0,
  "dvars_nstd": 21.757288939266687,
  "dvars_std": 1.3030590200666667,
  "dvars_vstd": 1.0067922948666668,
  "efc": 0.42257117547732287,
  "fber": 8021158.5,
  "fd_mean": 0.150082236808631,
  "fd_num": 57,
  "fd_perc": 18.93687707641196,
  "fwhm_avg": 2.063204701925936,
  "fwhm_x": 2.0033266666666667,
  "fwhm_y": 2.26716,
  "fwhm_z": 1.9191274391111408,
  "gcor": 0.0146057,
  "gsr_x": -0.022220507264137268,
  "gsr_y": 0.010095835663378239,
  "provenance": {
    "md5sum": "a6d983c1dce10f4b42a5697dacaa07be",
    "settings": {
      "fd_thres": 0.2,
      "testing": false
    },
    "software": "mriqc",
    "version": "22.0.6",
    "webapi_port": null,
    "webapi_url": "https://mriqc.nimh.nih.gov/api/v1"
  },
  "size_t": 301,
  "size_x": 80,
  "size_y": 80,
  "size_z": 37,
  "snr": 5.603939444143703,
  "spacing_tr": 2.0,
  "spacing_x": 3.0,
  "spacing_y": 3.0,
  "spacing_z": 3.299999713897705,
  "summary_bg_k": 93.64704550164159,
  "summary_bg_mad": 170.78265219259524,
  "summary_bg_mean": 7456.77880859375,
  "summary_bg_median": 115.34880828857422,
  "summary_bg_n": 160599.0,
  "summary_bg_p05": 0.09747194796800614,
  "summary_bg_p95": 42244.96640625001,
  "summary_bg_stdv": 23346.703125,
  "summary_fg_k": 4.779872867247442,
  "summary_fg_mad": 49219.70643786494,
  "summary_fg_mean": 337295.90625,
  "summary_fg_median": 330648.75,
  "summary_fg_n": 35020.0,
  "summary_fg_p05": 259454.24453125,
  "summary_fg_p95": 424197.5953124999,
  "summary_fg_stdv": 59002.0703125,
  "tsnr": 83.68698120117188
}