{
  "aor": 0.00032169435215946844,
  "aqi": 0.005066504750830565,
  "bids_meta": {
    "AcquisitionNumber": 5,
    "BIDSVersion": "1.1.0",
    "BidsifyVersion": "0.3.1",
    "ConversionSoftware": "dcm2niix",
    "ConversionSoftwareVersion": "v1.0.20181125  GCC5.4.0",
    "EchoTime": 0.02763,
    "FlipAngle": 76.1,
    "ImageComments": "HWW",
    "ImageOrientationPatientDICOM": [
      0.999873,
      0.00282839,
      0.0156659,
      0.00418828,
      0.90268,
      -0.430292
    ],
    "InstitutionName": "Spinoza Centre for Neuroimaging, location REC",
    "MagneticFieldStrength": 3,
    "Manufacturer": "Philips",
    "ParallelAcquisitionTechnique": "SENSE",
    "ParallelReductionFactorInPlane": 2,
    "PatientPosition": "HFS",
    "PhaseEncodingDirection": "j",
    "PhilipsRescaleIntercept": 0,
    "PhilipsRescaleSlope": 2.12357,
    "PhilipsScaleSlope": 0.00118668,
    "ProtocolName": "WIPZinnen1SENSE",
    "ReconMatrixPE": 80,
    "RepetitionTime": 2,
    "SeriesDescription": "ImageMRSERIES",
    "SeriesNumber": 5,
    "SliceEncodingDirection": "k",
    "SliceTiming": [
      0.0,
      0.05405405405405406,
      0.10810810810810811,
      0.16216216216216217,
      0.21621621621621623,
      0.2702702702702703,
      0.32432432432432434,
      0.3783783783783784,
      0.43243243243243246,
      0.4864864864864865,
      0.5405405405405406,
      0.5945945945945946,
      0.6486486486486487,
      0.7027027027027027,
      0.7567567567567568,
      0.8108108108108109,
      0.8648648648648649,
      0.918918918918919,
      0.972972972972973,
      1.0270270270270272,
      1.0810810810810811,
      1.135135135135135,
      1.1891891891891893,
      1.2432432432432434,
      1.2972972972972974,
      1.3513513513513513,
      1.4054054054054055,
      1.4594594594594597,
      1.5135135135135136,
      1.5675675675675675,
      1.6216216216216217,
      1.6756756756756759,
      1.7297297297297298,
      1.7837837837837838,
      1.837837837837838,
      1.891891891891892,
      1.945945945945946
    ],
    "TaskName": "self",
    "UsePhilipsFloatNotDisplayScaling": 1,
    "WaterFatShift": 12,
    "dataset": "ds002547",
    "modality": "bold",
    "run_id": 1,
    "session_id": "1",
    "subject_id": "17",
    "task_id": "self"
  },
  "dummy_trs": 0,
  "dvars_nstd": 22.133740615833347,
  "dvars_std": 1.2927019182666672,
  "dvars_vstd": 0.9843655148000001,
  "efc": 0.42307434205099204,
  "fber": 12730824.0,
  "fd_mean": 0.13711915780654607,
  "fd_num": 45,
  "fd_perc": 14.950166112956811,
  "fwhm_avg": 2.044454903656007,
  "fwhm_x": 1.9868533333333334,
  "fwhm_y": 2.2374233333333335,
  "fwhm_z": 1.9090880443013547,
  "gcor": 0.0245414,
  "gsr_x": -0.022060291841626167,
  "gsr_y": 0.011261768639087677,
  "provenance": {
    "md5sum": "afbdda0820fa970bf99be894643afe7b",
    "settings": {
      "fd_thres": 0.2,
      "testing": false
    },
    "software": "mriqc",
    "version": "22.0.6",
    "webapi_port": null,
    "webapi_url": "https://mriqc.nimh.nih.gov/api/v1"
  },
  "size_t": 301,
  "size_x": 80,
  "size_y": 80,
  "size_z": 37,
  "snr": 5.684798839254585,
  "spacing_tr": 2.0,
  "spacing_x": 3.0,
  "spacing_y": 3.0,
  "spacing_z": 3.299999713897705,
  "summary_bg_k": 113.58533706231216,
  "summary_bg_mad": 134.71549365889118,
  "summary_bg_mean": 7230.66650390625,
  "summary_bg_median": 91.33113098144531,
  "summary_bg_n": 160185.0,
  "summary_bg_p05": 0.3878668665885926,
  "summary_bg_p95": 40985.525781249904,
  "summary_bg_stdv": 22885.328125,
  "summary_fg_k": 4.921229352266984,
  "summary_fg_mad": 48357.804904400575,
  "summary_fg_mean": 336830.96875,
  "summary_fg_median": 330307.59375,
  "summary_fg_n": 35277.0,
  "summary_fg_p05": 260442.275,
  "summary_fg_p95": 421562.075,
  "summary_fg_stdv": 58102.83203125,
  "tsnr": 85.27116394042969
}