{
  "aor": 0.0004505353728489484,
  "aqi": 0.00474553963671128,
  "bids_meta": {
    "AcquisitionNumber": 4,
    "BIDSVersion": "1.1.0",
    "BidsifyVersion": "0.3.1",
    "ConversionSoftware": "dcm2niix",
    "ConversionSoftwareVersion": "v1.0.20181125  GCC5.4.0",
    "EchoTime": 0.02763,
    "FlipAngle": 76.1,
    "ImageComments": "HWW",
    "ImageOrientationPatientDICOM": [
      0.999873,
      0.00282839,
      0.0156659,
      0.00418828,
      0.90268,
      -0.430292
    ],
    "InstitutionName": "Spinoza Centre for Neuroimaging, location REC",
    "MagneticFieldStrength": 3,
    "Manufacturer": "Philips",
    "ParallelAcquisitionTechnique": "SENSE",
    "ParallelReductionFactorInPlane": 2,
    "PatientPosition": "HFS",
    "PhaseEncodingDirection": "j",
    "PhilipsRescaleIntercept": 0,
    "PhilipsRescaleSlope": 2.61368,
    "PhilipsScaleSlope": 0.00119843,
    "ProtocolName": "WIPHWWSENSE",
    "ReconMatrixPE": 80,
    "RepetitionTime": 2,
    "SeriesDescription": "ImageMRSERIES",
    "SeriesNumber": 4,
    "SliceEncodingDirection": "k",
    "SliceTiming": [
      0.0,
      0.05405405405405406,
      0.10810810810810811,
      0.16216216216216217,
      0.21621621621621623,
      0.2702702702702703,
      0.32432432432432434,
      0.3783783783783784,
      0.43243243243243246,
      0.4864864864864865,
      0.5405405405405406,
      0.5945945945945946,
      0.6486486486486487,
      0.7027027027027027,
      0.7567567567567568,
      0.8108108108108109,
      0.8648648648648649,
      0.918918918918919,
      0.972972972972973,
      1.0270270270270272,
      1.0810810810810811,
      1.135135135135135,
      1.1891891891891893,
      1.2432432432432434,
      1.2972972972972974,
      1.3513513513513513,
      1.4054054054054055,
      1.4594594594594597,
      1.5135135135135136,
      1.5675675675675675,
      1.6216216216216217,
      1.6756756756756759,
      1.7297297297297298,
      1.7837837837837838,
      1.837837837837838,
      1.891891891891892,
      1.945945945945946
    ],
    "TaskName": "other",
    "UsePhilipsFloatNotDisplayScaling": 1,
    "WaterFatShift": 12,
    "dataset": "ds002547",
    "modality": "bold",
    "session_id": "1",
    "subject_id": "17",
    "task_id": "other"
  },
  "dummy_trs": 0,
  "dvars_nstd": 21.48737306693485,
  "dvars_std": 1.3098087265134097,
  "dvars_vstd": 0.9938300435823755,
  "efc": 0.4214427298716902,
  "fber": 4437343.0,
  "fd_mean": 0.12153489734963042,
  "fd_num": 42,
  "fd_perc": 8.030592734225621,
  "fwhm_avg": 2.058825611332985,
  "fwhm_x": 2.00124,
  "fwhm_y": 2.24517,
  "fwhm_z": 1.9300668339989548,
  "gcor": 0.0166279,
  "gsr_x": -0.02171795256435871,
  "gsr_y": 0.010719722136855125,
  "provenance": {
    "md5sum": "a053c52cf8c82cf61b12532acde8fe5b",
    "settings": {
      "fd_thres": 0.2,
      "testing": false
    },
    "software": "mriqc",
    "version": "22.0.6",
    "webapi_port": null,
    "webapi_url": "https://mriqc.nimh.nih.gov/api/v1"
  },
  "size_t": 523,
  "size_x": 80,
  "size_y": 80,
  "size_z": 37,
  "snr": 5.645653348059994,
  "spacing_tr": 2.0,
  "spacing_x": 3.0,
  "spacing_y": 3.0,
  "spacing_z": 3.299999713897705,
  "summary_bg_k": 99.3835530978857,
  "summary_bg_mad": 227.28521852935557,
  "summary_bg_mean": 7097.5498046875,
  "summary_bg_median": 155.0392303466797,
  "summary_bg_n": 160486.0,
  "summary_bg_p05": 1.2152855396270752,
  "summary_bg_p95": 39460.318359375,
  "summary_bg_stdv": 22456.638671875,
  "summary_fg_k": 5.001957961079388,
  "summary_fg_mad": 48789.38114394369,
  "summary_fg_mean": 337412.65625,
  "summary_fg_median": 330955.21875,
  "summary_fg_n": 35015.0,
  "summary_fg_p05": 259672.890625,
  "summary_fg_p95": 423615.1124999998,
  "summary_fg_stdv": 58620.40625,
  "tsnr": 83.09252166748047
}