{
  "bids_meta": {
    "AcquisitionNumber": 4,
    "BIDSVersion": "1.1.0",
    "BidsifyVersion": "0.3.1",
    "ConversionSoftware": "dcm2niix",
    "ConversionSoftwareVersion": "v1.0.20181125  GCC5.4.0",
    "EchoTime": 0.00373,
    "ImageComments": "PredictingMentalizing",
    "ImageOrientationPatientDICOM": [
      0.997407,
      0.0713367,
      0.00947512,
      -0.0713201,
      0.997451,
      -0.00207735
    ],
    "InstitutionName": "Spinoza Centre for Neuroimaging, location REC",
    "MagneticFieldStrength": 3,
    "Manufacturer": "Philips",
    "ParallelAcquisitionTechnique": "SENSE",
    "PatientPosition": "HFS",
    "PhilipsRescaleIntercept": 0,
    "PhilipsRescaleSlope": 12.9013,
    "PhilipsScaleSlope": 0.00555547,
    "ProtocolName": "WIPsT13DTFE_P25_S2_3mSENSE",
    "ReconMatrixPE": 240,
    "RepetitionTime": 0.008123,
    "SeriesDescription": "ImageMRSERIES",
    "SeriesNumber": 4,
    "UsePhilipsFloatNotDisplayScaling": 1,
    "dataset": "ds002547",
    "modality": "T1w",
    "session_id": "1",
    "subject_id": "18"
  },
  "cjv": 0.3588503353841586,
  "cnr": 3.7691203279334986,
  "efc": 0.7477181540762301,
  "fber": -1.0,
  "fwhm_avg": 3.8575668172317834,
  "fwhm_x": 3.815370227413787,
  "fwhm_y": 3.99451,
  "fwhm_z": 3.7628202242815627,
  "icvs_csf": 0.2385111752963661,
  "icvs_gm": 0.41066250060944526,
  "icvs_wm": 0.3508263240941887,
  "inu_med": 0.6638887524604797,
  "inu_range": 0.2025125265121459,
  "provenance": {
    "md5sum": "f20385dbd9a743b876ba11a3b95f2d69",
    "settings": {
      "testing": false
    },
    "software": "mriqc",
    "version": "22.0.6",
    "warnings": {
      "large_rot_frame": true,
      "small_air_mask": true
    },
    "webapi_port": null,
    "webapi_url": "https://mriqc.nimh.nih.gov/api/v1"
  },
  "qi_1": 0.0,
  "qi_2": 0.0001567861358856304,
  "rpve_csf": 24.336975872932324,
  "rpve_gm": 14.190114206488417,
  "rpve_wm": 20.279872093416223,
  "size_x": 240,
  "size_y": 240,
  "size_z": 220,
  "snr_csf": 1.6480029580008868,
  "snr_gm": 6.544485548852031,
  "snr_total": 8.732641478959517,
  "snr_wm": 18.005435930025634,
  "snrd_csf": 21.48322281671015,
  "snrd_gm": 69.53718177759274,
  "snrd_total": 69.16990256722765,
  "snrd_wm": 116.4893031073801,
  "spacing_x": 0.9999999403953552,
  "spacing_y": 1.0,
  "spacing_z": 0.9999999403953552,
  "summary_bg_k": 28.172628808165967,
  "summary_bg_mad": 0.0,
  "summary_bg_mean": 1.494747059809978,
  "summary_bg_median": 0.0,
  "summary_bg_n": 98596.0,
  "summary_bg_p05": 0.0,
  "summary_bg_p95": 10.758472681045532,
  "summary_bg_stdv": 5.62387894875506,
  "summary_csf_k": -0.06706386520415197,
  "summary_csf_mad": 120.29362162923555,
  "summary_csf_mean": 197.42393318591652,
  "summary_csf_median": 184.41815254092216,
  "summary_csf_n": 15593.0,
  "summary_csf_p05": 36.33225878328085,
  "summary_csf_p95": 392.70218364596366,
  "summary_csf_stdv": 111.90042958302598,
  "summary_gm_k": -0.10440936216263808,
  "summary_gm_mad": 92.46326027164307,
  "summary_gm_mean": 596.4575809507497,
  "summary_gm_median": 596.9271326623857,
  "summary_gm_n": 23672.0,
  "summary_gm_p05": 445.46800944954157,
  "summary_gm_p95": 746.9069658815861,
  "summary_gm_stdv": 91.20877718778551,
  "summary_wm_k": 0.5729440207824936,
  "summary_wm_mad": 52.171543082292764,
  "summary_wm_mean": 998.5957324529644,
  "summary_wm_median": 999.97762221843,
  "summary_wm_n": 199211.0,
  "summary_wm_p05": 906.1547750458121,
  "summary_wm_p95": 1087.2333183586597,
  "summary_wm_stdv": 55.537400830286984,
  "tpm_overlap_csf": 0.15318997068845913,
  "tpm_overlap_gm": 0.46625931436652446,
  "tpm_overlap_wm": 0.5216712748254451,
  "wm2max": 0.7476705930111937
}