{
  "aor": 0.00522156146179402,
  "aqi": 0.006985581196013291,
  "bids_meta": {
    "AcquisitionNumber": 5,
    "BIDSVersion": "1.1.0",
    "BidsifyVersion": "0.3.1",
    "ConversionSoftware": "dcm2niix",
    "ConversionSoftwareVersion": "v1.0.20181125  GCC5.4.0",
    "EchoTime": 0.02762,
    "FlipAngle": 76.1,
    "ImageComments": "PredictingMentalizing",
    "ImageOrientationPatientDICOM": [
      0.997004,
      0.0734305,
      -0.0243119,
      -0.0760152,
      0.871984,
      -0.483597
    ],
    "InstitutionName": "Spinoza Centre for Neuroimaging, location REC",
    "MagneticFieldStrength": 3,
    "Manufacturer": "Philips",
    "ParallelAcquisitionTechnique": "SENSE",
    "ParallelReductionFactorInPlane": 2,
    "PatientPosition": "HFS",
    "PhaseEncodingDirection": "j",
    "PhilipsRescaleIntercept": 0,
    "PhilipsRescaleSlope": 0.8652,
    "PhilipsScaleSlope": 0.0609942,
    "ProtocolName": "WIPPM_Zinnen2SENSE",
    "ReconMatrixPE": 80,
    "RepetitionTime": 2,
    "SeriesDescription": "ImageMRSERIES",
    "SeriesNumber": 5,
    "SliceEncodingDirection": "k",
    "SliceTiming": [
      0.0,
      0.05405405405405406,
      0.10810810810810811,
      0.16216216216216217,
      0.21621621621621623,
      0.2702702702702703,
      0.32432432432432434,
      0.3783783783783784,
      0.43243243243243246,
      0.4864864864864865,
      0.5405405405405406,
      0.5945945945945946,
      0.6486486486486487,
      0.7027027027027027,
      0.7567567567567568,
      0.8108108108108109,
      0.8648648648648649,
      0.918918918918919,
      0.972972972972973,
      1.0270270270270272,
      1.0810810810810811,
      1.135135135135135,
      1.1891891891891893,
      1.2432432432432434,
      1.2972972972972974,
      1.3513513513513513,
      1.4054054054054055,
      1.4594594594594597,
      1.5135135135135136,
      1.5675675675675675,
      1.6216216216216217,
      1.6756756756756759,
      1.7297297297297298,
      1.7837837837837838,
      1.837837837837838,
      1.891891891891892,
      1.945945945945946
    ],
    "TaskName": "self",
    "UsePhilipsFloatNotDisplayScaling": 1,
    "WaterFatShift": 12,
    "dataset": "ds002547",
    "modality": "bold",
    "run_id": 2,
    "session_id": "1",
    "subject_id": "11",
    "task_id": "self"
  },
  "dummy_trs": 0,
  "dvars_nstd": 18.822190503799995,
  "dvars_std": 1.1968745492666668,
  "dvars_vstd": 1.0506221243000002,
  "efc": 0.382709768951097,
  "fber": 186405.984375,
  "fd_mean": 0.12207701414581602,
  "fd_num": 25,
  "fd_perc": 8.305647840531561,
  "fwhm_avg": 1.8708638471989916,
  "fwhm_x": 1.8166200000000001,
  "fwhm_y": 1.9657866666666666,
  "fwhm_z": 1.8301848749303076,
  "gcor": 0.0113275,
  "gsr_x": -0.029562808573246002,
  "gsr_y": 0.01717855967581272,
  "provenance": {
    "md5sum": "653da4e47b7ec15ce7e635b1ac3c6d50",
    "settings": {
      "fd_thres": 0.2,
      "testing": false
    },
    "software": "mriqc",
    "version": "22.0.6",
    "webapi_port": null,
    "webapi_url": "https://mriqc.nimh.nih.gov/api/v1"
  },
  "size_t": 301,
  "size_x": 80,
  "size_y": 80,
  "size_z": 37,
  "snr": 5.362515288802594,
  "spacing_tr": 2.0,
  "spacing_x": 3.0,
  "spacing_y": 3.0,
  "spacing_z": 3.299999952316284,
  "summary_bg_k": 104.41755877396938,
  "summary_bg_mad": 51.12500113124935,
  "summary_bg_mean": 486.1432800292969,
  "summary_bg_median": 49.72721862792969,
  "summary_bg_n": 169882.0,
  "summary_bg_p05": 3.796275126934052,
  "summary_bg_p95": 2583.54768066406,
  "summary_bg_stdv": 1539.621826171875,
  "summary_fg_k": 1.6662342294565065,
  "summary_fg_mad": 3720.6800342710067,
  "summary_fg_mean": 22448.3125,
  "summary_fg_median": 21943.890625,
  "summary_fg_n": 27374.0,
  "summary_fg_p05": 16628.3044921875,
  "summary_fg_p95": 29506.187304687493,
  "summary_fg_stdv": 4092.014404296875,
  "tsnr": 66.8338851928711
}