{
  "aor": 0.0010673804971319313,
  "aqi": 0.005258237456978968,
  "bids_meta": {
    "AcquisitionNumber": 3,
    "BIDSVersion": "1.1.0",
    "BidsifyVersion": "0.3.1",
    "ConversionSoftware": "dcm2niix",
    "ConversionSoftwareVersion": "v1.0.20181125  GCC5.4.0",
    "EchoTime": 0.02762,
    "FlipAngle": 76.1,
    "ImageComments": "PredictingMentalizing",
    "ImageOrientationPatientDICOM": [
      0.997004,
      0.0734305,
      -0.0243119,
      -0.0760152,
      0.871984,
      -0.483597
    ],
    "InstitutionName": "Spinoza Centre for Neuroimaging, location REC",
    "MagneticFieldStrength": 3,
    "Manufacturer": "Philips",
    "ParallelAcquisitionTechnique": "SENSE",
    "ParallelReductionFactorInPlane": 2,
    "PatientPosition": "HFS",
    "PhaseEncodingDirection": "j",
    "PhilipsRescaleIntercept": 0,
    "PhilipsRescaleSlope": 0.8381,
    "PhilipsScaleSlope": 0.0598067,
    "ProtocolName": "WIPPM_HWWSENSE",
    "ReconMatrixPE": 80,
    "RepetitionTime": 2,
    "SeriesDescription": "ImageMRSERIES",
    "SeriesNumber": 3,
    "SliceEncodingDirection": "k",
    "SliceTiming": [
      0.0,
      0.05405405405405406,
      0.10810810810810811,
      0.16216216216216217,
      0.21621621621621623,
      0.2702702702702703,
      0.32432432432432434,
      0.3783783783783784,
      0.43243243243243246,
      0.4864864864864865,
      0.5405405405405406,
      0.5945945945945946,
      0.6486486486486487,
      0.7027027027027027,
      0.7567567567567568,
      0.8108108108108109,
      0.8648648648648649,
      0.918918918918919,
      0.972972972972973,
      1.0270270270270272,
      1.0810810810810811,
      1.135135135135135,
      1.1891891891891893,
      1.2432432432432434,
      1.2972972972972974,
      1.3513513513513513,
      1.4054054054054055,
      1.4594594594594597,
      1.5135135135135136,
      1.5675675675675675,
      1.6216216216216217,
      1.6756756756756759,
      1.7297297297297298,
      1.7837837837837838,
      1.837837837837838,
      1.891891891891892,
      1.945945945945946
    ],
    "TaskName": "other",
    "UsePhilipsFloatNotDisplayScaling": 1,
    "WaterFatShift": 12,
    "dataset": "ds002547",
    "modality": "bold",
    "session_id": "1",
    "subject_id": "11",
    "task_id": "other"
  },
  "dummy_trs": 0,
  "dvars_nstd": 16.9420624366092,
  "dvars_std": 1.114167446954023,
  "dvars_vstd": 1.0096115777777777,
  "efc": 0.3805098392285114,
  "fber": 197322.25,
  "fd_mean": 0.09669438317018009,
  "fd_num": 10,
  "fd_perc": 1.9120458891013383,
  "fwhm_avg": 1.8626947561876586,
  "fwhm_x": 1.8196366666666668,
  "fwhm_y": 1.95949,
  "fwhm_z": 1.8089576018963094,
  "gcor": 0.00854465,
  "gsr_x": -0.02847401425242424,
  "gsr_y": 0.016490228474140167,
  "provenance": {
    "md5sum": "96add01e281dad60d4055bb31d5bcbaf",
    "settings": {
      "fd_thres": 0.2,
      "testing": false
    },
    "software": "mriqc",
    "version": "22.0.6",
    "webapi_port": null,
    "webapi_url": "https://mriqc.nimh.nih.gov/api/v1"
  },
  "size_t": 523,
  "size_x": 80,
  "size_y": 80,
  "size_z": 37,
  "snr": 5.3272700538998405,
  "spacing_tr": 2.0,
  "spacing_x": 3.0,
  "spacing_y": 3.0,
  "spacing_z": 3.299999952316284,
  "summary_bg_k": 90.94720920434688,
  "summary_bg_mad": 47.751528807130995,
  "summary_bg_mean": 460.2059631347656,
  "summary_bg_median": 48.06452178955078,
  "summary_bg_n": 169926.0,
  "summary_bg_p05": 3.7438130378723145,
  "summary_bg_p95": 2463.2967529296875,
  "summary_bg_stdv": 1439.4010009765625,
  "summary_fg_k": 1.7586335422936665,
  "summary_fg_mad": 3660.7244113527286,
  "summary_fg_mean": 22340.275390625,
  "summary_fg_median": 21821.2421875,
  "summary_fg_n": 27230.0,
  "summary_fg_p05": 16536.15244140625,
  "summary_fg_p95": 29418.246484375,
  "summary_fg_stdv": 4096.064453125,
  "tsnr": 75.37040710449219
}