{
  "bids_meta": {
    "AcquisitionNumber": 3,
    "BIDSVersion": "1.1.0",
    "BidsifyVersion": "0.3.1",
    "ConversionSoftware": "dcm2niix",
    "ConversionSoftwareVersion": "v1.0.20181125  GCC5.4.0",
    "EchoTime": 0.00374,
    "ImageComments": "HWW",
    "ImageOrientationPatientDICOM": [
      0.999969,
      0.00356772,
      0.00695311,
      -0.00314151,
      0.998171,
      -0.0603738
    ],
    "InstitutionName": "Spinoza Centre for Neuroimaging, location REC",
    "MagneticFieldStrength": 3,
    "Manufacturer": "Philips",
    "ParallelAcquisitionTechnique": "SENSE",
    "PatientPosition": "HFS",
    "PhilipsRescaleIntercept": 0,
    "PhilipsRescaleSlope": 15.8181,
    "PhilipsScaleSlope": 0.000295564,
    "ProtocolName": "WIPsT13DTFE_P25_S2_3mSENSE",
    "ReconMatrixPE": 240,
    "RepetitionTime": 0.00818,
    "SeriesDescription": "ImageMRSERIES",
    "SeriesNumber": 3,
    "UsePhilipsFloatNotDisplayScaling": 1,
    "dataset": "ds002547",
    "modality": "T1w",
    "session_id": "1",
    "subject_id": "17"
  },
  "cjv": 0.2967431557290477,
  "cnr": 4.528988969551018,
  "efc": 0.7317248995004096,
  "fber": -1.0,
  "fwhm_avg": 4.200350250360384,
  "fwhm_x": 4.165750248298064,
  "fwhm_y": 4.36925026042761,
  "fwhm_z": 4.06605024235548,
  "icvs_csf": 0.20922900691563148,
  "icvs_gm": 0.4434248375697962,
  "icvs_wm": 0.3473461555145723,
  "inu_med": 0.6283599138259888,
  "inu_range": 0.20880655646324153,
  "provenance": {
    "md5sum": "2723e719be3a69d76f4ba4572fc6bc13",
    "settings": {
      "testing": false
    },
    "software": "mriqc",
    "version": "22.0.6",
    "warnings": {
      "large_rot_frame": true,
      "small_air_mask": true
    },
    "webapi_port": null,
    "webapi_url": "https://mriqc.nimh.nih.gov/api/v1"
  },
  "qi_1": 0.0,
  "qi_2": 3.990641986979241e-06,
  "rpve_csf": 26.231205759548846,
  "rpve_gm": 13.293495144082797,
  "rpve_wm": 19.948399151280995,
  "size_x": 240,
  "size_y": 240,
  "size_z": 220,
  "snr_csf": 1.4222657344338208,
  "snr_gm": 7.5576833824715335,
  "snr_total": 9.719893349450295,
  "snr_wm": 20.17973093144553,
  "snrd_csf": 14.551446988039492,
  "snrd_gm": 59.823671282583256,
  "snrd_total": 58.96681873068891,
  "snrd_wm": 102.52533792144396,
  "spacing_x": 0.9999999403953552,
  "spacing_y": 0.9999999403953552,
  "spacing_z": 0.9999999403953552,
  "summary_bg_k": 274.3381047386834,
  "summary_bg_mad": 0.0,
  "summary_bg_mean": 1.3027209085035472,
  "summary_bg_median": 0.0,
  "summary_bg_n": 203427.0,
  "summary_bg_p05": 0.0,
  "summary_bg_p95": 10.589980436488986,
  "summary_bg_stdv": 6.39014332681151,
  "summary_csf_k": 0.45698234055118325,
  "summary_csf_mad": 89.66936839490455,
  "summary_csf_mean": 166.75778376492315,
  "summary_csf_median": 141.9335452374071,
  "summary_csf_n": 23511.0,
  "summary_csf_p05": 39.47490519378334,
  "summary_csf_p95": 357.1627318765968,
  "summary_csf_stdv": 99.79184854090371,
  "summary_gm_k": -0.01062637821773782,
  "summary_gm_mad": 77.18093337132302,
  "summary_gm_mean": 585.508114610442,
  "summary_gm_median": 583.5148738976568,
  "summary_gm_n": 40658.0,
  "summary_gm_p05": 460.4208343382925,
  "summary_gm_p95": 714.7889202274382,
  "summary_gm_stdv": 77.2072166074547,
  "summary_wm_k": 0.5519741598107202,
  "summary_wm_mad": 46.41506387031266,
  "summary_wm_mean": 999.441888489588,
  "summary_wm_median": 1000.0232073012739,
  "summary_wm_n": 199174.0,
  "summary_wm_p05": 916.2534495815635,
  "summary_wm_p95": 1079.1352274548262,
  "summary_wm_stdv": 49.55570023551403,
  "tpm_overlap_csf": 0.14191599881495887,
  "tpm_overlap_gm": 0.47429125749680495,
  "tpm_overlap_wm": 0.5011355164074719,
  "wm2max": 0.801541597311077
}