{
  "aor": 0.0012511960132890365,
  "aqi": 0.005886388172757475,
  "bids_meta": {
    "AcquisitionNumber": 5,
    "BIDSVersion": "1.1.0",
    "BidsifyVersion": "0.3.1",
    "ConversionSoftware": "dcm2niix",
    "ConversionSoftwareVersion": "v1.0.20181125  GCC5.4.0",
    "EchoTime": 0.02763,
    "FlipAngle": 76.1,
    "ImageComments": "HWW",
    "ImageOrientationPatientDICOM": [
      0.999979,
      -0.00551194,
      0.00332353,
      0.00628314,
      0.947975,
      -0.318283
    ],
    "InstitutionName": "Spinoza Centre for Neuroimaging, location REC",
    "MagneticFieldStrength": 3,
    "Manufacturer": "Philips",
    "ParallelAcquisitionTechnique": "SENSE",
    "ParallelReductionFactorInPlane": 2,
    "PatientPosition": "HFS",
    "PhaseEncodingDirection": "j",
    "PhilipsRescaleIntercept": 0,
    "PhilipsRescaleSlope": 2.29499,
    "PhilipsScaleSlope": 0.00111437,
    "ProtocolName": "WIPPM_Zinnen2SENSE",
    "ReconMatrixPE": 80,
    "RepetitionTime": 2,
    "SeriesDescription": "ImageMRSERIES",
    "SeriesNumber": 5,
    "SliceEncodingDirection": "k",
    "SliceTiming": [
      0.0,
      0.05405405405405406,
      0.10810810810810811,
      0.16216216216216217,
      0.21621621621621623,
      0.2702702702702703,
      0.32432432432432434,
      0.3783783783783784,
      0.43243243243243246,
      0.4864864864864865,
      0.5405405405405406,
      0.5945945945945946,
      0.6486486486486487,
      0.7027027027027027,
      0.7567567567567568,
      0.8108108108108109,
      0.8648648648648649,
      0.918918918918919,
      0.972972972972973,
      1.0270270270270272,
      1.0810810810810811,
      1.135135135135135,
      1.1891891891891893,
      1.2432432432432434,
      1.2972972972972974,
      1.3513513513513513,
      1.4054054054054055,
      1.4594594594594597,
      1.5135135135135136,
      1.5675675675675675,
      1.6216216216216217,
      1.6756756756756759,
      1.7297297297297298,
      1.7837837837837838,
      1.837837837837838,
      1.891891891891892,
      1.945945945945946
    ],
    "TaskName": "self",
    "UsePhilipsFloatNotDisplayScaling": 1,
    "WaterFatShift": 12,
    "dataset": "ds002547",
    "modality": "bold",
    "run_id": 2,
    "session_id": "2",
    "subject_id": "08",
    "task_id": "self"
  },
  "dummy_trs": 0,
  "dvars_nstd": 24.208541641166658,
  "dvars_std": 1.2260119134666658,
  "dvars_vstd": 1.005885784866667,
  "efc": 0.41099619555773614,
  "fber": 5781760.0,
  "fd_mean": 0.27314992184983605,
  "fd_num": 193,
  "fd_perc": 64.11960132890366,
  "fwhm_avg": 1.920561119861956,
  "fwhm_x": 1.8755466666666667,
  "fwhm_y": 2.0693033333333335,
  "fwhm_z": 1.8168333595858683,
  "gcor": 0.0421477,
  "gsr_x": -0.02346818521618843,
  "gsr_y": 0.011240999214351177,
  "provenance": {
    "md5sum": "afb2c7f33824556233b62f9f38382406",
    "settings": {
      "fd_thres": 0.2,
      "testing": false
    },
    "software": "mriqc",
    "version": "22.0.6",
    "webapi_port": null,
    "webapi_url": "https://mriqc.nimh.nih.gov/api/v1"
  },
  "size_t": 301,
  "size_x": 80,
  "size_y": 80,
  "size_z": 37,
  "snr": 5.07767698200623,
  "spacing_tr": 2.0,
  "spacing_x": 3.0,
  "spacing_y": 3.0,
  "spacing_z": 3.299999952316284,
  "summary_bg_k": 72.64478652764478,
  "summary_bg_mad": 243.0308620127758,
  "summary_bg_mean": 7480.79345703125,
  "summary_bg_median": 166.17236328125,
  "summary_bg_n": 160850.0,
  "summary_bg_p05": 1.5801434755325319,
  "summary_bg_p95": 35687.88417968747,
  "summary_bg_stdv": 25348.134765625,
  "summary_fg_k": 1.702481105103872,
  "summary_fg_mad": 75624.38863625642,
  "summary_fg_mean": 437165.40625,
  "summary_fg_median": 425345.125,
  "summary_fg_n": 34448.0,
  "summary_fg_p05": 323817.7640625,
  "summary_fg_p95": 583775.015625,
  "summary_fg_stdv": 83766.4453125,
  "tsnr": 65.9453353881836
}