{
  "aor": 0.0032951051625239,
  "aqi": 0.008340056405353728,
  "bids_meta": {
    "AcquisitionNumber": 3,
    "BIDSVersion": "1.1.0",
    "BidsifyVersion": "0.3.1",
    "ConversionSoftware": "dcm2niix",
    "ConversionSoftwareVersion": "v1.0.20181125  GCC5.4.0",
    "EchoTime": 0.02763,
    "FlipAngle": 76.1,
    "ImageComments": "HWW",
    "ImageOrientationPatientDICOM": [
      0.999979,
      -0.00551194,
      0.00332353,
      0.00628314,
      0.947975,
      -0.318283
    ],
    "InstitutionName": "Spinoza Centre for Neuroimaging, location REC",
    "MagneticFieldStrength": 3,
    "Manufacturer": "Philips",
    "ParallelAcquisitionTechnique": "SENSE",
    "ParallelReductionFactorInPlane": 2,
    "PatientPosition": "HFS",
    "PhaseEncodingDirection": "j",
    "PhilipsRescaleIntercept": 0,
    "PhilipsRescaleSlope": 2.19267,
    "PhilipsScaleSlope": 0.00113045,
    "ProtocolName": "WIPPM_HWWSENSE",
    "ReconMatrixPE": 80,
    "RepetitionTime": 2,
    "SeriesDescription": "ImageMRSERIES",
    "SeriesNumber": 3,
    "SliceEncodingDirection": "k",
    "SliceTiming": [
      0.0,
      0.05405405405405406,
      0.10810810810810811,
      0.16216216216216217,
      0.21621621621621623,
      0.2702702702702703,
      0.32432432432432434,
      0.3783783783783784,
      0.43243243243243246,
      0.4864864864864865,
      0.5405405405405406,
      0.5945945945945946,
      0.6486486486486487,
      0.7027027027027027,
      0.7567567567567568,
      0.8108108108108109,
      0.8648648648648649,
      0.918918918918919,
      0.972972972972973,
      1.0270270270270272,
      1.0810810810810811,
      1.135135135135135,
      1.1891891891891893,
      1.2432432432432434,
      1.2972972972972974,
      1.3513513513513513,
      1.4054054054054055,
      1.4594594594594597,
      1.5135135135135136,
      1.5675675675675675,
      1.6216216216216217,
      1.6756756756756759,
      1.7297297297297298,
      1.7837837837837838,
      1.837837837837838,
      1.891891891891892,
      1.945945945945946
    ],
    "TaskName": "other",
    "UsePhilipsFloatNotDisplayScaling": 1,
    "WaterFatShift": 12,
    "dataset": "ds002547",
    "modality": "bold",
    "session_id": "2",
    "subject_id": "08",
    "task_id": "other"
  },
  "dummy_trs": 0,
  "dvars_nstd": 24.874476294080466,
  "dvars_std": 1.274187633007663,
  "dvars_vstd": 1.011428966896552,
  "efc": 0.4103271717241459,
  "fber": 1847687.625,
  "fd_mean": 0.22554537432176322,
  "fd_num": 274,
  "fd_perc": 52.39005736137667,
  "fwhm_avg": 1.9590638473444508,
  "fwhm_x": 1.91601,
  "fwhm_y": 2.1007966666666666,
  "fwhm_z": 1.8603848753666858,
  "gcor": 0.0262597,
  "gsr_x": -0.022631406784057617,
  "gsr_y": 0.010187781415879726,
  "provenance": {
    "md5sum": "7a28c591a024680ee057ab93bcd3deba",
    "settings": {
      "fd_thres": 0.2,
      "testing": false
    },
    "software": "mriqc",
    "version": "22.0.6",
    "webapi_port": null,
    "webapi_url": "https://mriqc.nimh.nih.gov/api/v1"
  },
  "size_t": 523,
  "size_x": 80,
  "size_y": 80,
  "size_z": 37,
  "snr": 5.048735686305601,
  "spacing_tr": 2.0,
  "spacing_x": 3.0,
  "spacing_y": 3.0,
  "spacing_z": 3.299999952316284,
  "summary_bg_k": 76.39077096763891,
  "summary_bg_mad": 442.6636195554977,
  "summary_bg_mean": 7127.14111328125,
  "summary_bg_median": 302.1625061035156,
  "summary_bg_n": 160735.0,
  "summary_bg_p05": 1.2796330332756043,
  "summary_bg_p95": 34025.521484374985,
  "summary_bg_stdv": 23720.65625,
  "summary_fg_k": 1.5305227914402515,
  "summary_fg_mad": 75060.3511547537,
  "summary_fg_mean": 434186.71875,
  "summary_fg_median": 422131.5625,
  "summary_fg_n": 34372.0,
  "summary_fg_p05": 319658.8296875,
  "summary_fg_p95": 582965.5343749996,
  "summary_fg_stdv": 83610.125,
  "tsnr": 56.955360412597656
}