{
  "bids_meta": {
    "AcquisitionNumber": 3,
    "BIDSVersion": "1.1.0",
    "BidsifyVersion": "0.3.1",
    "ConversionSoftware": "dcm2niix",
    "ConversionSoftwareVersion": "v1.0.20181125  GCC5.4.0",
    "EchoTime": 0.00381,
    "ImageComments": "HWW",
    "ImageOrientationPatientDICOM": [
      0.995485,
      0.0940405,
      0.0128867,
      -0.0948023,
      0.991792,
      0.0857989
    ],
    "InstitutionName": "Spinoza Centre for Neuroimaging, location REC",
    "MagneticFieldStrength": 3,
    "Manufacturer": "Philips",
    "ParallelAcquisitionTechnique": "SENSE",
    "PatientPosition": "HFS",
    "PhilipsRescaleIntercept": 0,
    "PhilipsRescaleSlope": 13.5382,
    "PhilipsScaleSlope": 0.000280935,
    "ProtocolName": "WIPsT13DTFE_P25_S2_3mSENSE",
    "ReconMatrixPE": 240,
    "RepetitionTime": 0.008252,
    "SeriesDescription": "ImageMRSERIES",
    "SeriesNumber": 3,
    "UsePhilipsFloatNotDisplayScaling": 1,
    "dataset": "ds002547",
    "modality": "T1w",
    "session_id": "1",
    "subject_id": "23"
  },
  "cjv": 0.30662680971693407,
  "cnr": 4.409409681770348,
  "efc": 0.7346182642067678,
  "fber": -1.0,
  "fwhm_avg": 4.16854,
  "fwhm_x": 4.17094,
  "fwhm_y": 4.27671,
  "fwhm_z": 4.05797,
  "icvs_csf": 0.2316859411546503,
  "icvs_gm": 0.4441667831052538,
  "icvs_wm": 0.3241472757400959,
  "inu_med": 0.6631020307540894,
  "inu_range": 0.2468326270580291,
  "provenance": {
    "md5sum": "414f46f3d94dd34d7bb6454186d4e68e",
    "settings": {
      "testing": false
    },
    "software": "mriqc",
    "version": "22.0.6",
    "warnings": {
      "large_rot_frame": true,
      "small_air_mask": true
    },
    "webapi_port": null,
    "webapi_url": "https://mriqc.nimh.nih.gov/api/v1"
  },
  "qi_1": 0.00039456203613988475,
  "qi_2": 9.829088280375755e-06,
  "rpve_csf": 25.532635369242353,
  "rpve_gm": 13.99657528882365,
  "rpve_wm": 22.49472934574635,
  "size_x": 240,
  "size_y": 240,
  "size_z": 220,
  "snr_csf": 1.6567564155246668,
  "snr_gm": 7.587453415835559,
  "snr_total": 9.629325128386606,
  "snr_wm": 19.643765553799593,
  "snrd_csf": 17.373240766217258,
  "snrd_gm": 58.31797293612002,
  "snrd_total": 58.21044015664674,
  "snrd_wm": 98.94010676760296,
  "spacing_x": 1.0,
  "spacing_y": 1.0,
  "spacing_z": 1.0,
  "summary_bg_k": 23.534827523239993,
  "summary_bg_mad": 0.0,
  "summary_bg_mean": 2.124023514479887,
  "summary_bg_median": 0.0,
  "summary_bg_n": 243863.0,
  "summary_bg_p05": 0.0,
  "summary_bg_p95": 11.41769713908434,
  "summary_bg_stdv": 6.621545141324264,
  "summary_csf_k": 0.3626741873341679,
  "summary_csf_mad": 112.80107793017966,
  "summary_csf_mean": 191.37182705728355,
  "summary_csf_median": 175.59350691642612,
  "summary_csf_n": 18612.0,
  "summary_csf_p05": 43.5589787196368,
  "summary_csf_p95": 377.5324217132293,
  "summary_csf_stdv": 105.98346745212774,
  "summary_gm_k": -0.10645946547615592,
  "summary_gm_mad": 78.7904433308255,
  "summary_gm_mean": 590.2644716908852,
  "summary_gm_median": 589.4270114544779,
  "summary_gm_n": 33023.0,
  "summary_gm_p05": 462.41673413291574,
  "summary_gm_p95": 718.5212505709379,
  "summary_gm_stdv": 77.68325610600287,
  "summary_wm_k": 0.6780724019298612,
  "summary_wm_mad": 47.102234462838474,
  "summary_wm_mean": 997.5942218623338,
  "summary_wm_median": 999.99997443147,
  "summary_wm_n": 172780.0,
  "summary_wm_p05": 909.2153581548482,
  "summary_wm_p95": 1076.2571955677122,
  "summary_wm_stdv": 50.90658803858903,
  "tpm_overlap_csf": 0.15230053833211382,
  "tpm_overlap_gm": 0.49277263705730273,
  "tpm_overlap_wm": 0.5359647829398381,
  "wm2max": 0.7551478124603566
}