{
  "aor": 0.0012131561461794019,
  "aqi": 0.005769173554817275,
  "bids_meta": {
    "AcquisitionNumber": 5,
    "BIDSVersion": "1.1.0",
    "BidsifyVersion": "0.3.1",
    "ConversionSoftware": "dcm2niix",
    "ConversionSoftwareVersion": "v1.0.20181125  GCC5.4.0",
    "EchoTime": 0.02763,
    "FlipAngle": 76.1,
    "ImageComments": "HWW",
    "ImageOrientationPatientDICOM": [
      0.999374,
      0.00100586,
      0.0353524,
      0.0148271,
      0.895592,
      -0.444629
    ],
    "InstitutionName": "Spinoza Centre for Neuroimaging, location REC",
    "MagneticFieldStrength": 3,
    "Manufacturer": "Philips",
    "ParallelAcquisitionTechnique": "SENSE",
    "ParallelReductionFactorInPlane": 2,
    "PatientPosition": "HFS",
    "PhaseEncodingDirection": "j",
    "PhilipsRescaleIntercept": 0,
    "PhilipsRescaleSlope": 2.4525,
    "PhilipsScaleSlope": 0.00111138,
    "ProtocolName": "WIPPM_Zinnen1SENSE",
    "ReconMatrixPE": 80,
    "RepetitionTime": 2,
    "SeriesDescription": "ImageMRSERIES",
    "SeriesNumber": 5,
    "SliceEncodingDirection": "k",
    "SliceTiming": [
      0.0,
      0.05405405405405406,
      0.10810810810810811,
      0.16216216216216217,
      0.21621621621621623,
      0.2702702702702703,
      0.32432432432432434,
      0.3783783783783784,
      0.43243243243243246,
      0.4864864864864865,
      0.5405405405405406,
      0.5945945945945946,
      0.6486486486486487,
      0.7027027027027027,
      0.7567567567567568,
      0.8108108108108109,
      0.8648648648648649,
      0.918918918918919,
      0.972972972972973,
      1.0270270270270272,
      1.0810810810810811,
      1.135135135135135,
      1.1891891891891893,
      1.2432432432432434,
      1.2972972972972974,
      1.3513513513513513,
      1.4054054054054055,
      1.4594594594594597,
      1.5135135135135136,
      1.5675675675675675,
      1.6216216216216217,
      1.6756756756756759,
      1.7297297297297298,
      1.7837837837837838,
      1.837837837837838,
      1.891891891891892,
      1.945945945945946
    ],
    "TaskName": "self",
    "UsePhilipsFloatNotDisplayScaling": 1,
    "WaterFatShift": 12,
    "dataset": "ds002547",
    "modality": "bold",
    "run_id": 1,
    "session_id": "1",
    "subject_id": "15",
    "task_id": "self"
  },
  "dummy_trs": 0,
  "dvars_nstd": 20.77112956373333,
  "dvars_std": 1.2298896223999995,
  "dvars_vstd": 0.9898717970666666,
  "efc": 0.4538956157168602,
  "fber": 548097.9375,
  "fd_mean": 0.20230500312827046,
  "fd_num": 128,
  "fd_perc": 42.524916943521596,
  "fwhm_avg": 2.032650817565416,
  "fwhm_x": 1.9746133333333333,
  "fwhm_y": 2.1541633333333334,
  "fwhm_z": 1.9691757860295815,
  "gcor": 0.0237913,
  "gsr_x": -0.014650516211986542,
  "gsr_y": 0.015588709153234959,
  "provenance": {
    "md5sum": "aa89b10666aae1c551ef524ede8e0987",
    "settings": {
      "fd_thres": 0.2,
      "testing": false
    },
    "software": "mriqc",
    "version": "22.0.6",
    "webapi_port": null,
    "webapi_url": "https://mriqc.nimh.nih.gov/api/v1"
  },
  "size_t": 301,
  "size_x": 80,
  "size_y": 80,
  "size_z": 37,
  "snr": 5.453523497068532,
  "spacing_tr": 2.0,
  "spacing_x": 3.0,
  "spacing_y": 3.0,
  "spacing_z": 3.299999952316284,
  "summary_bg_k": 17.765455155385165,
  "summary_bg_mad": 768.7919844964265,
  "summary_bg_mean": 11675.671875,
  "summary_bg_median": 523.0164184570312,
  "summary_bg_n": 155496.0,
  "summary_bg_p05": 1.7695191502571106,
  "summary_bg_p95": 70667.361328125,
  "summary_bg_stdv": 29207.529296875,
  "summary_fg_k": 1.531297929250032,
  "summary_fg_mad": 66119.61113869432,
  "summary_fg_mean": 412579.53125,
  "summary_fg_median": 404145.6875,
  "summary_fg_n": 38759.0,
  "summary_fg_p05": 305240.8375,
  "summary_fg_p95": 540208.6749999999,
  "summary_fg_stdv": 74106.3046875,
  "tsnr": 70.64962768554688
}