{
  "aor": 0.0005028680688336521,
  "aqi": 0.016881549483747614,
  "bids_meta": {
    "AcquisitionNumber": 4,
    "BIDSVersion": "1.1.0",
    "BidsifyVersion": "0.3.1",
    "ConversionSoftware": "dcm2niix",
    "ConversionSoftwareVersion": "v1.0.20181125  GCC5.4.0",
    "EchoTime": 0.02763,
    "FlipAngle": 76.1,
    "ImageComments": "HWW",
    "ImageOrientationPatientDICOM": [
      0.999374,
      0.00100586,
      0.0353524,
      0.0148271,
      0.895592,
      -0.444629
    ],
    "InstitutionName": "Spinoza Centre for Neuroimaging, location REC",
    "MagneticFieldStrength": 3,
    "Manufacturer": "Philips",
    "ParallelAcquisitionTechnique": "SENSE",
    "ParallelReductionFactorInPlane": 2,
    "PatientPosition": "HFS",
    "PhaseEncodingDirection": "j",
    "PhilipsRescaleIntercept": 0,
    "PhilipsRescaleSlope": 2.47228,
    "PhilipsScaleSlope": 0.00111689,
    "ProtocolName": "WIPPM_HWWSENSE",
    "ReconMatrixPE": 80,
    "RepetitionTime": 2,
    "SeriesDescription": "ImageMRSERIES",
    "SeriesNumber": 4,
    "SliceEncodingDirection": "k",
    "SliceTiming": [
      0.0,
      0.05405405405405406,
      0.10810810810810811,
      0.16216216216216217,
      0.21621621621621623,
      0.2702702702702703,
      0.32432432432432434,
      0.3783783783783784,
      0.43243243243243246,
      0.4864864864864865,
      0.5405405405405406,
      0.5945945945945946,
      0.6486486486486487,
      0.7027027027027027,
      0.7567567567567568,
      0.8108108108108109,
      0.8648648648648649,
      0.918918918918919,
      0.972972972972973,
      1.0270270270270272,
      1.0810810810810811,
      1.135135135135135,
      1.1891891891891893,
      1.2432432432432434,
      1.2972972972972974,
      1.3513513513513513,
      1.4054054054054055,
      1.4594594594594597,
      1.5135135135135136,
      1.5675675675675675,
      1.6216216216216217,
      1.6756756756756759,
      1.7297297297297298,
      1.7837837837837838,
      1.837837837837838,
      1.891891891891892,
      1.945945945945946
    ],
    "TaskName": "other",
    "UsePhilipsFloatNotDisplayScaling": 1,
    "WaterFatShift": 12,
    "dataset": "ds002547",
    "modality": "bold",
    "session_id": "1",
    "subject_id": "15",
    "task_id": "other"
  },
  "dummy_trs": 0,
  "dvars_nstd": 21.052352251360166,
  "dvars_std": 1.0840459451724143,
  "dvars_vstd": 0.8974174666666668,
  "efc": 0.4515551269328846,
  "fber": 991011.25,
  "fd_mean": 0.20651114524735845,
  "fd_num": 229,
  "fd_perc": 43.78585086042065,
  "fwhm_avg": 2.036513443795071,
  "fwhm_x": 1.9719033333333333,
  "fwhm_y": 2.1753066666666667,
  "fwhm_z": 1.9623303313852127,
  "gcor": 0.00964059,
  "gsr_x": -0.013936645351350307,
  "gsr_y": 0.014619337394833565,
  "provenance": {
    "md5sum": "a6bd9bc2853dee76dc81c1b3f4a7511a",
    "settings": {
      "fd_thres": 0.2,
      "testing": false
    },
    "software": "mriqc",
    "version": "22.0.6",
    "webapi_port": null,
    "webapi_url": "https://mriqc.nimh.nih.gov/api/v1"
  },
  "size_t": 523,
  "size_x": 80,
  "size_y": 80,
  "size_z": 37,
  "snr": 5.48777011988099,
  "spacing_tr": 2.0,
  "spacing_x": 3.0,
  "spacing_y": 3.0,
  "spacing_z": 3.299999952316284,
  "summary_bg_k": 20.47169422216649,
  "summary_bg_mad": 558.8999079281423,
  "summary_bg_mean": 11099.7451171875,
  "summary_bg_median": 382.17608642578125,
  "summary_bg_n": 155384.0,
  "summary_bg_p05": 3.6860124707221984,
  "summary_bg_p95": 65505.46933593751,
  "summary_bg_stdv": 28572.224609375,
  "summary_fg_k": 1.4827734920159283,
  "summary_fg_mad": 66990.17662887309,
  "summary_fg_mean": 415959.09375,
  "summary_fg_median": 407089.53125,
  "summary_fg_n": 38821.0,
  "summary_fg_p05": 309717.03125,
  "summary_fg_p95": 544993.6875,
  "summary_fg_stdv": 74180.2734375,
  "tsnr": 49.22274398803711
}