{
  "bids_meta": {
    "AcquisitionNumber": 3,
    "BIDSVersion": "1.1.0",
    "BidsifyVersion": "0.3.1",
    "ConversionSoftware": "dcm2niix",
    "ConversionSoftwareVersion": "v1.0.20181125  GCC5.4.0",
    "EchoTime": 0.00373,
    "ImageComments": "HWW",
    "ImageOrientationPatientDICOM": [
      0.998274,
      0.0325381,
      -0.0488863,
      -0.0325929,
      0.999469,
      -0.000324782
    ],
    "InstitutionName": "Spinoza Centre for Neuroimaging, location REC",
    "MagneticFieldStrength": 3,
    "Manufacturer": "Philips",
    "ParallelAcquisitionTechnique": "SENSE",
    "PatientPosition": "HFS",
    "PhilipsRescaleIntercept": 0,
    "PhilipsRescaleSlope": 14.5709,
    "PhilipsScaleSlope": 0.000287939,
    "ProtocolName": "WIPsT13DTFE_P25_S2_3mSENSE",
    "ReconMatrixPE": 240,
    "RepetitionTime": 0.008197,
    "SeriesDescription": "ImageMRSERIES",
    "SeriesNumber": 3,
    "UsePhilipsFloatNotDisplayScaling": 1,
    "dataset": "ds002547",
    "modality": "T1w",
    "session_id": "1",
    "subject_id": "02"
  },
  "cjv": 0.30150226865618884,
  "cnr": 4.397276909073884,
  "efc": 0.7565303660128383,
  "fber": -1.0,
  "fwhm_avg": 4.12162016424796,
  "fwhm_x": 4.09799,
  "fwhm_y": 4.194500250011697,
  "fwhm_z": 4.072370242732182,
  "icvs_csf": 0.21506652819595376,
  "icvs_gm": 0.4420315168890294,
  "icvs_wm": 0.3429019549150168,
  "inu_med": 0.6508335471153259,
  "inu_range": 0.26193884015083313,
  "provenance": {
    "md5sum": "a98f5095cad7c50bd044f7cd43d9e6ad",
    "settings": {
      "testing": false
    },
    "software": "mriqc",
    "version": "22.0.6",
    "warnings": {
      "large_rot_frame": true,
      "small_air_mask": true
    },
    "webapi_port": null,
    "webapi_url": "https://mriqc.nimh.nih.gov/api/v1"
  },
  "qi_1": 0.0,
  "qi_2": 2.1788891732378577e-05,
  "rpve_csf": 21.562571835501213,
  "rpve_gm": 11.395710971817778,
  "rpve_wm": 17.72775892417095,
  "size_x": 240,
  "size_y": 240,
  "size_z": 220,
  "snr_csf": 1.4453795438091883,
  "snr_gm": 7.710461825109517,
  "snr_total": 9.587752522838386,
  "snr_wm": 19.60741619959645,
  "snrd_csf": 20.50266654779772,
  "snrd_gm": 78.12274817470812,
  "snrd_total": 76.75768667565643,
  "snrd_wm": 131.64764530446342,
  "spacing_x": 1.0,
  "spacing_y": 0.9999999403953552,
  "spacing_z": 0.9999999403953552,
  "summary_bg_k": 27.482631957917043,
  "summary_bg_mad": 0.0,
  "summary_bg_mean": 1.377923057482698,
  "summary_bg_median": 0.0,
  "summary_bg_n": 128663.0,
  "summary_bg_p05": 0.0,
  "summary_bg_p95": 11.884205505251884,
  "summary_bg_stdv": 4.976438556106828,
  "summary_csf_k": 3.1179374030918874,
  "summary_csf_mad": 98.78995245644857,
  "summary_csf_mean": 176.8595582458176,
  "summary_csf_median": 155.73895804211497,
  "summary_csf_n": 16537.0,
  "summary_csf_p05": 36.15540982559323,
  "summary_csf_p95": 378.5474963843822,
  "summary_csf_stdv": 107.74626625562358,
  "summary_gm_k": 0.14821059866732078,
  "summary_gm_mad": 74.58189627142707,
  "summary_gm_mean": 594.1836528409799,
  "summary_gm_median": 593.4230736158788,
  "summary_gm_n": 33622.0,
  "summary_gm_p05": 467.345111813955,
  "summary_gm_p95": 723.6147988619282,
  "summary_gm_stdv": 76.96221861776135,
  "summary_wm_k": 0.5739117134805691,
  "summary_wm_mad": 48.00197766081247,
  "summary_wm_mean": 998.6159687457007,
  "summary_wm_median": 1000.0000273436308,
  "summary_wm_n": 238518.0,
  "summary_wm_p05": 913.1285165883601,
  "summary_wm_p95": 1079.685148872435,
  "summary_wm_stdv": 51.00100497097157,
  "tpm_overlap_csf": 0.1570647746094444,
  "tpm_overlap_gm": 0.4674891997661155,
  "tpm_overlap_wm": 0.5073639322088589,
  "wm2max": 0.7400586333909644
}