{
  "aor": 0.007058585086042067,
  "aqi": 0.008302276290630975,
  "bids_meta": {
    "AcquisitionNumber": 2,
    "BIDSVersion": "1.1.0",
    "BidsifyVersion": "0.3.1",
    "ConversionSoftware": "dcm2niix",
    "ConversionSoftwareVersion": "v1.0.20181125  GCC5.4.0",
    "EchoTime": 0.02762,
    "FlipAngle": 76.1,
    "ImageComments": "PredictingMentalizing",
    "ImageOrientationPatientDICOM": [
      0.998897,
      0.0355169,
      -0.0307059,
      -0.0444862,
      0.925075,
      -0.377171
    ],
    "InstitutionName": "Spinoza Centre for Neuroimaging, location REC",
    "MagneticFieldStrength": 3,
    "Manufacturer": "Philips",
    "ParallelAcquisitionTechnique": "SENSE",
    "ParallelReductionFactorInPlane": 2,
    "PatientPosition": "HFS",
    "PhaseEncodingDirection": "j",
    "PhilipsRescaleIntercept": 0,
    "PhilipsRescaleSlope": 0.84664,
    "PhilipsScaleSlope": 0.0613465,
    "ProtocolName": "WIPPM_HWWSENSE",
    "ReconMatrixPE": 80,
    "RepetitionTime": 2,
    "SeriesDescription": "ImageMRSERIES",
    "SeriesNumber": 2,
    "SliceEncodingDirection": "k",
    "SliceTiming": [
      0.0,
      0.05405405405405406,
      0.10810810810810811,
      0.16216216216216217,
      0.21621621621621623,
      0.2702702702702703,
      0.32432432432432434,
      0.3783783783783784,
      0.43243243243243246,
      0.4864864864864865,
      0.5405405405405406,
      0.5945945945945946,
      0.6486486486486487,
      0.7027027027027027,
      0.7567567567567568,
      0.8108108108108109,
      0.8648648648648649,
      0.918918918918919,
      0.972972972972973,
      1.0270270270270272,
      1.0810810810810811,
      1.135135135135135,
      1.1891891891891893,
      1.2432432432432434,
      1.2972972972972974,
      1.3513513513513513,
      1.4054054054054055,
      1.4594594594594597,
      1.5135135135135136,
      1.5675675675675675,
      1.6216216216216217,
      1.6756756756756759,
      1.7297297297297298,
      1.7837837837837838,
      1.837837837837838,
      1.891891891891892,
      1.945945945945946
    ],
    "TaskName": "other",
    "UsePhilipsFloatNotDisplayScaling": 1,
    "WaterFatShift": 12,
    "dataset": "ds002547",
    "modality": "bold",
    "session_id": "1",
    "subject_id": "05",
    "task_id": "other"
  },
  "dummy_trs": 0,
  "dvars_nstd": 18.740322120038282,
  "dvars_std": 1.2425716598275856,
  "dvars_vstd": 1.0493973528160923,
  "efc": 0.37446251568797145,
  "fber": 272190.46875,
  "fd_mean": 0.13369566523278906,
  "fd_num": 46,
  "fd_perc": 8.795411089866157,
  "fwhm_avg": 1.8654886954405463,
  "fwhm_x": 1.8310166666666667,
  "fwhm_y": 1.9857766666666665,
  "fwhm_z": 1.7796727529883059,
  "gcor": 0.0335623,
  "gsr_x": -0.022892797365784645,
  "gsr_y": 0.0015113742556422949,
  "provenance": {
    "md5sum": "f4e827c48e342f8142bba05ddb47dc65",
    "settings": {
      "fd_thres": 0.2,
      "testing": false
    },
    "software": "mriqc",
    "version": "22.0.6",
    "webapi_port": null,
    "webapi_url": "https://mriqc.nimh.nih.gov/api/v1"
  },
  "size_t": 523,
  "size_x": 80,
  "size_y": 80,
  "size_z": 37,
  "snr": 6.782080928861517,
  "spacing_tr": 2.0,
  "spacing_x": 3.0,
  "spacing_y": 3.0,
  "spacing_z": 3.299999952316284,
  "summary_bg_k": 134.1235895802071,
  "summary_bg_mad": 44.783285149816564,
  "summary_bg_mean": 430.91900634765625,
  "summary_bg_median": 41.62954330444336,
  "summary_bg_n": 170645.0,
  "summary_bg_p05": 2.552782487869263,
  "summary_bg_p95": 1877.7900146484362,
  "summary_bg_stdv": 1580.93017578125,
  "summary_fg_k": 1.4599375093706772,
  "summary_fg_mad": 3359.5013387397858,
  "summary_fg_mean": 22782.080078125,
  "summary_fg_median": 22591.3515625,
  "summary_fg_n": 26346.0,
  "summary_fg_p05": 17906.86474609375,
  "summary_fg_p95": 28106.2861328125,
  "summary_fg_stdv": 3330.97216796875,
  "tsnr": 66.06547546386719
}