{
  "aor": 0.001833654485049834,
  "aqi": 0.004842954983388705,
  "bids_meta": {
    "AcquisitionNumber": 3,
    "BIDSVersion": "1.1.0",
    "BidsifyVersion": "0.3.1",
    "ConversionSoftware": "dcm2niix",
    "ConversionSoftwareVersion": "v1.0.20181125  GCC5.4.0",
    "EchoTime": 0.02762,
    "FlipAngle": 76.1,
    "ImageComments": "PredictingMentalizing",
    "ImageOrientationPatientDICOM": [
      0.998897,
      0.0355169,
      -0.0307059,
      -0.0444862,
      0.925075,
      -0.377171
    ],
    "InstitutionName": "Spinoza Centre for Neuroimaging, location REC",
    "MagneticFieldStrength": 3,
    "Manufacturer": "Philips",
    "ParallelAcquisitionTechnique": "SENSE",
    "ParallelReductionFactorInPlane": 2,
    "PatientPosition": "HFS",
    "PhaseEncodingDirection": "j",
    "PhilipsRescaleIntercept": 0,
    "PhilipsRescaleSlope": 0.80317,
    "PhilipsScaleSlope": 0.0632917,
    "ProtocolName": "WIPPM_Zinnen1SENSE",
    "ReconMatrixPE": 80,
    "RepetitionTime": 2,
    "SeriesDescription": "ImageMRSERIES",
    "SeriesNumber": 3,
    "SliceEncodingDirection": "k",
    "SliceTiming": [
      0.0,
      0.05405405405405406,
      0.10810810810810811,
      0.16216216216216217,
      0.21621621621621623,
      0.2702702702702703,
      0.32432432432432434,
      0.3783783783783784,
      0.43243243243243246,
      0.4864864864864865,
      0.5405405405405406,
      0.5945945945945946,
      0.6486486486486487,
      0.7027027027027027,
      0.7567567567567568,
      0.8108108108108109,
      0.8648648648648649,
      0.918918918918919,
      0.972972972972973,
      1.0270270270270272,
      1.0810810810810811,
      1.135135135135135,
      1.1891891891891893,
      1.2432432432432434,
      1.2972972972972974,
      1.3513513513513513,
      1.4054054054054055,
      1.4594594594594597,
      1.5135135135135136,
      1.5675675675675675,
      1.6216216216216217,
      1.6756756756756759,
      1.7297297297297298,
      1.7837837837837838,
      1.837837837837838,
      1.891891891891892,
      1.945945945945946
    ],
    "TaskName": "self",
    "UsePhilipsFloatNotDisplayScaling": 1,
    "WaterFatShift": 12,
    "dataset": "ds002547",
    "modality": "bold",
    "run_id": 1,
    "session_id": "1",
    "subject_id": "05",
    "task_id": "self"
  },
  "dummy_trs": 0,
  "dvars_nstd": 17.35717519116668,
  "dvars_std": 1.186630080266667,
  "dvars_vstd": 1.0074086431333333,
  "efc": 0.3756139080570154,
  "fber": 274505.28125,
  "fd_mean": 0.12187952434140208,
  "fd_num": 26,
  "fd_perc": 8.637873754152825,
  "fwhm_avg": 1.855670412551006,
  "fwhm_x": 1.8278999999999999,
  "fwhm_y": 1.9721566666666668,
  "fwhm_z": 1.7669545709863512,
  "gcor": 0.0143173,
  "gsr_x": -0.02355307526886463,
  "gsr_y": 0.001909844228066504,
  "provenance": {
    "md5sum": "15811aa3cb2655d07b01278c7e8dafd0",
    "settings": {
      "fd_thres": 0.2,
      "testing": false
    },
    "software": "mriqc",
    "version": "22.0.6",
    "webapi_port": null,
    "webapi_url": "https://mriqc.nimh.nih.gov/api/v1"
  },
  "size_t": 301,
  "size_x": 80,
  "size_y": 80,
  "size_z": 37,
  "snr": 6.769161795987151,
  "spacing_tr": 2.0,
  "spacing_x": 3.0,
  "spacing_y": 3.0,
  "spacing_z": 3.299999952316284,
  "summary_bg_k": 130.88188726362637,
  "summary_bg_mad": 44.52692949764264,
  "summary_bg_mean": 433.2200012207031,
  "summary_bg_median": 40.6559944152832,
  "summary_bg_n": 170648.0,
  "summary_bg_p05": 2.12940868139267,
  "summary_bg_p95": 1943.6480041503896,
  "summary_bg_stdv": 1566.888916015625,
  "summary_fg_k": 1.3579650203584013,
  "summary_fg_mad": 3290.7282866118403,
  "summary_fg_mean": 22268.767578125,
  "summary_fg_median": 22071.8203125,
  "summary_fg_n": 26301.0,
  "summary_fg_p05": 17476.12890625,
  "summary_fg_p95": 27497.599609375,
  "summary_fg_stdv": 3260.5810546875,
  "tsnr": 85.03111267089844
}