{
  "aor": 0.0011553820598006646,
  "aqi": 0.005217659003322259,
  "bids_meta": {
    "AcquisitionNumber": 3,
    "BIDSVersion": "1.1.0",
    "BidsifyVersion": "0.3.1",
    "ConversionSoftware": "dcm2niix",
    "ConversionSoftwareVersion": "v1.0.20181125  GCC5.4.0",
    "EchoTime": 0.02762,
    "FlipAngle": 76.1,
    "ImageComments": "PredictingMentalizing",
    "ImageOrientationPatientDICOM": [
      0.998847,
      0.0449048,
      0.0169728,
      -0.0373243,
      0.948793,
      -0.313685
    ],
    "InstitutionName": "Spinoza Centre for Neuroimaging, location REC",
    "MagneticFieldStrength": 3,
    "Manufacturer": "Philips",
    "ParallelAcquisitionTechnique": "SENSE",
    "ParallelReductionFactorInPlane": 2,
    "PatientPosition": "HFS",
    "PhaseEncodingDirection": "j",
    "PhilipsRescaleIntercept": 0,
    "PhilipsRescaleSlope": 0.75092,
    "PhilipsScaleSlope": 0.0567209,
    "ProtocolName": "WIPPM_Zinnen1SENSE",
    "ReconMatrixPE": 80,
    "RepetitionTime": 2,
    "SeriesDescription": "ImageMRSERIES",
    "SeriesNumber": 3,
    "SliceEncodingDirection": "k",
    "SliceTiming": [
      0.0,
      0.05405405405405406,
      0.10810810810810811,
      0.16216216216216217,
      0.21621621621621623,
      0.2702702702702703,
      0.32432432432432434,
      0.3783783783783784,
      0.43243243243243246,
      0.4864864864864865,
      0.5405405405405406,
      0.5945945945945946,
      0.6486486486486487,
      0.7027027027027027,
      0.7567567567567568,
      0.8108108108108109,
      0.8648648648648649,
      0.918918918918919,
      0.972972972972973,
      1.0270270270270272,
      1.0810810810810811,
      1.135135135135135,
      1.1891891891891893,
      1.2432432432432434,
      1.2972972972972974,
      1.3513513513513513,
      1.4054054054054055,
      1.4594594594594597,
      1.5135135135135136,
      1.5675675675675675,
      1.6216216216216217,
      1.6756756756756759,
      1.7297297297297298,
      1.7837837837837838,
      1.837837837837838,
      1.891891891891892,
      1.945945945945946
    ],
    "TaskName": "self",
    "UsePhilipsFloatNotDisplayScaling": 1,
    "WaterFatShift": 12,
    "dataset": "ds002547",
    "modality": "bold",
    "run_id": 1,
    "session_id": "1",
    "subject_id": "12",
    "task_id": "self"
  },
  "dummy_trs": 0,
  "dvars_nstd": 22.657226835833335,
  "dvars_std": 1.279339144633333,
  "dvars_vstd": 0.9584682130333336,
  "efc": 0.44913935168308805,
  "fber": 229816.734375,
  "fd_mean": 0.18891901263342406,
  "fd_num": 118,
  "fd_perc": 39.20265780730897,
  "fwhm_avg": 2.0788402114291173,
  "fwhm_x": 2.0303566666666666,
  "fwhm_y": 2.2527033333333333,
  "fwhm_z": 1.953460634287352,
  "gcor": 0.0124837,
  "gsr_x": -0.013553678058087826,
  "gsr_y": 0.020037613809108734,
  "provenance": {
    "md5sum": "5ca9fb90609a59c5c781685a7808efc1",
    "settings": {
      "fd_thres": 0.2,
      "testing": false
    },
    "software": "mriqc",
    "version": "22.0.6",
    "webapi_port": null,
    "webapi_url": "https://mriqc.nimh.nih.gov/api/v1"
  },
  "size_t": 301,
  "size_x": 80,
  "size_y": 80,
  "size_z": 37,
  "snr": 5.099903111359586,
  "spacing_tr": 2.0,
  "spacing_x": 3.0,
  "spacing_y": 3.0,
  "spacing_z": 3.299999952316284,
  "summary_bg_k": 37.57779534197966,
  "summary_bg_mad": 46.79560954006621,
  "summary_bg_mean": 467.7262268066406,
  "summary_bg_median": 48.70463562011719,
  "summary_bg_n": 152852.0,
  "summary_bg_p05": 5.829499220848084,
  "summary_bg_p95": 2479.6167114257796,
  "summary_bg_stdv": 1346.3582763671875,
  "summary_fg_k": 1.3300059152332073,
  "summary_fg_mad": 4324.854916849329,
  "summary_fg_mean": 24561.046875,
  "summary_fg_median": 23961.697265625,
  "summary_fg_n": 41951.0,
  "summary_fg_p05": 18164.9404296875,
  "summary_fg_p95": 33011.89453125,
  "summary_fg_stdv": 4698.4052734375,
  "tsnr": 77.00032043457031
}