{
  "aor": 0.0009063288718929255,
  "aqi": 0.005102196577437859,
  "bids_meta": {
    "AcquisitionNumber": 4,
    "BIDSVersion": "1.1.0",
    "BidsifyVersion": "0.3.1",
    "ConversionSoftware": "dcm2niix",
    "ConversionSoftwareVersion": "v1.0.20181125  GCC5.4.0",
    "EchoTime": 0.02763,
    "FlipAngle": 76.1,
    "ImageComments": "HWW",
    "ImageOrientationPatientDICOM": [
      0.99499,
      0.0984773,
      0.0172453,
      -0.0903761,
      0.959722,
      -0.266019
    ],
    "InstitutionName": "Spinoza Centre for Neuroimaging, location REC",
    "MagneticFieldStrength": 3,
    "Manufacturer": "Philips",
    "ParallelAcquisitionTechnique": "SENSE",
    "ParallelReductionFactorInPlane": 2,
    "PatientPosition": "HFS",
    "PhaseEncodingDirection": "j",
    "PhilipsRescaleIntercept": 0,
    "PhilipsRescaleSlope": 2.1978,
    "PhilipsScaleSlope": 0.00115444,
    "ProtocolName": "WIPPM_HWWSENSE",
    "ReconMatrixPE": 80,
    "RepetitionTime": 2,
    "SeriesDescription": "ImageMRSERIES",
    "SeriesNumber": 4,
    "SliceEncodingDirection": "k",
    "SliceTiming": [
      0.0,
      0.05405405405405406,
      0.10810810810810811,
      0.16216216216216217,
      0.21621621621621623,
      0.2702702702702703,
      0.32432432432432434,
      0.3783783783783784,
      0.43243243243243246,
      0.4864864864864865,
      0.5405405405405406,
      0.5945945945945946,
      0.6486486486486487,
      0.7027027027027027,
      0.7567567567567568,
      0.8108108108108109,
      0.8648648648648649,
      0.918918918918919,
      0.972972972972973,
      1.0270270270270272,
      1.0810810810810811,
      1.135135135135135,
      1.1891891891891893,
      1.2432432432432434,
      1.2972972972972974,
      1.3513513513513513,
      1.4054054054054055,
      1.4594594594594597,
      1.5135135135135136,
      1.5675675675675675,
      1.6216216216216217,
      1.6756756756756759,
      1.7297297297297298,
      1.7837837837837838,
      1.837837837837838,
      1.891891891891892,
      1.945945945945946
    ],
    "TaskName": "other",
    "UsePhilipsFloatNotDisplayScaling": 1,
    "WaterFatShift": 12,
    "dataset": "ds002547",
    "modality": "bold",
    "session_id": "1",
    "subject_id": "23",
    "task_id": "other"
  },
  "dummy_trs": 0,
  "dvars_nstd": 23.502001539444457,
  "dvars_std": 1.3416890583333343,
  "dvars_vstd": 0.9937517308237548,
  "efc": 0.4118338335062156,
  "fber": 13027441.0,
  "fd_mean": 0.18254656486253296,
  "fd_num": 185,
  "fd_perc": 35.37284894837476,
  "fwhm_avg": 1.913411119685992,
  "fwhm_x": 1.8983266666666667,
  "fwhm_y": 2.0616066666666666,
  "fwhm_z": 1.7803000257246426,
  "gcor": 0.0380806,
  "gsr_x": -0.014271790161728859,
  "gsr_y": 0.01146189495921135,
  "provenance": {
    "md5sum": "2f405b403b0c24273b44226f8985267f",
    "settings": {
      "fd_thres": 0.2,
      "testing": false
    },
    "software": "mriqc",
    "version": "22.0.6",
    "webapi_port": null,
    "webapi_url": "https://mriqc.nimh.nih.gov/api/v1"
  },
  "size_t": 523,
  "size_x": 80,
  "size_y": 80,
  "size_z": 37,
  "snr": 5.980479926133365,
  "spacing_tr": 2.0,
  "spacing_x": 3.0,
  "spacing_y": 3.0,
  "spacing_z": 3.299999952316284,
  "summary_bg_k": 64.62656773080639,
  "summary_bg_mad": 158.27600320097116,
  "summary_bg_mean": 8870.201171875,
  "summary_bg_median": 107.81786346435547,
  "summary_bg_n": 162226.0,
  "summary_bg_p05": 1.0448364317417145,
  "summary_bg_p95": 42743.66015625,
  "summary_bg_stdv": 30454.314453125,
  "summary_fg_k": 1.4347321536119573,
  "summary_fg_mad": 64614.37607069685,
  "summary_fg_mean": 411758.53125,
  "summary_fg_median": 407405.25,
  "summary_fg_n": 32996.0,
  "summary_fg_p05": 308927.75,
  "summary_fg_p95": 521457.828125,
  "summary_fg_stdv": 68121.46875,
  "tsnr": 77.71818542480469
}