{
  "aor": 0.001574451827242525,
  "aqi": 0.004055624019933555,
  "bids_meta": {
    "AcquisitionNumber": 6,
    "BIDSVersion": "1.1.0",
    "BidsifyVersion": "0.3.1",
    "ConversionSoftware": "dcm2niix",
    "ConversionSoftwareVersion": "v1.0.20181125  GCC5.4.0",
    "EchoTime": 0.02763,
    "FlipAngle": 76.1,
    "ImageComments": "HWW",
    "ImageOrientationPatientDICOM": [
      0.99499,
      0.0984773,
      0.0172453,
      -0.0903761,
      0.959722,
      -0.266019
    ],
    "InstitutionName": "Spinoza Centre for Neuroimaging, location REC",
    "MagneticFieldStrength": 3,
    "Manufacturer": "Philips",
    "ParallelAcquisitionTechnique": "SENSE",
    "ParallelReductionFactorInPlane": 2,
    "PatientPosition": "HFS",
    "PhaseEncodingDirection": "j",
    "PhilipsRescaleIntercept": 0,
    "PhilipsRescaleSlope": 2.38803,
    "PhilipsScaleSlope": 0.0011355,
    "ProtocolName": "WIPPM_Zinnen2SENSE",
    "ReconMatrixPE": 80,
    "RepetitionTime": 2,
    "SeriesDescription": "ImageMRSERIES",
    "SeriesNumber": 6,
    "SliceEncodingDirection": "k",
    "SliceTiming": [
      0.0,
      0.05405405405405406,
      0.10810810810810811,
      0.16216216216216217,
      0.21621621621621623,
      0.2702702702702703,
      0.32432432432432434,
      0.3783783783783784,
      0.43243243243243246,
      0.4864864864864865,
      0.5405405405405406,
      0.5945945945945946,
      0.6486486486486487,
      0.7027027027027027,
      0.7567567567567568,
      0.8108108108108109,
      0.8648648648648649,
      0.918918918918919,
      0.972972972972973,
      1.0270270270270272,
      1.0810810810810811,
      1.135135135135135,
      1.1891891891891893,
      1.2432432432432434,
      1.2972972972972974,
      1.3513513513513513,
      1.4054054054054055,
      1.4594594594594597,
      1.5135135135135136,
      1.5675675675675675,
      1.6216216216216217,
      1.6756756756756759,
      1.7297297297297298,
      1.7837837837837838,
      1.837837837837838,
      1.891891891891892,
      1.945945945945946
    ],
    "TaskName": "self",
    "UsePhilipsFloatNotDisplayScaling": 1,
    "WaterFatShift": 12,
    "dataset": "ds002547",
    "modality": "bold",
    "run_id": 2,
    "session_id": "1",
    "subject_id": "23",
    "task_id": "self"
  },
  "dummy_trs": 0,
  "dvars_nstd": 23.660636132299995,
  "dvars_std": 1.350618908466666,
  "dvars_vstd": 1.0092494483666674,
  "efc": 0.4124775996832596,
  "fber": 12116663.0,
  "fd_mean": 0.2083200280441008,
  "fd_num": 136,
  "fd_perc": 45.182724252491695,
  "fwhm_avg": 1.9052945539746637,
  "fwhm_x": 1.89903,
  "fwhm_y": 2.0479233333333333,
  "fwhm_z": 1.768930328590658,
  "gcor": 0.0330083,
  "gsr_x": -0.014102516695857048,
  "gsr_y": 0.009846027940511703,
  "provenance": {
    "md5sum": "be8fc1541ef0b3104883d32b36c7ed46",
    "settings": {
      "fd_thres": 0.2,
      "testing": false
    },
    "software": "mriqc",
    "version": "22.0.6",
    "webapi_port": null,
    "webapi_url": "https://mriqc.nimh.nih.gov/api/v1"
  },
  "size_t": 301,
  "size_x": 80,
  "size_y": 80,
  "size_z": 37,
  "snr": 5.963835784110839,
  "spacing_tr": 2.0,
  "spacing_x": 3.0,
  "spacing_y": 3.0,
  "spacing_z": 3.299999952316284,
  "summary_bg_k": 60.95829065059842,
  "summary_bg_mad": 170.76453159710056,
  "summary_bg_mean": 9181.1611328125,
  "summary_bg_median": 115.75727844238281,
  "summary_bg_n": 162274.0,
  "summary_bg_p05": 0.5491732150316239,
  "summary_bg_p95": 44566.971289062545,
  "summary_bg_stdv": 31430.4140625,
  "summary_fg_k": 1.544729107587326,
  "summary_fg_mad": 64741.76403319001,
  "summary_fg_mean": 414941.4375,
  "summary_fg_median": 411043.34375,
  "summary_fg_n": 32989.0,
  "summary_fg_p05": 311034.95625,
  "summary_fg_p95": 525538.275,
  "summary_fg_stdv": 68921.6015625,
  "tsnr": 84.97319030761719
}