{
  "bids_meta": {
    "AcquisitionNumber": 3,
    "BIDSVersion": "1.1.0",
    "BidsifyVersion": "0.3.1",
    "ConversionSoftware": "dcm2niix",
    "ConversionSoftwareVersion": "v1.0.20181125  GCC5.4.0",
    "EchoTime": 0.00379,
    "ImageComments": "HWW",
    "ImageOrientationPatientDICOM": [
      0.993842,
      -0.110794,
      0.00159444,
      0.110775,
      0.993122,
      -0.0379214
    ],
    "InstitutionName": "Spinoza Centre for Neuroimaging, location REC",
    "MagneticFieldStrength": 3,
    "Manufacturer": "Philips",
    "ParallelAcquisitionTechnique": "SENSE",
    "PatientPosition": "HFS",
    "PhilipsRescaleIntercept": 0,
    "PhilipsRescaleSlope": 14.9927,
    "PhilipsScaleSlope": 0.0002773,
    "ProtocolName": "WIPsT13DTFE_P25_S2_3mSENSE",
    "ReconMatrixPE": 240,
    "RepetitionTime": 0.008198,
    "SeriesDescription": "ImageMRSERIES",
    "SeriesNumber": 3,
    "UsePhilipsFloatNotDisplayScaling": 1,
    "dataset": "ds002547",
    "modality": "T1w",
    "session_id": "1",
    "subject_id": "19"
  },
  "cjv": 0.29482923375588815,
  "cnr": 4.573055395439548,
  "efc": 0.7279414764390801,
  "fber": -1.0,
  "fwhm_avg": 4.16748,
  "fwhm_x": 4.14726,
  "fwhm_y": 4.33386,
  "fwhm_z": 4.02132,
  "icvs_csf": 0.2505931637574208,
  "icvs_gm": 0.4376387319203911,
  "icvs_wm": 0.3117681043221881,
  "inu_med": 0.6790223717689514,
  "inu_range": 0.2304074764251709,
  "provenance": {
    "md5sum": "a7b4fda7045c43009dc4abb74b3113e0",
    "settings": {
      "testing": false
    },
    "software": "mriqc",
    "version": "22.0.6",
    "warnings": {
      "large_rot_frame": true,
      "small_air_mask": true
    },
    "webapi_port": null,
    "webapi_url": "https://mriqc.nimh.nih.gov/api/v1"
  },
  "qi_1": 0.0,
  "qi_2": 2.2647748300600525e-05,
  "rpve_csf": 25.051880470391428,
  "rpve_gm": 14.583669545152606,
  "rpve_wm": 24.000072349256516,
  "size_x": 240,
  "size_y": 240,
  "size_z": 220,
  "snr_csf": 1.2423259801141815,
  "snr_gm": 7.032681406608519,
  "snr_total": 9.358558900282658,
  "snr_wm": 19.800669314125273,
  "snrd_csf": 21.566302350638583,
  "snrd_gm": 103.47856863886012,
  "snrd_total": 102.67951675554694,
  "snrd_wm": 182.9936792771421,
  "spacing_x": 1.0,
  "spacing_y": 1.0,
  "spacing_z": 1.0,
  "summary_bg_k": 42.344535365117586,
  "summary_bg_mad": 0.0,
  "summary_bg_mean": 0.7975259872629333,
  "summary_bg_median": 0.0,
  "summary_bg_n": 176374.0,
  "summary_bg_p05": 0.0,
  "summary_bg_p95": 10.023676408454776,
  "summary_bg_stdv": 3.580024827300195,
  "summary_csf_k": 0.8062331577176143,
  "summary_csf_mad": 84.40987708209397,
  "summary_csf_mean": 141.91764001640595,
  "summary_csf_median": 117.850111592561,
  "summary_csf_n": 21935.0,
  "summary_csf_p05": 27.041798981837932,
  "summary_csf_p95": 326.9156785020605,
  "summary_csf_stdv": 94.86030808318588,
  "summary_gm_k": -0.06848411210797023,
  "summary_gm_mad": 81.71978383657057,
  "summary_gm_mean": 565.333870126872,
  "summary_gm_median": 565.4636878985912,
  "summary_gm_n": 34436.0,
  "summary_gm_p05": 431.49382296483964,
  "summary_gm_p95": 696.5735965943895,
  "summary_gm_stdv": 80.40396611041061,
  "summary_wm_k": 0.6878030559639594,
  "summary_wm_mad": 46.38770547768398,
  "summary_wm_mean": 999.1538055050635,
  "summary_wm_median": 999.9778901785612,
  "summary_wm_n": 150413.0,
  "summary_wm_p05": 913.6149563547224,
  "summary_wm_p95": 1079.578714707866,
  "summary_wm_stdv": 50.502058804265886,
  "tpm_overlap_csf": 0.16263201596418503,
  "tpm_overlap_gm": 0.4733361595385121,
  "tpm_overlap_wm": 0.493634116862365,
  "wm2max": 0.8050018560180359
}