{
  "bids_meta": {
    "AcquisitionNumber": 3,
    "BIDSVersion": "1.1.0",
    "BidsifyVersion": "0.3.1",
    "ConversionSoftware": "dcm2niix",
    "ConversionSoftwareVersion": "v1.0.20181125  GCC5.4.0",
    "EchoTime": 0.00379,
    "ImageComments": "HWW",
    "ImageOrientationPatientDICOM": [
      0.999262,
      -0.0348865,
      -0.0160551,
      0.0364666,
      0.993059,
      0.111825
    ],
    "InstitutionName": "Spinoza Centre for Neuroimaging, location REC",
    "MagneticFieldStrength": 3,
    "Manufacturer": "Philips",
    "ParallelAcquisitionTechnique": "SENSE",
    "PatientPosition": "HFS",
    "PhilipsRescaleIntercept": 0,
    "PhilipsRescaleSlope": 13.8891,
    "PhilipsScaleSlope": 0.000285757,
    "ProtocolName": "WIPsT13DTFE_P25_S2_3mSENSE",
    "ReconMatrixPE": 240,
    "RepetitionTime": 0.00824,
    "SeriesDescription": "ImageMRSERIES",
    "SeriesNumber": 3,
    "UsePhilipsFloatNotDisplayScaling": 1,
    "dataset": "ds002547",
    "modality": "T1w",
    "session_id": "1",
    "subject_id": "06"
  },
  "cjv": 0.30571291479424384,
  "cnr": 4.428298647723084,
  "efc": 0.7273277442041514,
  "fber": -1.0,
  "fwhm_avg": 4.430543506084493,
  "fwhm_x": 4.338430258590594,
  "fwhm_y": 4.59678,
  "fwhm_z": 4.356420259662882,
  "icvs_csf": 0.24317253305295852,
  "icvs_gm": 0.4234358306901382,
  "icvs_wm": 0.33339163625690327,
  "inu_med": 0.6559118628501892,
  "inu_range": 0.21376461982727035,
  "provenance": {
    "md5sum": "f44513ce234d72ec0bb7d66846179e59",
    "settings": {
      "testing": false
    },
    "software": "mriqc",
    "version": "22.0.6",
    "warnings": {
      "large_rot_frame": true,
      "small_air_mask": true
    },
    "webapi_port": null,
    "webapi_url": "https://mriqc.nimh.nih.gov/api/v1"
  },
  "qi_1": 0.0015166191242116987,
  "qi_2": 5.776229710314321e-06,
  "rpve_csf": 24.137530658539674,
  "rpve_gm": 13.88368878422804,
  "rpve_wm": 21.068613729434524,
  "size_x": 240,
  "size_y": 240,
  "size_z": 220,
  "snr_csf": 1.4759755556731746,
  "snr_gm": 7.204040450599373,
  "snr_total": 9.606892463076148,
  "snr_wm": 20.140661382955898,
  "snrd_csf": 15.127571519863318,
  "snrd_gm": 60.89083958458503,
  "snrd_total": 60.32532644172955,
  "snrd_wm": 104.95756822074031,
  "spacing_x": 0.9999999403953552,
  "spacing_y": 1.0,
  "spacing_z": 0.9999999403953552,
  "summary_bg_k": 28.493812709628056,
  "summary_bg_mad": 0.0,
  "summary_bg_mean": 1.8105093563522898,
  "summary_bg_median": 0.0,
  "summary_bg_n": 181428.0,
  "summary_bg_p05": 0.0,
  "summary_bg_p95": 10.681950956583023,
  "summary_bg_stdv": 6.241916455271745,
  "summary_csf_k": 0.008061096107760513,
  "summary_csf_mad": 100.7360873185096,
  "summary_csf_mean": 164.96596437573257,
  "summary_csf_median": 144.13034842535853,
  "summary_csf_n": 23122.0,
  "summary_csf_p05": 33.457086227834225,
  "summary_csf_p95": 338.23898344524207,
  "summary_csf_stdv": 97.64879309924147,
  "summary_gm_k": -0.08989484080487653,
  "summary_gm_mad": 82.09854312377655,
  "summary_gm_mean": 580.7300234877205,
  "summary_gm_median": 580.1471778675914,
  "summary_gm_n": 36584.0,
  "summary_gm_p05": 448.5366404566914,
  "summary_gm_p95": 714.1025337811559,
  "summary_gm_stdv": 80.52970452033308,
  "summary_wm_k": 0.6090248347205818,
  "summary_wm_mad": 46.25587393407838,
  "summary_wm_mean": 998.1853276400025,
  "summary_wm_median": 999.9999575391412,
  "summary_wm_n": 189669.0,
  "summary_wm_p05": 912.7423134446144,
  "summary_wm_p95": 1075.5552204027772,
  "summary_wm_stdv": 49.650669476554235,
  "tpm_overlap_csf": 0.15478270912206993,
  "tpm_overlap_gm": 0.48249243762363886,
  "tpm_overlap_wm": 0.5272450559567126,
  "wm2max": 0.7814822289398705
}