{
  "aor": 0.0015779401993355482,
  "aqi": 0.004323621794019933,
  "bids_meta": {
    "AcquisitionNumber": 4,
    "BIDSVersion": "1.1.0",
    "BidsifyVersion": "0.3.1",
    "ConversionSoftware": "dcm2niix",
    "ConversionSoftwareVersion": "v1.0.20181125  GCC5.4.0",
    "EchoTime": 0.02762,
    "FlipAngle": 76.1,
    "ImageComments": "PredictingMentalizing",
    "ImageOrientationPatientDICOM": [
      0.992386,
      0.102946,
      -0.0676206,
      -0.12185,
      0.900697,
      -0.417011
    ],
    "InstitutionName": "Spinoza Centre for Neuroimaging, location REC",
    "MagneticFieldStrength": 3,
    "Manufacturer": "Philips",
    "ParallelAcquisitionTechnique": "SENSE",
    "ParallelReductionFactorInPlane": 2,
    "PatientPosition": "HFS",
    "PhaseEncodingDirection": "j",
    "PhilipsRescaleIntercept": 0,
    "PhilipsRescaleSlope": 0.76947,
    "PhilipsScaleSlope": 0.0563979,
    "ProtocolName": "WIPPM_Zinnen1SENSE",
    "ReconMatrixPE": 80,
    "RepetitionTime": 2,
    "SeriesDescription": "ImageMRSERIES",
    "SeriesNumber": 4,
    "SliceEncodingDirection": "k",
    "SliceTiming": [
      0.0,
      0.05405405405405406,
      0.10810810810810811,
      0.16216216216216217,
      0.21621621621621623,
      0.2702702702702703,
      0.32432432432432434,
      0.3783783783783784,
      0.43243243243243246,
      0.4864864864864865,
      0.5405405405405406,
      0.5945945945945946,
      0.6486486486486487,
      0.7027027027027027,
      0.7567567567567568,
      0.8108108108108109,
      0.8648648648648649,
      0.918918918918919,
      0.972972972972973,
      1.0270270270270272,
      1.0810810810810811,
      1.135135135135135,
      1.1891891891891893,
      1.2432432432432434,
      1.2972972972972974,
      1.3513513513513513,
      1.4054054054054055,
      1.4594594594594597,
      1.5135135135135136,
      1.5675675675675675,
      1.6216216216216217,
      1.6756756756756759,
      1.7297297297297298,
      1.7837837837837838,
      1.837837837837838,
      1.891891891891892,
      1.945945945945946
    ],
    "TaskName": "self",
    "UsePhilipsFloatNotDisplayScaling": 1,
    "WaterFatShift": 12,
    "dataset": "ds002547",
    "modality": "bold",
    "run_id": 1,
    "session_id": "1",
    "subject_id": "22",
    "task_id": "self"
  },
  "dummy_trs": 0,
  "dvars_nstd": 20.129401798266677,
  "dvars_std": 1.2273491900666673,
  "dvars_vstd": 1.0117694709999996,
  "efc": 0.43945289850064234,
  "fber": 154344.453125,
  "fd_mean": 0.18895036789252137,
  "fd_num": 108,
  "fd_perc": 35.880398671096344,
  "fwhm_avg": 2.013582736208615,
  "fwhm_x": 1.9334433333333332,
  "fwhm_y": 2.2520533333333335,
  "fwhm_z": 1.855251541959178,
  "gcor": 0.0391966,
  "gsr_x": -0.027946315705776215,
  "gsr_y": 0.02281762659549713,
  "provenance": {
    "md5sum": "7ac18f9e33fa09c793b2a4c2af12ecda",
    "settings": {
      "fd_thres": 0.2,
      "testing": false
    },
    "software": "mriqc",
    "version": "22.0.6",
    "webapi_port": null,
    "webapi_url": "https://mriqc.nimh.nih.gov/api/v1"
  },
  "size_t": 301,
  "size_x": 80,
  "size_y": 80,
  "size_z": 37,
  "snr": 5.425370906069781,
  "spacing_tr": 2.0,
  "spacing_x": 3.0,
  "spacing_y": 3.0,
  "spacing_z": 3.299999952316284,
  "summary_bg_k": 39.03080207984803,
  "summary_bg_mad": 58.28471487982204,
  "summary_bg_mean": 690.9060668945312,
  "summary_bg_median": 58.1778450012207,
  "summary_bg_n": 159007.0,
  "summary_bg_p05": 5.208945560455322,
  "summary_bg_p95": 4305.956054687498,
  "summary_bg_stdv": 1924.7333984375,
  "summary_fg_k": 3.694922316572087,
  "summary_fg_mad": 3684.2288687894666,
  "summary_fg_mean": 23978.736328125,
  "summary_fg_median": 23462.630859375,
  "summary_fg_n": 36323.0,
  "summary_fg_p05": 18180.672265625,
  "summary_fg_p95": 30788.9927734375,
  "summary_fg_stdv": 4324.5537109375,
  "tsnr": 84.56600952148438
}