{
  "aor": 0.0018255481727574752,
  "aqi": 0.005260953720930232,
  "bids_meta": {
    "AcquisitionNumber": 5,
    "BIDSVersion": "1.1.0",
    "BidsifyVersion": "0.3.1",
    "ConversionSoftware": "dcm2niix",
    "ConversionSoftwareVersion": "v1.0.20181125  GCC5.4.0",
    "EchoTime": 0.02762,
    "FlipAngle": 76.1,
    "ImageComments": "PredictingMentalizing",
    "ImageOrientationPatientDICOM": [
      0.992386,
      0.102946,
      -0.0676206,
      -0.12185,
      0.900697,
      -0.417011
    ],
    "InstitutionName": "Spinoza Centre for Neuroimaging, location REC",
    "MagneticFieldStrength": 3,
    "Manufacturer": "Philips",
    "ParallelAcquisitionTechnique": "SENSE",
    "ParallelReductionFactorInPlane": 2,
    "PatientPosition": "HFS",
    "PhaseEncodingDirection": "j",
    "PhilipsRescaleIntercept": 0,
    "PhilipsRescaleSlope": 0.78559,
    "PhilipsScaleSlope": 0.0575696,
    "ProtocolName": "WIPPM_Zinnen2SENSE",
    "ReconMatrixPE": 80,
    "RepetitionTime": 2,
    "SeriesDescription": "ImageMRSERIES",
    "SeriesNumber": 5,
    "SliceEncodingDirection": "k",
    "SliceTiming": [
      0.0,
      0.05405405405405406,
      0.10810810810810811,
      0.16216216216216217,
      0.21621621621621623,
      0.2702702702702703,
      0.32432432432432434,
      0.3783783783783784,
      0.43243243243243246,
      0.4864864864864865,
      0.5405405405405406,
      0.5945945945945946,
      0.6486486486486487,
      0.7027027027027027,
      0.7567567567567568,
      0.8108108108108109,
      0.8648648648648649,
      0.918918918918919,
      0.972972972972973,
      1.0270270270270272,
      1.0810810810810811,
      1.135135135135135,
      1.1891891891891893,
      1.2432432432432434,
      1.2972972972972974,
      1.3513513513513513,
      1.4054054054054055,
      1.4594594594594597,
      1.5135135135135136,
      1.5675675675675675,
      1.6216216216216217,
      1.6756756756756759,
      1.7297297297297298,
      1.7837837837837838,
      1.837837837837838,
      1.891891891891892,
      1.945945945945946
    ],
    "TaskName": "self",
    "UsePhilipsFloatNotDisplayScaling": 1,
    "WaterFatShift": 12,
    "dataset": "ds002547",
    "modality": "bold",
    "run_id": 2,
    "session_id": "1",
    "subject_id": "22",
    "task_id": "self"
  },
  "dummy_trs": 0,
  "dvars_nstd": 20.761158838400004,
  "dvars_std": 1.226292129366666,
  "dvars_vstd": 1.0079610795999994,
  "efc": 0.44188399862070293,
  "fber": 150347.734375,
  "fd_mean": 0.1987224413754849,
  "fd_num": 120,
  "fd_perc": 39.8671096345515,
  "fwhm_avg": 1.9853698067565209,
  "fwhm_x": 1.9216366666666669,
  "fwhm_y": 2.212266666666667,
  "fwhm_z": 1.8222060869362295,
  "gcor": 0.0306202,
  "gsr_x": -0.028344018384814262,
  "gsr_y": 0.023062990978360176,
  "provenance": {
    "md5sum": "17b72794ceb1b551cd971657fd278980",
    "settings": {
      "fd_thres": 0.2,
      "testing": false
    },
    "software": "mriqc",
    "version": "22.0.6",
    "webapi_port": null,
    "webapi_url": "https://mriqc.nimh.nih.gov/api/v1"
  },
  "size_t": 301,
  "size_x": 80,
  "size_y": 80,
  "size_z": 37,
  "snr": 5.517072531847476,
  "spacing_tr": 2.0,
  "spacing_x": 3.0,
  "spacing_y": 3.0,
  "spacing_z": 3.299999952316284,
  "summary_bg_k": 40.09129185058318,
  "summary_bg_mad": 58.72027848591213,
  "summary_bg_mean": 699.8704833984375,
  "summary_bg_median": 57.81244659423828,
  "summary_bg_n": 158751.0,
  "summary_bg_p05": 5.551364421844482,
  "summary_bg_p95": 4402.631591796875,
  "summary_bg_stdv": 1943.37939453125,
  "summary_fg_k": 3.6513097431392625,
  "summary_fg_mad": 3549.398938129197,
  "summary_fg_mean": 23534.501953125,
  "summary_fg_median": 23030.736328125,
  "summary_fg_n": 36547.0,
  "summary_fg_p05": 17934.8498046875,
  "summary_fg_p95": 30114.303125,
  "summary_fg_stdv": 4174.3916015625,
  "tsnr": 77.42935180664062
}