{
  "bids_meta": {
    "AcquisitionNumber": 2,
    "BIDSVersion": "1.1.0",
    "BidsifyVersion": "0.3.1",
    "ConversionSoftware": "dcm2niix",
    "ConversionSoftwareVersion": "v1.0.20181125  GCC5.4.0",
    "EchoTime": 0.00388,
    "ImageComments": "PredictingMentalizing",
    "ImageOrientationPatientDICOM": [
      0.990456,
      0.117083,
      -0.0727283,
      -0.127935,
      0.97728,
      -0.168989
    ],
    "InstitutionName": "Spinoza Centre for Neuroimaging, location REC",
    "MagneticFieldStrength": 3,
    "Manufacturer": "Philips",
    "ParallelAcquisitionTechnique": "SENSE",
    "PatientPosition": "HFS",
    "PhilipsRescaleIntercept": 0,
    "PhilipsRescaleSlope": 13.2786,
    "PhilipsScaleSlope": 0.00513303,
    "ProtocolName": "WIPsT13DTFE_P25_S2_3mSENSE",
    "ReconMatrixPE": 240,
    "RepetitionTime": 0.008399,
    "SeriesDescription": "ImageMRSERIES",
    "SeriesNumber": 2,
    "UsePhilipsFloatNotDisplayScaling": 1,
    "dataset": "ds002547",
    "modality": "T1w",
    "session_id": "1",
    "subject_id": "22"
  },
  "cjv": 0.25749652638389897,
  "cnr": 4.953021793391725,
  "efc": 0.76170803434523,
  "fber": -1.0,
  "fwhm_avg": 4.9617164569401995,
  "fwhm_x": 4.53484,
  "fwhm_y": 5.07237,
  "fwhm_z": 5.277939370820597,
  "icvs_csf": 0.24913442632644917,
  "icvs_gm": 0.40966644811242664,
  "icvs_wm": 0.34119912556112425,
  "inu_med": 0.5123271346092224,
  "inu_range": 0.13724698126316076,
  "provenance": {
    "md5sum": "51d79e9a11ccffb6dac1ac935e0e8ac4",
    "settings": {
      "testing": false
    },
    "software": "mriqc",
    "version": "22.0.6",
    "warnings": {
      "large_rot_frame": true,
      "small_air_mask": true
    },
    "webapi_port": null,
    "webapi_url": "https://mriqc.nimh.nih.gov/api/v1"
  },
  "qi_1": 0.0,
  "qi_2": 0.00031808230796449903,
  "rpve_csf": 21.509436645783925,
  "rpve_gm": 13.102233754560022,
  "rpve_wm": 19.73764866800052,
  "size_x": 240,
  "size_y": 240,
  "size_z": 220,
  "snr_csf": 1.6122994598385552,
  "snr_gm": 8.873936716926819,
  "snr_total": 13.573532218599068,
  "snr_wm": 30.234360479031828,
  "snrd_csf": 61.99934267396788,
  "snrd_gm": 279.554175733232,
  "snrd_total": 264.6236194365031,
  "snrd_wm": 452.31733990230936,
  "spacing_x": 1.0,
  "spacing_y": 1.0,
  "spacing_z": 1.0000001192092896,
  "summary_bg_k": 173.28658858138212,
  "summary_bg_mad": 0.0,
  "summary_bg_mean": 0.15768545599928543,
  "summary_bg_median": 0.0,
  "summary_bg_n": 49061.0,
  "summary_bg_p05": 0.0,
  "summary_bg_p95": 0.0,
  "summary_bg_stdv": 1.4484299888267222,
  "summary_csf_k": 0.833956484791865,
  "summary_csf_mad": 73.37188625402759,
  "summary_csf_mean": 155.59249058210798,
  "summary_csf_median": 137.07329834904522,
  "summary_csf_n": 46278.0,
  "summary_csf_p05": 47.33690761215985,
  "summary_csf_p95": 327.8034076541662,
  "summary_csf_stdv": 85.01635135315738,
  "summary_gm_k": 0.24169890537535332,
  "summary_gm_mad": 68.2708372411977,
  "summary_gm_mean": 618.9206916626271,
  "summary_gm_median": 618.061600048095,
  "summary_gm_n": 32627.0,
  "summary_gm_p05": 506.7772493902594,
  "summary_gm_p95": 735.4309365900233,
  "summary_gm_stdv": 69.64802072216784,
  "summary_wm_k": 0.8071757825236068,
  "summary_wm_mad": 30.08231925390923,
  "summary_wm_mean": 999.3202632629445,
  "summary_wm_median": 1000.0207583960146,
  "summary_wm_n": 218169.0,
  "summary_wm_p05": 943.9524053744972,
  "summary_wm_p95": 1052.5549549423158,
  "summary_wm_stdv": 33.075562065817074,
  "tpm_overlap_csf": 0.1785228800035463,
  "tpm_overlap_gm": 0.47492900878064026,
  "tpm_overlap_wm": 0.5249493756362643,
  "wm2max": 0.828005852483002
}