{
  "bids_meta": {
    "AcquisitionNumber": 4,
    "BIDSVersion": "1.1.0",
    "BidsifyVersion": "0.3.1",
    "ConversionSoftware": "dcm2niix",
    "ConversionSoftwareVersion": "v1.0.20181125  GCC5.4.0",
    "EchoTime": 0.00375,
    "ImageComments": "HWW",
    "ImageOrientationPatientDICOM": [
      0.99907,
      0.0179898,
      0.0391775,
      -0.0209275,
      0.996895,
      0.0759152
    ],
    "InstitutionName": "Spinoza Centre for Neuroimaging, location REC",
    "MagneticFieldStrength": 3,
    "Manufacturer": "Philips",
    "ParallelAcquisitionTechnique": "SENSE",
    "PatientPosition": "HFS",
    "PhilipsRescaleIntercept": 0,
    "PhilipsRescaleSlope": 14.7866,
    "PhilipsScaleSlope": 0.000266343,
    "ProtocolName": "WIPsT13DTFE_P25_S2_3mSENSE",
    "ReconMatrixPE": 240,
    "RepetitionTime": 0.0082,
    "SeriesDescription": "ImageMRSERIES",
    "SeriesNumber": 4,
    "UsePhilipsFloatNotDisplayScaling": 1,
    "dataset": "ds002547",
    "modality": "T1w",
    "session_id": "1",
    "subject_id": "21"
  },
  "cjv": 0.28122750589878037,
  "cnr": 4.740371022574638,
  "efc": 0.7436638637958364,
  "fber": -1.0,
  "fwhm_avg": 4.536903602286603,
  "fwhm_x": 4.47519,
  "fwhm_y": 4.734180282179135,
  "fwhm_z": 4.401340524680677,
  "icvs_csf": 0.24032183322565168,
  "icvs_gm": 0.4364575293474052,
  "icvs_wm": 0.32322063742694307,
  "inu_med": 0.6824734807014465,
  "inu_range": 0.24223743677139287,
  "provenance": {
    "md5sum": "646ab5d9231873f69ffbdcd80c36ee7b",
    "settings": {
      "testing": false
    },
    "software": "mriqc",
    "version": "22.0.6",
    "warnings": {
      "large_rot_frame": true,
      "small_air_mask": true
    },
    "webapi_port": null,
    "webapi_url": "https://mriqc.nimh.nih.gov/api/v1"
  },
  "qi_1": 0.0,
  "qi_2": 1.6378416025632273e-05,
  "rpve_csf": 24.72622140810302,
  "rpve_gm": 13.902160297953735,
  "rpve_wm": 21.89382262529302,
  "size_x": 240,
  "size_y": 240,
  "size_z": 220,
  "snr_csf": 1.5898113411580235,
  "snr_gm": 8.040192019341474,
  "snr_total": 10.845959230486521,
  "snr_wm": 22.907874330960066,
  "snrd_csf": 29.125336498830528,
  "snrd_gm": 118.70446592427952,
  "snrd_total": 115.96953226591471,
  "snrd_wm": 200.07879437463404,
  "spacing_x": 1.0,
  "spacing_y": 0.9999999403953552,
  "spacing_z": 0.9999998807907104,
  "summary_bg_k": 83.17044849316659,
  "summary_bg_mad": 0.0,
  "summary_bg_mean": 0.6238764522021131,
  "summary_bg_median": 0.0,
  "summary_bg_n": 108442.0,
  "summary_bg_p05": 0.0,
  "summary_bg_p95": 0.0,
  "summary_bg_stdv": 3.274466419438449,
  "summary_csf_k": 0.6824087678176936,
  "summary_csf_mad": 88.12163232287831,
  "summary_csf_mean": 161.49018941822138,
  "summary_csf_median": 145.57264154497534,
  "summary_csf_n": 24444.0,
  "summary_csf_p05": 40.43204187257216,
  "summary_csf_p95": 333.2017504694871,
  "summary_csf_stdv": 91.5641120864909,
  "summary_gm_k": 0.030084503165894727,
  "summary_gm_mad": 74.27515191386719,
  "summary_gm_mean": 595.1320792450135,
  "summary_gm_median": 593.3020780198276,
  "summary_gm_n": 41661.0,
  "summary_gm_p05": 476.2706381343305,
  "summary_gm_p95": 717.9096200596541,
  "summary_gm_stdv": 73.79114279317352,
  "summary_wm_k": 0.7565843036566409,
  "summary_wm_mad": 40.105883572020026,
  "summary_wm_mean": 998.9613184706938,
  "summary_wm_median": 1000.0227333139628,
  "summary_wm_n": 177144.0,
  "summary_wm_p05": 925.21725618653,
  "summary_wm_p95": 1068.2076527029276,
  "summary_wm_stdv": 43.65398099516583,
  "tpm_overlap_csf": 0.15059601778584075,
  "tpm_overlap_gm": 0.4707642027304884,
  "tpm_overlap_wm": 0.5023734513540646,
  "wm2max": 0.7860617262235478
}