{
  "aor": 0.0005362715105162524,
  "aqi": 0.00619950036328872,
  "bids_meta": {
    "AcquisitionNumber": 3,
    "BIDSVersion": "1.1.0",
    "BidsifyVersion": "0.3.1",
    "ConversionSoftware": "dcm2niix",
    "ConversionSoftwareVersion": "v1.0.20181125  GCC5.4.0",
    "EchoTime": 0.02763,
    "FlipAngle": 76.1,
    "ImageComments": "HWW",
    "ImageOrientationPatientDICOM": [
      0.999393,
      0.0130566,
      -0.0322904,
      -0.0205853,
      0.969253,
      -0.245202
    ],
    "InstitutionName": "Spinoza Centre for Neuroimaging, location REC",
    "MagneticFieldStrength": 3,
    "Manufacturer": "Philips",
    "ParallelAcquisitionTechnique": "SENSE",
    "ParallelReductionFactorInPlane": 2,
    "PatientPosition": "HFS",
    "PhaseEncodingDirection": "j",
    "PhilipsRescaleIntercept": 0,
    "PhilipsRescaleSlope": 3.19707,
    "PhilipsScaleSlope": 0.00115118,
    "ProtocolName": "WIPPM_HWWSENSE",
    "ReconMatrixPE": 80,
    "RepetitionTime": 2,
    "SeriesDescription": "ImageMRSERIES",
    "SeriesNumber": 3,
    "SliceEncodingDirection": "k",
    "SliceTiming": [
      0.0,
      0.05405405405405406,
      0.10810810810810811,
      0.16216216216216217,
      0.21621621621621623,
      0.2702702702702703,
      0.32432432432432434,
      0.3783783783783784,
      0.43243243243243246,
      0.4864864864864865,
      0.5405405405405406,
      0.5945945945945946,
      0.6486486486486487,
      0.7027027027027027,
      0.7567567567567568,
      0.8108108108108109,
      0.8648648648648649,
      0.918918918918919,
      0.972972972972973,
      1.0270270270270272,
      1.0810810810810811,
      1.135135135135135,
      1.1891891891891893,
      1.2432432432432434,
      1.2972972972972974,
      1.3513513513513513,
      1.4054054054054055,
      1.4594594594594597,
      1.5135135135135136,
      1.5675675675675675,
      1.6216216216216217,
      1.6756756756756759,
      1.7297297297297298,
      1.7837837837837838,
      1.837837837837838,
      1.891891891891892,
      1.945945945945946
    ],
    "TaskName": "other",
    "UsePhilipsFloatNotDisplayScaling": 1,
    "WaterFatShift": 12,
    "dataset": "ds002547",
    "modality": "bold",
    "session_id": "2",
    "subject_id": "01",
    "task_id": "other"
  },
  "dummy_trs": 0,
  "dvars_nstd": 21.63436946622603,
  "dvars_std": 1.2043096925095793,
  "dvars_vstd": 0.9702144069923373,
  "efc": 0.4212923596499724,
  "fber": 4599380.5,
  "fd_mean": 0.22180501434901728,
  "fd_num": 266,
  "fd_perc": 50.860420650095605,
  "fwhm_avg": 2.1200176861886773,
  "fwhm_x": 2.1024433333333334,
  "fwhm_y": 2.30164,
  "fwhm_z": 1.9559697252326984,
  "gcor": 0.0196031,
  "gsr_x": -0.0160102266818285,
  "gsr_y": 0.011799847707152367,
  "provenance": {
    "md5sum": "9f0b018feaf7e161ac373dfa93971175",
    "settings": {
      "fd_thres": 0.2,
      "testing": false
    },
    "software": "mriqc",
    "version": "22.0.6",
    "webapi_port": null,
    "webapi_url": "https://mriqc.nimh.nih.gov/api/v1"
  },
  "size_t": 523,
  "size_x": 80,
  "size_y": 80,
  "size_z": 37,
  "snr": 5.417920270992914,
  "spacing_tr": 2.0,
  "spacing_x": 3.0,
  "spacing_y": 3.0,
  "spacing_z": 3.299999952316284,
  "summary_bg_k": 44.001171365501655,
  "summary_bg_mad": 254.77946720854334,
  "summary_bg_mean": 6915.86181640625,
  "summary_bg_median": 173.5867919921875,
  "summary_bg_n": 158864.0,
  "summary_bg_p05": 1.0536140501499176,
  "summary_bg_p95": 36054.924414062545,
  "summary_bg_stdv": 21617.236328125,
  "summary_fg_k": 0.48844758617384043,
  "summary_fg_mad": 69322.819563095,
  "summary_fg_mean": 390502.6875,
  "summary_fg_median": 386087.65625,
  "summary_fg_n": 36113.0,
  "summary_fg_p05": 280554.925,
  "summary_fg_p95": 509743.4437500001,
  "summary_fg_stdv": 71260.2421875,
  "tsnr": 66.23915100097656
}