{
  "aor": 0.0004937873754152824,
  "aqi": 0.0035511687375415282,
  "bids_meta": {
    "AcquisitionNumber": 4,
    "BIDSVersion": "1.1.0",
    "BidsifyVersion": "0.3.1",
    "ConversionSoftware": "dcm2niix",
    "ConversionSoftwareVersion": "v1.0.20181125  GCC5.4.0",
    "EchoTime": 0.02763,
    "FlipAngle": 76.1,
    "ImageComments": "HWW",
    "ImageOrientationPatientDICOM": [
      0.999393,
      0.0130566,
      -0.0322904,
      -0.0205853,
      0.969253,
      -0.245202
    ],
    "InstitutionName": "Spinoza Centre for Neuroimaging, location REC",
    "MagneticFieldStrength": 3,
    "Manufacturer": "Philips",
    "ParallelAcquisitionTechnique": "SENSE",
    "ParallelReductionFactorInPlane": 2,
    "PatientPosition": "HFS",
    "PhaseEncodingDirection": "j",
    "PhilipsRescaleIntercept": 0,
    "PhilipsRescaleSlope": 2.49182,
    "PhilipsScaleSlope": 0.00114937,
    "ProtocolName": "WIPPM_Zinnen1SENSE",
    "ReconMatrixPE": 80,
    "RepetitionTime": 2,
    "SeriesDescription": "ImageMRSERIES",
    "SeriesNumber": 4,
    "SliceEncodingDirection": "k",
    "SliceTiming": [
      0.0,
      0.05405405405405406,
      0.10810810810810811,
      0.16216216216216217,
      0.21621621621621623,
      0.2702702702702703,
      0.32432432432432434,
      0.3783783783783784,
      0.43243243243243246,
      0.4864864864864865,
      0.5405405405405406,
      0.5945945945945946,
      0.6486486486486487,
      0.7027027027027027,
      0.7567567567567568,
      0.8108108108108109,
      0.8648648648648649,
      0.918918918918919,
      0.972972972972973,
      1.0270270270270272,
      1.0810810810810811,
      1.135135135135135,
      1.1891891891891893,
      1.2432432432432434,
      1.2972972972972974,
      1.3513513513513513,
      1.4054054054054055,
      1.4594594594594597,
      1.5135135135135136,
      1.5675675675675675,
      1.6216216216216217,
      1.6756756756756759,
      1.7297297297297298,
      1.7837837837837838,
      1.837837837837838,
      1.891891891891892,
      1.945945945945946
    ],
    "TaskName": "self",
    "UsePhilipsFloatNotDisplayScaling": 1,
    "WaterFatShift": 12,
    "dataset": "ds002547",
    "modality": "bold",
    "run_id": 1,
    "session_id": "2",
    "subject_id": "01",
    "task_id": "self"
  },
  "dummy_trs": 0,
  "dvars_nstd": 21.531159661699988,
  "dvars_std": 1.2789775928666673,
  "dvars_vstd": 0.9956171892666676,
  "efc": 0.4203313929836538,
  "fber": 15234923.0,
  "fd_mean": 0.15585357536147812,
  "fd_num": 77,
  "fd_perc": 25.58139534883721,
  "fwhm_avg": 2.0938529386442943,
  "fwhm_x": 2.0762,
  "fwhm_y": 2.263846666666667,
  "fwhm_z": 1.9415121492662164,
  "gcor": 0.0308019,
  "gsr_x": -0.016071397811174393,
  "gsr_y": 0.012335820123553276,
  "provenance": {
    "md5sum": "88e1d71f66d50378ae741a2cba35c87b",
    "settings": {
      "fd_thres": 0.2,
      "testing": false
    },
    "software": "mriqc",
    "version": "22.0.6",
    "webapi_port": null,
    "webapi_url": "https://mriqc.nimh.nih.gov/api/v1"
  },
  "size_t": 301,
  "size_x": 80,
  "size_y": 80,
  "size_z": 37,
  "snr": 5.45508926546149,
  "spacing_tr": 2.0,
  "spacing_x": 3.0,
  "spacing_y": 3.0,
  "spacing_z": 3.299999952316284,
  "summary_bg_k": 44.119928780447665,
  "summary_bg_mad": 144.14615820485696,
  "summary_bg_mean": 6847.48583984375,
  "summary_bg_median": 97.78885650634766,
  "summary_bg_n": 158975.0,
  "summary_bg_p05": 0.4296046137809754,
  "summary_bg_p95": 36288.517578124985,
  "summary_bg_stdv": 21486.119140625,
  "summary_fg_k": 0.500116204763732,
  "summary_fg_mad": 68448.13058549604,
  "summary_fg_mean": 388565.53125,
  "summary_fg_median": 383752.1875,
  "summary_fg_n": 36038.0,
  "summary_fg_p05": 280839.7265625,
  "summary_fg_p95": 506663.653125,
  "summary_fg_stdv": 70346.578125,
  "tsnr": 81.9056396484375
}