{
  "aor": 0.000452624584717608,
  "aqi": 0.0029834366777408638,
  "bids_meta": {
    "AcquisitionNumber": 4,
    "BIDSVersion": "1.1.0",
    "BidsifyVersion": "0.3.1",
    "ConversionSoftware": "dcm2niix",
    "ConversionSoftwareVersion": "v1.0.20181125  GCC5.4.0",
    "EchoTime": 0.02763,
    "FlipAngle": 76.1,
    "ImageComments": "HWW",
    "ImageOrientationPatientDICOM": [
      0.999461,
      -0.0208862,
      -0.0253343,
      0.0129092,
      0.959419,
      -0.281687
    ],
    "InstitutionName": "Spinoza Centre for Neuroimaging, location REC",
    "MagneticFieldStrength": 3,
    "Manufacturer": "Philips",
    "ParallelAcquisitionTechnique": "SENSE",
    "ParallelReductionFactorInPlane": 2,
    "PatientPosition": "HFS",
    "PhaseEncodingDirection": "j",
    "PhilipsRescaleIntercept": 0,
    "PhilipsRescaleSlope": 1.79194,
    "PhilipsScaleSlope": 0.00109835,
    "ProtocolName": "WIPPM_Zinnen1SENSE",
    "ReconMatrixPE": 80,
    "RepetitionTime": 2,
    "SeriesDescription": "ImageMRSERIES",
    "SeriesNumber": 4,
    "SliceEncodingDirection": "k",
    "SliceTiming": [
      0.0,
      0.05405405405405406,
      0.10810810810810811,
      0.16216216216216217,
      0.21621621621621623,
      0.2702702702702703,
      0.32432432432432434,
      0.3783783783783784,
      0.43243243243243246,
      0.4864864864864865,
      0.5405405405405406,
      0.5945945945945946,
      0.6486486486486487,
      0.7027027027027027,
      0.7567567567567568,
      0.8108108108108109,
      0.8648648648648649,
      0.918918918918919,
      0.972972972972973,
      1.0270270270270272,
      1.0810810810810811,
      1.135135135135135,
      1.1891891891891893,
      1.2432432432432434,
      1.2972972972972974,
      1.3513513513513513,
      1.4054054054054055,
      1.4594594594594597,
      1.5135135135135136,
      1.5675675675675675,
      1.6216216216216217,
      1.6756756756756759,
      1.7297297297297298,
      1.7837837837837838,
      1.837837837837838,
      1.891891891891892,
      1.945945945945946
    ],
    "TaskName": "self",
    "UsePhilipsFloatNotDisplayScaling": 1,
    "WaterFatShift": 12,
    "dataset": "ds002547",
    "modality": "bold",
    "run_id": 1,
    "session_id": "2",
    "subject_id": "07",
    "task_id": "self"
  },
  "dummy_trs": 0,
  "dvars_nstd": 18.256611506099983,
  "dvars_std": 1.177796552366666,
  "dvars_vstd": 1.0006415119999992,
  "efc": 0.44545582856779836,
  "fber": 1210394.0,
  "fd_mean": 0.15309622849189275,
  "fd_num": 85,
  "fd_perc": 28.239202657807308,
  "fwhm_avg": 2.0047355646509435,
  "fwhm_x": 1.9416900000000001,
  "fwhm_y": 2.1841500000000003,
  "fwhm_z": 1.8883666939528305,
  "gcor": 0.0207612,
  "gsr_x": -0.019190603867173195,
  "gsr_y": 0.013614898547530174,
  "provenance": {
    "md5sum": "4d58256c12fabdf6fdc298d49285c1b8",
    "settings": {
      "fd_thres": 0.2,
      "testing": false
    },
    "software": "mriqc",
    "version": "22.0.6",
    "webapi_port": null,
    "webapi_url": "https://mriqc.nimh.nih.gov/api/v1"
  },
  "size_t": 301,
  "size_x": 80,
  "size_y": 80,
  "size_z": 37,
  "snr": 5.343840658465875,
  "spacing_tr": 2.0,
  "spacing_x": 3.0,
  "spacing_y": 3.0,
  "spacing_z": 3.299999952316284,
  "summary_bg_k": 55.10353526801323,
  "summary_bg_mad": 557.7110556042805,
  "summary_bg_mean": 11522.6435546875,
  "summary_bg_median": 376.90850830078125,
  "summary_bg_n": 156342.0,
  "summary_bg_p05": 0.5707353740930557,
  "summary_bg_p95": 61942.57714843727,
  "summary_bg_stdv": 33082.984375,
  "summary_fg_k": 1.8884400053313692,
  "summary_fg_mad": 71444.74765701182,
  "summary_fg_mean": 433620.0,
  "summary_fg_median": 426084.59375,
  "summary_fg_n": 38276.0,
  "summary_fg_p05": 316353.9453125,
  "summary_fg_p95": 565339.515625,
  "summary_fg_stdv": 79732.734375,
  "tsnr": 94.08612823486328
}