{
  "aor": 0.0012966921606118547,
  "aqi": 0.007958286634799234,
  "bids_meta": {
    "AcquisitionNumber": 4,
    "BIDSVersion": "1.1.0",
    "BidsifyVersion": "0.3.1",
    "ConversionSoftware": "dcm2niix",
    "ConversionSoftwareVersion": "v1.0.20181125  GCC5.4.0",
    "EchoTime": 0.02763,
    "FlipAngle": 76.1,
    "ImageComments": "HWW",
    "ImageOrientationPatientDICOM": [
      0.9984,
      0.0315238,
      -0.04695,
      -0.0469087,
      0.925345,
      -0.376213
    ],
    "InstitutionName": "Spinoza Centre for Neuroimaging, location REC",
    "MagneticFieldStrength": 3,
    "Manufacturer": "Philips",
    "ParallelAcquisitionTechnique": "SENSE",
    "ParallelReductionFactorInPlane": 2,
    "PatientPosition": "HFS",
    "PhaseEncodingDirection": "j",
    "PhilipsRescaleIntercept": 0,
    "PhilipsRescaleSlope": 2.27619,
    "PhilipsScaleSlope": 0.00116994,
    "ProtocolName": "WIPPM_HWWSENSE",
    "ReconMatrixPE": 80,
    "RepetitionTime": 2,
    "SeriesDescription": "ImageMRSERIES",
    "SeriesNumber": 4,
    "SliceEncodingDirection": "k",
    "SliceTiming": [
      0.0,
      0.05405405405405406,
      0.10810810810810811,
      0.16216216216216217,
      0.21621621621621623,
      0.2702702702702703,
      0.32432432432432434,
      0.3783783783783784,
      0.43243243243243246,
      0.4864864864864865,
      0.5405405405405406,
      0.5945945945945946,
      0.6486486486486487,
      0.7027027027027027,
      0.7567567567567568,
      0.8108108108108109,
      0.8648648648648649,
      0.918918918918919,
      0.972972972972973,
      1.0270270270270272,
      1.0810810810810811,
      1.135135135135135,
      1.1891891891891893,
      1.2432432432432434,
      1.2972972972972974,
      1.3513513513513513,
      1.4054054054054055,
      1.4594594594594597,
      1.5135135135135136,
      1.5675675675675675,
      1.6216216216216217,
      1.6756756756756759,
      1.7297297297297298,
      1.7837837837837838,
      1.837837837837838,
      1.891891891891892,
      1.945945945945946
    ],
    "TaskName": "other",
    "UsePhilipsFloatNotDisplayScaling": 1,
    "WaterFatShift": 12,
    "dataset": "ds002547",
    "modality": "bold",
    "session_id": "1",
    "subject_id": "02",
    "task_id": "other"
  },
  "dummy_trs": 0,
  "dvars_nstd": 23.10343305362067,
  "dvars_std": 1.2727707887356334,
  "dvars_vstd": 0.9706734138314168,
  "efc": 0.45757901720619537,
  "fber": 2107936.0,
  "fd_mean": 0.17037782719925668,
  "fd_num": 137,
  "fd_perc": 26.195028680688335,
  "fwhm_avg": 1.9288601097474452,
  "fwhm_x": 1.87974,
  "fwhm_y": 2.09281,
  "fwhm_z": 1.8140303292423354,
  "gcor": 0.029076,
  "gsr_x": -0.008978847414255142,
  "gsr_y": 0.006409368012100458,
  "provenance": {
    "md5sum": "ef5a6ee4c6aa21aae7faa61fa17611cf",
    "settings": {
      "fd_thres": 0.2,
      "testing": false
    },
    "software": "mriqc",
    "version": "22.0.6",
    "webapi_port": null,
    "webapi_url": "https://mriqc.nimh.nih.gov/api/v1"
  },
  "size_t": 523,
  "size_x": 80,
  "size_y": 80,
  "size_z": 37,
  "snr": 6.294790089217571,
  "spacing_tr": 2.0,
  "spacing_x": 3.0,
  "spacing_y": 3.0,
  "spacing_z": 3.299999952316284,
  "summary_bg_k": 35.94216884532923,
  "summary_bg_mad": 365.72836979584304,
  "summary_bg_mean": 8902.4873046875,
  "summary_bg_median": 248.97357177734375,
  "summary_bg_n": 152404.0,
  "summary_bg_p05": 1.4642003417015077,
  "summary_bg_p95": 52467.30468750005,
  "summary_bg_stdv": 25942.92578125,
  "summary_fg_k": 2.214911261165235,
  "summary_fg_mad": 53538.38770641378,
  "summary_fg_mean": 371196.75,
  "summary_fg_median": 367550.6875,
  "summary_fg_n": 41670.0,
  "summary_fg_p05": 285260.9890625,
  "summary_fg_p95": 464746.8828125,
  "summary_fg_stdv": 58388.96484375,
  "tsnr": 70.2870864868164
}