{
  "aor": 0.0037173648648648654,
  "aqi": 0.005289759932432432,
  "bids_meta": {
    "AcquisitionNumber": 6,
    "BIDSVersion": "1.1.0",
    "BidsifyVersion": "0.3.1",
    "ConversionSoftware": "dcm2niix",
    "ConversionSoftwareVersion": "v1.0.20181125  GCC5.4.0",
    "EchoTime": 0.02763,
    "FlipAngle": 76.1,
    "ImageComments": "HWW",
    "ImageOrientationPatientDICOM": [
      0.9984,
      0.0315238,
      -0.04695,
      -0.0469087,
      0.925345,
      -0.376213
    ],
    "InstitutionName": "Spinoza Centre for Neuroimaging, location REC",
    "MagneticFieldStrength": 3,
    "Manufacturer": "Philips",
    "ParallelAcquisitionTechnique": "SENSE",
    "ParallelReductionFactorInPlane": 2,
    "PatientPosition": "HFS",
    "PhaseEncodingDirection": "j",
    "PhilipsRescaleIntercept": 0,
    "PhilipsRescaleSlope": 2.12796,
    "PhilipsScaleSlope": 0.00117101,
    "ProtocolName": "WIPPM_Zinnen2SENSE",
    "ReconMatrixPE": 80,
    "RepetitionTime": 2,
    "SeriesDescription": "ImageMRSERIES",
    "SeriesNumber": 6,
    "SliceEncodingDirection": "k",
    "SliceTiming": [
      0.0,
      0.05405405405405406,
      0.10810810810810811,
      0.16216216216216217,
      0.21621621621621623,
      0.2702702702702703,
      0.32432432432432434,
      0.3783783783783784,
      0.43243243243243246,
      0.4864864864864865,
      0.5405405405405406,
      0.5945945945945946,
      0.6486486486486487,
      0.7027027027027027,
      0.7567567567567568,
      0.8108108108108109,
      0.8648648648648649,
      0.918918918918919,
      0.972972972972973,
      1.0270270270270272,
      1.0810810810810811,
      1.135135135135135,
      1.1891891891891893,
      1.2432432432432434,
      1.2972972972972974,
      1.3513513513513513,
      1.4054054054054055,
      1.4594594594594597,
      1.5135135135135136,
      1.5675675675675675,
      1.6216216216216217,
      1.6756756756756759,
      1.7297297297297298,
      1.7837837837837838,
      1.837837837837838,
      1.891891891891892,
      1.945945945945946
    ],
    "TaskName": "self",
    "UsePhilipsFloatNotDisplayScaling": 1,
    "WaterFatShift": 12,
    "dataset": "ds002547",
    "modality": "bold",
    "run_id": 2,
    "session_id": "1",
    "subject_id": "02",
    "task_id": "self"
  },
  "dummy_trs": 5,
  "dvars_nstd": 24.185770080000005,
  "dvars_std": 1.3814807208135595,
  "dvars_vstd": 1.0295907661016943,
  "efc": 0.4578340262907477,
  "fber": 2192345.5,
  "fd_mean": 0.17662816783863605,
  "fd_num": 76,
  "fd_perc": 25.675675675675677,
  "fwhm_avg": 1.9126326349286418,
  "fwhm_x": 1.8749,
  "fwhm_y": 2.0637766666666666,
  "fwhm_z": 1.799221238119259,
  "gcor": 0.0428128,
  "gsr_x": -0.008901102468371391,
  "gsr_y": 0.006830040365457535,
  "provenance": {
    "md5sum": "68f0ec15196f2c8d6d67ed5e2320d758",
    "settings": {
      "fd_thres": 0.2,
      "testing": false
    },
    "software": "mriqc",
    "version": "22.0.6",
    "webapi_port": null,
    "webapi_url": "https://mriqc.nimh.nih.gov/api/v1"
  },
  "size_t": 296,
  "size_x": 80,
  "size_y": 80,
  "size_z": 37,
  "snr": 6.310576430763769,
  "spacing_tr": 2.0,
  "spacing_x": 3.0,
  "spacing_y": 3.0,
  "spacing_z": 3.299999952316284,
  "summary_bg_k": 34.02005321959468,
  "summary_bg_mad": 357.74600860533764,
  "summary_bg_mean": 9006.7890625,
  "summary_bg_median": 243.80052185058594,
  "summary_bg_n": 152569.0,
  "summary_bg_p05": 1.7868420362472535,
  "summary_bg_p95": 54482.99218750006,
  "summary_bg_stdv": 25778.85546875,
  "summary_fg_k": 2.195052548693072,
  "summary_fg_mad": 53111.212942206854,
  "summary_fg_mean": 370277.40625,
  "summary_fg_median": 366379.0,
  "summary_fg_n": 41542.0,
  "summary_fg_p05": 285240.3390625,
  "summary_fg_p95": 463283.7171875,
  "summary_fg_stdv": 58057.23046875,
  "tsnr": 82.16598510742188
}