{
  "bids_meta": {
    "AcquisitionNumber": 5,
    "BIDSVersion": "1.1.0",
    "BidsifyVersion": "0.3.1",
    "ConversionSoftware": "dcm2niix",
    "ConversionSoftwareVersion": "v1.0.20181125  GCC5.4.0",
    "EchoTime": 0.00376,
    "ImageComments": "PredictingMentalizing",
    "ImageOrientationPatientDICOM": [
      0.99581,
      0.0837975,
      -0.0366177,
      -0.0846707,
      0.996144,
      -0.0229828
    ],
    "InstitutionName": "Spinoza Centre for Neuroimaging, location REC",
    "MagneticFieldStrength": 3,
    "Manufacturer": "Philips",
    "ParallelAcquisitionTechnique": "SENSE",
    "PatientPosition": "HFS",
    "PhilipsRescaleIntercept": 0,
    "PhilipsRescaleSlope": 12.3365,
    "PhilipsScaleSlope": 0.00542161,
    "ProtocolName": "WIPsT13DTFE_P25_S2_3mSENSE",
    "ReconMatrixPE": 240,
    "RepetitionTime": 0.008179,
    "SeriesDescription": "ImageMRSERIES",
    "SeriesNumber": 5,
    "UsePhilipsFloatNotDisplayScaling": 1,
    "dataset": "ds002547",
    "modality": "T1w",
    "session_id": "1",
    "subject_id": "03"
  },
  "cjv": 0.2452392179030986,
  "cnr": 5.360607748606812,
  "efc": 0.7580644870977258,
  "fber": -1.0,
  "fwhm_avg": 4.955956666666666,
  "fwhm_x": 4.8393,
  "fwhm_y": 4.79593,
  "fwhm_z": 5.23264,
  "icvs_csf": 0.24356800974174916,
  "icvs_gm": 0.43970227838923087,
  "icvs_wm": 0.31672971186901994,
  "inu_med": 0.6135139763355255,
  "inu_range": 0.22079948782920833,
  "provenance": {
    "md5sum": "630a928fde67fc6070c4199568ea1e8a",
    "settings": {
      "testing": false
    },
    "software": "mriqc",
    "version": "22.0.6",
    "warnings": {
      "large_rot_frame": true,
      "small_air_mask": true
    },
    "webapi_port": null,
    "webapi_url": "https://mriqc.nimh.nih.gov/api/v1"
  },
  "qi_1": 0.0,
  "qi_2": 0.0001791057029342731,
  "rpve_csf": 25.942229325634152,
  "rpve_gm": 14.780180582533449,
  "rpve_wm": 24.088855588643426,
  "size_x": 240,
  "size_y": 240,
  "size_z": 220,
  "snr_csf": 1.661128985944659,
  "snr_gm": 9.542065953380561,
  "snr_total": 12.252266918807512,
  "snr_wm": 25.55360581709731,
  "snrd_csf": 49.07570013019151,
  "snrd_gm": 178.91246724923403,
  "snrd_total": 175.0778883991346,
  "snrd_wm": 297.2454978179782,
  "spacing_x": 1.0,
  "spacing_y": 1.0,
  "spacing_z": 1.0,
  "summary_bg_k": 78.70786493291155,
  "summary_bg_mad": 0.0,
  "summary_bg_mean": 0.3410242186495657,
  "summary_bg_median": 0.0,
  "summary_bg_n": 51526.0,
  "summary_bg_p05": 0.0,
  "summary_bg_p95": 0.0,
  "summary_bg_stdv": 2.204024556203841,
  "summary_csf_k": -0.21717072398874526,
  "summary_csf_mad": 105.83123167443826,
  "summary_csf_mean": 178.362310320611,
  "summary_csf_median": 165.10156999342144,
  "summary_csf_n": 34671.0,
  "summary_csf_p05": 39.89819018635899,
  "summary_csf_p95": 350.84374172613025,
  "summary_csf_stdv": 99.38974661100214,
  "summary_gm_k": 0.17885607424102634,
  "summary_gm_mad": 62.61652489497047,
  "summary_gm_mean": 603.5068153350608,
  "summary_gm_median": 601.9013311248273,
  "summary_gm_n": 40186.0,
  "summary_gm_p05": 502.5626242742874,
  "summary_gm_p95": 707.1207499573939,
  "summary_gm_stdv": 63.07793774176805,
  "summary_wm_k": 0.9939741673077869,
  "summary_wm_mad": 35.01287247842047,
  "summary_wm_mean": 1000.1617853895726,
  "summary_wm_median": 999.9999639950693,
  "summary_wm_n": 162252.0,
  "summary_wm_p05": 936.1954011861235,
  "summary_wm_p95": 1064.3158930633217,
  "summary_wm_stdv": 39.13329842848423,
  "tpm_overlap_csf": 0.14500339306088833,
  "tpm_overlap_gm": 0.4984090487778,
  "tpm_overlap_wm": 0.5119933676642283,
  "wm2max": 0.7658294319739395
}