{
  "bids_meta": {
    "AcquisitionNumber": 4,
    "BIDSVersion": "1.1.0",
    "BidsifyVersion": "0.3.1",
    "ConversionSoftware": "dcm2niix",
    "ConversionSoftwareVersion": "v1.0.20181125  GCC5.4.0",
    "EchoTime": 0.00375,
    "ImageComments": "PredictingMentalizing",
    "ImageOrientationPatientDICOM": [
      0.995899,
      0.0902105,
      -0.00680713,
      -0.0902834,
      0.995852,
      -0.0112995
    ],
    "InstitutionName": "Spinoza Centre for Neuroimaging, location REC",
    "MagneticFieldStrength": 3,
    "Manufacturer": "Philips",
    "ParallelAcquisitionTechnique": "SENSE",
    "PatientPosition": "HFS",
    "PhilipsRescaleIntercept": 0,
    "PhilipsRescaleSlope": 12.2671,
    "PhilipsScaleSlope": 0.00521407,
    "ProtocolName": "WIPsT13DTFE_P25_S2_3mSENSE",
    "ReconMatrixPE": 240,
    "RepetitionTime": 0.008148,
    "SeriesDescription": "ImageMRSERIES",
    "SeriesNumber": 4,
    "UsePhilipsFloatNotDisplayScaling": 1,
    "dataset": "ds002547",
    "modality": "T1w",
    "session_id": "1",
    "subject_id": "14"
  },
  "cjv": 0.3526918586291345,
  "cnr": 3.7948684129970456,
  "efc": 0.7496528517557821,
  "fber": -1.0,
  "fwhm_avg": 3.5880767361225723,
  "fwhm_x": 3.58193,
  "fwhm_y": 3.68647,
  "fwhm_z": 3.495830208367718,
  "icvs_csf": 0.23779909592391438,
  "icvs_gm": 0.4266142855899832,
  "icvs_wm": 0.33558661848610244,
  "inu_med": 0.745002806186676,
  "inu_range": 0.27919071912765503,
  "provenance": {
    "md5sum": "35852d33f65a4e595ac1ec4187f75a08",
    "settings": {
      "testing": false
    },
    "software": "mriqc",
    "version": "22.0.6",
    "warnings": {
      "large_rot_frame": true,
      "small_air_mask": true
    },
    "webapi_port": null,
    "webapi_url": "https://mriqc.nimh.nih.gov/api/v1"
  },
  "qi_1": 0.0,
  "qi_2": 8.719529817380847e-05,
  "rpve_csf": 23.904986864674807,
  "rpve_gm": 13.37418310610507,
  "rpve_wm": 19.80508647798742,
  "size_x": 240,
  "size_y": 240,
  "size_z": 220,
  "snr_csf": 1.7009852361854567,
  "snr_gm": 7.281584461032442,
  "snr_total": 8.511003576195444,
  "snr_wm": 16.550441031368436,
  "snrd_csf": 13.60443243788258,
  "snrd_gm": 48.180673800183044,
  "snrd_total": 47.02126662046294,
  "snrd_wm": 79.27869362332319,
  "spacing_x": 1.0,
  "spacing_y": 1.0,
  "spacing_z": 0.9999999403953552,
  "summary_bg_k": 19.79963338555966,
  "summary_bg_mad": 0.0,
  "summary_bg_mean": 2.8272360679781925,
  "summary_bg_median": 0.0,
  "summary_bg_n": 108720.0,
  "summary_bg_p05": 0.0,
  "summary_bg_p95": 23.370705977082253,
  "summary_bg_stdv": 8.26392489370854,
  "summary_csf_k": 1.1240320360200835,
  "summary_csf_mad": 93.32204101034442,
  "summary_csf_mean": 186.95072484640468,
  "summary_csf_median": 171.60702395439148,
  "summary_csf_n": 29308.0,
  "summary_csf_p05": 49.15655555650592,
  "summary_csf_p95": 375.43260111585255,
  "summary_csf_stdv": 100.88511800731364,
  "summary_gm_k": 0.19386007996301746,
  "summary_gm_mad": 80.28579819332397,
  "summary_gm_mean": 608.5297892379772,
  "summary_gm_median": 607.7535450831056,
  "summary_gm_n": 19932.0,
  "summary_gm_p05": 471.55198878720404,
  "summary_gm_p95": 746.7990065641701,
  "summary_gm_stdv": 83.46237037698128,
  "summary_wm_k": 0.47539506951111044,
  "summary_wm_mad": 58.065361019043095,
  "summary_wm_mean": 998.9032387598869,
  "summary_wm_median": 1000.0255973786116,
  "summary_wm_n": 184717.0,
  "summary_wm_p05": 898.1211280524731,
  "summary_wm_p95": 1095.3770538568497,
  "summary_wm_stdv": 60.422733664127236,
  "tpm_overlap_csf": 0.15338424579104956,
  "tpm_overlap_gm": 0.4527304645289212,
  "tpm_overlap_wm": 0.4927566419707645,
  "wm2max": 0.6378910587159559
}