{
  "aor": 0.0006242857142857142,
  "aqi": 0.005696966013289036,
  "bids_meta": {
    "AcquisitionNumber": 3,
    "BIDSVersion": "1.1.0",
    "BidsifyVersion": "0.3.1",
    "ConversionSoftware": "dcm2niix",
    "ConversionSoftwareVersion": "v1.0.20181125  GCC5.4.0",
    "EchoTime": 0.02762,
    "FlipAngle": 76.1,
    "ImageComments": "PredictingMentalizing",
    "ImageOrientationPatientDICOM": [
      0.998615,
      0.0524264,
      0.00439298,
      -0.0462201,
      0.914146,
      -0.402741
    ],
    "InstitutionName": "Spinoza Centre for Neuroimaging, location REC",
    "MagneticFieldStrength": 3,
    "Manufacturer": "Philips",
    "ParallelAcquisitionTechnique": "SENSE",
    "ParallelReductionFactorInPlane": 2,
    "PatientPosition": "HFS",
    "PhaseEncodingDirection": "j",
    "PhilipsRescaleIntercept": 0,
    "PhilipsRescaleSlope": 0.84103,
    "PhilipsScaleSlope": 0.062728,
    "ProtocolName": "WIPPM_Zinnen1SENSE",
    "ReconMatrixPE": 80,
    "RepetitionTime": 2,
    "SeriesDescription": "ImageMRSERIES",
    "SeriesNumber": 3,
    "SliceEncodingDirection": "k",
    "SliceTiming": [
      0.0,
      0.05405405405405406,
      0.10810810810810811,
      0.16216216216216217,
      0.21621621621621623,
      0.2702702702702703,
      0.32432432432432434,
      0.3783783783783784,
      0.43243243243243246,
      0.4864864864864865,
      0.5405405405405406,
      0.5945945945945946,
      0.6486486486486487,
      0.7027027027027027,
      0.7567567567567568,
      0.8108108108108109,
      0.8648648648648649,
      0.918918918918919,
      0.972972972972973,
      1.0270270270270272,
      1.0810810810810811,
      1.135135135135135,
      1.1891891891891893,
      1.2432432432432434,
      1.2972972972972974,
      1.3513513513513513,
      1.4054054054054055,
      1.4594594594594597,
      1.5135135135135136,
      1.5675675675675675,
      1.6216216216216217,
      1.6756756756756759,
      1.7297297297297298,
      1.7837837837837838,
      1.837837837837838,
      1.891891891891892,
      1.945945945945946
    ],
    "TaskName": "self",
    "UsePhilipsFloatNotDisplayScaling": 1,
    "WaterFatShift": 12,
    "dataset": "ds002547",
    "modality": "bold",
    "run_id": 1,
    "session_id": "1",
    "subject_id": "18",
    "task_id": "self"
  },
  "dummy_trs": 0,
  "dvars_nstd": 21.794512068433328,
  "dvars_std": 1.1390158287000005,
  "dvars_vstd": 0.9697125717000004,
  "efc": 0.42130525200114693,
  "fber": 196302.140625,
  "fd_mean": 0.146208353639214,
  "fd_num": 53,
  "fd_perc": 17.60797342192691,
  "fwhm_avg": 1.9350484938349168,
  "fwhm_x": 1.93415,
  "fwhm_y": 2.0052499999999998,
  "fwhm_z": 1.8657454815047507,
  "gcor": 0.0182757,
  "gsr_x": -0.023399505764245987,
  "gsr_y": 0.019888734444975853,
  "provenance": {
    "md5sum": "a0240a0022b13fc649d4b8798280f795",
    "settings": {
      "fd_thres": 0.2,
      "testing": false
    },
    "software": "mriqc",
    "version": "22.0.6",
    "webapi_port": null,
    "webapi_url": "https://mriqc.nimh.nih.gov/api/v1"
  },
  "size_t": 301,
  "size_x": 80,
  "size_y": 80,
  "size_z": 37,
  "snr": 4.897568720197364,
  "spacing_tr": 2.0,
  "spacing_x": 3.0,
  "spacing_y": 3.0,
  "spacing_z": 3.299999952316284,
  "summary_bg_k": 71.28091462630078,
  "summary_bg_mad": 47.70624308138922,
  "summary_bg_mean": 465.5675964355469,
  "summary_bg_median": 46.85861587524414,
  "summary_bg_n": 160276.0,
  "summary_bg_p05": 5.728866100311279,
  "summary_bg_p95": 2563.6900634765625,
  "summary_bg_stdv": 1398.8687744140625,
  "summary_fg_k": 0.845811228847285,
  "summary_fg_mad": 4160.558267096261,
  "summary_fg_mean": 21914.7109375,
  "summary_fg_median": 21429.861328125,
  "summary_fg_n": 35077.0,
  "summary_fg_p05": 15636.086328125,
  "summary_fg_p95": 29493.000390625,
  "summary_fg_stdv": 4375.5498046875,
  "tsnr": 67.158447265625
}