{
  "aor": 0.0029004651162790698,
  "aqi": 0.007644445415282392,
  "bids_meta": {
    "AcquisitionNumber": 5,
    "BIDSVersion": "1.1.0",
    "BidsifyVersion": "0.3.1",
    "ConversionSoftware": "dcm2niix",
    "ConversionSoftwareVersion": "v1.0.20181125  GCC5.4.0",
    "EchoTime": 0.02762,
    "FlipAngle": 76.1,
    "ImageComments": "PredictingMentalizing",
    "ImageOrientationPatientDICOM": [
      0.998615,
      0.0524264,
      0.00439298,
      -0.0462201,
      0.914146,
      -0.402741
    ],
    "InstitutionName": "Spinoza Centre for Neuroimaging, location REC",
    "MagneticFieldStrength": 3,
    "Manufacturer": "Philips",
    "ParallelAcquisitionTechnique": "SENSE",
    "ParallelReductionFactorInPlane": 2,
    "PatientPosition": "HFS",
    "PhaseEncodingDirection": "j",
    "PhilipsRescaleIntercept": 0,
    "PhilipsRescaleSlope": 0.85153,
    "PhilipsScaleSlope": 0.062043,
    "ProtocolName": "WIPPM_Zinnen2SENSE",
    "ReconMatrixPE": 80,
    "RepetitionTime": 2,
    "SeriesDescription": "ImageMRSERIES",
    "SeriesNumber": 5,
    "SliceEncodingDirection": "k",
    "SliceTiming": [
      0.0,
      0.05405405405405406,
      0.10810810810810811,
      0.16216216216216217,
      0.21621621621621623,
      0.2702702702702703,
      0.32432432432432434,
      0.3783783783783784,
      0.43243243243243246,
      0.4864864864864865,
      0.5405405405405406,
      0.5945945945945946,
      0.6486486486486487,
      0.7027027027027027,
      0.7567567567567568,
      0.8108108108108109,
      0.8648648648648649,
      0.918918918918919,
      0.972972972972973,
      1.0270270270270272,
      1.0810810810810811,
      1.135135135135135,
      1.1891891891891893,
      1.2432432432432434,
      1.2972972972972974,
      1.3513513513513513,
      1.4054054054054055,
      1.4594594594594597,
      1.5135135135135136,
      1.5675675675675675,
      1.6216216216216217,
      1.6756756756756759,
      1.7297297297297298,
      1.7837837837837838,
      1.837837837837838,
      1.891891891891892,
      1.945945945945946
    ],
    "TaskName": "self",
    "UsePhilipsFloatNotDisplayScaling": 1,
    "WaterFatShift": 12,
    "dataset": "ds002547",
    "modality": "bold",
    "run_id": 2,
    "session_id": "1",
    "subject_id": "18",
    "task_id": "self"
  },
  "dummy_trs": 0,
  "dvars_nstd": 23.92887751889999,
  "dvars_std": 1.1707142559999992,
  "dvars_vstd": 0.9975534647333344,
  "efc": 0.4218522039184276,
  "fber": 188141.671875,
  "fd_mean": 0.19099854332216595,
  "fd_num": 108,
  "fd_perc": 35.880398671096344,
  "fwhm_avg": 1.916551220878625,
  "fwhm_x": 1.9158233333333332,
  "fwhm_y": 2.015633333333333,
  "fwhm_z": 1.8181969959692088,
  "gcor": 0.0167637,
  "gsr_x": -0.02416875958442688,
  "gsr_y": 0.019708938896656036,
  "provenance": {
    "md5sum": "7e9215a82fe5d3e526bb952ece8076d3",
    "settings": {
      "fd_thres": 0.2,
      "testing": false
    },
    "software": "mriqc",
    "version": "22.0.6",
    "webapi_port": null,
    "webapi_url": "https://mriqc.nimh.nih.gov/api/v1"
  },
  "size_t": 301,
  "size_x": 80,
  "size_y": 80,
  "size_z": 37,
  "snr": 4.8588138680693085,
  "spacing_tr": 2.0,
  "spacing_x": 3.0,
  "spacing_y": 3.0,
  "spacing_z": 3.299999952316284,
  "summary_bg_k": 74.4500793058077,
  "summary_bg_mad": 51.230743233695215,
  "summary_bg_mean": 484.7219543457031,
  "summary_bg_median": 48.52758026123047,
  "summary_bg_n": 160351.0,
  "summary_bg_p05": 5.1867835521698,
  "summary_bg_p95": 2670.508544921875,
  "summary_bg_stdv": 1441.6966552734375,
  "summary_fg_k": 0.8848975842809161,
  "summary_fg_mad": 4236.353409809903,
  "summary_fg_mean": 22159.89453125,
  "summary_fg_median": 21648.0234375,
  "summary_fg_n": 35033.0,
  "summary_fg_p05": 15742.017578125,
  "summary_fg_p95": 29985.308593750004,
  "summary_fg_stdv": 4455.349609375,
  "tsnr": 59.91764450073242
}