{
  "aor": 0.00035983388704318933,
  "aqi": 0.0037578516943521595,
  "bids_meta": {
    "AcquisitionNumber": 4,
    "BIDSVersion": "1.1.0",
    "BidsifyVersion": "0.3.1",
    "ConversionSoftware": "dcm2niix",
    "ConversionSoftwareVersion": "v1.0.20181125  GCC5.4.0",
    "EchoTime": 0.02762,
    "FlipAngle": 76.1,
    "ImageComments": "PredictingMentalizing",
    "ImageOrientationPatientDICOM": [
      0.99833,
      0.0567023,
      0.0110492,
      -0.0465562,
      0.902943,
      -0.427231
    ],
    "InstitutionName": "Spinoza Centre for Neuroimaging, location REC",
    "MagneticFieldStrength": 3,
    "Manufacturer": "Philips",
    "ParallelAcquisitionTechnique": "SENSE",
    "ParallelReductionFactorInPlane": 2,
    "PatientPosition": "HFS",
    "PhaseEncodingDirection": "j",
    "PhilipsRescaleIntercept": 0,
    "PhilipsRescaleSlope": 0.78217,
    "PhilipsScaleSlope": 0.0564796,
    "ProtocolName": "WIPPM_Zinnen1SENSE",
    "ReconMatrixPE": 80,
    "RepetitionTime": 2,
    "SeriesDescription": "ImageMRSERIES",
    "SeriesNumber": 4,
    "SliceEncodingDirection": "k",
    "SliceTiming": [
      0.0,
      0.05405405405405406,
      0.10810810810810811,
      0.16216216216216217,
      0.21621621621621623,
      0.2702702702702703,
      0.32432432432432434,
      0.3783783783783784,
      0.43243243243243246,
      0.4864864864864865,
      0.5405405405405406,
      0.5945945945945946,
      0.6486486486486487,
      0.7027027027027027,
      0.7567567567567568,
      0.8108108108108109,
      0.8648648648648649,
      0.918918918918919,
      0.972972972972973,
      1.0270270270270272,
      1.0810810810810811,
      1.135135135135135,
      1.1891891891891893,
      1.2432432432432434,
      1.2972972972972974,
      1.3513513513513513,
      1.4054054054054055,
      1.4594594594594597,
      1.5135135135135136,
      1.5675675675675675,
      1.6216216216216217,
      1.6756756756756759,
      1.7297297297297298,
      1.7837837837837838,
      1.837837837837838,
      1.891891891891892,
      1.945945945945946
    ],
    "TaskName": "self",
    "UsePhilipsFloatNotDisplayScaling": 1,
    "WaterFatShift": 12,
    "dataset": "ds002547",
    "modality": "bold",
    "run_id": 1,
    "session_id": "1",
    "subject_id": "25",
    "task_id": "self"
  },
  "dummy_trs": 0,
  "dvars_nstd": 24.72444595333334,
  "dvars_std": 1.3144520366333334,
  "dvars_vstd": 0.9921146049666667,
  "efc": 0.4163610758677086,
  "fber": 170401.359375,
  "fd_mean": 0.11610814212396905,
  "fd_num": 18,
  "fd_perc": 5.980066445182724,
  "fwhm_avg": 1.7355722304177206,
  "fwhm_x": 1.6986066666666666,
  "fwhm_y": 1.8065766666666667,
  "fwhm_z": 1.7015333579198282,
  "gcor": 0.0127275,
  "gsr_x": -0.021582331508398056,
  "gsr_y": 0.005878965370357037,
  "provenance": {
    "md5sum": "029a152b4ea69fe5a97f8f86d73f67c2",
    "settings": {
      "fd_thres": 0.2,
      "testing": false
    },
    "software": "mriqc",
    "version": "22.0.6",
    "webapi_port": null,
    "webapi_url": "https://mriqc.nimh.nih.gov/api/v1"
  },
  "size_t": 301,
  "size_x": 80,
  "size_y": 80,
  "size_z": 37,
  "snr": 5.458301268770187,
  "spacing_tr": 2.0,
  "spacing_x": 3.0,
  "spacing_y": 3.0,
  "spacing_z": 3.299999952316284,
  "summary_bg_k": 107.6855543825355,
  "summary_bg_mad": 55.030533543265,
  "summary_bg_mean": 465.5279235839844,
  "summary_bg_median": 52.62840270996094,
  "summary_bg_n": 161547.0,
  "summary_bg_p05": 2.5686141729354857,
  "summary_bg_p95": 2240.0165771484367,
  "summary_bg_stdv": 1530.5980224609375,
  "summary_fg_k": 1.8187507947489747,
  "summary_fg_mad": 3899.1106321266643,
  "summary_fg_mean": 22749.787109375,
  "summary_fg_median": 22342.05859375,
  "summary_fg_n": 34058.0,
  "summary_fg_p05": 16878.41953125,
  "summary_fg_p95": 29538.858203124997,
  "summary_fg_stdv": 4093.16552734375,
  "tsnr": 87.13426208496094
}