{
  "bids_meta": {
    "AcquisitionNumber": 3,
    "BIDSVersion": "1.1.0",
    "BidsifyVersion": "0.3.1",
    "ConversionSoftware": "dcm2niix",
    "ConversionSoftwareVersion": "v1.0.20181125  GCC5.4.0",
    "EchoTime": 0.00383,
    "ImageComments": "PredictingMentalizing",
    "ImageOrientationPatientDICOM": [
      0.999589,
      0.00920028,
      -0.0271557,
      -0.0150048,
      0.974927,
      -0.222017
    ],
    "InstitutionName": "Spinoza Centre for Neuroimaging, location REC",
    "MagneticFieldStrength": 3,
    "Manufacturer": "Philips",
    "ParallelAcquisitionTechnique": "SENSE",
    "PatientPosition": "HFS",
    "PhilipsRescaleIntercept": 0,
    "PhilipsRescaleSlope": 13.1458,
    "PhilipsScaleSlope": 0.00550703,
    "ProtocolName": "WIPsT13DTFE_P25_S2_3mSENSE",
    "ReconMatrixPE": 240,
    "RepetitionTime": 0.008342,
    "SeriesDescription": "ImageMRSERIES",
    "SeriesNumber": 3,
    "UsePhilipsFloatNotDisplayScaling": 1,
    "dataset": "ds002547",
    "modality": "T1w",
    "session_id": "1",
    "subject_id": "09"
  },
  "cjv": 0.2379826393098775,
  "cnr": 5.580159229413789,
  "efc": 0.7466754527180385,
  "fber": 2472.8016528925623,
  "fwhm_avg": 4.865463424396322,
  "fwhm_x": 4.583350273188965,
  "fwhm_y": 4.76205,
  "fwhm_z": 5.25099,
  "icvs_csf": 0.25634073985563965,
  "icvs_gm": 0.438309376569777,
  "icvs_wm": 0.3053498835745833,
  "inu_med": 0.7029933333396912,
  "inu_range": 0.22044092416763306,
  "provenance": {
    "md5sum": "d3f240f7f0e19a75e31564e35d332f04",
    "settings": {
      "testing": false
    },
    "software": "mriqc",
    "version": "22.0.6",
    "warnings": {
      "large_rot_frame": true,
      "small_air_mask": true
    },
    "webapi_port": null,
    "webapi_url": "https://mriqc.nimh.nih.gov/api/v1"
  },
  "qi_1": 0.0,
  "qi_2": 0.00013167124287384086,
  "rpve_csf": 28.28680892359325,
  "rpve_gm": 16.559213014011956,
  "rpve_wm": 26.934894008034874,
  "size_x": 240,
  "size_y": 240,
  "size_z": 220,
  "snr_csf": 1.521635519706635,
  "snr_gm": 10.415991606313113,
  "snr_total": 11.04374591162041,
  "snr_wm": 21.19361060884148,
  "snrd_csf": 9.326566531977914,
  "snrd_gm": 41.257571151795695,
  "snrd_total": 40.301814243869465,
  "snrd_wm": 70.32130504783478,
  "spacing_x": 0.9999999403953552,
  "spacing_y": 1.0,
  "spacing_z": 1.0,
  "summary_bg_k": 709.0486838322402,
  "summary_bg_mad": 0.0,
  "summary_bg_mean": 1.9051214224899529,
  "summary_bg_median": 0.0,
  "summary_bg_n": 104747.0,
  "summary_bg_p05": 0.0,
  "summary_bg_p95": 10.834856785833836,
  "summary_bg_stdv": 9.316329030738299,
  "summary_csf_k": 0.25498697771135426,
  "summary_csf_mad": 84.1552844096119,
  "summary_csf_mean": 148.83097551773983,
  "summary_csf_median": 132.62789632659405,
  "summary_csf_n": 33418.0,
  "summary_csf_p05": 33.4294971562922,
  "summary_csf_p95": 316.1113511400296,
  "summary_csf_stdv": 87.16010517367128,
  "summary_gm_k": 0.1445307597987786,
  "summary_gm_mad": 56.435464249084056,
  "summary_gm_mean": 585.5836073069394,
  "summary_gm_median": 586.7008883329108,
  "summary_gm_n": 37044.0,
  "summary_gm_p05": 492.5488457326777,
  "summary_gm_p95": 675.1492156739347,
  "summary_gm_stdv": 56.32617531591019,
  "summary_wm_k": 0.8425270740254214,
  "summary_wm_mad": 41.92255487175235,
  "summary_wm_mean": 998.4098186771824,
  "summary_wm_median": 1000.0000239592046,
  "summary_wm_n": 127000.0,
  "summary_wm_p05": 915.0829350035638,
  "summary_wm_p95": 1071.4396081324667,
  "summary_wm_stdv": 47.183847311335946,
  "tpm_overlap_csf": 0.14543437390647643,
  "tpm_overlap_gm": 0.4843936385752778,
  "tpm_overlap_wm": 0.500535253868023,
  "wm2max": 0.7721568494082438
}