{
  "bids_meta": {
    "AcquisitionNumber": 5,
    "BIDSVersion": "1.1.0",
    "BidsifyVersion": "0.3.1",
    "ConversionSoftware": "dcm2niix",
    "ConversionSoftwareVersion": "v1.0.20181125  GCC5.4.0",
    "EchoTime": 0.00374,
    "ImageComments": "PredictingMentalizing",
    "ImageOrientationPatientDICOM": [
      0.998373,
      0.0445992,
      -0.0355173,
      -0.0448121,
      0.998982,
      -0.00521939
    ],
    "InstitutionName": "Spinoza Centre for Neuroimaging, location REC",
    "MagneticFieldStrength": 3,
    "Manufacturer": "Philips",
    "ParallelAcquisitionTechnique": "SENSE",
    "PatientPosition": "HFS",
    "PhilipsRescaleIntercept": 0,
    "PhilipsRescaleSlope": 13.3924,
    "PhilipsScaleSlope": 0.00549825,
    "ProtocolName": "WIPsT13DTFE_P25_S2_3mSENSE",
    "ReconMatrixPE": 240,
    "RepetitionTime": 0.008153,
    "SeriesDescription": "ImageMRSERIES",
    "SeriesNumber": 5,
    "UsePhilipsFloatNotDisplayScaling": 1,
    "dataset": "ds002547",
    "modality": "T1w",
    "session_id": "1",
    "subject_id": "05"
  },
  "cjv": 0.2602061402311283,
  "cnr": 5.064207830687319,
  "efc": 0.7546890448232958,
  "fber": -1.0,
  "fwhm_avg": 4.690089803303901,
  "fwhm_x": 4.44212,
  "fwhm_y": 4.67813,
  "fwhm_z": 4.950019409911703,
  "icvs_csf": 0.24947796523042323,
  "icvs_gm": 0.42971033149014437,
  "icvs_wm": 0.32081170327943237,
  "inu_med": 0.5792559385299683,
  "inu_range": 0.15403730869293208,
  "provenance": {
    "md5sum": "295f01b2124e894baecf44d586e72e9a",
    "settings": {
      "testing": false
    },
    "software": "mriqc",
    "version": "22.0.6",
    "warnings": {
      "large_rot_frame": true,
      "small_air_mask": true
    },
    "webapi_port": null,
    "webapi_url": "https://mriqc.nimh.nih.gov/api/v1"
  },
  "qi_1": 0.0,
  "qi_2": 0.00012437799571209484,
  "rpve_csf": 28.216993124104643,
  "rpve_gm": 16.68692218220771,
  "rpve_wm": 26.589832524031316,
  "size_x": 240,
  "size_y": 240,
  "size_z": 220,
  "snr_csf": 1.8024782625082816,
  "snr_gm": 8.939092472077602,
  "snr_total": 12.306676737038837,
  "snr_wm": 26.17845947653063,
  "snrd_csf": 22.42909710084728,
  "snrd_gm": 75.71897544284577,
  "snrd_total": 74.40949902601021,
  "snrd_wm": 125.08042453433755,
  "spacing_x": 1.0,
  "spacing_y": 1.0,
  "spacing_z": 1.0000001192092896,
  "summary_bg_k": 1039.675506573158,
  "summary_bg_mad": 0.0,
  "summary_bg_mean": 0.5086953913460264,
  "summary_bg_median": 0.0,
  "summary_bg_n": 54423.0,
  "summary_bg_p05": 0.0,
  "summary_bg_p95": 0.0,
  "summary_bg_stdv": 5.237721169023639,
  "summary_csf_k": -0.34293536094308186,
  "summary_csf_mad": 111.0183679850711,
  "summary_csf_mean": 189.52516058261858,
  "summary_csf_median": 179.31740121170878,
  "summary_csf_n": 30326.0,
  "summary_csf_p05": 46.95837689936161,
  "summary_csf_p95": 356.6745733320713,
  "summary_csf_stdv": 99.48216764717624,
  "summary_gm_k": 0.21367381825504816,
  "summary_gm_mad": 67.26331021317716,
  "summary_gm_mean": 604.972671207605,
  "summary_gm_median": 605.3623040542006,
  "summary_gm_n": 36313.0,
  "summary_gm_p05": 493.87318546772,
  "summary_gm_p95": 712.6957369670272,
  "summary_gm_stdv": 67.71984634335927,
  "summary_wm_k": 0.7679561284575538,
  "summary_wm_mad": 35.42383643968092,
  "summary_wm_mean": 998.6242451084563,
  "summary_wm_median": 999.9999807886779,
  "summary_wm_n": 146893.0,
  "summary_wm_p05": 932.6552213393152,
  "summary_wm_p95": 1057.6524963974953,
  "summary_wm_stdv": 38.199214046238815,
  "tpm_overlap_csf": 0.1412154510085276,
  "tpm_overlap_gm": 0.4863437174459321,
  "tpm_overlap_wm": 0.5002919351538441,
  "wm2max": 0.8254764473211075
}