{
  "aor": 0.00039940199335548177,
  "aqi": 0.0034517333554817276,
  "bids_meta": {
    "AcquisitionNumber": 5,
    "BIDSVersion": "1.1.0",
    "BidsifyVersion": "0.3.1",
    "ConversionSoftware": "dcm2niix",
    "ConversionSoftwareVersion": "v1.0.20181125  GCC5.4.0",
    "EchoTime": 0.02762,
    "FlipAngle": 76.1,
    "ImageComments": "PredictingMentalizing",
    "ImageOrientationPatientDICOM": [
      0.99833,
      0.0567023,
      0.0110492,
      -0.0465562,
      0.902943,
      -0.427231
    ],
    "InstitutionName": "Spinoza Centre for Neuroimaging, location REC",
    "MagneticFieldStrength": 3,
    "Manufacturer": "Philips",
    "ParallelAcquisitionTechnique": "SENSE",
    "ParallelReductionFactorInPlane": 2,
    "PatientPosition": "HFS",
    "PhaseEncodingDirection": "j",
    "PhilipsRescaleIntercept": 0,
    "PhilipsRescaleSlope": 0.79731,
    "PhilipsScaleSlope": 0.0552387,
    "ProtocolName": "WIPPM_Zinnen2SENSE",
    "ReconMatrixPE": 80,
    "RepetitionTime": 2,
    "SeriesDescription": "ImageMRSERIES",
    "SeriesNumber": 5,
    "SliceEncodingDirection": "k",
    "SliceTiming": [
      0.0,
      0.05405405405405406,
      0.10810810810810811,
      0.16216216216216217,
      0.21621621621621623,
      0.2702702702702703,
      0.32432432432432434,
      0.3783783783783784,
      0.43243243243243246,
      0.4864864864864865,
      0.5405405405405406,
      0.5945945945945946,
      0.6486486486486487,
      0.7027027027027027,
      0.7567567567567568,
      0.8108108108108109,
      0.8648648648648649,
      0.918918918918919,
      0.972972972972973,
      1.0270270270270272,
      1.0810810810810811,
      1.135135135135135,
      1.1891891891891893,
      1.2432432432432434,
      1.2972972972972974,
      1.3513513513513513,
      1.4054054054054055,
      1.4594594594594597,
      1.5135135135135136,
      1.5675675675675675,
      1.6216216216216217,
      1.6756756756756759,
      1.7297297297297298,
      1.7837837837837838,
      1.837837837837838,
      1.891891891891892,
      1.945945945945946
    ],
    "TaskName": "self",
    "UsePhilipsFloatNotDisplayScaling": 1,
    "WaterFatShift": 12,
    "dataset": "ds002547",
    "modality": "bold",
    "run_id": 2,
    "session_id": "1",
    "subject_id": "25",
    "task_id": "self"
  },
  "dummy_trs": 0,
  "dvars_nstd": 25.766862729433345,
  "dvars_std": 1.3346046799000002,
  "dvars_vstd": 1.0011938506000002,
  "efc": 0.41630780369964787,
  "fber": 171983.53125,
  "fd_mean": 0.12554599401469294,
  "fd_num": 30,
  "fd_perc": 9.966777408637874,
  "fwhm_avg": 1.7349392000940957,
  "fwhm_x": 1.69266,
  "fwhm_y": 1.8149,
  "fwhm_z": 1.6972576002822877,
  "gcor": 0.0129743,
  "gsr_x": -0.02165750414133072,
  "gsr_y": 0.0057846191339194775,
  "provenance": {
    "md5sum": "22379d795c23855acb4629e4b6bbefb3",
    "settings": {
      "fd_thres": 0.2,
      "testing": false
    },
    "software": "mriqc",
    "version": "22.0.6",
    "webapi_port": null,
    "webapi_url": "https://mriqc.nimh.nih.gov/api/v1"
  },
  "size_t": 301,
  "size_x": 80,
  "size_y": 80,
  "size_z": 37,
  "snr": 5.4291370203349825,
  "spacing_tr": 2.0,
  "spacing_x": 3.0,
  "spacing_y": 3.0,
  "spacing_z": 3.299999952316284,
  "summary_bg_k": 112.77777467646543,
  "summary_bg_mad": 55.33452202781171,
  "summary_bg_mean": 469.1047668457031,
  "summary_bg_median": 52.54786682128906,
  "summary_bg_n": 161645.0,
  "summary_bg_p05": 2.292118644714356,
  "summary_bg_p95": 2270.51899414062,
  "summary_bg_stdv": 1538.02099609375,
  "summary_fg_k": 1.9163222540577909,
  "summary_fg_mad": 3914.5433050241754,
  "summary_fg_mean": 22833.837890625,
  "summary_fg_median": 22422.646484375,
  "summary_fg_n": 34062.0,
  "summary_fg_p05": 16957.03037109375,
  "summary_fg_p95": 29695.001464843746,
  "summary_fg_stdv": 4129.99658203125,
  "tsnr": 89.63959503173828
}