{
  "aor": 0.00040193116634799236,
  "aqi": 0.005378273537284895,
  "bids_meta": {
    "AcquisitionNumber": 3,
    "BIDSVersion": "1.1.0",
    "BidsifyVersion": "0.3.1",
    "ConversionSoftware": "dcm2niix",
    "ConversionSoftwareVersion": "v1.0.20181125  GCC5.4.0",
    "EchoTime": 0.02762,
    "FlipAngle": 76.1,
    "ImageComments": "PredictingMentalizing",
    "ImageOrientationPatientDICOM": [
      0.99833,
      0.0567023,
      0.0110492,
      -0.0465562,
      0.902943,
      -0.427231
    ],
    "InstitutionName": "Spinoza Centre for Neuroimaging, location REC",
    "MagneticFieldStrength": 3,
    "Manufacturer": "Philips",
    "ParallelAcquisitionTechnique": "SENSE",
    "ParallelReductionFactorInPlane": 2,
    "PatientPosition": "HFS",
    "PhaseEncodingDirection": "j",
    "PhilipsRescaleIntercept": 0,
    "PhilipsRescaleSlope": 0.80586,
    "PhilipsScaleSlope": 0.0551221,
    "ProtocolName": "WIPPM_HWWSENSE",
    "ReconMatrixPE": 80,
    "RepetitionTime": 2,
    "SeriesDescription": "ImageMRSERIES",
    "SeriesNumber": 3,
    "SliceEncodingDirection": "k",
    "SliceTiming": [
      0.0,
      0.05405405405405406,
      0.10810810810810811,
      0.16216216216216217,
      0.21621621621621623,
      0.2702702702702703,
      0.32432432432432434,
      0.3783783783783784,
      0.43243243243243246,
      0.4864864864864865,
      0.5405405405405406,
      0.5945945945945946,
      0.6486486486486487,
      0.7027027027027027,
      0.7567567567567568,
      0.8108108108108109,
      0.8648648648648649,
      0.918918918918919,
      0.972972972972973,
      1.0270270270270272,
      1.0810810810810811,
      1.135135135135135,
      1.1891891891891893,
      1.2432432432432434,
      1.2972972972972974,
      1.3513513513513513,
      1.4054054054054055,
      1.4594594594594597,
      1.5135135135135136,
      1.5675675675675675,
      1.6216216216216217,
      1.6756756756756759,
      1.7297297297297298,
      1.7837837837837838,
      1.837837837837838,
      1.891891891891892,
      1.945945945945946
    ],
    "TaskName": "other",
    "UsePhilipsFloatNotDisplayScaling": 1,
    "WaterFatShift": 12,
    "dataset": "ds002547",
    "modality": "bold",
    "session_id": "1",
    "subject_id": "25",
    "task_id": "other"
  },
  "dummy_trs": 0,
  "dvars_nstd": 23.935053185862063,
  "dvars_std": 1.2534322599425285,
  "dvars_vstd": 0.9830006725287359,
  "efc": 0.4157758523167526,
  "fber": 167636.046875,
  "fd_mean": 0.13840430180405136,
  "fd_num": 94,
  "fd_perc": 17.97323135755258,
  "fwhm_avg": 1.74504202840991,
  "fwhm_x": 1.7063333333333333,
  "fwhm_y": 1.8246866666666666,
  "fwhm_z": 1.7041060852297303,
  "gcor": 0.0111494,
  "gsr_x": -0.021702684462070465,
  "gsr_y": 0.005834441632032394,
  "provenance": {
    "md5sum": "1b81b300793fb99420700b3931a60feb",
    "settings": {
      "fd_thres": 0.2,
      "testing": false
    },
    "software": "mriqc",
    "version": "22.0.6",
    "webapi_port": null,
    "webapi_url": "https://mriqc.nimh.nih.gov/api/v1"
  },
  "size_t": 523,
  "size_x": 80,
  "size_y": 80,
  "size_z": 37,
  "snr": 5.431244063391493,
  "spacing_tr": 2.0,
  "spacing_x": 3.0,
  "spacing_y": 3.0,
  "spacing_z": 3.299999952316284,
  "summary_bg_k": 111.20390682761587,
  "summary_bg_mad": 57.05178259439112,
  "summary_bg_mean": 469.73284912109375,
  "summary_bg_median": 53.58993148803711,
  "summary_bg_n": 161721.0,
  "summary_bg_p05": 3.035566806793213,
  "summary_bg_p95": 2226.005615234375,
  "summary_bg_stdv": 1558.4580078125,
  "summary_fg_k": 1.7788024362717678,
  "summary_fg_mad": 3975.793309176188,
  "summary_fg_mean": 23005.013671875,
  "summary_fg_median": 22575.34375,
  "summary_fg_n": 33926.0,
  "summary_fg_p05": 17012.67578125,
  "summary_fg_p95": 29836.28369140625,
  "summary_fg_stdv": 4156.50830078125,
  "tsnr": 74.89508819580078
}