{
  "bids_meta": {
    "AcquisitionNumber": 3,
    "BIDSVersion": "1.1.0",
    "BidsifyVersion": "0.3.1",
    "ConversionSoftware": "dcm2niix",
    "ConversionSoftwareVersion": "v1.0.20181125  GCC5.4.0",
    "EchoTime": 0.00376,
    "ImageComments": "HWW",
    "ImageOrientationPatientDICOM": [
      0.992345,
      0.0477716,
      -0.113887,
      -0.0513119,
      0.99828,
      -0.0283586
    ],
    "InstitutionName": "Spinoza Centre for Neuroimaging, location REC",
    "MagneticFieldStrength": 3,
    "Manufacturer": "Philips",
    "ParallelAcquisitionTechnique": "SENSE",
    "PatientPosition": "HFS",
    "PhilipsRescaleIntercept": 0,
    "PhilipsRescaleSlope": 13.5412,
    "PhilipsScaleSlope": 0.000282051,
    "ProtocolName": "WIPsT13DTFE_P25_S2_3mSENSE",
    "ReconMatrixPE": 240,
    "RepetitionTime": 0.008228,
    "SeriesDescription": "ImageMRSERIES",
    "SeriesNumber": 3,
    "UsePhilipsFloatNotDisplayScaling": 1,
    "dataset": "ds002547",
    "modality": "T1w",
    "session_id": "1",
    "subject_id": "26"
  },
  "cjv": 0.2856382199959005,
  "cnr": 4.660821731749871,
  "efc": 0.7352069229583664,
  "fber": -1.0,
  "fwhm_avg": 4.103003333333334,
  "fwhm_x": 4.12774,
  "fwhm_y": 4.20985,
  "fwhm_z": 3.97142,
  "icvs_csf": 0.22056016496103625,
  "icvs_gm": 0.4674705736537639,
  "icvs_wm": 0.31196926138519987,
  "inu_med": 0.6769455373287201,
  "inu_range": 0.2605484485626217,
  "provenance": {
    "md5sum": "5c431d4b8fbc538a58ffef8264c1586f",
    "settings": {
      "testing": false
    },
    "software": "mriqc",
    "version": "22.0.6",
    "warnings": {
      "large_rot_frame": true,
      "small_air_mask": true
    },
    "webapi_port": null,
    "webapi_url": "https://mriqc.nimh.nih.gov/api/v1"
  },
  "qi_1": 6.157602497309395e-05,
  "qi_2": 1.0137122446283932e-05,
  "rpve_csf": 25.722803186889347,
  "rpve_gm": 13.022456024919212,
  "rpve_wm": 22.006913996038165,
  "size_x": 240,
  "size_y": 240,
  "size_z": 220,
  "snr_csf": 1.5826998075521572,
  "snr_gm": 7.417797677473054,
  "snr_total": 9.281671737864498,
  "snr_wm": 18.84451772856828,
  "snrd_csf": 19.422879763710235,
  "snrd_gm": 71.10018480093196,
  "snrd_total": 72.04046354667577,
  "snrd_wm": 125.59832607538513,
  "spacing_x": 1.0,
  "spacing_y": 1.0,
  "spacing_z": 1.0,
  "summary_bg_k": 60.30535663285741,
  "summary_bg_mad": 0.0,
  "summary_bg_mean": 1.4164420600005911,
  "summary_bg_median": 0.0,
  "summary_bg_n": 215328.0,
  "summary_bg_p05": 0.0,
  "summary_bg_p95": 11.111634995788336,
  "summary_bg_stdv": 5.216123482663774,
  "summary_csf_k": 0.978370719692637,
  "summary_csf_mad": 94.4377148177213,
  "summary_csf_mean": 169.45907551738804,
  "summary_csf_median": 154.64281825348735,
  "summary_csf_n": 18488.0,
  "summary_csf_p05": 35.47466145046055,
  "summary_csf_p95": 347.1807942431419,
  "summary_csf_stdv": 97.70560103097628,
  "summary_gm_k": -0.02883627889369622,
  "summary_gm_mad": 76.33715281099138,
  "summary_gm_mean": 567.7112879615869,
  "summary_gm_median": 566.0917994510382,
  "summary_gm_n": 34790.0,
  "summary_gm_p05": 442.98974639419464,
  "summary_gm_p95": 694.3474335372448,
  "summary_gm_stdv": 76.31424961494292,
  "summary_wm_k": 1.0032776420367444,
  "summary_wm_mad": 47.60360365441433,
  "summary_wm_mean": 997.5893333655109,
  "summary_wm_median": 999.9999664574862,
  "summary_wm_n": 159714.0,
  "summary_wm_p05": 905.8931469283998,
  "summary_wm_p95": 1079.6687379665673,
  "summary_wm_stdv": 53.06566346034719,
  "tpm_overlap_csf": 0.1544958711287288,
  "tpm_overlap_gm": 0.47584916828770113,
  "tpm_overlap_wm": 0.49870465827500143,
  "wm2max": 0.7053850762164681
}