{
  "aor": 0.002818126195028681,
  "aqi": 0.010962980994263861,
  "bids_meta": {
    "AcquisitionNumber": 4,
    "BIDSVersion": "1.1.0",
    "BidsifyVersion": "0.3.1",
    "ConversionSoftware": "dcm2niix",
    "ConversionSoftwareVersion": "v1.0.20181125  GCC5.4.0",
    "EchoTime": 0.02763,
    "FlipAngle": 76.1,
    "ImageComments": "HWW",
    "ImageOrientationPatientDICOM": [
      0.998896,
      0.000863843,
      -0.0469767,
      -0.0165638,
      0.942114,
      -0.334883
    ],
    "InstitutionName": "Spinoza Centre for Neuroimaging, location REC",
    "MagneticFieldStrength": 3,
    "Manufacturer": "Philips",
    "ParallelAcquisitionTechnique": "SENSE",
    "ParallelReductionFactorInPlane": 2,
    "PatientPosition": "HFS",
    "PhaseEncodingDirection": "j",
    "PhilipsRescaleIntercept": 0,
    "PhilipsRescaleSlope": 2.30525,
    "PhilipsScaleSlope": 0.00111772,
    "ProtocolName": "WIPPM_HWWSENSE",
    "ReconMatrixPE": 80,
    "RepetitionTime": 2,
    "SeriesDescription": "ImageMRSERIES",
    "SeriesNumber": 4,
    "SliceEncodingDirection": "k",
    "SliceTiming": [
      0.0,
      0.05405405405405406,
      0.10810810810810811,
      0.16216216216216217,
      0.21621621621621623,
      0.2702702702702703,
      0.32432432432432434,
      0.3783783783783784,
      0.43243243243243246,
      0.4864864864864865,
      0.5405405405405406,
      0.5945945945945946,
      0.6486486486486487,
      0.7027027027027027,
      0.7567567567567568,
      0.8108108108108109,
      0.8648648648648649,
      0.918918918918919,
      0.972972972972973,
      1.0270270270270272,
      1.0810810810810811,
      1.135135135135135,
      1.1891891891891893,
      1.2432432432432434,
      1.2972972972972974,
      1.3513513513513513,
      1.4054054054054055,
      1.4594594594594597,
      1.5135135135135136,
      1.5675675675675675,
      1.6216216216216217,
      1.6756756756756759,
      1.7297297297297298,
      1.7837837837837838,
      1.837837837837838,
      1.891891891891892,
      1.945945945945946
    ],
    "TaskName": "other",
    "UsePhilipsFloatNotDisplayScaling": 1,
    "WaterFatShift": 12,
    "dataset": "ds002547",
    "modality": "bold",
    "session_id": "2",
    "subject_id": "26",
    "task_id": "other"
  },
  "dummy_trs": 0,
  "dvars_nstd": 21.40059896823754,
  "dvars_std": 1.1782806384674327,
  "dvars_vstd": 0.9734465441187738,
  "efc": 0.4212929677797448,
  "fber": 1220239.75,
  "fd_mean": 0.23830589416857623,
  "fd_num": 298,
  "fd_perc": 56.978967495219884,
  "fwhm_avg": 1.945726574544536,
  "fwhm_x": 1.9179866666666667,
  "fwhm_y": 2.07389,
  "fwhm_z": 1.8453030569669415,
  "gcor": 0.0163149,
  "gsr_x": -0.015564480796456337,
  "gsr_y": 0.007570681162178516,
  "provenance": {
    "md5sum": "7eb61fdd692bcd3bb475ba2b6d73b473",
    "settings": {
      "fd_thres": 0.2,
      "testing": false
    },
    "software": "mriqc",
    "version": "22.0.6",
    "webapi_port": null,
    "webapi_url": "https://mriqc.nimh.nih.gov/api/v1"
  },
  "size_t": 523,
  "size_x": 80,
  "size_y": 80,
  "size_z": 37,
  "snr": 5.778121994471494,
  "spacing_tr": 2.0,
  "spacing_x": 3.0,
  "spacing_y": 3.0,
  "spacing_z": 3.299999952316284,
  "summary_bg_k": 74.47746396613402,
  "summary_bg_mad": 533.9331875071678,
  "summary_bg_mean": 8221.162109375,
  "summary_bg_median": 367.1796875,
  "summary_bg_n": 159362.0,
  "summary_bg_p05": 4.486207723617554,
  "summary_bg_p95": 39380.56640624986,
  "summary_bg_stdv": 25854.75,
  "summary_fg_k": 1.4993476373731394,
  "summary_fg_mad": 71745.4379194525,
  "summary_fg_mean": 431459.15625,
  "summary_fg_median": 425621.78125,
  "summary_fg_n": 35249.0,
  "summary_fg_p05": 323114.23125,
  "summary_fg_p95": 551211.2875,
  "summary_fg_stdv": 73659.875,
  "tsnr": 55.59760284423828
}