{
  "aor": 0.0035930564784053157,
  "aqi": 0.008147638372093024,
  "bids_meta": {
    "AcquisitionNumber": 5,
    "BIDSVersion": "1.1.0",
    "BidsifyVersion": "0.3.1",
    "ConversionSoftware": "dcm2niix",
    "ConversionSoftwareVersion": "v1.0.20181125  GCC5.4.0",
    "EchoTime": 0.02763,
    "FlipAngle": 76.1,
    "ImageComments": "HWW",
    "ImageOrientationPatientDICOM": [
      0.998896,
      0.000863843,
      -0.0469767,
      -0.0165638,
      0.942114,
      -0.334883
    ],
    "InstitutionName": "Spinoza Centre for Neuroimaging, location REC",
    "MagneticFieldStrength": 3,
    "Manufacturer": "Philips",
    "ParallelAcquisitionTechnique": "SENSE",
    "ParallelReductionFactorInPlane": 2,
    "PatientPosition": "HFS",
    "PhaseEncodingDirection": "j",
    "PhilipsRescaleIntercept": 0,
    "PhilipsRescaleSlope": 1.83223,
    "PhilipsScaleSlope": 0.00111557,
    "ProtocolName": "WIPPM_Zinnen1SENSE",
    "ReconMatrixPE": 80,
    "RepetitionTime": 2,
    "SeriesDescription": "ImageMRSERIES",
    "SeriesNumber": 5,
    "SliceEncodingDirection": "k",
    "SliceTiming": [
      0.0,
      0.05405405405405406,
      0.10810810810810811,
      0.16216216216216217,
      0.21621621621621623,
      0.2702702702702703,
      0.32432432432432434,
      0.3783783783783784,
      0.43243243243243246,
      0.4864864864864865,
      0.5405405405405406,
      0.5945945945945946,
      0.6486486486486487,
      0.7027027027027027,
      0.7567567567567568,
      0.8108108108108109,
      0.8648648648648649,
      0.918918918918919,
      0.972972972972973,
      1.0270270270270272,
      1.0810810810810811,
      1.135135135135135,
      1.1891891891891893,
      1.2432432432432434,
      1.2972972972972974,
      1.3513513513513513,
      1.4054054054054055,
      1.4594594594594597,
      1.5135135135135136,
      1.5675675675675675,
      1.6216216216216217,
      1.6756756756756759,
      1.7297297297297298,
      1.7837837837837838,
      1.837837837837838,
      1.891891891891892,
      1.945945945945946
    ],
    "TaskName": "self",
    "UsePhilipsFloatNotDisplayScaling": 1,
    "WaterFatShift": 12,
    "dataset": "ds002547",
    "modality": "bold",
    "run_id": 1,
    "session_id": "2",
    "subject_id": "26",
    "task_id": "self"
  },
  "dummy_trs": 0,
  "dvars_nstd": 21.538097095799994,
  "dvars_std": 1.190602626100001,
  "dvars_vstd": 1.0195918812333333,
  "efc": 0.4194228065617297,
  "fber": 972351.125,
  "fd_mean": 0.2962247430370464,
  "fd_num": 208,
  "fd_perc": 69.1029900332226,
  "fwhm_avg": 1.9441136452348513,
  "fwhm_x": 1.9161400000000002,
  "fwhm_y": 2.0743766666666668,
  "fwhm_z": 1.8418242690378865,
  "gcor": 0.0270921,
  "gsr_x": -0.015051092952489853,
  "gsr_y": 0.007554034702479839,
  "provenance": {
    "md5sum": "0a811929413bbf6a064d221490598b3d",
    "settings": {
      "fd_thres": 0.2,
      "testing": false
    },
    "software": "mriqc",
    "version": "22.0.6",
    "webapi_port": null,
    "webapi_url": "https://mriqc.nimh.nih.gov/api/v1"
  },
  "size_t": 301,
  "size_x": 80,
  "size_y": 80,
  "size_z": 37,
  "snr": 5.797598203109035,
  "spacing_tr": 2.0,
  "spacing_x": 3.0,
  "spacing_y": 3.0,
  "spacing_z": 3.299999952316284,
  "summary_bg_k": 86.83129005309833,
  "summary_bg_mad": 608.7821182191508,
  "summary_bg_mean": 8117.27734375,
  "summary_bg_median": 417.26513671875,
  "summary_bg_n": 159674.0,
  "summary_bg_p05": 4.247417998313904,
  "summary_bg_p95": 38728.422460937516,
  "summary_bg_stdv": 25878.6015625,
  "summary_fg_k": 1.3566465669134233,
  "summary_fg_mad": 72078.42111146498,
  "summary_fg_mean": 433672.375,
  "summary_fg_median": 427540.96875,
  "summary_fg_n": 35029.0,
  "summary_fg_p05": 324869.08125,
  "summary_fg_p95": 553451.9125,
  "summary_fg_stdv": 73743.4453125,
  "tsnr": 61.239192962646484
}